{
  "NumberOfShells": 2,
  "bValues": [
    0.0,
    1000.0,
    2000.0
  ],
  "bValuesEstimation": [
    1000.0,
    2000.0
  ],
  "bdiffs_max": 0.0311,
  "bdiffs_mean": 0.0163,
  "bdiffs_median": 0.0163,
  "bdiffs_min": 0.0005,
  "bids_meta": {
    "AcquisitionMatrixPE": 104,
    "BandwidthPerPixelPhaseEncode": 23.17,
    "BaseResolution": 104,
    "ConversionSoftware": "dcm2niix",
    "ConversionSoftwareVersion": "v1.0.20171204 (OpenJPEG build) GCC4.8.4",
    "DerivedVendorReportedEchoSpacing": 0.000829986,
    "Dim1Size": 104,
    "Dim2Size": 104,
    "Dim3Size": 72,
    "DwellTime": 3.5e-06,
    "EchoTime": 0.1002,
    "EffectiveEchoSpacing": 0.000414993,
    "FlipAngle": 90,
    "ImageComments": "Unaliased_MB3_PE4_(remote)_SENSE1",
    "ImageOrientationPatientDICOM": [
      0.999657,
      -0.00734698,
      -0.0251248,
      -1.36152e-08,
      0.959805,
      -0.280667
    ],
    "ImageType": [
      "ORIGINAL",
      "PRIMARY",
      "DIFFUSION",
      "NONE",
      "MB",
      "ND"
    ],
    "InPlanePhaseEncodingDirectionDICOM": "COL",
    "MRAcquisitionType": "2D",
    "MagneticFieldStrength": 3,
    "Manufacturer": "Siemens",
    "ManufacturersModelName": "TrioTim",
    "Modality": "MR",
    "NumVolumes": 129,
    "Obliquity": "True",
    "ParallelReductionFactorInPlane": 2,
    "PartialFourier": 1,
    "PatientPosition": "HFS",
    "PercentPhaseFOV": 100,
    "PhaseEncodingDirection": "j-",
    "PhaseEncodingSteps": 103,
    "PhaseResolution": 1,
    "PixelBandwidth": 1374,
    "ProcedureStepDescription": "CMI_HBN",
    "ProtocolName": "DKI",
    "PulseSequenceDetails": "%CustomerSeq%_cmrr_mbep2d_diff",
    "ReceiveCoilName": "32Ch_Head",
    "ReconMatrixPE": 104,
    "RepetitionTime": 3.32,
    "SAR": 0.358642,
    "ScanOptions": "FS",
    "ScanningSequence": "EP",
    "SequenceName": "ep_b0",
    "SequenceVariant": "SK_SS",
    "SeriesDescription": "DKI",
    "ShimSetting": [
      1961,
      -712,
      -7622,
      1159,
      368,
      557,
      182,
      -236
    ],
    "SliceThickness": 1.8,
    "SoftwareVersions": "syngo_MR_B19",
    "SpacingBetweenSlices": 1.8,
    "TotalReadoutTime": 0.0427443,
    "TxRefAmp": 303.82,
    "VoxelSizeDim1": 1.798076868057251,
    "VoxelSizeDim2": 1.798076868057251,
    "VoxelSizeDim3": 1.8000011444091797,
    "acq_id": "64dir",
    "dataset": "HBN",
    "modality": "dwi",
    "session_id": "HBNsiteRU",
    "subject_id": "NDARJM036PVX"
  },
  "efc_shell01": 1.7481,
  "efc_shell02": 0.6063,
  "efc_shell03": 0.5813,
  "fa_degenerate": 0.0,
  "fa_nans": 0.0,
  "fber_shell01": 262.44,
  "fber_shell02": 410.0625,
  "fber_shell03": 138.0625,
  "fd_mean": 1.7706,
  "fd_num": 128,
  "fd_perc": 99.2248062015504,
  "ndc": 0.6752,
  "provenance": {
    "md5sum": "20f70ddc6463da4015ddb6007444831d",
    "settings": {
      "testing": false
    },
    "software": "mriqc",
    "version": "24.0.0"
  },
  "sigma_cc": 31.1346,
  "sigma_pca": 11.298,
  "sigma_piesno": 1.6508,
  "snr_cc_shell0": 3.72,
  "snr_cc_shell1_best": 4.18,
  "snr_cc_shell1_worst": 4.18,
  "snr_cc_shell2_best": 2.08,
  "snr_cc_shell2_worst": 1.06,
  "spikes_global": 75.72,
  "spikes_slice_i": 417.2,
  "spikes_slice_j": 213.26,
  "spikes_slice_k": 485.21,
  "summary_bg_k": 250.3803,
  "summary_bg_mad": 4.4478,
  "summary_bg_mean": 11.2746,
  "summary_bg_median": 5.0,
  "summary_bg_n": 539662.0,
  "summary_bg_p05": 1.0,
  "summary_bg_p95": 38.0,
  "summary_bg_stdv": 30.6778,
  "summary_fg_k": 5.4494,
  "summary_fg_mad": 106.7474,
  "summary_fg_mean": 238.0872,
  "summary_fg_median": 214.0,
  "summary_fg_n": 239090.0,
  "summary_fg_p05": 81.0,
  "summary_fg_p95": 471.0,
  "summary_fg_stdv": 129.7545,
  "summary_wm_k": 4.1758,
  "summary_wm_mad": 84.5083,
  "summary_wm_mean": 207.6336,
  "summary_wm_median": 187.0,
  "summary_wm_n": 147785.0,
  "summary_wm_p05": 81.0,
  "summary_wm_p95": 401.0,
  "summary_wm_stdv": 104.1698
}