{
  "NumberOfShells": 2,
  "bValues": [
    0.0,
    1000.0,
    2000.0
  ],
  "bValuesEstimation": [
    1000.0,
    2000.0
  ],
  "bdiffs_max": 0.3092,
  "bdiffs_mean": 0.101,
  "bdiffs_median": 0.0838,
  "bdiffs_min": 0.0039,
  "bids_meta": {
    "AcquisitionMatrixPE": 104,
    "BandwidthPerPixelPhaseEncode": 24.655,
    "BaseResolution": 104,
    "BodyPartExamined": "BRAIN",
    "ConsistencyInfo": "N4_VE11B_LATEST_20150530",
    "ConversionSoftware": "dcm2niix",
    "ConversionSoftwareVersion": "v1.0.20171215 GCC4.8.4",
    "DerivedVendorReportedEchoSpacing": 0.000779995,
    "Dim1Size": 104,
    "Dim2Size": 104,
    "Dim3Size": 72,
    "DwellTime": 3.3e-06,
    "EchoTime": 0.1002,
    "EchoTrainLength": 51,
    "EffectiveEchoSpacing": 0.000389997,
    "FlipAngle": 90,
    "ImageComments": "Unaliased_MB3_PE4",
    "ImageOrientationPatientDICOM": [
      1,
      0,
      0,
      0,
      1,
      0
    ],
    "ImageType": [
      "ORIGINAL",
      "PRIMARY",
      "DIFFUSION",
      "NONE",
      "MB",
      "ND",
      "MOSAIC"
    ],
    "InPlanePhaseEncodingDirectionDICOM": "COL",
    "MRAcquisitionType": "2D",
    "MagneticFieldStrength": 3,
    "Manufacturer": "Siemens",
    "ManufacturersModelName": "Prisma_fit",
    "Modality": "MR",
    "MultibandAccelerationFactor": 3,
    "NumVolumes": 129,
    "Obliquity": "False",
    "ParallelReductionFactorInPlane": 2,
    "PartialFourier": 1,
    "PatientPosition": "HFS",
    "PercentPhaseFOV": 100,
    "PhaseEncodingDirection": "j-",
    "PhaseEncodingSteps": 103,
    "PhaseResolution": 1,
    "PixelBandwidth": 1455,
    "ProcedureStepDescription": "CMI_HBN-CBIC",
    "ProtocolName": "cmrr_DKI",
    "PulseSequenceDetails": "%CustomerSeq%_cmrr_mbep2d_diff",
    "ReceiveCoilActiveElements": "HEA;HEP",
    "ReceiveCoilName": "Head_32",
    "ReconMatrixPE": 104,
    "RepetitionTime": 3.32,
    "SAR": 0.416481,
    "ScanOptions": "FS",
    "ScanningSequence": "EP",
    "SequenceName": "ep_b0",
    "SequenceVariant": "SK_SS",
    "SeriesDescription": "cmrr_DKI",
    "ShimSetting": [
      213,
      -10484,
      -5536,
      720,
      32,
      -301,
      100,
      73
    ],
    "SliceThickness": 1.8,
    "SliceTiming": [
      0,
      1.5125,
      3.025,
      1.2375,
      2.75,
      0.9625,
      2.475,
      0.6875,
      2.2,
      0.4125,
      1.925,
      0.1375,
      1.65,
      3.1625,
      1.375,
      2.8875,
      1.1,
      2.6125,
      0.825,
      2.3375,
      0.55,
      2.0625,
      0.275,
      1.7875,
      0,
      1.5125,
      3.025,
      1.2375,
      2.75,
      0.9625,
      2.475,
      0.6875,
      2.2,
      0.4125,
      1.925,
      0.1375,
      1.65,
      3.1625,
      1.375,
      2.8875,
      1.1,
      2.6125,
      0.825,
      2.3375,
      0.55,
      2.0625,
      0.275,
      1.7875,
      0,
      1.5125,
      3.025,
      1.2375,
      2.75,
      0.9625,
      2.475,
      0.6875,
      2.2,
      0.4125,
      1.925,
      0.1375,
      1.65,
      3.1625,
      1.375,
      2.8875,
      1.1,
      2.6125,
      0.825,
      2.3375,
      0.55,
      2.0625,
      0.275,
      1.7875
    ],
    "SoftwareVersions": "syngo_MR_E11",
    "SpacingBetweenSlices": 1.8,
    "TotalReadoutTime": 0.0401697,
    "TxRefAmp": 245.063,
    "VendorReportedEchoSpacing": 0.00078,
    "VoxelSizeDim1": 1.798076868057251,
    "VoxelSizeDim2": 1.798076868057251,
    "VoxelSizeDim3": 1.7999999523162842,
    "acq_id": "64dir",
    "dataset": "HBN",
    "modality": "dwi",
    "session_id": "HBNsiteCBIC",
    "subject_id": "NDARHZ852XY0"
  },
  "efc_shell01": 2.6963,
  "efc_shell02": 1.6738,
  "efc_shell03": 1.2215,
  "fa_degenerate": 0.0,
  "fa_nans": 0.0,
  "fber_shell01": -0.0027,
  "fber_shell02": 0.1006,
  "fber_shell03": 0.8461,
  "fd_mean": 9.7339,
  "fd_num": 128,
  "fd_perc": 99.2248062015504,
  "ndc": 0.5107,
  "provenance": {
    "md5sum": "b4a11876f52315d6b8d36165818aee20",
    "settings": {
      "testing": false
    },
    "software": "mriqc",
    "version": "24.0.0"
  },
  "sigma_cc": 152.708,
  "sigma_pca": 49.4703,
  "sigma_piesno": 41.9292,
  "snr_cc_shell0": 3.1,
  "snr_cc_shell1_best": 4.96,
  "snr_cc_shell1_worst": 4.96,
  "snr_cc_shell2_best": 1.79,
  "snr_cc_shell2_worst": 1.36,
  "spikes_global": 72.79,
  "spikes_slice_i": 425.49,
  "spikes_slice_j": 372.69,
  "spikes_slice_k": 440.78,
  "summary_bg_k": 36.3892,
  "summary_bg_mad": 32.6172,
  "summary_bg_mean": 224.9855,
  "summary_bg_median": 135.0,
  "summary_bg_n": 648842.0,
  "summary_bg_p05": 100.0,
  "summary_bg_p95": 703.0,
  "summary_bg_stdv": 319.469,
  "summary_fg_k": 2.9011,
  "summary_fg_mad": 449.2285,
  "summary_fg_mean": 1035.4588,
  "summary_fg_median": 944.0,
  "summary_fg_n": 129910.0,
  "summary_fg_p05": 365.0,
  "summary_fg_p95": 2020.0,
  "summary_fg_stdv": 518.8359,
  "summary_wm_k": 2.3164,
  "summary_wm_mad": 461.0893,
  "summary_wm_mean": 1063.2109,
  "summary_wm_median": 973.0,
  "summary_wm_n": 103465.0,
  "summary_wm_p05": 379.0,
  "summary_wm_p95": 2055.0,
  "summary_wm_stdv": 522.3795
}