{
  "NumberOfShells": 2,
  "bValues": [
    0.0,
    1000.0,
    2000.0
  ],
  "bValuesEstimation": [
    1000.0,
    2000.0
  ],
  "bdiffs_max": 0.2402,
  "bdiffs_mean": 0.0298,
  "bdiffs_median": 0.0185,
  "bdiffs_min": 0.0029,
  "bids_meta": {
    "AcquisitionMatrixPE": 104,
    "BandwidthPerPixelPhaseEncode": 24.655,
    "BaseResolution": 104,
    "BodyPartExamined": "BRAIN",
    "ConsistencyInfo": "N4_VE11B_LATEST_20150530",
    "ConversionSoftware": "dcm2niix",
    "ConversionSoftwareVersion": "v1.0.20171215 GCC4.8.4",
    "DerivedVendorReportedEchoSpacing": 0.000779995,
    "Dim1Size": 104,
    "Dim2Size": 104,
    "Dim3Size": 72,
    "DwellTime": 3.3e-06,
    "EchoTime": 0.1002,
    "EchoTrainLength": 51,
    "EffectiveEchoSpacing": 0.000389997,
    "FlipAngle": 90,
    "ImageComments": "Unaliased_MB3_PE4",
    "ImageOrientationPatientDICOM": [
      1,
      0,
      0,
      0,
      1,
      0
    ],
    "ImageType": [
      "ORIGINAL",
      "PRIMARY",
      "DIFFUSION",
      "NONE",
      "MB",
      "ND",
      "MOSAIC"
    ],
    "InPlanePhaseEncodingDirectionDICOM": "COL",
    "MRAcquisitionType": "2D",
    "MagneticFieldStrength": 3,
    "Manufacturer": "Siemens",
    "ManufacturersModelName": "Prisma_fit",
    "Modality": "MR",
    "MultibandAccelerationFactor": 3,
    "NumVolumes": 129,
    "Obliquity": "False",
    "ParallelReductionFactorInPlane": 2,
    "PartialFourier": 1,
    "PatientPosition": "HFS",
    "PercentPhaseFOV": 100,
    "PhaseEncodingDirection": "j-",
    "PhaseEncodingSteps": 103,
    "PhaseResolution": 1,
    "PixelBandwidth": 1455,
    "ProcedureStepDescription": "CMI_HBN-CBIC",
    "ProtocolName": "cmrr_DKI",
    "PulseSequenceDetails": "%CustomerSeq%_cmrr_mbep2d_diff",
    "ReceiveCoilActiveElements": "HEA;HEP",
    "ReceiveCoilName": "Head_32",
    "ReconMatrixPE": 104,
    "RepetitionTime": 3.32,
    "SAR": 0.28985,
    "ScanOptions": "FS",
    "ScanningSequence": "EP",
    "SequenceName": "ep_b0",
    "SequenceVariant": "SK_SS",
    "SeriesDescription": "cmrr_DKI",
    "ShimSetting": [
      204,
      -10439,
      -5593,
      252,
      -84,
      -329,
      52,
      -11
    ],
    "SliceThickness": 1.8,
    "SliceTiming": [
      0,
      1.5125,
      3.025,
      1.2375,
      2.75,
      0.9625,
      2.475,
      0.6875,
      2.2,
      0.4125,
      1.925,
      0.1375,
      1.65,
      3.1625,
      1.375,
      2.8875,
      1.1,
      2.6125,
      0.825,
      2.3375,
      0.55,
      2.0625,
      0.275,
      1.7875,
      0,
      1.5125,
      3.025,
      1.2375,
      2.75,
      0.9625,
      2.475,
      0.6875,
      2.2,
      0.4125,
      1.925,
      0.1375,
      1.65,
      3.1625,
      1.375,
      2.8875,
      1.1,
      2.6125,
      0.825,
      2.3375,
      0.55,
      2.0625,
      0.275,
      1.7875,
      0,
      1.5125,
      3.025,
      1.2375,
      2.75,
      0.9625,
      2.475,
      0.6875,
      2.2,
      0.4125,
      1.925,
      0.1375,
      1.65,
      3.1625,
      1.375,
      2.8875,
      1.1,
      2.6125,
      0.825,
      2.3375,
      0.55,
      2.0625,
      0.275,
      1.7875
    ],
    "SoftwareVersions": "syngo_MR_E11",
    "SpacingBetweenSlices": 1.8,
    "TotalReadoutTime": 0.0401697,
    "TxRefAmp": 217.886,
    "VendorReportedEchoSpacing": 0.00078,
    "VoxelSizeDim1": 1.798076868057251,
    "VoxelSizeDim2": 1.798076868057251,
    "VoxelSizeDim3": 1.8000000715255737,
    "acq_id": "64dir",
    "dataset": "HBN",
    "modality": "dwi",
    "session_id": "HBNsiteCBIC",
    "subject_id": "NDARUC308ZLR"
  },
  "efc_shell01": 4.228,
  "efc_shell02": 2.32,
  "efc_shell03": 1.6942,
  "fa_degenerate": 0.0,
  "fa_nans": 0.0,
  "fber_shell01": 0.0,
  "fber_shell02": 0.0333,
  "fber_shell03": 0.1654,
  "fd_mean": 4.0046,
  "fd_num": 128,
  "fd_perc": 99.2248062015504,
  "ndc": 0.5818,
  "provenance": {
    "md5sum": "edb844c672664e41fdb558078fcbf69d",
    "settings": {
      "testing": false
    },
    "software": "mriqc",
    "version": "24.0.0"
  },
  "sigma_cc": 188.2905,
  "sigma_pca": 63.6752,
  "sigma_piesno": 43.2498,
  "snr_cc_shell0": 3.46,
  "snr_cc_shell1_best": 3.01,
  "snr_cc_shell1_worst": 3.01,
  "snr_cc_shell2_best": 1.84,
  "snr_cc_shell2_worst": 1.21,
  "spikes_global": 96.58,
  "spikes_slice_i": 514.52,
  "spikes_slice_j": 527.98,
  "spikes_slice_k": 588.42,
  "summary_bg_k": 63.2037,
  "summary_bg_mad": 40.0303,
  "summary_bg_mean": 226.3592,
  "summary_bg_median": 148.0,
  "summary_bg_n": 535791.0,
  "summary_bg_p05": 105.0,
  "summary_bg_p95": 522.0,
  "summary_bg_stdv": 331.9805,
  "summary_fg_k": 5.5941,
  "summary_fg_mad": 551.528,
  "summary_fg_mean": 1314.4159,
  "summary_fg_median": 1160.0,
  "summary_fg_n": 242961.0,
  "summary_fg_p05": 511.0,
  "summary_fg_p95": 2654.0,
  "summary_fg_stdv": 688.6656,
  "summary_wm_k": 9.2629,
  "summary_wm_mad": 535.2194,
  "summary_wm_mean": 1259.4889,
  "summary_wm_median": 1113.0,
  "summary_wm_n": 132628.0,
  "summary_wm_p05": 505.0,
  "summary_wm_p95": 2520.0,
  "summary_wm_stdv": 657.662
}