{
  "NumberOfShells": 2,
  "bValues": [
    0.0,
    1000.0,
    2000.0
  ],
  "bValuesEstimation": [
    1000.0,
    2000.0
  ],
  "bdiffs_max": 0.1305,
  "bdiffs_mean": 0.0292,
  "bdiffs_median": 0.0135,
  "bdiffs_min": 0.0015,
  "bids_meta": {
    "AcquisitionMatrixPE": 104,
    "BandwidthPerPixelPhaseEncode": 24.655,
    "BaseResolution": 104,
    "BodyPartExamined": "BRAIN",
    "ConsistencyInfo": "N4_VE11B_LATEST_20150530",
    "ConversionSoftware": "dcm2niix",
    "ConversionSoftwareVersion": "v1.0.20171215 GCC4.8.4",
    "DerivedVendorReportedEchoSpacing": 0.000779995,
    "DeviceSerialNumber": "67080",
    "Dim1Size": 104,
    "Dim2Size": 104,
    "Dim3Size": 72,
    "DwellTime": 3.3e-06,
    "EchoTime": 0.1002,
    "EchoTrainLength": 51,
    "EffectiveEchoSpacing": 0.000389997,
    "FlipAngle": 90,
    "ImageComments": "Unaliased_MB3_PE4",
    "ImageOrientationPatientDICOM": [
      1,
      0,
      0,
      0,
      1,
      0
    ],
    "ImageType": [
      "ORIGINAL",
      "PRIMARY",
      "DIFFUSION",
      "NONE",
      "MB",
      "ND",
      "MOSAIC"
    ],
    "InPlanePhaseEncodingDirectionDICOM": "COL",
    "MRAcquisitionType": "2D",
    "MagneticFieldStrength": 3,
    "Manufacturer": "Siemens",
    "ManufacturersModelName": "Prisma_fit",
    "Modality": "MR",
    "MultibandAccelerationFactor": 3,
    "NumVolumes": 129,
    "Obliquity": "False",
    "ParallelReductionFactorInPlane": 2,
    "PartialFourier": 1,
    "PatientPosition": "HFS",
    "PercentPhaseFOV": 100,
    "PhaseEncodingDirection": "j-",
    "PhaseEncodingSteps": 103,
    "PhaseResolution": 1,
    "PixelBandwidth": 1455,
    "ProcedureStepDescription": "CMI_HBN-CBIC",
    "ProtocolName": "cmrr_DKI",
    "PulseSequenceDetails": "%CustomerSeq%_cmrr_mbep2d_diff",
    "ReceiveCoilActiveElements": "HEA;HEP",
    "ReceiveCoilName": "Head_32",
    "ReconMatrixPE": 104,
    "RepetitionTime": 3.32,
    "SAR": 0.281742,
    "ScanOptions": "FS",
    "ScanningSequence": "EP",
    "SequenceName": "ep_b0",
    "SequenceVariant": "SK_SS",
    "SeriesDescription": "cmrr_DKI",
    "ShimSetting": [
      195,
      -10418,
      -5591,
      528,
      36,
      24,
      51,
      0
    ],
    "SliceThickness": 1.8,
    "SliceTiming": [
      0,
      1.5125,
      3.025,
      1.2375,
      2.75,
      0.9625,
      2.475,
      0.6875,
      2.2,
      0.4125,
      1.925,
      0.1375,
      1.65,
      3.1625,
      1.375,
      2.8875,
      1.1,
      2.6125,
      0.825,
      2.3375,
      0.55,
      2.0625,
      0.275,
      1.7875,
      0,
      1.5125,
      3.025,
      1.2375,
      2.75,
      0.9625,
      2.475,
      0.6875,
      2.2,
      0.4125,
      1.925,
      0.1375,
      1.65,
      3.1625,
      1.375,
      2.8875,
      1.1,
      2.6125,
      0.825,
      2.3375,
      0.55,
      2.0625,
      0.275,
      1.7875,
      0,
      1.5125,
      3.025,
      1.2375,
      2.75,
      0.9625,
      2.475,
      0.6875,
      2.2,
      0.4125,
      1.925,
      0.1375,
      1.65,
      3.1625,
      1.375,
      2.8875,
      1.1,
      2.6125,
      0.825,
      2.3375,
      0.55,
      2.0625,
      0.275,
      1.7875
    ],
    "SoftwareVersions": "syngo_MR_E11",
    "SpacingBetweenSlices": 1.8,
    "StationName": "MRTRIO3TX72",
    "TotalReadoutTime": 0.0401697,
    "TxRefAmp": 247.657,
    "VendorReportedEchoSpacing": 0.00078,
    "VoxelSizeDim1": 1.798076868057251,
    "VoxelSizeDim2": 1.798076868057251,
    "VoxelSizeDim3": 1.8000000715255737,
    "acq_id": "64dir",
    "dataset": "HBN",
    "modality": "dwi",
    "session_id": "HBNsiteCBIC",
    "subject_id": "NDARMW551YA0"
  },
  "efc_shell01": 4.6302,
  "efc_shell02": 2.5113,
  "efc_shell03": 1.8488,
  "fa_degenerate": 0.0,
  "fa_nans": 0.0,
  "fber_shell01": -0.0055,
  "fber_shell02": 0.0323,
  "fber_shell03": 0.0897,
  "fd_mean": 2.6772,
  "fd_num": 127,
  "fd_perc": 98.44961240310077,
  "ndc": 0.8196,
  "provenance": {
    "md5sum": "acf23b5f37dfb8f3d9d8185ff9d9e6e9",
    "settings": {
      "testing": false
    },
    "software": "mriqc",
    "version": "24.0.0"
  },
  "sigma_cc": 146.7776,
  "sigma_pca": 65.8245,
  "sigma_piesno": 43.58,
  "snr_cc_shell0": 3.9,
  "snr_cc_shell1_best": 5.59,
  "snr_cc_shell1_worst": 5.59,
  "snr_cc_shell2_best": 2.49,
  "snr_cc_shell2_worst": 1.52,
  "spikes_global": 112.53,
  "spikes_slice_i": 508.31,
  "spikes_slice_j": 696.72,
  "spikes_slice_k": 761.15,
  "summary_bg_k": 81.5169,
  "summary_bg_mad": 42.9955,
  "summary_bg_mean": 240.9052,
  "summary_bg_median": 149.0,
  "summary_bg_n": 518043.0,
  "summary_bg_p05": 106.0,
  "summary_bg_p95": 644.0,
  "summary_bg_stdv": 329.5798,
  "summary_fg_k": 4.8677,
  "summary_fg_mad": 600.4539,
  "summary_fg_mean": 1373.6187,
  "summary_fg_median": 1193.0,
  "summary_fg_n": 260709.0,
  "summary_fg_p05": 498.0,
  "summary_fg_p95": 2883.0,
  "summary_fg_stdv": 779.6159,
  "summary_wm_k": 3.8733,
  "summary_wm_mad": 278.7292,
  "summary_wm_mean": 898.3348,
  "summary_wm_median": 843.0,
  "summary_wm_n": 79670.0,
  "summary_wm_p05": 456.0,
  "summary_wm_p95": 1530.0,
  "summary_wm_stdv": 338.2633
}