{
  "NumberOfShells": 2,
  "bValues": [
    0.0,
    1000.0,
    2000.0
  ],
  "bValuesEstimation": [
    1000.0,
    2000.0
  ],
  "bdiffs_max": 0.0483,
  "bdiffs_mean": 0.021,
  "bdiffs_median": 0.0196,
  "bdiffs_min": 0.0033,
  "bids_meta": {
    "AcquisitionMatrixPE": 104,
    "BandwidthPerPixelPhaseEncode": 23.17,
    "BaseResolution": 104,
    "ConversionSoftware": "dcm2niix",
    "ConversionSoftwareVersion": "v1.0.20171204 (OpenJPEG build) GCC4.8.4",
    "DerivedVendorReportedEchoSpacing": 0.000829986,
    "Dim1Size": 104,
    "Dim2Size": 104,
    "Dim3Size": 72,
    "DwellTime": 3.5e-06,
    "EchoTime": 0.1002,
    "EffectiveEchoSpacing": 0.000414993,
    "FlipAngle": 90,
    "ImageComments": "Unaliased_MB3_PE4_(remote)_SENSE1",
    "ImageOrientationPatientDICOM": [
      0.999994,
      -0.000236883,
      -0.0034745,
      1.35099e-08,
      0.997684,
      -0.0680157
    ],
    "ImageType": [
      "ORIGINAL",
      "PRIMARY",
      "DIFFUSION",
      "NONE",
      "MB",
      "ND"
    ],
    "InPlanePhaseEncodingDirectionDICOM": "COL",
    "MRAcquisitionType": "2D",
    "MagneticFieldStrength": 3,
    "Manufacturer": "Siemens",
    "ManufacturersModelName": "TrioTim",
    "Modality": "MR",
    "NumVolumes": 129,
    "Obliquity": "True",
    "ParallelReductionFactorInPlane": 2,
    "PartialFourier": 1,
    "PatientPosition": "HFS",
    "PercentPhaseFOV": 100,
    "PhaseEncodingDirection": "j-",
    "PhaseEncodingSteps": 103,
    "PhaseResolution": 1,
    "PixelBandwidth": 1374,
    "ProcedureStepDescription": "CMI_HBN",
    "ProtocolName": "DKI",
    "PulseSequenceDetails": "%CustomerSeq%_cmrr_mbep2d_diff",
    "ReceiveCoilName": "32Ch_Head",
    "ReconMatrixPE": 104,
    "RepetitionTime": 3.32,
    "SAR": 0.275516,
    "ScanOptions": "FS",
    "ScanningSequence": "EP",
    "SequenceName": "ep_b0",
    "SequenceVariant": "SK_SS",
    "SeriesDescription": "DKI",
    "ShimSetting": [
      2041,
      -595,
      -7615,
      900,
      175,
      -37,
      -17,
      -153
    ],
    "SliceThickness": 1.8,
    "SoftwareVersions": "syngo_MR_B19",
    "SpacingBetweenSlices": 1.8,
    "TotalReadoutTime": 0.0427443,
    "TxRefAmp": 291.192,
    "VoxelSizeDim1": 1.798076868057251,
    "VoxelSizeDim2": 1.798076868057251,
    "VoxelSizeDim3": 1.8000015020370483,
    "acq_id": "64dir",
    "dataset": "HBN",
    "modality": "dwi",
    "session_id": "HBNsiteRU",
    "subject_id": "NDARGK943RL3"
  },
  "efc_shell01": 2.1651,
  "efc_shell02": 0.7967,
  "efc_shell03": 0.6173,
  "fa_degenerate": 0.0,
  "fa_nans": 0.0,
  "fber_shell01": 100.9184,
  "fber_shell02": 169.0,
  "fber_shell03": 104.04,
  "fd_mean": 2.041,
  "fd_num": 128,
  "fd_perc": 99.2248062015504,
  "ndc": 0.7383,
  "provenance": {
    "md5sum": "1c9037bbc7c8698a623afc11f4c3e8e2",
    "settings": {
      "testing": false
    },
    "software": "mriqc",
    "version": "24.0.0"
  },
  "sigma_cc": 78.5779,
  "sigma_pca": 12.4884,
  "sigma_piesno": 1.6508,
  "snr_cc_shell0": 2.16,
  "snr_cc_shell1_best": 3.44,
  "snr_cc_shell1_worst": 3.44,
  "snr_cc_shell2_best": 1.19,
  "snr_cc_shell2_worst": 0.63,
  "spikes_global": 108.26,
  "spikes_slice_i": 680.16,
  "spikes_slice_j": 710.18,
  "spikes_slice_k": 741.8,
  "summary_bg_k": 116.4392,
  "summary_bg_mad": 7.413,
  "summary_bg_mean": 23.6602,
  "summary_bg_median": 7.0,
  "summary_bg_n": 516760.0,
  "summary_bg_p05": 1.0,
  "summary_bg_p95": 85.0,
  "summary_bg_stdv": 64.4425,
  "summary_fg_k": 11.1799,
  "summary_fg_mad": 126.0212,
  "summary_fg_mean": 288.4682,
  "summary_fg_median": 238.0,
  "summary_fg_n": 261992.0,
  "summary_fg_p05": 94.0,
  "summary_fg_p95": 660.0,
  "summary_fg_stdv": 196.0223,
  "summary_wm_k": 19.0027,
  "summary_wm_mad": 83.0257,
  "summary_wm_mean": 225.5452,
  "summary_wm_median": 190.0,
  "summary_wm_n": 120932.0,
  "summary_wm_p05": 87.0,
  "summary_wm_p95": 490.0,
  "summary_wm_stdv": 145.7242
}