{
  "NumberOfShells": 2,
  "bValues": [
    0.0,
    1000.0,
    2000.0
  ],
  "bValuesEstimation": [
    1000.0,
    2000.0
  ],
  "bdiffs_max": 0.1353,
  "bdiffs_mean": 0.032,
  "bdiffs_median": 0.019,
  "bdiffs_min": 0.0025,
  "bids_meta": {
    "AcquisitionMatrixPE": 104,
    "BandwidthPerPixelPhaseEncode": 24.655,
    "BaseResolution": 104,
    "BodyPartExamined": "BRAIN",
    "ConsistencyInfo": "N4_VE11B_LATEST_20150530",
    "ConversionSoftware": "dcm2niix",
    "ConversionSoftwareVersion": "v1.0.20171215 GCC4.8.4",
    "DerivedVendorReportedEchoSpacing": 0.000779995,
    "Dim1Size": 104,
    "Dim2Size": 104,
    "Dim3Size": 72,
    "DwellTime": 3.3e-06,
    "EchoTime": 0.1002,
    "EchoTrainLength": 51,
    "EffectiveEchoSpacing": 0.000389997,
    "FlipAngle": 90,
    "ImageComments": "Unaliased_MB3_PE4",
    "ImageOrientationPatientDICOM": [
      1,
      0,
      0,
      0,
      1,
      0
    ],
    "ImageType": [
      "ORIGINAL",
      "PRIMARY",
      "DIFFUSION",
      "NONE",
      "MB",
      "ND",
      "MOSAIC"
    ],
    "InPlanePhaseEncodingDirectionDICOM": "COL",
    "MRAcquisitionType": "2D",
    "MagneticFieldStrength": 3,
    "Manufacturer": "Siemens",
    "ManufacturersModelName": "Prisma_fit",
    "Modality": "MR",
    "MultibandAccelerationFactor": 3,
    "NumVolumes": 129,
    "Obliquity": "False",
    "ParallelReductionFactorInPlane": 2,
    "PartialFourier": 1,
    "PatientPosition": "HFS",
    "PercentPhaseFOV": 100,
    "PhaseEncodingDirection": "j-",
    "PhaseEncodingSteps": 103,
    "PhaseResolution": 1,
    "PixelBandwidth": 1455,
    "ProcedureStepDescription": "CMI_HBN-CBIC",
    "ProtocolName": "cmrr_DKI",
    "PulseSequenceDetails": "%CustomerSeq%_cmrr_mbep2d_diff",
    "ReceiveCoilActiveElements": "HEA;HEP",
    "ReceiveCoilName": "Head_32",
    "ReconMatrixPE": 104,
    "RepetitionTime": 3.32,
    "SAR": 0.24527,
    "ScanOptions": "FS",
    "ScanningSequence": "EP",
    "SequenceName": "ep_b0",
    "SequenceVariant": "SK_SS",
    "SeriesDescription": "cmrr_DKI",
    "ShimSetting": [
      161,
      -10342,
      -5603,
      390,
      0,
      177,
      54,
      13
    ],
    "SliceThickness": 1.8,
    "SliceTiming": [
      0,
      1.5125,
      3.025,
      1.2375,
      2.75,
      0.9625,
      2.475,
      0.6875,
      2.2,
      0.4125,
      1.925,
      0.1375,
      1.65,
      3.1625,
      1.375,
      2.8875,
      1.1,
      2.6125,
      0.825,
      2.3375,
      0.55,
      2.0625,
      0.275,
      1.7875,
      0,
      1.5125,
      3.025,
      1.2375,
      2.75,
      0.9625,
      2.475,
      0.6875,
      2.2,
      0.4125,
      1.925,
      0.1375,
      1.65,
      3.1625,
      1.375,
      2.8875,
      1.1,
      2.6125,
      0.825,
      2.3375,
      0.55,
      2.0625,
      0.275,
      1.7875,
      0,
      1.5125,
      3.025,
      1.2375,
      2.75,
      0.9625,
      2.475,
      0.6875,
      2.2,
      0.4125,
      1.925,
      0.1375,
      1.65,
      3.1625,
      1.375,
      2.8875,
      1.1,
      2.6125,
      0.825,
      2.3375,
      0.55,
      2.0625,
      0.275,
      1.7875
    ],
    "SoftwareVersions": "syngo_MR_E11",
    "SpacingBetweenSlices": 1.8,
    "TotalReadoutTime": 0.0401697,
    "TxRefAmp": 245.067,
    "VendorReportedEchoSpacing": 0.00078,
    "VoxelSizeDim1": 1.798076868057251,
    "VoxelSizeDim2": 1.798076868057251,
    "VoxelSizeDim3": 1.7999999523162842,
    "acq_id": "64dir",
    "dataset": "HBN",
    "modality": "dwi",
    "session_id": "HBNsiteCBIC",
    "subject_id": "NDARCP642KML"
  },
  "efc_shell01": 5.7309,
  "efc_shell02": 2.9483,
  "efc_shell03": 2.1257,
  "fa_degenerate": 0.0,
  "fa_nans": 0.0,
  "fber_shell01": -0.0071,
  "fber_shell02": 0.0,
  "fber_shell03": 0.0618,
  "fd_mean": 2.9584,
  "fd_num": 128,
  "fd_perc": 99.2248062015504,
  "ndc": 0.6198,
  "provenance": {
    "md5sum": "d30a78e32eae7a9b45494409bb6dde1e",
    "settings": {
      "testing": false
    },
    "software": "mriqc",
    "version": "24.0.0"
  },
  "sigma_cc": 179.3949,
  "sigma_pca": 66.4369,
  "sigma_piesno": 45.5609,
  "snr_cc_shell0": 3.89,
  "snr_cc_shell1_best": 6.66,
  "snr_cc_shell1_worst": 6.66,
  "snr_cc_shell2_best": 2.12,
  "snr_cc_shell2_worst": 1.29,
  "spikes_global": 120.82,
  "spikes_slice_i": 662.56,
  "spikes_slice_j": 825.09,
  "spikes_slice_k": 828.52,
  "summary_bg_k": 57.2687,
  "summary_bg_mad": 63.7519,
  "summary_bg_mean": 296.6662,
  "summary_bg_median": 171.0,
  "summary_bg_n": 488716.0,
  "summary_bg_p05": 113.0,
  "summary_bg_p95": 869.0,
  "summary_bg_stdv": 410.6929,
  "summary_fg_k": 12.54,
  "summary_fg_mad": 582.6627,
  "summary_fg_mean": 1355.1152,
  "summary_fg_median": 1160.0,
  "summary_fg_n": 290036.0,
  "summary_fg_p05": 475.0,
  "summary_fg_p95": 2849.0,
  "summary_fg_stdv": 845.3973,
  "summary_wm_k": 27.7503,
  "summary_wm_mad": 333.5855,
  "summary_wm_mean": 948.8974,
  "summary_wm_median": 885.0,
  "summary_wm_n": 97012.0,
  "summary_wm_p05": 412.0,
  "summary_wm_p95": 1662.0,
  "summary_wm_stdv": 440.3892
}