{
  "NumberOfShells": 2,
  "bValues": [
    0.0,
    1000.0,
    2000.0
  ],
  "bValuesEstimation": [
    1000.0,
    2000.0
  ],
  "bdiffs_max": 0.118,
  "bdiffs_mean": 0.0287,
  "bdiffs_median": 0.0251,
  "bdiffs_min": 0.0014,
  "bids_meta": {
    "AcquisitionMatrixPE": 104,
    "BandwidthPerPixelPhaseEncode": 23.17,
    "BaseResolution": 104,
    "ConversionSoftware": "dcm2niix",
    "ConversionSoftwareVersion": "v1.0.20171215 GCC4.8.4",
    "DerivedVendorReportedEchoSpacing": 0.000829986,
    "Dim1Size": 104,
    "Dim2Size": 104,
    "Dim3Size": 72,
    "DwellTime": 3.5e-06,
    "EchoTime": 0.1002,
    "EffectiveEchoSpacing": 0.000414993,
    "FlipAngle": 90,
    "ImageComments": "Unaliased_MB3_PE4_(remote)_SENSE1",
    "ImageOrientationPatientDICOM": [
      0.999297,
      -0.00811737,
      -0.0365882,
      -2.68041e-08,
      0.976262,
      -0.216592
    ],
    "ImageType": [
      "ORIGINAL",
      "PRIMARY",
      "DIFFUSION",
      "NONE",
      "MB",
      "ND"
    ],
    "InPlanePhaseEncodingDirectionDICOM": "COL",
    "MRAcquisitionType": "2D",
    "MagneticFieldStrength": 3,
    "Manufacturer": "Siemens",
    "ManufacturersModelName": "TrioTim",
    "Modality": "MR",
    "NumVolumes": 129,
    "Obliquity": "True",
    "ParallelReductionFactorInPlane": 2,
    "PartialFourier": 1,
    "PatientPosition": "HFS",
    "PercentPhaseFOV": 100,
    "PhaseEncodingDirection": "j-",
    "PhaseEncodingSteps": 103,
    "PhaseResolution": 1,
    "PixelBandwidth": 1374,
    "ProcedureStepDescription": "CMI_HBN",
    "ProtocolName": "DKI",
    "PulseSequenceDetails": "%CustomerSeq%_cmrr_mbep2d_diff",
    "ReceiveCoilName": "32Ch_Head",
    "ReconMatrixPE": 104,
    "RepetitionTime": 3.32,
    "SAR": 0.250844,
    "ScanOptions": "FS",
    "ScanningSequence": "EP",
    "SequenceName": "ep_b0",
    "SequenceVariant": "SK_SS",
    "SeriesDescription": "DKI",
    "ShimSetting": [
      1916,
      -639,
      -7583,
      1164,
      -245,
      547,
      -14,
      -151
    ],
    "SliceThickness": 1.8,
    "SoftwareVersions": "syngo_MR_B19",
    "SpacingBetweenSlices": 1.8,
    "TotalReadoutTime": 0.0427443,
    "TxRefAmp": 300.167,
    "VoxelSizeDim1": 1.798076868057251,
    "VoxelSizeDim2": 1.798076868057251,
    "VoxelSizeDim3": 1.7999966144561768,
    "acq_id": "64dir",
    "dataset": "HBN",
    "modality": "dwi",
    "session_id": "HBNsiteRU",
    "subject_id": "NDARKF363RN1"
  },
  "efc_shell01": 2.1432,
  "efc_shell02": 0.7108,
  "efc_shell03": 0.6182,
  "fa_degenerate": 0.0,
  "fa_nans": 0.0,
  "fber_shell01": 103.8571,
  "fber_shell02": 256.0,
  "fber_shell03": 96.04,
  "fd_mean": 3.3025,
  "fd_num": 128,
  "fd_perc": 99.2248062015504,
  "ndc": 0.6388,
  "provenance": {
    "md5sum": "d32b63158959ccdbd04d775486706a99",
    "settings": {
      "testing": false
    },
    "software": "mriqc",
    "version": "24.0.0"
  },
  "sigma_cc": 57.8215,
  "sigma_pca": 12.9939,
  "sigma_piesno": 1.6508,
  "snr_cc_shell0": 2.63,
  "snr_cc_shell1_best": 4.0,
  "snr_cc_shell1_worst": 4.0,
  "snr_cc_shell2_best": 1.19,
  "snr_cc_shell2_worst": 0.87,
  "spikes_global": 130.69,
  "spikes_slice_i": 865.47,
  "spikes_slice_j": 888.24,
  "spikes_slice_k": 882.27,
  "summary_bg_k": 117.7061,
  "summary_bg_mad": 7.413,
  "summary_bg_mean": 28.7308,
  "summary_bg_median": 7.0,
  "summary_bg_n": 517839.0,
  "summary_bg_p05": 1.0,
  "summary_bg_p95": 94.0,
  "summary_bg_stdv": 95.3854,
  "summary_fg_k": 14.8643,
  "summary_fg_mad": 108.23,
  "summary_fg_mean": 274.5479,
  "summary_fg_median": 224.0,
  "summary_fg_n": 260913.0,
  "summary_fg_p05": 98.0,
  "summary_fg_p95": 632.0,
  "summary_fg_stdv": 186.8339,
  "summary_wm_k": 23.2188,
  "summary_wm_mad": 93.4039,
  "summary_wm_mean": 246.0624,
  "summary_wm_median": 209.0,
  "summary_wm_n": 196057.0,
  "summary_wm_p05": 97.0,
  "summary_wm_p95": 525.0,
  "summary_wm_stdv": 153.4932
}