{
  "NumberOfShells": 2,
  "bValues": [
    0.0,
    1000.0,
    2000.0
  ],
  "bValuesEstimation": [
    1000.0,
    2000.0
  ],
  "bdiffs_max": 0.1028,
  "bdiffs_mean": 0.0207,
  "bdiffs_median": 0.0177,
  "bdiffs_min": 0.0022,
  "bids_meta": {
    "AcquisitionMatrixPE": 104,
    "BandwidthPerPixelPhaseEncode": 24.655,
    "BaseResolution": 104,
    "BodyPartExamined": "BRAIN",
    "ConsistencyInfo": "N4_VE11B_LATEST_20150530",
    "ConversionSoftware": "dcm2niix",
    "ConversionSoftwareVersion": "v1.0.20171215 GCC4.8.4",
    "DerivedVendorReportedEchoSpacing": 0.000779995,
    "Dim1Size": 104,
    "Dim2Size": 104,
    "Dim3Size": 72,
    "DwellTime": 3.3e-06,
    "EchoTime": 0.1002,
    "EchoTrainLength": 51,
    "EffectiveEchoSpacing": 0.000389997,
    "FlipAngle": 90,
    "ImageComments": "Unaliased_MB3_PE4",
    "ImageOrientationPatientDICOM": [
      0.992757,
      0,
      -0.120137,
      0,
      1,
      0
    ],
    "ImageType": [
      "ORIGINAL",
      "PRIMARY",
      "DIFFUSION",
      "NONE",
      "MB",
      "ND",
      "MOSAIC"
    ],
    "InPlanePhaseEncodingDirectionDICOM": "COL",
    "MRAcquisitionType": "2D",
    "MagneticFieldStrength": 3,
    "Manufacturer": "Siemens",
    "ManufacturersModelName": "Prisma_fit",
    "Modality": "MR",
    "MultibandAccelerationFactor": 3,
    "NumVolumes": 129,
    "Obliquity": "True",
    "ParallelReductionFactorInPlane": 2,
    "PartialFourier": 1,
    "PatientPosition": "HFS",
    "PercentPhaseFOV": 100,
    "PhaseEncodingDirection": "j-",
    "PhaseEncodingSteps": 103,
    "PhaseResolution": 1,
    "PixelBandwidth": 1455,
    "ProcedureStepDescription": "CMI_HBN-CBIC",
    "ProtocolName": "cmrr_DKI",
    "PulseSequenceDetails": "%CustomerSeq%_cmrr_mbep2d_diff",
    "ReceiveCoilActiveElements": "HEA;HEP",
    "ReceiveCoilName": "Head_32",
    "ReconMatrixPE": 104,
    "RepetitionTime": 3.32,
    "SAR": 0.30619,
    "ScanOptions": "FS",
    "ScanningSequence": "EP",
    "SequenceName": "ep_b0",
    "SequenceVariant": "SK_SS",
    "SeriesDescription": "cmrr_DKI",
    "ShimSetting": [
      145,
      -10348,
      -5653,
      432,
      53,
      300,
      -22,
      -20
    ],
    "SliceThickness": 1.8,
    "SliceTiming": [
      0,
      1.5125,
      3.025,
      1.2375,
      2.75,
      0.9625,
      2.475,
      0.6875,
      2.2,
      0.4125,
      1.925,
      0.1375,
      1.65,
      3.1625,
      1.375,
      2.8875,
      1.1,
      2.6125,
      0.825,
      2.3375,
      0.55,
      2.0625,
      0.275,
      1.7875,
      0,
      1.5125,
      3.025,
      1.2375,
      2.75,
      0.9625,
      2.475,
      0.6875,
      2.2,
      0.4125,
      1.925,
      0.1375,
      1.65,
      3.1625,
      1.375,
      2.8875,
      1.1,
      2.6125,
      0.825,
      2.3375,
      0.55,
      2.0625,
      0.275,
      1.7875,
      0,
      1.5125,
      3.025,
      1.2375,
      2.75,
      0.9625,
      2.475,
      0.6875,
      2.2,
      0.4125,
      1.925,
      0.1375,
      1.65,
      3.1625,
      1.375,
      2.8875,
      1.1,
      2.6125,
      0.825,
      2.3375,
      0.55,
      2.0625,
      0.275,
      1.7875
    ],
    "SoftwareVersions": "syngo_MR_E11",
    "SpacingBetweenSlices": 1.8,
    "TotalReadoutTime": 0.0401697,
    "TxRefAmp": 210.892,
    "VendorReportedEchoSpacing": 0.00078,
    "VoxelSizeDim1": 1.798076868057251,
    "VoxelSizeDim2": 1.798076868057251,
    "VoxelSizeDim3": 1.8000000715255737,
    "acq_id": "64dirVARIANTObliquity",
    "dataset": "HBN",
    "modality": "dwi",
    "session_id": "HBNsiteCBIC",
    "subject_id": "NDARWG820RKE"
  },
  "efc_shell01": 3.7541,
  "efc_shell02": 2.1325,
  "efc_shell03": 1.5969,
  "fa_degenerate": 0.0,
  "fa_nans": 0.0,
  "fber_shell01": -0.0055,
  "fber_shell02": 0.042,
  "fber_shell03": 0.1321,
  "fd_mean": 1.8645,
  "fd_num": 128,
  "fd_perc": 99.2248062015504,
  "ndc": 0.6395,
  "provenance": {
    "md5sum": "40f3ac1832e9cfd139eb4edcdf8be0a9",
    "settings": {
      "testing": false
    },
    "software": "mriqc",
    "version": "24.0.0"
  },
  "sigma_cc": 128.2451,
  "sigma_pca": 68.5246,
  "sigma_piesno": 42.5895,
  "snr_cc_shell0": 4.92,
  "snr_cc_shell1_best": 6.25,
  "snr_cc_shell1_worst": 6.25,
  "snr_cc_shell2_best": 2.68,
  "snr_cc_shell2_worst": 1.61,
  "spikes_global": 80.74,
  "spikes_slice_i": 355.09,
  "spikes_slice_j": 383.04,
  "spikes_slice_k": 495.25,
  "summary_bg_k": 158.6977,
  "summary_bg_mad": 31.1346,
  "summary_bg_mean": 191.5699,
  "summary_bg_median": 139.0,
  "summary_bg_n": 553850.0,
  "summary_bg_p05": 103.0,
  "summary_bg_p95": 406.0,
  "summary_bg_stdv": 245.746,
  "summary_fg_k": 5.957,
  "summary_fg_mad": 554.4932,
  "summary_fg_mean": 1365.7177,
  "summary_fg_median": 1226.0,
  "summary_fg_n": 224902.0,
  "summary_fg_p05": 544.0,
  "summary_fg_p95": 2698.0,
  "summary_fg_stdv": 702.6015,
  "summary_wm_k": 10.4702,
  "summary_wm_mad": 490.7413,
  "summary_wm_mean": 1264.5325,
  "summary_wm_median": 1160.0,
  "summary_wm_n": 148389.0,
  "summary_wm_p05": 567.0,
  "summary_wm_p95": 2332.0,
  "summary_wm_stdv": 582.4646
}