{
  "NumberOfShells": 2,
  "bValues": [
    0.0,
    1000.0,
    2000.0
  ],
  "bValuesEstimation": [
    1000.0,
    2000.0
  ],
  "bdiffs_max": 0.1341,
  "bdiffs_mean": 0.0697,
  "bdiffs_median": 0.0679,
  "bdiffs_min": 0.0087,
  "bids_meta": {
    "AcquisitionMatrixPE": 96,
    "BandwidthPerPixelPhaseEncode": 14.468,
    "BaseResolution": 96,
    "ConversionSoftware": "dcm2niix",
    "ConversionSoftwareVersion": "v1.0.20171204 (OpenJPEG build) GCC4.8.4",
    "DerivedVendorReportedEchoSpacing": 0.00071998,
    "DeviceSerialNumber": "26121",
    "Dim1Size": 96,
    "Dim2Size": 96,
    "Dim3Size": 72,
    "DwellTime": 3.2e-06,
    "EchoTime": 0.0938,
    "EffectiveEchoSpacing": 0.00071998,
    "FlipAngle": 90,
    "ImageComments": "Unaliased_MB3_PE3",
    "ImageOrientationPatientDICOM": [
      1,
      0,
      0,
      0,
      1,
      0
    ],
    "ImageType": [
      "ORIGINAL",
      "PRIMARY",
      "DIFFUSION",
      "NONE",
      "MB",
      "ND",
      "MOSAIC"
    ],
    "InPlanePhaseEncodingDirectionDICOM": "COL",
    "MRAcquisitionType": "2D",
    "MagneticFieldStrength": 1.5,
    "Manufacturer": "Siemens",
    "ManufacturersModelName": "Avanto",
    "Modality": "MR",
    "MultibandAccelerationFactor": 3,
    "NumVolumes": 129,
    "Obliquity": "False",
    "PartialFourier": 0.75,
    "PatientPosition": "HFS",
    "PercentPhaseFOV": 100,
    "PhaseEncodingDirection": "j-",
    "PhaseEncodingSteps": 72,
    "PhaseResolution": 1,
    "PixelBandwidth": 1628,
    "ProcedureStepDescription": "CMI_HBN",
    "ProtocolName": "DKI_64_Directions_AP_3_WEIGHTS-_AX",
    "PulseSequenceDetails": "%CustomerSeq%_cmrr_mbep2d_diff",
    "ReceiveCoilName": "32Ch_Head",
    "ReconMatrixPE": 96,
    "RepetitionTime": 4.5,
    "SAR": 0.0962481,
    "ScanOptions": "PFP_FS",
    "ScanningSequence": "EP",
    "SequenceName": "ep_b0",
    "SequenceVariant": "SK_SS",
    "SeriesDescription": "DKI_64_Directions_AP_3_WEIGHTS-_AX",
    "ShimSetting": [
      128,
      -107,
      425,
      912,
      506,
      255,
      -540,
      347
    ],
    "SliceThickness": 2,
    "SliceTiming": [
      0,
      2.0725,
      4.1425,
      1.695,
      3.765,
      1.3175,
      3.39,
      0.9425,
      3.0125,
      0.565,
      2.6375,
      0.19,
      2.26,
      4.33,
      1.8825,
      3.955,
      1.5075,
      3.5775,
      1.13,
      3.2,
      0.755,
      2.825,
      0.3775,
      2.4475,
      0,
      2.0725,
      4.1425,
      1.695,
      3.765,
      1.3175,
      3.39,
      0.9425,
      3.0125,
      0.565,
      2.6375,
      0.19,
      2.26,
      4.33,
      1.8825,
      3.955,
      1.5075,
      3.5775,
      1.13,
      3.2,
      0.755,
      2.825,
      0.3775,
      2.4475,
      0,
      2.0725,
      4.1425,
      1.695,
      3.765,
      1.3175,
      3.39,
      0.9425,
      3.0125,
      0.565,
      2.6375,
      0.19,
      2.26,
      4.33,
      1.8825,
      3.955,
      1.5075,
      3.5775,
      1.13,
      3.2,
      0.755,
      2.825,
      0.3775,
      2.4475
    ],
    "SoftwareVersions": "syngo_MR_B17",
    "SpacingBetweenSlices": 2,
    "StationName": "MRC26121",
    "TotalReadoutTime": 0.0683981,
    "TxRefAmp": 230.6,
    "VoxelSizeDim1": 2.0,
    "VoxelSizeDim2": 2.0,
    "VoxelSizeDim3": 2.0,
    "acq_id": "64dir",
    "dataset": "HBN",
    "modality": "dwi",
    "session_id": "HBNsiteSI",
    "subject_id": "NDARML142BEK"
  },
  "efc_shell01": 2.5379,
  "efc_shell02": 1.0,
  "efc_shell03": 0.8435,
  "fa_degenerate": 0.0,
  "fa_nans": 0.0,
  "fber_shell01": -0.6131,
  "fber_shell02": 9.9619,
  "fber_shell03": 5.0989,
  "fd_mean": 3.6049,
  "fd_num": 128,
  "fd_perc": 99.2248062015504,
  "ndc": 0.734,
  "provenance": {
    "md5sum": "31f54b4f5e0182dfd1b284f62395893e",
    "settings": {
      "testing": false
    },
    "software": "mriqc",
    "version": "24.0.0"
  },
  "sigma_cc": 40.0303,
  "sigma_pca": 11.0806,
  "sigma_piesno": 10.5648,
  "snr_cc_shell0": 4.54,
  "snr_cc_shell1_best": 3.77,
  "snr_cc_shell1_worst": 3.77,
  "snr_cc_shell2_best": 2.39,
  "snr_cc_shell2_worst": 1.26,
  "spikes_global": 116.24,
  "spikes_slice_i": 758.15,
  "spikes_slice_j": 988.06,
  "spikes_slice_k": 682.16,
  "summary_bg_k": 83.4452,
  "summary_bg_mad": 11.8608,
  "summary_bg_mean": 71.6499,
  "summary_bg_median": 36.0,
  "summary_bg_n": 472564.0,
  "summary_bg_p05": 25.0,
  "summary_bg_p95": 233.0,
  "summary_bg_stdv": 113.4818,
  "summary_fg_k": 5.0532,
  "summary_fg_mad": 124.5386,
  "summary_fg_mean": 329.6047,
  "summary_fg_median": 293.0,
  "summary_fg_n": 190988.0,
  "summary_fg_p05": 147.0,
  "summary_fg_p95": 644.0,
  "summary_fg_stdv": 162.3116,
  "summary_wm_k": 42.8179,
  "summary_wm_mad": 65.2345,
  "summary_wm_mean": 244.8885,
  "summary_wm_median": 233.0,
  "summary_wm_n": 54490.0,
  "summary_wm_p05": 143.0,
  "summary_wm_p95": 379.0,
  "summary_wm_stdv": 96.3591
}