{
  "NumberOfShells": 2,
  "bValues": [
    0.0,
    1000.0,
    2000.0
  ],
  "bValuesEstimation": [
    1000.0,
    2000.0
  ],
  "bdiffs_max": 0.2093,
  "bdiffs_mean": 0.028,
  "bdiffs_median": 0.0151,
  "bdiffs_min": 0.0012,
  "bids_meta": {
    "AcquisitionMatrixPE": 104,
    "BandwidthPerPixelPhaseEncode": 23.17,
    "BaseResolution": 104,
    "ConversionSoftware": "dcm2niix",
    "ConversionSoftwareVersion": "v1.0.20171204 (OpenJPEG build) GCC4.8.4",
    "DerivedVendorReportedEchoSpacing": 0.000829986,
    "Dim1Size": 104,
    "Dim2Size": 104,
    "Dim3Size": 72,
    "DwellTime": 3.5e-06,
    "EchoTime": 0.1002,
    "EffectiveEchoSpacing": 0.000414993,
    "FlipAngle": 90,
    "ImageComments": "Unaliased_MB3_PE4_(remote)_SENSE1",
    "ImageOrientationPatientDICOM": [
      1,
      0,
      0,
      0,
      0.953717,
      -0.300706
    ],
    "ImageType": [
      "ORIGINAL",
      "PRIMARY",
      "DIFFUSION",
      "NONE",
      "MB",
      "ND"
    ],
    "InPlanePhaseEncodingDirectionDICOM": "COL",
    "MRAcquisitionType": "2D",
    "MagneticFieldStrength": 3,
    "Manufacturer": "Siemens",
    "ManufacturersModelName": "TrioTim",
    "Modality": "MR",
    "NumVolumes": 129,
    "Obliquity": "True",
    "ParallelReductionFactorInPlane": 2,
    "PartialFourier": 1,
    "PatientPosition": "HFS",
    "PercentPhaseFOV": 100,
    "PhaseEncodingDirection": "j-",
    "PhaseEncodingSteps": 103,
    "PhaseResolution": 1,
    "PixelBandwidth": 1374,
    "ProcedureStepDescription": "CMI_HBN",
    "ProtocolName": "DKI",
    "PulseSequenceDetails": "%CustomerSeq%_cmrr_mbep2d_diff",
    "ReceiveCoilName": "32Ch_Head",
    "ReconMatrixPE": 104,
    "RepetitionTime": 3.32,
    "SAR": 0.297574,
    "ScanOptions": "FS",
    "ScanningSequence": "EP",
    "SequenceName": "ep_b0",
    "SequenceVariant": "SK_SS",
    "SeriesDescription": "DKI",
    "ShimSetting": [
      1912,
      -779,
      -7676,
      1300,
      44,
      465,
      150,
      -364
    ],
    "SliceThickness": 1.8,
    "SoftwareVersions": "syngo_MR_B19",
    "SpacingBetweenSlices": 1.8,
    "TotalReadoutTime": 0.0427443,
    "TxRefAmp": 315.205,
    "VoxelSizeDim1": 1.798076868057251,
    "VoxelSizeDim2": 1.798076868057251,
    "VoxelSizeDim3": 1.8000010251998901,
    "acq_id": "64dir",
    "dataset": "HBN",
    "modality": "dwi",
    "session_id": "HBNsiteRU",
    "subject_id": "NDARVB819ENX"
  },
  "efc_shell01": 1.6133,
  "efc_shell02": 0.6159,
  "efc_shell03": 0.6049,
  "fa_degenerate": 0.0,
  "fa_nans": 0.0,
  "fber_shell01": 338.56,
  "fber_shell02": 361.0,
  "fber_shell03": 115.5625,
  "fd_mean": 1.8225,
  "fd_num": 128,
  "fd_perc": 99.2248062015504,
  "ndc": 0.4454,
  "provenance": {
    "md5sum": "4eb597d33cc55afbb8d5b4cf38f99c28",
    "settings": {
      "testing": false
    },
    "software": "mriqc",
    "version": "24.0.0"
  },
  "sigma_cc": 31.1346,
  "sigma_pca": 11.2051,
  "sigma_piesno": 1.6508,
  "snr_cc_shell0": 4.27,
  "snr_cc_shell1_best": 5.01,
  "snr_cc_shell1_worst": 5.01,
  "snr_cc_shell2_best": 2.29,
  "snr_cc_shell2_worst": 1.3,
  "spikes_global": 78.48,
  "spikes_slice_i": 419.28,
  "spikes_slice_j": 265.02,
  "spikes_slice_k": 513.88,
  "summary_bg_k": 259.0952,
  "summary_bg_mad": 4.4478,
  "summary_bg_mean": 13.2547,
  "summary_bg_median": 5.0,
  "summary_bg_n": 515337.0,
  "summary_bg_p05": 1.0,
  "summary_bg_p95": 48.0,
  "summary_bg_stdv": 38.6715,
  "summary_fg_k": 5.6171,
  "summary_fg_mad": 87.4735,
  "summary_fg_mean": 218.3888,
  "summary_fg_median": 198.0,
  "summary_fg_n": 263415.0,
  "summary_fg_p05": 90.0,
  "summary_fg_p95": 411.0,
  "summary_fg_stdv": 107.4396,
  "summary_wm_k": 5.8583,
  "summary_wm_mad": 81.5431,
  "summary_wm_mean": 206.7459,
  "summary_wm_median": 190.0,
  "summary_wm_n": 201007.0,
  "summary_wm_p05": 89.0,
  "summary_wm_p95": 377.0,
  "summary_wm_stdv": 95.4169
}