{
  "NumberOfShells": 2,
  "bValues": [
    0.0,
    1000.0,
    2000.0
  ],
  "bValuesEstimation": [
    1000.0,
    2000.0
  ],
  "bdiffs_max": 0.165,
  "bdiffs_mean": 0.0482,
  "bdiffs_median": 0.0409,
  "bdiffs_min": 0.006,
  "bids_meta": {
    "AcquisitionMatrixPE": 104,
    "BandwidthPerPixelPhaseEncode": 24.655,
    "BaseResolution": 104,
    "BodyPartExamined": "BRAIN",
    "ConsistencyInfo": "N4_VE11B_LATEST_20150530",
    "ConversionSoftware": "dcm2niix",
    "ConversionSoftwareVersion": "v1.0.20171215 GCC4.8.4",
    "DerivedVendorReportedEchoSpacing": 0.000779995,
    "Dim1Size": 104,
    "Dim2Size": 104,
    "Dim3Size": 72,
    "DwellTime": 3.3e-06,
    "EchoTime": 0.1002,
    "EchoTrainLength": 51,
    "EffectiveEchoSpacing": 0.000389997,
    "FlipAngle": 90,
    "ImageComments": "Unaliased_MB3_PE4",
    "ImageOrientationPatientDICOM": [
      1,
      0,
      0,
      0,
      1,
      0
    ],
    "ImageType": [
      "ORIGINAL",
      "PRIMARY",
      "DIFFUSION",
      "NONE",
      "MB",
      "ND",
      "MOSAIC"
    ],
    "InPlanePhaseEncodingDirectionDICOM": "COL",
    "MRAcquisitionType": "2D",
    "MagneticFieldStrength": 3,
    "Manufacturer": "Siemens",
    "ManufacturersModelName": "Prisma_fit",
    "Modality": "MR",
    "MultibandAccelerationFactor": 3,
    "NumVolumes": 129,
    "Obliquity": "False",
    "ParallelReductionFactorInPlane": 2,
    "PartialFourier": 1,
    "PatientPosition": "HFS",
    "PercentPhaseFOV": 100,
    "PhaseEncodingDirection": "j-",
    "PhaseEncodingSteps": 103,
    "PhaseResolution": 1,
    "PixelBandwidth": 1455,
    "ProcedureStepDescription": "CMI_HBN-CBIC",
    "ProtocolName": "cmrr_DKI",
    "PulseSequenceDetails": "%CustomerSeq%_cmrr_mbep2d_diff",
    "ReceiveCoilActiveElements": "HEA;HEP",
    "ReceiveCoilName": "Head_32",
    "ReconMatrixPE": 104,
    "RepetitionTime": 3.32,
    "SAR": 0.33579,
    "ScanOptions": "FS",
    "ScanningSequence": "EP",
    "SequenceName": "ep_b0",
    "SequenceVariant": "SK_SS",
    "SeriesDescription": "cmrr_DKI",
    "ShimSetting": [
      216,
      -10365,
      -5539,
      550,
      -3,
      172,
      144,
      13
    ],
    "SliceThickness": 1.8,
    "SliceTiming": [
      0,
      1.5125,
      3.025,
      1.2375,
      2.75,
      0.9625,
      2.475,
      0.6875,
      2.2,
      0.4125,
      1.925,
      0.1375,
      1.65,
      3.1625,
      1.375,
      2.8875,
      1.1,
      2.6125,
      0.825,
      2.3375,
      0.55,
      2.0625,
      0.275,
      1.7875,
      0,
      1.5125,
      3.025,
      1.2375,
      2.75,
      0.9625,
      2.475,
      0.6875,
      2.2,
      0.4125,
      1.925,
      0.1375,
      1.65,
      3.1625,
      1.375,
      2.8875,
      1.1,
      2.6125,
      0.825,
      2.3375,
      0.55,
      2.0625,
      0.275,
      1.7875,
      0,
      1.5125,
      3.025,
      1.2375,
      2.75,
      0.9625,
      2.475,
      0.6875,
      2.2,
      0.4125,
      1.925,
      0.1375,
      1.65,
      3.1625,
      1.375,
      2.8875,
      1.1,
      2.6125,
      0.825,
      2.3375,
      0.55,
      2.0625,
      0.275,
      1.7875
    ],
    "SoftwareVersions": "syngo_MR_E11",
    "SpacingBetweenSlices": 1.8,
    "TotalReadoutTime": 0.0401697,
    "TxRefAmp": 216.651,
    "VendorReportedEchoSpacing": 0.00078,
    "VoxelSizeDim1": 1.798076868057251,
    "VoxelSizeDim2": 1.798076868057251,
    "VoxelSizeDim3": 1.7999999523162842,
    "acq_id": "64dir",
    "dataset": "HBN",
    "modality": "dwi",
    "session_id": "HBNsiteCBIC",
    "subject_id": "NDAREM565ADW"
  },
  "efc_shell01": 4.4823,
  "efc_shell02": 2.4628,
  "efc_shell03": 1.8201,
  "fa_degenerate": 0.0,
  "fa_nans": 0.0,
  "fber_shell01": -0.0024,
  "fber_shell02": 0.0333,
  "fber_shell03": 0.0897,
  "fd_mean": 4.3632,
  "fd_num": 128,
  "fd_perc": 99.2248062015504,
  "ndc": 0.5749,
  "provenance": {
    "md5sum": "e6724d470876727d60d7e3288738813c",
    "settings": {
      "testing": false
    },
    "software": "mriqc",
    "version": "24.0.0"
  },
  "sigma_cc": 425.5068,
  "sigma_pca": 67.3714,
  "sigma_piesno": 43.58,
  "snr_cc_shell0": 2.4,
  "snr_cc_shell1_best": 5.02,
  "snr_cc_shell1_worst": 5.02,
  "snr_cc_shell2_best": 0.99,
  "snr_cc_shell2_worst": 0.85,
  "spikes_global": 109.48,
  "spikes_slice_i": 532.12,
  "spikes_slice_j": 566.28,
  "spikes_slice_k": 728.89,
  "summary_bg_k": 61.2534,
  "summary_bg_mad": 37.0651,
  "summary_bg_mean": 243.9913,
  "summary_bg_median": 146.0,
  "summary_bg_n": 526111.0,
  "summary_bg_p05": 105.0,
  "summary_bg_p95": 567.0,
  "summary_bg_stdv": 426.8863,
  "summary_fg_k": 5.3315,
  "summary_fg_mad": 598.9713,
  "summary_fg_mean": 1406.5506,
  "summary_fg_median": 1260.0,
  "summary_fg_n": 252641.0,
  "summary_fg_p05": 562.0,
  "summary_fg_p95": 2719.0,
  "summary_fg_stdv": 722.3992,
  "summary_wm_k": 3.9915,
  "summary_wm_mad": 593.0409,
  "summary_wm_mean": 1389.6955,
  "summary_wm_median": 1284.0,
  "summary_wm_n": 204553.0,
  "summary_wm_p05": 571.0,
  "summary_wm_p95": 2560.0,
  "summary_wm_stdv": 646.1424
}