{
  "NumberOfShells": 2,
  "bValues": [
    0.0,
    1000.0,
    2000.0
  ],
  "bValuesEstimation": [
    1000.0,
    2000.0
  ],
  "bdiffs_max": 0.1692,
  "bdiffs_mean": 0.0372,
  "bdiffs_median": 0.0304,
  "bdiffs_min": 0.002,
  "bids_meta": {
    "AcquisitionMatrixPE": 104,
    "BandwidthPerPixelPhaseEncode": 23.17,
    "BaseResolution": 104,
    "ConversionSoftware": "dcm2niix",
    "ConversionSoftwareVersion": "v1.0.20171215 GCC4.8.4",
    "DerivedVendorReportedEchoSpacing": 0.000829986,
    "Dim1Size": 104,
    "Dim2Size": 104,
    "Dim3Size": 72,
    "DwellTime": 3.5e-06,
    "EchoTime": 0.1002,
    "EffectiveEchoSpacing": 0.000414993,
    "FlipAngle": 90,
    "ImageComments": "Unaliased_MB3_PE4_(remote)_SENSE1",
    "ImageOrientationPatientDICOM": [
      0.998135,
      0.0188651,
      0.0580606,
      -5.32076e-08,
      0.951057,
      -0.309017
    ],
    "ImageType": [
      "ORIGINAL",
      "PRIMARY",
      "DIFFUSION",
      "NONE",
      "MB",
      "ND"
    ],
    "InPlanePhaseEncodingDirectionDICOM": "COL",
    "MRAcquisitionType": "2D",
    "MagneticFieldStrength": 3,
    "Manufacturer": "Siemens",
    "ManufacturersModelName": "TrioTim",
    "Modality": "MR",
    "NumVolumes": 129,
    "Obliquity": "True",
    "ParallelReductionFactorInPlane": 2,
    "PartialFourier": 1,
    "PatientPosition": "HFS",
    "PercentPhaseFOV": 100,
    "PhaseEncodingDirection": "j-",
    "PhaseEncodingSteps": 103,
    "PhaseResolution": 1,
    "PixelBandwidth": 1374,
    "ProcedureStepDescription": "CMI_HBN",
    "ProtocolName": "DKI",
    "PulseSequenceDetails": "%CustomerSeq%_cmrr_mbep2d_diff",
    "ReceiveCoilName": "32Ch_Head",
    "ReconMatrixPE": 104,
    "RepetitionTime": 3.32,
    "SAR": 0.267259,
    "ScanOptions": "FS",
    "ScanningSequence": "EP",
    "SequenceName": "ep_b0",
    "SequenceVariant": "SK_SS",
    "SeriesDescription": "DKI",
    "ShimSetting": [
      2001,
      -582,
      -7720,
      1047,
      -40,
      660,
      -368,
      -311
    ],
    "SliceThickness": 1.8,
    "SoftwareVersions": "syngo_MR_B19",
    "SpacingBetweenSlices": 1.8,
    "TotalReadoutTime": 0.0427443,
    "TxRefAmp": 314.236,
    "VoxelSizeDim1": 1.798076868057251,
    "VoxelSizeDim2": 1.798076868057251,
    "VoxelSizeDim3": 1.8000003099441528,
    "acq_id": "64dir",
    "dataset": "HBN",
    "modality": "dwi",
    "session_id": "HBNsiteRU",
    "subject_id": "NDARJW072UJ3"
  },
  "efc_shell01": 1.8017,
  "efc_shell02": 0.6333,
  "efc_shell03": 0.6119,
  "fa_degenerate": 0.0,
  "fa_nans": 0.0,
  "fber_shell01": 229.3333,
  "fber_shell02": 225.0,
  "fber_shell03": 115.5625,
  "fd_mean": 3.3264,
  "fd_num": 128,
  "fd_perc": 99.2248062015504,
  "ndc": 0.8183,
  "provenance": {
    "md5sum": "ae541110ab552055839ce83035ac2ad9",
    "settings": {
      "testing": false
    },
    "software": "mriqc",
    "version": "24.0.0"
  },
  "sigma_cc": 28.1694,
  "sigma_pca": 11.8126,
  "sigma_piesno": 1.3206,
  "snr_cc_shell0": 3.7,
  "snr_cc_shell1_best": 4.08,
  "snr_cc_shell1_worst": 4.08,
  "snr_cc_shell2_best": 1.96,
  "snr_cc_shell2_worst": 1.5,
  "spikes_global": 149.19,
  "spikes_slice_i": 934.83,
  "spikes_slice_j": 887.21,
  "spikes_slice_k": 1132.4,
  "summary_bg_k": 91.9114,
  "summary_bg_mad": 5.9304,
  "summary_bg_mean": 26.1373,
  "summary_bg_median": 6.0,
  "summary_bg_n": 529034.0,
  "summary_bg_p05": 1.0,
  "summary_bg_p95": 85.0,
  "summary_bg_stdv": 91.6405,
  "summary_fg_k": 8.1629,
  "summary_fg_mad": 105.2648,
  "summary_fg_mean": 254.6481,
  "summary_fg_median": 214.0,
  "summary_fg_n": 249718.0,
  "summary_fg_p05": 98.0,
  "summary_fg_p95": 565.0,
  "summary_fg_stdv": 157.6894,
  "summary_wm_k": 60.0696,
  "summary_wm_mad": 47.4433,
  "summary_wm_mean": 162.5382,
  "summary_wm_median": 151.0,
  "summary_wm_n": 85017.0,
  "summary_wm_p05": 85.0,
  "summary_wm_p95": 269.0,
  "summary_wm_stdv": 71.733
}