{
  "NumberOfShells": 2,
  "bValues": [
    0.0,
    1000.0,
    2000.0
  ],
  "bValuesEstimation": [
    1000.0,
    2000.0
  ],
  "bdiffs_max": 0.2098,
  "bdiffs_mean": 0.0748,
  "bdiffs_median": 0.0663,
  "bdiffs_min": 0.0014,
  "bids_meta": {
    "AcquisitionMatrixPE": 104,
    "BandwidthPerPixelPhaseEncode": 24.655,
    "BaseResolution": 104,
    "BodyPartExamined": "BRAIN",
    "ConsistencyInfo": "N4_VE11B_LATEST_20150530",
    "ConversionSoftware": "dcm2niix",
    "ConversionSoftwareVersion": "v1.0.20171204 (OpenJPEG build) GCC4.8.4",
    "DerivedVendorReportedEchoSpacing": 0.000779995,
    "Dim1Size": 104,
    "Dim2Size": 104,
    "Dim3Size": 72,
    "DwellTime": 3.3e-06,
    "EchoTime": 0.1002,
    "EchoTrainLength": 51,
    "EffectiveEchoSpacing": 0.000389997,
    "FlipAngle": 90,
    "ImageComments": "Unaliased_MB3_PE4",
    "ImageOrientationPatientDICOM": [
      1,
      0,
      0,
      0,
      1,
      0
    ],
    "ImageType": [
      "ORIGINAL",
      "PRIMARY",
      "DIFFUSION",
      "NONE",
      "MB",
      "ND",
      "MOSAIC"
    ],
    "InPlanePhaseEncodingDirectionDICOM": "COL",
    "MRAcquisitionType": "2D",
    "MagneticFieldStrength": 3,
    "Manufacturer": "Siemens",
    "ManufacturersModelName": "Prisma_fit",
    "Modality": "MR",
    "MultibandAccelerationFactor": 3,
    "NumVolumes": 129,
    "Obliquity": "False",
    "ParallelReductionFactorInPlane": 2,
    "PartialFourier": 1,
    "PatientPosition": "HFS",
    "PercentPhaseFOV": 100,
    "PhaseEncodingDirection": "j-",
    "PhaseEncodingSteps": 103,
    "PhaseResolution": 1,
    "PixelBandwidth": 1455,
    "ProcedureStepDescription": "CMI_HBN-CBIC",
    "ProtocolName": "cmrr_DKI",
    "PulseSequenceDetails": "%CustomerSeq%_cmrr_mbep2d_diff",
    "ReceiveCoilActiveElements": "HEA;HEP",
    "ReceiveCoilName": "Head_32",
    "ReconMatrixPE": 104,
    "RepetitionTime": 3.32,
    "SAR": 0.369009,
    "ScanOptions": "FS",
    "ScanningSequence": "EP",
    "SequenceName": "ep_b0",
    "SequenceVariant": "SK_SS",
    "SeriesDescription": "cmrr_DKI",
    "ShimSetting": [
      251,
      -10415,
      -5605,
      677,
      3,
      0,
      16,
      -24
    ],
    "SliceThickness": 1.8,
    "SliceTiming": [
      0,
      1.5125,
      3.025,
      1.2375,
      2.75,
      0.9625,
      2.475,
      0.6875,
      2.2,
      0.4125,
      1.925,
      0.1375,
      1.65,
      3.1625,
      1.375,
      2.8875,
      1.1,
      2.6125,
      0.825,
      2.3375,
      0.55,
      2.0625,
      0.275,
      1.7875,
      0,
      1.5125,
      3.025,
      1.2375,
      2.75,
      0.9625,
      2.475,
      0.6875,
      2.2,
      0.4125,
      1.925,
      0.1375,
      1.65,
      3.1625,
      1.375,
      2.8875,
      1.1,
      2.6125,
      0.825,
      2.3375,
      0.55,
      2.0625,
      0.275,
      1.7875,
      0,
      1.5125,
      3.025,
      1.2375,
      2.75,
      0.9625,
      2.475,
      0.6875,
      2.2,
      0.4125,
      1.925,
      0.1375,
      1.65,
      3.1625,
      1.375,
      2.8875,
      1.1,
      2.6125,
      0.825,
      2.3375,
      0.55,
      2.0625,
      0.275,
      1.7875
    ],
    "SoftwareVersions": "syngo_MR_E11",
    "SpacingBetweenSlices": 1.8,
    "TotalReadoutTime": 0.0401697,
    "TxRefAmp": 210.101,
    "VendorReportedEchoSpacing": 0.00078,
    "VoxelSizeDim1": 1.798076868057251,
    "VoxelSizeDim2": 1.798076868057251,
    "VoxelSizeDim3": 1.7999999523162842,
    "acq_id": "64dir",
    "dataset": "HBN",
    "modality": "dwi",
    "session_id": "HBNsiteCBIC",
    "subject_id": "NDARMV822KWR"
  },
  "efc_shell01": 3.6971,
  "efc_shell02": 2.151,
  "efc_shell03": 1.585,
  "fa_degenerate": 0.0,
  "fa_nans": 0.0,
  "fber_shell01": 0.0,
  "fber_shell02": 0.0338,
  "fber_shell03": 0.1681,
  "fd_mean": 3.574,
  "fd_num": 128,
  "fd_perc": 99.2248062015504,
  "ndc": 0.5465,
  "provenance": {
    "md5sum": "b4d57ec27316367a3f696616f3b4fa6f",
    "settings": {
      "testing": false
    },
    "software": "mriqc",
    "version": "24.0.0"
  },
  "sigma_cc": 147.5189,
  "sigma_pca": 65.0755,
  "sigma_piesno": 43.2498,
  "snr_cc_shell0": 4.23,
  "snr_cc_shell1_best": 6.18,
  "snr_cc_shell1_worst": 6.18,
  "snr_cc_shell2_best": 2.46,
  "snr_cc_shell2_worst": 1.38,
  "spikes_global": 64.46,
  "spikes_slice_i": 403.75,
  "spikes_slice_j": 172.89,
  "spikes_slice_k": 426.44,
  "summary_bg_k": 221.5844,
  "summary_bg_mad": 31.1346,
  "summary_bg_mean": 175.1456,
  "summary_bg_median": 141.0,
  "summary_bg_n": 556784.0,
  "summary_bg_p05": 104.0,
  "summary_bg_p95": 368.0,
  "summary_bg_stdv": 146.6318,
  "summary_fg_k": 4.992,
  "summary_fg_mad": 587.1105,
  "summary_fg_mean": 1425.6781,
  "summary_fg_median": 1268.0,
  "summary_fg_n": 221968.0,
  "summary_fg_p05": 468.0,
  "summary_fg_p95": 2857.0,
  "summary_fg_stdv": 759.0766,
  "summary_wm_k": 3.4941,
  "summary_wm_mad": 683.4796,
  "summary_wm_mean": 1532.1204,
  "summary_wm_median": 1355.0,
  "summary_wm_n": 122874.0,
  "summary_wm_p05": 533.0,
  "summary_wm_p95": 3026.0,
  "summary_wm_stdv": 805.1505
}