{
  "NumberOfShells": 2,
  "bValues": [
    0.0,
    1000.0,
    2000.0
  ],
  "bValuesEstimation": [
    1000.0,
    2000.0
  ],
  "bdiffs_max": 0.0287,
  "bdiffs_mean": 0.0108,
  "bdiffs_median": 0.0094,
  "bdiffs_min": 0.0012,
  "bids_meta": {
    "AcquisitionMatrixPE": 104,
    "BandwidthPerPixelPhaseEncode": 23.17,
    "BaseResolution": 104,
    "ConversionSoftware": "dcm2niix",
    "ConversionSoftwareVersion": "v1.0.20171204 (OpenJPEG build) GCC4.8.4",
    "DerivedVendorReportedEchoSpacing": 0.000829986,
    "Dim1Size": 104,
    "Dim2Size": 104,
    "Dim3Size": 72,
    "DwellTime": 3.5e-06,
    "EchoTime": 0.1002,
    "EffectiveEchoSpacing": 0.000414993,
    "FlipAngle": 90,
    "ImageComments": "Unaliased_MB3_PE4_(remote)_SENSE1",
    "ImageOrientationPatientDICOM": [
      0.991671,
      -0.0234711,
      -0.126639,
      -7.4567e-08,
      0.983255,
      -0.182236
    ],
    "ImageType": [
      "ORIGINAL",
      "PRIMARY",
      "DIFFUSION",
      "NONE",
      "MB",
      "ND"
    ],
    "InPlanePhaseEncodingDirectionDICOM": "COL",
    "MRAcquisitionType": "2D",
    "MagneticFieldStrength": 3,
    "Manufacturer": "Siemens",
    "ManufacturersModelName": "TrioTim",
    "Modality": "MR",
    "NumVolumes": 129,
    "Obliquity": "True",
    "ParallelReductionFactorInPlane": 2,
    "PartialFourier": 1,
    "PatientPosition": "HFS",
    "PercentPhaseFOV": 100,
    "PhaseEncodingDirection": "j-",
    "PhaseEncodingSteps": 103,
    "PhaseResolution": 1,
    "PixelBandwidth": 1374,
    "ProcedureStepDescription": "CMI_HBN",
    "ProtocolName": "DKI",
    "PulseSequenceDetails": "%CustomerSeq%_cmrr_mbep2d_diff",
    "ReceiveCoilName": "32Ch_Head",
    "ReconMatrixPE": 104,
    "RepetitionTime": 3.32,
    "SAR": 0.329674,
    "ScanOptions": "FS",
    "ScanningSequence": "EP",
    "SequenceName": "ep_b0",
    "SequenceVariant": "SK_SS",
    "SeriesDescription": "DKI",
    "ShimSetting": [
      1873,
      -722,
      -7687,
      1248,
      -83,
      120,
      61,
      42
    ],
    "SliceThickness": 1.8,
    "SoftwareVersions": "syngo_MR_B19",
    "SpacingBetweenSlices": 1.8,
    "TotalReadoutTime": 0.0427443,
    "TxRefAmp": 311.842,
    "VoxelSizeDim1": 1.798076868057251,
    "VoxelSizeDim2": 1.798076868057251,
    "VoxelSizeDim3": 1.799994707107544,
    "acq_id": "64dir",
    "dataset": "HBN",
    "modality": "dwi",
    "session_id": "HBNsiteRU",
    "subject_id": "NDARFR301KKP"
  },
  "efc_shell01": 2.6413,
  "efc_shell02": 0.6892,
  "efc_shell03": 0.5959,
  "fa_degenerate": 0.0,
  "fa_nans": 0.0,
  "fber_shell01": 61.8,
  "fber_shell02": 316.84,
  "fber_shell03": 175.5625,
  "fd_mean": 1.2882,
  "fd_num": 127,
  "fd_perc": 98.44961240310077,
  "ndc": 0.7284,
  "provenance": {
    "md5sum": "8e87073f3efc22950beb0b36e7023d8a",
    "settings": {
      "testing": false
    },
    "software": "mriqc",
    "version": "24.0.0"
  },
  "sigma_cc": 40.0303,
  "sigma_pca": 11.9514,
  "sigma_piesno": 1.6508,
  "snr_cc_shell0": 3.72,
  "snr_cc_shell1_best": 4.2,
  "snr_cc_shell1_worst": 4.2,
  "snr_cc_shell2_best": 1.91,
  "snr_cc_shell2_worst": 1.03,
  "spikes_global": 77.06,
  "spikes_slice_i": 450.33,
  "spikes_slice_j": 243.28,
  "spikes_slice_k": 498.83,
  "summary_bg_k": 178.1413,
  "summary_bg_mad": 4.4478,
  "summary_bg_mean": 14.3782,
  "summary_bg_median": 5.0,
  "summary_bg_n": 518525.0,
  "summary_bg_p05": 1.0,
  "summary_bg_p95": 51.0,
  "summary_bg_stdv": 41.9082,
  "summary_fg_k": 6.8244,
  "summary_fg_mad": 103.7822,
  "summary_fg_mean": 267.9912,
  "summary_fg_median": 244.0,
  "summary_fg_n": 260227.0,
  "summary_fg_p05": 113.0,
  "summary_fg_p95": 507.0,
  "summary_fg_stdv": 132.7377,
  "summary_wm_k": 5.6483,
  "summary_wm_mad": 57.8215,
  "summary_wm_mean": 194.1035,
  "summary_wm_median": 183.0,
  "summary_wm_n": 90086.0,
  "summary_wm_p05": 97.0,
  "summary_wm_p95": 328.0,
  "summary_wm_stdv": 76.9788
}