{
  "NumberOfShells": 2,
  "bValues": [
    0.0,
    1000.0,
    2000.0
  ],
  "bValuesEstimation": [
    1000.0,
    2000.0
  ],
  "bdiffs_max": 0.1311,
  "bdiffs_mean": 0.0361,
  "bdiffs_median": 0.0271,
  "bdiffs_min": 0.001,
  "bids_meta": {
    "AcquisitionMatrixPE": 104,
    "BandwidthPerPixelPhaseEncode": 23.17,
    "BaseResolution": 104,
    "ConversionSoftware": "dcm2niix",
    "ConversionSoftwareVersion": "v1.0.20171204 (OpenJPEG build) GCC4.8.4",
    "DerivedVendorReportedEchoSpacing": 0.000829986,
    "Dim1Size": 104,
    "Dim2Size": 104,
    "Dim3Size": 72,
    "DwellTime": 3.5e-06,
    "EchoTime": 0.1002,
    "EffectiveEchoSpacing": 0.000414993,
    "FlipAngle": 90,
    "ImageComments": "Unaliased_MB3_PE4_(remote)_SENSE1",
    "ImageOrientationPatientDICOM": [
      0.999134,
      0.00464274,
      0.0413549,
      2.35985e-08,
      0.993757,
      -0.111566
    ],
    "ImageType": [
      "ORIGINAL",
      "PRIMARY",
      "DIFFUSION",
      "NONE",
      "MB",
      "ND"
    ],
    "InPlanePhaseEncodingDirectionDICOM": "COL",
    "MRAcquisitionType": "2D",
    "MagneticFieldStrength": 3,
    "Manufacturer": "Siemens",
    "ManufacturersModelName": "TrioTim",
    "Modality": "MR",
    "NumVolumes": 129,
    "Obliquity": "True",
    "ParallelReductionFactorInPlane": 2,
    "PartialFourier": 1,
    "PatientPosition": "HFS",
    "PercentPhaseFOV": 100,
    "PhaseEncodingDirection": "j-",
    "PhaseEncodingSteps": 103,
    "PhaseResolution": 1,
    "PixelBandwidth": 1374,
    "ProcedureStepDescription": "CMI_HBN",
    "ProtocolName": "DKI",
    "PulseSequenceDetails": "%CustomerSeq%_cmrr_mbep2d_diff",
    "ReceiveCoilName": "32Ch_Head",
    "ReconMatrixPE": 104,
    "RepetitionTime": 3.32,
    "SAR": 0.280645,
    "ScanOptions": "FS",
    "ScanningSequence": "EP",
    "SequenceName": "ep_b0",
    "SequenceVariant": "SK_SS",
    "SeriesDescription": "DKI",
    "ShimSetting": [
      2097,
      -612,
      -7571,
      1034,
      257,
      738,
      -146,
      -345
    ],
    "SliceThickness": 1.8,
    "SoftwareVersions": "syngo_MR_B19",
    "SpacingBetweenSlices": 1.8,
    "TotalReadoutTime": 0.0427443,
    "TxRefAmp": 303.106,
    "VoxelSizeDim1": 1.798076868057251,
    "VoxelSizeDim2": 1.798076868057251,
    "VoxelSizeDim3": 1.8000030517578125,
    "acq_id": "64dir",
    "dataset": "HBN",
    "modality": "dwi",
    "session_id": "HBNsiteRU",
    "subject_id": "NDARJM296MDW"
  },
  "efc_shell01": 1.7434,
  "efc_shell02": 0.5703,
  "efc_shell03": 0.558,
  "fa_degenerate": 0.0,
  "fa_nans": 0.0,
  "fber_shell01": 393.0,
  "fber_shell02": 370.5625,
  "fber_shell03": 115.5625,
  "fd_mean": 6.7173,
  "fd_num": 128,
  "fd_perc": 99.2248062015504,
  "ndc": 0.3959,
  "provenance": {
    "md5sum": "243df35be4f681b1637364d8a7a21b26",
    "settings": {
      "testing": false
    },
    "software": "mriqc",
    "version": "24.0.0"
  },
  "sigma_cc": 28.1694,
  "sigma_pca": 10.866,
  "sigma_piesno": 1.3206,
  "snr_cc_shell0": 4.57,
  "snr_cc_shell1_best": 4.08,
  "snr_cc_shell1_worst": 4.08,
  "snr_cc_shell2_best": 2.4,
  "snr_cc_shell2_worst": 1.32,
  "spikes_global": 68.58,
  "spikes_slice_i": 277.45,
  "spikes_slice_j": 278.48,
  "spikes_slice_k": 454.39,
  "summary_bg_k": 312.9962,
  "summary_bg_mad": 2.9652,
  "summary_bg_mean": 9.6475,
  "summary_bg_median": 4.0,
  "summary_bg_n": 562244.0,
  "summary_bg_p05": 1.0,
  "summary_bg_p95": 32.0,
  "summary_bg_stdv": 26.6931,
  "summary_fg_k": 7.1999,
  "summary_fg_mad": 93.4039,
  "summary_fg_mean": 234.9476,
  "summary_fg_median": 211.0,
  "summary_fg_n": 216508.0,
  "summary_fg_p05": 98.0,
  "summary_fg_p95": 457.0,
  "summary_fg_stdv": 118.8198,
  "summary_wm_k": 7.8536,
  "summary_wm_mad": 85.9909,
  "summary_wm_mean": 218.1341,
  "summary_wm_median": 198.0,
  "summary_wm_n": 164486.0,
  "summary_wm_p05": 94.0,
  "summary_wm_p95": 408.0,
  "summary_wm_stdv": 105.6225
}