{
  "NumberOfShells": 2,
  "bValues": [
    0.0,
    1000.0,
    2000.0
  ],
  "bValuesEstimation": [
    1000.0,
    2000.0
  ],
  "bdiffs_max": 0.0863,
  "bdiffs_mean": 0.0369,
  "bdiffs_median": 0.0348,
  "bdiffs_min": 0.0058,
  "bids_meta": {
    "AcquisitionMatrixPE": 96,
    "BandwidthPerPixelPhaseEncode": 14.468,
    "BaseResolution": 96,
    "ConversionSoftware": "dcm2niix",
    "ConversionSoftwareVersion": "v1.0.20171204 (OpenJPEG build) GCC4.8.4",
    "DerivedVendorReportedEchoSpacing": 0.00071998,
    "DeviceSerialNumber": "26121",
    "Dim1Size": 96,
    "Dim2Size": 96,
    "Dim3Size": 72,
    "DwellTime": 3.2e-06,
    "EchoTime": 0.0938,
    "EffectiveEchoSpacing": 0.00071998,
    "FlipAngle": 90,
    "ImageComments": "Unaliased_MB3_PE3",
    "ImageOrientationPatientDICOM": [
      1,
      0,
      0,
      0,
      1,
      0
    ],
    "ImageType": [
      "ORIGINAL",
      "PRIMARY",
      "DIFFUSION",
      "NONE",
      "MB",
      "ND",
      "MOSAIC"
    ],
    "InPlanePhaseEncodingDirectionDICOM": "COL",
    "MRAcquisitionType": "2D",
    "MagneticFieldStrength": 1.5,
    "Manufacturer": "Siemens",
    "ManufacturersModelName": "Avanto",
    "Modality": "MR",
    "MultibandAccelerationFactor": 3,
    "NumVolumes": 129,
    "Obliquity": "False",
    "PartialFourier": 0.75,
    "PatientPosition": "HFS",
    "PercentPhaseFOV": 100,
    "PhaseEncodingDirection": "j-",
    "PhaseEncodingSteps": 72,
    "PhaseResolution": 1,
    "PixelBandwidth": 1628,
    "ProcedureStepDescription": "CMI_HBN",
    "ProtocolName": "DKI_64_Directions_AP_3_WEIGHTS-_AX",
    "PulseSequenceDetails": "%CustomerSeq%_cmrr_mbep2d_diff",
    "ReceiveCoilName": "32Ch_Head",
    "ReconMatrixPE": 96,
    "RepetitionTime": 4.5,
    "SAR": 0.0921823,
    "ScanOptions": "PFP_FS",
    "ScanningSequence": "EP",
    "SequenceName": "ep_b0",
    "SequenceVariant": "SK_SS",
    "SeriesDescription": "DKI_64_Directions_AP_3_WEIGHTS-_AX",
    "ShimSetting": [
      166,
      -90,
      414,
      739,
      463,
      413,
      149,
      405
    ],
    "SliceThickness": 2,
    "SliceTiming": [
      0,
      2.0725,
      4.1425,
      1.695,
      3.765,
      1.3175,
      3.39,
      0.9425,
      3.0125,
      0.565,
      2.635,
      0.19,
      2.26,
      4.33,
      1.8825,
      3.9525,
      1.5075,
      3.5775,
      1.13,
      3.2,
      0.7525,
      2.825,
      0.3775,
      2.4475,
      0,
      2.0725,
      4.1425,
      1.695,
      3.765,
      1.3175,
      3.39,
      0.9425,
      3.0125,
      0.565,
      2.635,
      0.19,
      2.26,
      4.33,
      1.8825,
      3.9525,
      1.5075,
      3.5775,
      1.13,
      3.2,
      0.7525,
      2.825,
      0.3775,
      2.4475,
      0,
      2.0725,
      4.1425,
      1.695,
      3.765,
      1.3175,
      3.39,
      0.9425,
      3.0125,
      0.565,
      2.635,
      0.19,
      2.26,
      4.33,
      1.8825,
      3.9525,
      1.5075,
      3.5775,
      1.13,
      3.2,
      0.7525,
      2.825,
      0.3775,
      2.4475
    ],
    "SoftwareVersions": "syngo_MR_B17",
    "SpacingBetweenSlices": 2,
    "StationName": "MRC26121",
    "TotalReadoutTime": 0.0683981,
    "TxRefAmp": 237.143,
    "VoxelSizeDim1": 2.0,
    "VoxelSizeDim2": 2.0,
    "VoxelSizeDim3": 2.0,
    "acq_id": "64dir",
    "dataset": "HBN",
    "modality": "dwi",
    "session_id": "HBNsiteSI",
    "subject_id": "NDARBK669XJQ"
  },
  "efc_shell01": 2.5138,
  "efc_shell02": 1.0961,
  "efc_shell03": 0.8335,
  "fa_degenerate": 0.0,
  "fa_nans": 0.0,
  "fber_shell01": -0.7334,
  "fber_shell02": 11.3344,
  "fber_shell03": 7.1111,
  "fd_mean": 2.8095,
  "fd_num": 128,
  "fd_perc": 99.2248062015504,
  "ndc": 0.7583,
  "provenance": {
    "md5sum": "e6aa6dffb4b65ea6dd3ac9ad1c0e7e9c",
    "settings": {
      "testing": false
    },
    "software": "mriqc",
    "version": "24.0.0"
  },
  "sigma_cc": 34.0999,
  "sigma_pca": 10.8759,
  "sigma_piesno": 9.9045,
  "snr_cc_shell0": 5.57,
  "snr_cc_shell1_best": 4.28,
  "snr_cc_shell1_worst": 4.28,
  "snr_cc_shell2_best": 3.27,
  "snr_cc_shell2_worst": 1.71,
  "spikes_global": 60.6,
  "spikes_slice_i": 408.23,
  "spikes_slice_j": 397.02,
  "spikes_slice_k": 337.3,
  "summary_bg_k": 55.1459,
  "summary_bg_mad": 7.413,
  "summary_bg_mean": 50.9222,
  "summary_bg_median": 32.0,
  "summary_bg_n": 490992.0,
  "summary_bg_p05": 23.0,
  "summary_bg_p95": 160.0,
  "summary_bg_stdv": 59.9186,
  "summary_fg_k": 4.4483,
  "summary_fg_mad": 134.9168,
  "summary_fg_mean": 351.9948,
  "summary_fg_median": 318.0,
  "summary_fg_n": 172560.0,
  "summary_fg_p05": 157.0,
  "summary_fg_p95": 655.0,
  "summary_fg_stdv": 166.3977,
  "summary_wm_k": 26.1582,
  "summary_wm_mad": 72.6475,
  "summary_wm_mean": 268.2264,
  "summary_wm_median": 250.0,
  "summary_wm_n": 48649.0,
  "summary_wm_p05": 156.0,
  "summary_wm_p95": 431.0,
  "summary_wm_stdv": 108.2711
}