{
  "NumberOfShells": 2,
  "bValues": [
    0.0,
    1000.0,
    2000.0
  ],
  "bValuesEstimation": [
    1000.0,
    2000.0
  ],
  "bdiffs_max": 0.2254,
  "bdiffs_mean": 0.0679,
  "bdiffs_median": 0.0537,
  "bdiffs_min": 0.003,
  "bids_meta": {
    "AcquisitionMatrixPE": 104,
    "BandwidthPerPixelPhaseEncode": 23.17,
    "BaseResolution": 104,
    "ConversionSoftware": "dcm2niix",
    "ConversionSoftwareVersion": "v1.0.20171204 (OpenJPEG build) GCC4.8.4",
    "DerivedVendorReportedEchoSpacing": 0.000829986,
    "Dim1Size": 104,
    "Dim2Size": 104,
    "Dim3Size": 72,
    "DwellTime": 3.5e-06,
    "EchoTime": 0.1002,
    "EffectiveEchoSpacing": 0.000414993,
    "FlipAngle": 90,
    "ImageComments": "Unaliased_MB3_PE4_(remote)_SENSE1",
    "ImageOrientationPatientDICOM": [
      0.997476,
      0.0645323,
      -0.0296044,
      -0.0645039,
      0.997916,
      0.00191443
    ],
    "ImageType": [
      "ORIGINAL",
      "PRIMARY",
      "DIFFUSION",
      "NONE",
      "MB",
      "ND"
    ],
    "InPlanePhaseEncodingDirectionDICOM": "COL",
    "MRAcquisitionType": "2D",
    "MagneticFieldStrength": 3,
    "Manufacturer": "Siemens",
    "ManufacturersModelName": "TrioTim",
    "Modality": "MR",
    "NumVolumes": 129,
    "Obliquity": "True",
    "ParallelReductionFactorInPlane": 2,
    "PartialFourier": 1,
    "PatientPosition": "HFS",
    "PercentPhaseFOV": 100,
    "PhaseEncodingDirection": "j-",
    "PhaseEncodingSteps": 103,
    "PhaseResolution": 1,
    "PixelBandwidth": 1374,
    "ProcedureStepDescription": "CMI_HBN",
    "ProtocolName": "DKI",
    "PulseSequenceDetails": "%CustomerSeq%_cmrr_mbep2d_diff",
    "ReceiveCoilName": "32Ch_Head",
    "ReconMatrixPE": 104,
    "RepetitionTime": 3.32,
    "SAR": 0.315452,
    "ScanOptions": "FS",
    "ScanningSequence": "EP",
    "SequenceName": "ep_b0",
    "SequenceVariant": "SK_SS",
    "SeriesDescription": "DKI",
    "ShimSetting": [
      1917,
      -624,
      -7657,
      1478,
      170,
      1046,
      339,
      -336
    ],
    "SliceThickness": 1.8,
    "SoftwareVersions": "syngo_MR_B19",
    "SpacingBetweenSlices": 1.8,
    "TotalReadoutTime": 0.0427443,
    "TxRefAmp": 314.542,
    "VoxelSizeDim1": 1.798076868057251,
    "VoxelSizeDim2": 1.798076868057251,
    "VoxelSizeDim3": 1.8000017404556274,
    "acq_id": "64dir",
    "dataset": "HBN",
    "modality": "dwi",
    "session_id": "HBNsiteRU",
    "subject_id": "NDARJB366HYJ"
  },
  "efc_shell01": 1.7945,
  "efc_shell02": 0.6027,
  "efc_shell03": 0.5883,
  "fa_degenerate": 0.0,
  "fa_nans": 0.0,
  "fber_shell01": 273.0,
  "fber_shell02": 380.25,
  "fber_shell03": 110.25,
  "fd_mean": 4.0375,
  "fd_num": 128,
  "fd_perc": 99.2248062015504,
  "ndc": 0.7499,
  "provenance": {
    "md5sum": "0bc10028f6002960712e8a4234bf591c",
    "settings": {
      "testing": false
    },
    "software": "mriqc",
    "version": "24.0.0"
  },
  "sigma_cc": 29.652,
  "sigma_pca": 11.8563,
  "sigma_piesno": 1.6508,
  "snr_cc_shell0": 4.07,
  "snr_cc_shell1_best": 6.07,
  "snr_cc_shell1_worst": 6.07,
  "snr_cc_shell2_best": 2.17,
  "snr_cc_shell2_worst": 1.18,
  "spikes_global": 82.33,
  "spikes_slice_i": 394.43,
  "spikes_slice_j": 390.29,
  "spikes_slice_k": 503.13,
  "summary_bg_k": 103.233,
  "summary_bg_mad": 4.4478,
  "summary_bg_mean": 15.3918,
  "summary_bg_median": 5.0,
  "summary_bg_n": 543366.0,
  "summary_bg_p05": 1.0,
  "summary_bg_p95": 52.0,
  "summary_bg_stdv": 48.304,
  "summary_fg_k": 6.3317,
  "summary_fg_mad": 99.3343,
  "summary_fg_mean": 242.0848,
  "summary_fg_median": 216.0,
  "summary_fg_n": 235386.0,
  "summary_fg_p05": 101.0,
  "summary_fg_p95": 471.0,
  "summary_fg_stdv": 123.0536,
  "summary_wm_k": 6.6087,
  "summary_wm_mad": 96.3691,
  "summary_wm_mean": 232.5102,
  "summary_wm_median": 210.0,
  "summary_wm_n": 203696.0,
  "summary_wm_p05": 99.0,
  "summary_wm_p95": 435.0,
  "summary_wm_stdv": 112.9512
}