{
  "NumberOfShells": 2,
  "bValues": [
    0.0,
    1000.0,
    2000.0
  ],
  "bValuesEstimation": [
    1000.0,
    2000.0
  ],
  "bdiffs_max": 0.0336,
  "bdiffs_mean": 0.0151,
  "bdiffs_median": 0.0136,
  "bdiffs_min": 0.0014,
  "bids_meta": {
    "AcquisitionMatrixPE": 104,
    "BandwidthPerPixelPhaseEncode": 23.17,
    "BaseResolution": 104,
    "ConversionSoftware": "dcm2niix",
    "ConversionSoftwareVersion": "v1.0.20171204 (OpenJPEG build) GCC4.8.4",
    "DerivedVendorReportedEchoSpacing": 0.000829986,
    "Dim1Size": 104,
    "Dim2Size": 104,
    "Dim3Size": 72,
    "DwellTime": 3.5e-06,
    "EchoTime": 0.1002,
    "EffectiveEchoSpacing": 0.000414993,
    "FlipAngle": 90,
    "ImageComments": "Unaliased_MB3_PE4_(remote)_SENSE1",
    "ImageOrientationPatientDICOM": [
      0.997187,
      -0.0222259,
      -0.071579,
      -2.01087e-09,
      0.95502,
      -0.296542
    ],
    "ImageType": [
      "ORIGINAL",
      "PRIMARY",
      "DIFFUSION",
      "NONE",
      "MB",
      "ND"
    ],
    "InPlanePhaseEncodingDirectionDICOM": "COL",
    "MRAcquisitionType": "2D",
    "MagneticFieldStrength": 3,
    "Manufacturer": "Siemens",
    "ManufacturersModelName": "TrioTim",
    "Modality": "MR",
    "NumVolumes": 129,
    "Obliquity": "True",
    "ParallelReductionFactorInPlane": 2,
    "PartialFourier": 1,
    "PatientPosition": "HFS",
    "PercentPhaseFOV": 100,
    "PhaseEncodingDirection": "j-",
    "PhaseEncodingSteps": 103,
    "PhaseResolution": 1,
    "PixelBandwidth": 1374,
    "ProcedureStepDescription": "CMI_HBN",
    "ProtocolName": "DKI",
    "PulseSequenceDetails": "%CustomerSeq%_cmrr_mbep2d_diff",
    "ReceiveCoilName": "32Ch_Head",
    "ReconMatrixPE": 104,
    "RepetitionTime": 3.32,
    "SAR": 0.266495,
    "ScanOptions": "FS",
    "ScanningSequence": "EP",
    "SequenceName": "ep_b0",
    "SequenceVariant": "SK_SS",
    "SeriesDescription": "DKI",
    "ShimSetting": [
      1879,
      -625,
      -7747,
      1232,
      -223,
      273,
      -315,
      -101
    ],
    "SliceThickness": 1.8,
    "SoftwareVersions": "syngo_MR_B19",
    "SpacingBetweenSlices": 1.8,
    "TotalReadoutTime": 0.0427443,
    "TxRefAmp": 300.113,
    "VoxelSizeDim1": 1.798076868057251,
    "VoxelSizeDim2": 1.798076868057251,
    "VoxelSizeDim3": 1.7999944686889648,
    "acq_id": "64dir",
    "dataset": "HBN",
    "modality": "dwi",
    "session_id": "HBNsiteRU",
    "subject_id": "NDARED628HMQ"
  },
  "efc_shell01": 2.1256,
  "efc_shell02": 0.6245,
  "efc_shell03": 0.589,
  "fa_degenerate": 0.0,
  "fa_nans": 0.0,
  "fber_shell01": 144.68,
  "fber_shell02": 441.0,
  "fber_shell03": 144.0,
  "fd_mean": 1.3271,
  "fd_num": 128,
  "fd_perc": 99.2248062015504,
  "ndc": 0.6821,
  "provenance": {
    "md5sum": "695e8b312835784204800105d846b0a2",
    "settings": {
      "testing": false
    },
    "software": "mriqc",
    "version": "24.0.0"
  },
  "sigma_cc": 37.0651,
  "sigma_pca": 11.2935,
  "sigma_piesno": 1.3206,
  "snr_cc_shell0": 3.6,
  "snr_cc_shell1_best": 5.05,
  "snr_cc_shell1_worst": 5.05,
  "snr_cc_shell2_best": 1.95,
  "snr_cc_shell2_worst": 0.97,
  "spikes_global": 67.91,
  "spikes_slice_i": 359.23,
  "spikes_slice_j": 188.42,
  "spikes_slice_k": 441.49,
  "summary_bg_k": 165.8635,
  "summary_bg_mad": 4.4478,
  "summary_bg_mean": 14.683,
  "summary_bg_median": 5.0,
  "summary_bg_n": 537028.0,
  "summary_bg_p05": 1.0,
  "summary_bg_p95": 48.0,
  "summary_bg_stdv": 45.7491,
  "summary_fg_k": 8.6935,
  "summary_fg_mad": 100.817,
  "summary_fg_mean": 250.3123,
  "summary_fg_median": 230.0,
  "summary_fg_n": 241724.0,
  "summary_fg_p05": 104.0,
  "summary_fg_p95": 455.0,
  "summary_fg_stdv": 122.5049,
  "summary_wm_k": 19.842,
  "summary_wm_mad": 65.2345,
  "summary_wm_mean": 200.1506,
  "summary_wm_median": 180.0,
  "summary_wm_n": 100533.0,
  "summary_wm_p05": 87.0,
  "summary_wm_p95": 379.0,
  "summary_wm_stdv": 100.6398
}