{
  "NumberOfShells": 2,
  "bValues": [
    0.0,
    1000.0,
    2000.0
  ],
  "bValuesEstimation": [
    1000.0,
    2000.0
  ],
  "bdiffs_max": 0.054,
  "bdiffs_mean": 0.0213,
  "bdiffs_median": 0.0168,
  "bdiffs_min": 0.0008,
  "bids_meta": {
    "AcquisitionMatrixPE": 104,
    "BandwidthPerPixelPhaseEncode": 23.17,
    "BaseResolution": 104,
    "ConversionSoftware": "dcm2niix",
    "ConversionSoftwareVersion": "v1.0.20171204 (OpenJPEG build) GCC4.8.4",
    "DerivedVendorReportedEchoSpacing": 0.000829986,
    "Dim1Size": 104,
    "Dim2Size": 104,
    "Dim3Size": 72,
    "DwellTime": 3.5e-06,
    "EchoTime": 0.1002,
    "EffectiveEchoSpacing": 0.000414993,
    "FlipAngle": 90,
    "ImageComments": "Unaliased_MB3_PE4_(remote)_SENSE1",
    "ImageOrientationPatientDICOM": [
      0.99988,
      0.00266068,
      0.015243,
      -3.38323e-08,
      0.985106,
      -0.17195
    ],
    "ImageType": [
      "ORIGINAL",
      "PRIMARY",
      "DIFFUSION",
      "NONE",
      "MB",
      "ND"
    ],
    "InPlanePhaseEncodingDirectionDICOM": "COL",
    "MRAcquisitionType": "2D",
    "MagneticFieldStrength": 3,
    "Manufacturer": "Siemens",
    "ManufacturersModelName": "TrioTim",
    "Modality": "MR",
    "NumVolumes": 129,
    "Obliquity": "True",
    "ParallelReductionFactorInPlane": 2,
    "PartialFourier": 1,
    "PatientPosition": "HFS",
    "PercentPhaseFOV": 100,
    "PhaseEncodingDirection": "j-",
    "PhaseEncodingSteps": 103,
    "PhaseResolution": 1,
    "PixelBandwidth": 1374,
    "ProcedureStepDescription": "CMI_HBN",
    "ProtocolName": "DKI",
    "PulseSequenceDetails": "%CustomerSeq%_cmrr_mbep2d_diff",
    "ReceiveCoilName": "32Ch_Head",
    "ReconMatrixPE": 104,
    "RepetitionTime": 3.32,
    "SAR": 0.206153,
    "ScanOptions": "FS",
    "ScanningSequence": "EP",
    "SequenceName": "ep_b0",
    "SequenceVariant": "SK_SS",
    "SeriesDescription": "DKI",
    "ShimSetting": [
      2089,
      -440,
      -7795,
      919,
      26,
      1314,
      588,
      -142
    ],
    "SliceThickness": 1.8,
    "SoftwareVersions": "syngo_MR_B19",
    "SpacingBetweenSlices": 1.8,
    "TotalReadoutTime": 0.0427443,
    "TxRefAmp": 288.614,
    "VoxelSizeDim1": 1.798076868057251,
    "VoxelSizeDim2": 1.798076868057251,
    "VoxelSizeDim3": 1.799993872642517,
    "acq_id": "64dir",
    "dataset": "HBN",
    "modality": "dwi",
    "session_id": "HBNsiteRU",
    "subject_id": "NDARMZ687XRR"
  },
  "efc_shell01": 2.0457,
  "efc_shell02": 0.7161,
  "efc_shell03": 0.6085,
  "fa_degenerate": 0.0,
  "fa_nans": 0.0,
  "fber_shell01": 130.25,
  "fber_shell02": 268.96,
  "fber_shell03": 104.04,
  "fd_mean": 2.6447,
  "fd_num": 128,
  "fd_perc": 99.2248062015504,
  "ndc": 0.6747,
  "provenance": {
    "md5sum": "31ad1023c1efe57b94bbc41c80716c47",
    "settings": {
      "testing": false
    },
    "software": "mriqc",
    "version": "24.0.0"
  },
  "sigma_cc": 40.0303,
  "sigma_pca": 12.0844,
  "sigma_piesno": 1.6508,
  "snr_cc_shell0": 4.25,
  "snr_cc_shell1_best": 5.35,
  "snr_cc_shell1_worst": 5.35,
  "snr_cc_shell2_best": 2.34,
  "snr_cc_shell2_worst": 1.32,
  "spikes_global": 95.79,
  "spikes_slice_i": 588.02,
  "spikes_slice_j": 375.8,
  "spikes_slice_k": 627.84,
  "summary_bg_k": 127.5214,
  "summary_bg_mad": 5.9304,
  "summary_bg_mean": 20.1957,
  "summary_bg_median": 6.0,
  "summary_bg_n": 514404.0,
  "summary_bg_p05": 1.0,
  "summary_bg_p95": 86.0,
  "summary_bg_stdv": 48.3566,
  "summary_fg_k": 11.7128,
  "summary_fg_mad": 106.7474,
  "summary_fg_mean": 265.5603,
  "summary_fg_median": 225.0,
  "summary_fg_n": 264348.0,
  "summary_fg_p05": 97.0,
  "summary_fg_p95": 561.0,
  "summary_fg_stdv": 165.9621,
  "summary_wm_k": 23.3315,
  "summary_wm_mad": 62.2693,
  "summary_wm_mean": 190.6054,
  "summary_wm_median": 178.0,
  "summary_wm_n": 110042.0,
  "summary_wm_p05": 90.0,
  "summary_wm_p95": 328.0,
  "summary_wm_stdv": 84.7881
}