{
  "NumberOfShells": 2,
  "bValues": [
    0.0,
    1000.0,
    2000.0
  ],
  "bValuesEstimation": [
    1000.0,
    2000.0
  ],
  "bdiffs_max": 0.112,
  "bdiffs_mean": 0.0321,
  "bdiffs_median": 0.0195,
  "bdiffs_min": 0.0008,
  "bids_meta": {
    "AcquisitionMatrixPE": 104,
    "BandwidthPerPixelPhaseEncode": 24.655,
    "BaseResolution": 104,
    "BodyPartExamined": "BRAIN",
    "ConsistencyInfo": "N4_VE11B_LATEST_20150530",
    "ConversionSoftware": "dcm2niix",
    "ConversionSoftwareVersion": "v1.0.20171215 GCC4.8.4",
    "DerivedVendorReportedEchoSpacing": 0.000779995,
    "DeviceSerialNumber": "67080",
    "Dim1Size": 104,
    "Dim2Size": 104,
    "Dim3Size": 72,
    "DwellTime": 3.3e-06,
    "EchoTime": 0.1002,
    "EchoTrainLength": 51,
    "EffectiveEchoSpacing": 0.000389997,
    "FlipAngle": 90,
    "ImageComments": "Unaliased_MB3_PE4",
    "ImageOrientationPatientDICOM": [
      0.999877,
      0,
      -0.0157073,
      0,
      1,
      0
    ],
    "ImageType": [
      "ORIGINAL",
      "PRIMARY",
      "DIFFUSION",
      "NONE",
      "MB",
      "ND",
      "MOSAIC"
    ],
    "InPlanePhaseEncodingDirectionDICOM": "COL",
    "MRAcquisitionType": "2D",
    "MagneticFieldStrength": 3,
    "Manufacturer": "Siemens",
    "ManufacturersModelName": "Prisma_fit",
    "Modality": "MR",
    "MultibandAccelerationFactor": 3,
    "NumVolumes": 129,
    "Obliquity": "True",
    "ParallelReductionFactorInPlane": 2,
    "PartialFourier": 1,
    "PatientPosition": "HFS",
    "PercentPhaseFOV": 100,
    "PhaseEncodingDirection": "j-",
    "PhaseEncodingSteps": 103,
    "PhaseResolution": 1,
    "PixelBandwidth": 1455,
    "ProcedureStepDescription": "CMI_HBN-CBIC",
    "ProtocolName": "cmrr_DKI",
    "PulseSequenceDetails": "%CustomerSeq%_cmrr_mbep2d_diff",
    "ReceiveCoilActiveElements": "HEA;HEP",
    "ReceiveCoilName": "Head_32",
    "ReconMatrixPE": 104,
    "RepetitionTime": 3.32,
    "SAR": 0.277444,
    "ScanOptions": "FS",
    "ScanningSequence": "EP",
    "SequenceName": "ep_b0",
    "SequenceVariant": "SK_SS",
    "SeriesDescription": "cmrr_DKI",
    "ShimSetting": [
      202,
      -10536,
      -5528,
      813,
      62,
      -328,
      199,
      -58
    ],
    "SliceThickness": 1.8,
    "SliceTiming": [
      0,
      1.5125,
      3.025,
      1.2375,
      2.75,
      0.9625,
      2.475,
      0.6875,
      2.2,
      0.4125,
      1.925,
      0.1375,
      1.65,
      3.1625,
      1.375,
      2.8875,
      1.1,
      2.6125,
      0.825,
      2.3375,
      0.55,
      2.0625,
      0.275,
      1.7875,
      0,
      1.5125,
      3.025,
      1.2375,
      2.75,
      0.9625,
      2.475,
      0.6875,
      2.2,
      0.4125,
      1.925,
      0.1375,
      1.65,
      3.1625,
      1.375,
      2.8875,
      1.1,
      2.6125,
      0.825,
      2.3375,
      0.55,
      2.0625,
      0.275,
      1.7875,
      0,
      1.5125,
      3.025,
      1.2375,
      2.75,
      0.9625,
      2.475,
      0.6875,
      2.2,
      0.4125,
      1.925,
      0.1375,
      1.65,
      3.1625,
      1.375,
      2.8875,
      1.1,
      2.6125,
      0.825,
      2.3375,
      0.55,
      2.0625,
      0.275,
      1.7875
    ],
    "SoftwareVersions": "syngo_MR_E11",
    "SpacingBetweenSlices": 1.8,
    "StationName": "MRTRIO3TX72",
    "TotalReadoutTime": 0.0401697,
    "TxRefAmp": 216.979,
    "VendorReportedEchoSpacing": 0.00078,
    "VoxelSizeDim1": 1.798076868057251,
    "VoxelSizeDim2": 1.798076868057251,
    "VoxelSizeDim3": 1.8000000715255737,
    "acq_id": "64dirVARIANTObliquity",
    "dataset": "HBN",
    "modality": "dwi",
    "session_id": "HBNsiteCBIC",
    "subject_id": "NDARLJ970DEY"
  },
  "efc_shell01": 3.6334,
  "efc_shell02": 2.1387,
  "efc_shell03": 1.6466,
  "fa_degenerate": 0.0,
  "fa_nans": 0.0,
  "fber_shell01": -0.0053,
  "fber_shell02": 0.0333,
  "fber_shell03": 0.0897,
  "fd_mean": 1.6397,
  "fd_num": 128,
  "fd_perc": 99.2248062015504,
  "ndc": 0.5916,
  "provenance": {
    "md5sum": "9c85c0ccd84261f9652b6293df5a97f7",
    "settings": {
      "testing": false
    },
    "software": "mriqc",
    "version": "24.0.0"
  },
  "sigma_cc": 187.5492,
  "sigma_pca": 67.4487,
  "sigma_piesno": 43.2498,
  "snr_cc_shell0": 3.8,
  "snr_cc_shell1_best": 5.28,
  "snr_cc_shell1_worst": 5.28,
  "snr_cc_shell2_best": 2.05,
  "snr_cc_shell2_worst": 1.24,
  "spikes_global": 65.18,
  "spikes_slice_i": 197.73,
  "spikes_slice_j": 279.52,
  "spikes_slice_k": 392.76,
  "summary_bg_k": 198.2075,
  "summary_bg_mad": 29.652,
  "summary_bg_mean": 176.7434,
  "summary_bg_median": 140.0,
  "summary_bg_n": 551959.0,
  "summary_bg_p05": 104.0,
  "summary_bg_p95": 356.0,
  "summary_bg_stdv": 176.6268,
  "summary_fg_k": 5.4481,
  "summary_fg_mad": 518.9108,
  "summary_fg_mean": 1342.1047,
  "summary_fg_median": 1214.0,
  "summary_fg_n": 226793.0,
  "summary_fg_p05": 573.0,
  "summary_fg_p95": 2525.0,
  "summary_fg_stdv": 643.5216,
  "summary_wm_k": 15.1516,
  "summary_wm_mad": 358.7897,
  "summary_wm_mean": 1095.756,
  "summary_wm_median": 992.0,
  "summary_wm_n": 94846.0,
  "summary_wm_p05": 522.0,
  "summary_wm_p95": 1991.0,
  "summary_wm_stdv": 499.9742
}