{
  "NumberOfShells": 2,
  "bValues": [
    0.0,
    1000.0,
    2000.0
  ],
  "bValuesEstimation": [
    1000.0,
    2000.0
  ],
  "bdiffs_max": 0.1789,
  "bdiffs_mean": 0.0466,
  "bdiffs_median": 0.031,
  "bdiffs_min": 0.0062,
  "bids_meta": {
    "AcquisitionMatrixPE": 104,
    "BandwidthPerPixelPhaseEncode": 23.17,
    "BaseResolution": 104,
    "ConversionSoftware": "dcm2niix",
    "ConversionSoftwareVersion": "v1.0.20171204 (OpenJPEG build) GCC4.8.4",
    "DerivedVendorReportedEchoSpacing": 0.000829986,
    "Dim1Size": 104,
    "Dim2Size": 104,
    "Dim3Size": 72,
    "DwellTime": 3.5e-06,
    "EchoTime": 0.1002,
    "EffectiveEchoSpacing": 0.000414993,
    "FlipAngle": 90,
    "ImageComments": "Unaliased_MB3_PE4_(remote)_SENSE1",
    "ImageOrientationPatientDICOM": [
      0.999816,
      -0.00454665,
      -0.0186513,
      -3.83102e-08,
      0.971549,
      -0.236838
    ],
    "ImageType": [
      "ORIGINAL",
      "PRIMARY",
      "DIFFUSION",
      "NONE",
      "MB",
      "ND"
    ],
    "InPlanePhaseEncodingDirectionDICOM": "COL",
    "MRAcquisitionType": "2D",
    "MagneticFieldStrength": 3,
    "Manufacturer": "Siemens",
    "ManufacturersModelName": "TrioTim",
    "Modality": "MR",
    "NumVolumes": 129,
    "Obliquity": "True",
    "ParallelReductionFactorInPlane": 2,
    "PartialFourier": 1,
    "PatientPosition": "HFS",
    "PercentPhaseFOV": 100,
    "PhaseEncodingDirection": "j-",
    "PhaseEncodingSteps": 103,
    "PhaseResolution": 1,
    "PixelBandwidth": 1374,
    "ProcedureStepDescription": "CMI_HBN",
    "ProtocolName": "DKI",
    "PulseSequenceDetails": "%CustomerSeq%_cmrr_mbep2d_diff",
    "ReceiveCoilName": "32Ch_Head",
    "ReconMatrixPE": 104,
    "RepetitionTime": 3.32,
    "SAR": 0.326263,
    "ScanOptions": "FS",
    "ScanningSequence": "EP",
    "SequenceName": "ep_b0",
    "SequenceVariant": "SK_SS",
    "SeriesDescription": "DKI",
    "ShimSetting": [
      2067,
      -645,
      -7565,
      1078,
      435,
      803,
      282,
      -235
    ],
    "SliceThickness": 1.8,
    "SoftwareVersions": "syngo_MR_B19",
    "SpacingBetweenSlices": 1.8,
    "TotalReadoutTime": 0.0427443,
    "TxRefAmp": 296.337,
    "VoxelSizeDim1": 1.7980767488479614,
    "VoxelSizeDim2": 1.798076868057251,
    "VoxelSizeDim3": 1.7999968528747559,
    "acq_id": "64dir",
    "dataset": "HBN",
    "modality": "dwi",
    "session_id": "HBNsiteRU",
    "subject_id": "NDARDF373ZDW"
  },
  "efc_shell01": 1.8598,
  "efc_shell02": 0.6374,
  "efc_shell03": 0.5794,
  "fa_degenerate": 0.0,
  "fa_nans": 0.0,
  "fber_shell01": 203.56,
  "fber_shell02": 390.0625,
  "fber_shell03": 132.25,
  "fd_mean": 5.8218,
  "fd_num": 128,
  "fd_perc": 99.2248062015504,
  "ndc": 0.3841,
  "provenance": {
    "md5sum": "5d3db51a744aec4b08a548943c0b4de4",
    "settings": {
      "testing": false
    },
    "software": "mriqc",
    "version": "24.0.0"
  },
  "sigma_cc": 26.6868,
  "sigma_pca": 11.7737,
  "sigma_piesno": 1.3206,
  "snr_cc_shell0": 4.87,
  "snr_cc_shell1_best": 4.95,
  "snr_cc_shell1_worst": 4.95,
  "snr_cc_shell2_best": 2.77,
  "snr_cc_shell2_worst": 1.48,
  "spikes_global": 76.45,
  "spikes_slice_i": 462.76,
  "spikes_slice_j": 414.1,
  "spikes_slice_k": 538.97,
  "summary_bg_k": 263.5979,
  "summary_bg_mad": 4.4478,
  "summary_bg_mean": 12.8198,
  "summary_bg_median": 5.0,
  "summary_bg_n": 534355.0,
  "summary_bg_p05": 1.0,
  "summary_bg_p95": 53.0,
  "summary_bg_stdv": 31.9704,
  "summary_fg_k": 7.5925,
  "summary_fg_mad": 102.2996,
  "summary_fg_mean": 244.0332,
  "summary_fg_median": 217.0,
  "summary_fg_n": 244397.0,
  "summary_fg_p05": 83.0,
  "summary_fg_p95": 482.0,
  "summary_fg_stdv": 136.7186,
  "summary_wm_k": 6.1592,
  "summary_wm_mad": 100.817,
  "summary_wm_mean": 239.5462,
  "summary_wm_median": 215.0,
  "summary_wm_n": 223985.0,
  "summary_wm_p05": 85.0,
  "summary_wm_p95": 463.0,
  "summary_wm_stdv": 127.1137
}