{
  "NumberOfShells": 2,
  "bValues": [
    0.0,
    1000.0,
    2000.0
  ],
  "bValuesEstimation": [
    1000.0,
    2000.0
  ],
  "bdiffs_max": 0.0547,
  "bdiffs_mean": 0.0193,
  "bdiffs_median": 0.0145,
  "bdiffs_min": 0.0016,
  "bids_meta": {
    "AcquisitionMatrixPE": 96,
    "BandwidthPerPixelPhaseEncode": 14.468,
    "BaseResolution": 96,
    "ConversionSoftware": "dcm2niix",
    "ConversionSoftwareVersion": "v1.0.20171204 (OpenJPEG build) GCC4.8.4",
    "DerivedVendorReportedEchoSpacing": 0.00071998,
    "DeviceSerialNumber": "26121",
    "Dim1Size": 96,
    "Dim2Size": 96,
    "Dim3Size": 72,
    "DwellTime": 3.2e-06,
    "EchoTime": 0.0938,
    "EffectiveEchoSpacing": 0.00071998,
    "FlipAngle": 90,
    "ImageComments": "Unaliased_MB3_PE3",
    "ImageOrientationPatientDICOM": [
      1,
      0,
      0,
      0,
      1,
      0
    ],
    "ImageType": [
      "ORIGINAL",
      "PRIMARY",
      "DIFFUSION",
      "NONE",
      "MB",
      "ND",
      "MOSAIC"
    ],
    "InPlanePhaseEncodingDirectionDICOM": "COL",
    "MRAcquisitionType": "2D",
    "MagneticFieldStrength": 1.5,
    "Manufacturer": "Siemens",
    "ManufacturersModelName": "Avanto",
    "Modality": "MR",
    "MultibandAccelerationFactor": 3,
    "NumVolumes": 129,
    "Obliquity": "False",
    "PartialFourier": 0.75,
    "PatientPosition": "HFS",
    "PercentPhaseFOV": 100,
    "PhaseEncodingDirection": "j-",
    "PhaseEncodingSteps": 72,
    "PhaseResolution": 1,
    "PixelBandwidth": 1628,
    "ProcedureStepDescription": "CMI_HBN",
    "ProtocolName": "DKI_64_Directions_AP_3_WEIGHTS-_AX",
    "PulseSequenceDetails": "%CustomerSeq%_cmrr_mbep2d_diff",
    "ReceiveCoilName": "32Ch_Head",
    "ReconMatrixPE": 96,
    "RepetitionTime": 4.5,
    "SAR": 0.114673,
    "ScanOptions": "PFP_FS",
    "ScanningSequence": "EP",
    "SequenceName": "ep_b0",
    "SequenceVariant": "SK_SS",
    "SeriesDescription": "DKI_64_Directions_AP_3_WEIGHTS-_AX",
    "ShimSetting": [
      131,
      -162,
      463,
      842,
      793,
      -36,
      650,
      408
    ],
    "SliceThickness": 2,
    "SliceTiming": [
      0,
      2.0725,
      4.1425,
      1.695,
      3.765,
      1.32,
      3.39,
      0.9425,
      3.0125,
      0.565,
      2.6375,
      0.19,
      2.26,
      4.33,
      1.8825,
      3.955,
      1.5075,
      3.5775,
      1.13,
      3.2,
      0.755,
      2.825,
      0.3775,
      2.4475,
      0,
      2.0725,
      4.1425,
      1.695,
      3.765,
      1.32,
      3.39,
      0.9425,
      3.0125,
      0.565,
      2.6375,
      0.19,
      2.26,
      4.33,
      1.8825,
      3.955,
      1.5075,
      3.5775,
      1.13,
      3.2,
      0.755,
      2.825,
      0.3775,
      2.4475,
      0,
      2.0725,
      4.1425,
      1.695,
      3.765,
      1.32,
      3.39,
      0.9425,
      3.0125,
      0.565,
      2.6375,
      0.19,
      2.26,
      4.33,
      1.8825,
      3.955,
      1.5075,
      3.5775,
      1.13,
      3.2,
      0.755,
      2.825,
      0.3775,
      2.4475
    ],
    "SoftwareVersions": "syngo_MR_B17",
    "SpacingBetweenSlices": 2,
    "StationName": "MRC26121",
    "TotalReadoutTime": 0.0683981,
    "TxRefAmp": 237.054,
    "VoxelSizeDim1": 2.0,
    "VoxelSizeDim2": 2.0,
    "VoxelSizeDim3": 2.0,
    "acq_id": "64dir",
    "dataset": "HBN",
    "modality": "dwi",
    "session_id": "HBNsiteSI",
    "subject_id": "NDARTK657DV6"
  },
  "efc_shell01": 2.8505,
  "efc_shell02": 1.2759,
  "efc_shell03": 0.8373,
  "fa_degenerate": 0.0,
  "fa_nans": 0.0,
  "fber_shell01": -0.085,
  "fber_shell02": 9.7908,
  "fber_shell03": 8.0278,
  "fd_mean": 2.3354,
  "fd_num": 128,
  "fd_perc": 99.2248062015504,
  "ndc": 0.709,
  "provenance": {
    "md5sum": "1137720f9306148d88846f86a31d7bf2",
    "settings": {
      "testing": false
    },
    "software": "mriqc",
    "version": "24.0.0"
  },
  "sigma_cc": 40.0303,
  "sigma_pca": 11.0704,
  "sigma_piesno": 10.2347,
  "snr_cc_shell0": 5.06,
  "snr_cc_shell1_best": 6.84,
  "snr_cc_shell1_worst": 6.84,
  "snr_cc_shell2_best": 3.13,
  "snr_cc_shell2_worst": 1.6,
  "spikes_global": 50.3,
  "spikes_slice_i": 285.99,
  "spikes_slice_j": 225.43,
  "spikes_slice_k": 233.84,
  "summary_bg_k": 79.1946,
  "summary_bg_mad": 7.413,
  "summary_bg_mean": 45.8687,
  "summary_bg_median": 32.0,
  "summary_bg_n": 462827.0,
  "summary_bg_p05": 24.0,
  "summary_bg_p95": 123.0,
  "summary_bg_stdv": 51.2724,
  "summary_fg_k": 1.4279,
  "summary_fg_mad": 149.7428,
  "summary_fg_mean": 384.2792,
  "summary_fg_median": 357.0,
  "summary_fg_n": 200725.0,
  "summary_fg_p05": 171.0,
  "summary_fg_p95": 684.0,
  "summary_fg_stdv": 163.2175,
  "summary_wm_k": 6.9462,
  "summary_wm_mad": 80.0605,
  "summary_wm_mean": 290.3384,
  "summary_wm_median": 278.0,
  "summary_wm_n": 51712.0,
  "summary_wm_p05": 174.0,
  "summary_wm_p95": 449.0,
  "summary_wm_stdv": 94.6866
}