{
  "NumberOfShells": 2,
  "bValues": [
    0.0,
    1000.0,
    2000.0
  ],
  "bValuesEstimation": [
    1000.0,
    2000.0
  ],
  "bdiffs_max": 0.0947,
  "bdiffs_mean": 0.0233,
  "bdiffs_median": 0.0165,
  "bdiffs_min": 0.0026,
  "bids_meta": {
    "AcquisitionMatrixPE": 104,
    "BandwidthPerPixelPhaseEncode": 24.655,
    "BaseResolution": 104,
    "BodyPartExamined": "BRAIN",
    "ConsistencyInfo": "N4_VE11B_LATEST_20150530",
    "ConversionSoftware": "dcm2niix",
    "ConversionSoftwareVersion": "v1.0.20171204 (OpenJPEG build) GCC4.8.4",
    "DerivedVendorReportedEchoSpacing": 0.000779995,
    "Dim1Size": 104,
    "Dim2Size": 104,
    "Dim3Size": 72,
    "DwellTime": 3.3e-06,
    "EchoTime": 0.1002,
    "EchoTrainLength": 51,
    "EffectiveEchoSpacing": 0.000389997,
    "FlipAngle": 90,
    "ImageComments": "Unaliased_MB3_PE4",
    "ImageOrientationPatientDICOM": [
      1,
      0,
      0,
      0,
      1,
      0
    ],
    "ImageType": [
      "ORIGINAL",
      "PRIMARY",
      "DIFFUSION",
      "NONE",
      "MB",
      "ND",
      "MOSAIC"
    ],
    "InPlanePhaseEncodingDirectionDICOM": "COL",
    "MRAcquisitionType": "2D",
    "MagneticFieldStrength": 3,
    "Manufacturer": "Siemens",
    "ManufacturersModelName": "Prisma_fit",
    "Modality": "MR",
    "MultibandAccelerationFactor": 3,
    "NumVolumes": 129,
    "Obliquity": "False",
    "ParallelReductionFactorInPlane": 2,
    "PartialFourier": 1,
    "PatientPosition": "HFS",
    "PercentPhaseFOV": 100,
    "PhaseEncodingDirection": "j-",
    "PhaseEncodingSteps": 103,
    "PhaseResolution": 1,
    "PixelBandwidth": 1455,
    "ProcedureStepDescription": "CMI_HBN-CBIC",
    "ProtocolName": "cmrr_DKI",
    "PulseSequenceDetails": "%CustomerSeq%_cmrr_mbep2d_diff",
    "ReceiveCoilActiveElements": "HEA;HEP",
    "ReceiveCoilName": "Head_32",
    "ReconMatrixPE": 104,
    "RepetitionTime": 3.32,
    "SAR": 0.370787,
    "ScanOptions": "FS",
    "ScanningSequence": "EP",
    "SequenceName": "ep_b0",
    "SequenceVariant": "SK_SS",
    "SeriesDescription": "cmrr_DKI",
    "ShimSetting": [
      217,
      -10394,
      -5684,
      397,
      -87,
      -23,
      248,
      -11
    ],
    "SliceThickness": 1.8,
    "SliceTiming": [
      0,
      1.5125,
      3.025,
      1.2375,
      2.75,
      0.9625,
      2.475,
      0.6875,
      2.2,
      0.4125,
      1.925,
      0.1375,
      1.65,
      3.1625,
      1.375,
      2.8875,
      1.1,
      2.6125,
      0.825,
      2.3375,
      0.55,
      2.0625,
      0.275,
      1.7875,
      0,
      1.5125,
      3.025,
      1.2375,
      2.75,
      0.9625,
      2.475,
      0.6875,
      2.2,
      0.4125,
      1.925,
      0.1375,
      1.65,
      3.1625,
      1.375,
      2.8875,
      1.1,
      2.6125,
      0.825,
      2.3375,
      0.55,
      2.0625,
      0.275,
      1.7875,
      0,
      1.5125,
      3.025,
      1.2375,
      2.75,
      0.9625,
      2.475,
      0.6875,
      2.2,
      0.4125,
      1.925,
      0.1375,
      1.65,
      3.1625,
      1.375,
      2.8875,
      1.1,
      2.6125,
      0.825,
      2.3375,
      0.55,
      2.0625,
      0.275,
      1.7875
    ],
    "SoftwareVersions": "syngo_MR_E11",
    "SpacingBetweenSlices": 1.8,
    "TotalReadoutTime": 0.0401697,
    "TxRefAmp": 210.784,
    "VendorReportedEchoSpacing": 0.00078,
    "VoxelSizeDim1": 1.798076868057251,
    "VoxelSizeDim2": 1.798076868057251,
    "VoxelSizeDim3": 1.7999999523162842,
    "acq_id": "64dir",
    "dataset": "HBN",
    "modality": "dwi",
    "session_id": "HBNsiteCBIC",
    "subject_id": "NDARHC825ZFZ"
  },
  "efc_shell01": 4.4549,
  "efc_shell02": 2.3882,
  "efc_shell03": 1.7323,
  "fa_degenerate": 0.0,
  "fa_nans": 0.0,
  "fber_shell01": -0.0078,
  "fber_shell02": 0.0439,
  "fber_shell03": 0.0897,
  "fd_mean": 2.0612,
  "fd_num": 128,
  "fd_perc": 99.2248062015504,
  "ndc": 0.6101,
  "provenance": {
    "md5sum": "730a3706913d2b7ad0c1ec641eb58cf3",
    "settings": {
      "testing": false
    },
    "software": "mriqc",
    "version": "24.0.0"
  },
  "sigma_cc": 169.758,
  "sigma_pca": 67.6549,
  "sigma_piesno": 43.58,
  "snr_cc_shell0": 4.07,
  "snr_cc_shell1_best": 5.5,
  "snr_cc_shell1_worst": 5.5,
  "snr_cc_shell2_best": 2.08,
  "snr_cc_shell2_worst": 1.49,
  "spikes_global": 111.94,
  "spikes_slice_i": 670.84,
  "spikes_slice_j": 672.91,
  "spikes_slice_k": 759.71,
  "summary_bg_k": 89.2295,
  "summary_bg_mad": 35.5825,
  "summary_bg_mean": 230.3341,
  "summary_bg_median": 145.0,
  "summary_bg_n": 535303.0,
  "summary_bg_p05": 106.0,
  "summary_bg_p95": 567.0,
  "summary_bg_stdv": 369.0556,
  "summary_fg_k": 6.8896,
  "summary_fg_mad": 673.1014,
  "summary_fg_mean": 1548.0698,
  "summary_fg_median": 1334.0,
  "summary_fg_n": 243449.0,
  "summary_fg_p05": 560.0,
  "summary_fg_p95": 3327.0,
  "summary_fg_stdv": 934.5581,
  "summary_wm_k": 14.879,
  "summary_wm_mad": 453.6763,
  "summary_wm_mean": 1191.89,
  "summary_wm_median": 1056.0,
  "summary_wm_n": 107845.0,
  "summary_wm_p05": 505.0,
  "summary_wm_p95": 2238.0,
  "summary_wm_stdv": 597.0417
}