{
  "NumberOfShells": 2,
  "bValues": [
    0.0,
    1000.0,
    2000.0
  ],
  "bValuesEstimation": [
    1000.0,
    2000.0
  ],
  "bdiffs_max": 0.1268,
  "bdiffs_mean": 0.0523,
  "bdiffs_median": 0.0565,
  "bdiffs_min": 0.0024,
  "bids_meta": {
    "AcquisitionMatrixPE": 104,
    "BandwidthPerPixelPhaseEncode": 23.17,
    "BaseResolution": 104,
    "ConversionSoftware": "dcm2niix",
    "ConversionSoftwareVersion": "v1.0.20171204 (OpenJPEG build) GCC4.8.4",
    "DerivedVendorReportedEchoSpacing": 0.000829986,
    "Dim1Size": 104,
    "Dim2Size": 104,
    "Dim3Size": 72,
    "DwellTime": 3.5e-06,
    "EchoTime": 0.1002,
    "EffectiveEchoSpacing": 0.000414993,
    "FlipAngle": 90,
    "ImageComments": "Unaliased_MB3_PE4_(remote)_SENSE1",
    "ImageOrientationPatientDICOM": [
      1,
      0,
      0,
      0,
      0.944376,
      -0.328867
    ],
    "ImageType": [
      "ORIGINAL",
      "PRIMARY",
      "DIFFUSION",
      "NONE",
      "MB",
      "ND"
    ],
    "InPlanePhaseEncodingDirectionDICOM": "COL",
    "MRAcquisitionType": "2D",
    "MagneticFieldStrength": 3,
    "Manufacturer": "Siemens",
    "ManufacturersModelName": "TrioTim",
    "Modality": "MR",
    "NumVolumes": 129,
    "Obliquity": "True",
    "ParallelReductionFactorInPlane": 2,
    "PartialFourier": 1,
    "PatientPosition": "HFS",
    "PercentPhaseFOV": 100,
    "PhaseEncodingDirection": "j-",
    "PhaseEncodingSteps": 103,
    "PhaseResolution": 1,
    "PixelBandwidth": 1374,
    "ProcedureStepDescription": "CMI_HBN",
    "ProtocolName": "DKI",
    "PulseSequenceDetails": "%CustomerSeq%_cmrr_mbep2d_diff",
    "ReceiveCoilName": "32Ch_Head",
    "ReconMatrixPE": 104,
    "RepetitionTime": 3.32,
    "SAR": 0.308721,
    "ScanOptions": "FS",
    "ScanningSequence": "EP",
    "SequenceName": "ep_b0",
    "SequenceVariant": "SK_SS",
    "SeriesDescription": "DKI",
    "ShimSetting": [
      2010,
      -608,
      -7563,
      787,
      156,
      -19,
      -447,
      -116
    ],
    "SliceThickness": 1.8,
    "SoftwareVersions": "syngo_MR_B19",
    "SpacingBetweenSlices": 1.8,
    "TotalReadoutTime": 0.0427443,
    "TxRefAmp": 304.93,
    "VoxelSizeDim1": 1.798076868057251,
    "VoxelSizeDim2": 1.798076868057251,
    "VoxelSizeDim3": 1.7999966144561768,
    "acq_id": "64dir",
    "dataset": "HBN",
    "modality": "dwi",
    "session_id": "HBNsiteRU",
    "subject_id": "NDARKH298MA3"
  },
  "efc_shell01": 1.1161,
  "efc_shell02": 0.597,
  "efc_shell03": 0.6029,
  "fa_degenerate": 0.0,
  "fa_nans": 0.0,
  "fber_shell01": 289.0,
  "fber_shell02": 144.0,
  "fber_shell03": 76.5625,
  "fd_mean": 2.0014,
  "fd_num": 128,
  "fd_perc": 99.2248062015504,
  "ndc": 0.5077,
  "provenance": {
    "md5sum": "647b87c8c92821d85e78a1eed7cd519a",
    "settings": {
      "testing": false
    },
    "software": "mriqc",
    "version": "24.0.0"
  },
  "sigma_cc": 37.0651,
  "sigma_pca": 11.1573,
  "sigma_piesno": 1.6508,
  "snr_cc_shell0": 2.99,
  "snr_cc_shell1_best": 2.81,
  "snr_cc_shell1_worst": 2.81,
  "snr_cc_shell2_best": 1.47,
  "snr_cc_shell2_worst": 0.79,
  "spikes_global": 83.49,
  "spikes_slice_i": 537.29,
  "spikes_slice_j": 605.62,
  "spikes_slice_k": 464.43,
  "summary_bg_k": 372.808,
  "summary_bg_mad": 5.9304,
  "summary_bg_mean": 13.0548,
  "summary_bg_median": 6.0,
  "summary_bg_n": 562786.0,
  "summary_bg_p05": 1.0,
  "summary_bg_p95": 45.0,
  "summary_bg_stdv": 34.1832,
  "summary_fg_k": 7.5375,
  "summary_fg_mad": 74.1301,
  "summary_fg_mean": 181.8665,
  "summary_fg_median": 161.0,
  "summary_fg_n": 215966.0,
  "summary_fg_p05": 59.0,
  "summary_fg_p95": 374.0,
  "summary_fg_stdv": 102.8847,
  "summary_wm_k": 7.4784,
  "summary_wm_mad": 72.6475,
  "summary_wm_mean": 180.2327,
  "summary_wm_median": 160.0,
  "summary_wm_n": 190311.0,
  "summary_wm_p05": 62.0,
  "summary_wm_p95": 371.0,
  "summary_wm_stdv": 100.6016
}