{
  "NumberOfShells": 2,
  "bValues": [
    0.0,
    1000.0,
    2000.0
  ],
  "bValuesEstimation": [
    1000.0,
    2000.0
  ],
  "bdiffs_max": 0.1239,
  "bdiffs_mean": 0.0127,
  "bdiffs_median": 0.0075,
  "bdiffs_min": 0.001,
  "bids_meta": {
    "AcquisitionMatrixPE": 104,
    "BandwidthPerPixelPhaseEncode": 24.655,
    "BaseResolution": 104,
    "BodyPartExamined": "BRAIN",
    "ConsistencyInfo": "N4_VE11B_LATEST_20150530",
    "ConversionSoftware": "dcm2niix",
    "ConversionSoftwareVersion": "v1.0.20171204 (OpenJPEG build) GCC4.8.4",
    "DerivedVendorReportedEchoSpacing": 0.000779995,
    "Dim1Size": 104,
    "Dim2Size": 104,
    "Dim3Size": 72,
    "DwellTime": 3.3e-06,
    "EchoTime": 0.1002,
    "EchoTrainLength": 51,
    "EffectiveEchoSpacing": 0.000389997,
    "FlipAngle": 90,
    "ImageComments": "Unaliased_MB3_PE4",
    "ImageOrientationPatientDICOM": [
      1,
      0,
      0,
      0,
      1,
      0
    ],
    "ImageType": [
      "ORIGINAL",
      "PRIMARY",
      "DIFFUSION",
      "NONE",
      "MB",
      "ND",
      "MOSAIC"
    ],
    "InPlanePhaseEncodingDirectionDICOM": "COL",
    "MRAcquisitionType": "2D",
    "MagneticFieldStrength": 3,
    "Manufacturer": "Siemens",
    "ManufacturersModelName": "Prisma_fit",
    "Modality": "MR",
    "MultibandAccelerationFactor": 3,
    "NumVolumes": 129,
    "Obliquity": "False",
    "ParallelReductionFactorInPlane": 2,
    "PartialFourier": 1,
    "PatientPosition": "HFS",
    "PercentPhaseFOV": 100,
    "PhaseEncodingDirection": "j-",
    "PhaseEncodingSteps": 103,
    "PhaseResolution": 1,
    "PixelBandwidth": 1455,
    "ProcedureStepDescription": "CMI_HBN-CBIC",
    "ProtocolName": "cmrr_DKI",
    "PulseSequenceDetails": "%CustomerSeq%_cmrr_mbep2d_diff",
    "ReceiveCoilActiveElements": "HEA;HEP",
    "ReceiveCoilName": "Head_32",
    "ReconMatrixPE": 104,
    "RepetitionTime": 3.32,
    "SAR": 0.289197,
    "ScanOptions": "FS",
    "ScanningSequence": "EP",
    "SequenceName": "ep_b0",
    "SequenceVariant": "SK_SS",
    "SeriesDescription": "cmrr_DKI",
    "ShimSetting": [
      179,
      -10295,
      -5700,
      483,
      -98,
      129,
      91,
      43
    ],
    "SliceThickness": 1.8,
    "SliceTiming": [
      0,
      1.51,
      3.0225,
      1.235,
      2.7475,
      0.96,
      2.4725,
      0.685,
      2.1975,
      0.4125,
      1.9225,
      0.1375,
      1.6475,
      3.16,
      1.3725,
      2.885,
      1.0975,
      2.61,
      0.8225,
      2.335,
      0.5475,
      2.06,
      0.275,
      1.785,
      0,
      1.51,
      3.0225,
      1.235,
      2.7475,
      0.96,
      2.4725,
      0.685,
      2.1975,
      0.4125,
      1.9225,
      0.1375,
      1.6475,
      3.16,
      1.3725,
      2.885,
      1.0975,
      2.61,
      0.8225,
      2.335,
      0.5475,
      2.06,
      0.275,
      1.785,
      0,
      1.51,
      3.0225,
      1.235,
      2.7475,
      0.96,
      2.4725,
      0.685,
      2.1975,
      0.4125,
      1.9225,
      0.1375,
      1.6475,
      3.16,
      1.3725,
      2.885,
      1.0975,
      2.61,
      0.8225,
      2.335,
      0.5475,
      2.06,
      0.275,
      1.785
    ],
    "SoftwareVersions": "syngo_MR_E11",
    "SpacingBetweenSlices": 1.8,
    "TotalReadoutTime": 0.0401697,
    "TxRefAmp": 209.261,
    "VendorReportedEchoSpacing": 0.00078,
    "VoxelSizeDim1": 1.798076868057251,
    "VoxelSizeDim2": 1.798076868057251,
    "VoxelSizeDim3": 1.8000000715255737,
    "acq_id": "64dir",
    "dataset": "HBN",
    "modality": "dwi",
    "session_id": "HBNsiteCBIC",
    "subject_id": "NDARDH086ZKK"
  },
  "efc_shell01": 3.3327,
  "efc_shell02": 2.0074,
  "efc_shell03": 1.5673,
  "fa_degenerate": 0.0,
  "fa_nans": 0.0,
  "fber_shell01": 0.0,
  "fber_shell02": 0.0333,
  "fber_shell03": 0.0856,
  "fd_mean": 1.1736,
  "fd_num": 125,
  "fd_perc": 96.89922480620154,
  "ndc": 0.4164,
  "provenance": {
    "md5sum": "86de1cfc3a4f0fceb389bc60761df00a",
    "settings": {
      "testing": false
    },
    "software": "mriqc",
    "version": "24.0.0"
  },
  "sigma_cc": 157.1558,
  "sigma_pca": 70.7782,
  "sigma_piesno": 42.7546,
  "snr_cc_shell0": 4.7,
  "snr_cc_shell1_best": 5.14,
  "snr_cc_shell1_worst": 5.14,
  "snr_cc_shell2_best": 2.52,
  "snr_cc_shell2_worst": 1.4,
  "spikes_global": 51.68,
  "spikes_slice_i": 148.04,
  "spikes_slice_j": 144.93,
  "spikes_slice_k": 265.9,
  "summary_bg_k": 144.9729,
  "summary_bg_mad": 28.1694,
  "summary_bg_mean": 183.2083,
  "summary_bg_median": 137.0,
  "summary_bg_n": 578294.0,
  "summary_bg_p05": 102.0,
  "summary_bg_p95": 376.0,
  "summary_bg_stdv": 225.8962,
  "summary_fg_k": 5.4188,
  "summary_fg_mad": 455.1589,
  "summary_fg_mean": 1303.6232,
  "summary_fg_median": 1227.0,
  "summary_fg_n": 200458.0,
  "summary_fg_p05": 631.0,
  "summary_fg_p95": 2232.0,
  "summary_fg_stdv": 524.5835,
  "summary_wm_k": 8.56,
  "summary_wm_mad": 398.82,
  "summary_wm_mean": 1214.0177,
  "summary_wm_median": 1129.0,
  "summary_wm_n": 119382.0,
  "summary_wm_p05": 639.0,
  "summary_wm_p95": 2051.0,
  "summary_wm_stdv": 472.9178
}