{
  "NumberOfShells": 2,
  "bValues": [
    0.0,
    1000.0,
    2000.0
  ],
  "bValuesEstimation": [
    1000.0,
    2000.0
  ],
  "bdiffs_max": 0.014,
  "bdiffs_mean": 0.0046,
  "bdiffs_median": 0.0044,
  "bdiffs_min": 0.0005,
  "bids_meta": {
    "AcquisitionMatrixPE": 104,
    "BandwidthPerPixelPhaseEncode": 24.655,
    "BaseResolution": 104,
    "BodyPartExamined": "BRAIN",
    "ConsistencyInfo": "N4_VE11B_LATEST_20150530",
    "ConversionSoftware": "dcm2niix",
    "ConversionSoftwareVersion": "v1.0.20171204 (OpenJPEG build) GCC4.8.4",
    "DerivedVendorReportedEchoSpacing": 0.000779995,
    "Dim1Size": 104,
    "Dim2Size": 104,
    "Dim3Size": 72,
    "DwellTime": 3.3e-06,
    "EchoTime": 0.1002,
    "EchoTrainLength": 51,
    "EffectiveEchoSpacing": 0.000389997,
    "FlipAngle": 90,
    "ImageComments": "Unaliased_MB3_PE4",
    "ImageOrientationPatientDICOM": [
      1,
      0,
      0,
      0,
      1,
      0
    ],
    "ImageType": [
      "ORIGINAL",
      "PRIMARY",
      "DIFFUSION",
      "NONE",
      "MB",
      "ND",
      "MOSAIC"
    ],
    "InPlanePhaseEncodingDirectionDICOM": "COL",
    "MRAcquisitionType": "2D",
    "MagneticFieldStrength": 3,
    "Manufacturer": "Siemens",
    "ManufacturersModelName": "Prisma_fit",
    "Modality": "MR",
    "MultibandAccelerationFactor": 3,
    "NumVolumes": 129,
    "Obliquity": "False",
    "ParallelReductionFactorInPlane": 2,
    "PartialFourier": 1,
    "PatientPosition": "HFS",
    "PercentPhaseFOV": 100,
    "PhaseEncodingDirection": "j-",
    "PhaseEncodingSteps": 103,
    "PhaseResolution": 1,
    "PixelBandwidth": 1455,
    "ProcedureStepDescription": "CMI_HBN-CBIC",
    "ProtocolName": "cmrr_DKI",
    "PulseSequenceDetails": "%CustomerSeq%_cmrr_mbep2d_diff",
    "ReceiveCoilActiveElements": "HEA;HEP",
    "ReceiveCoilName": "Head_32",
    "ReconMatrixPE": 104,
    "RepetitionTime": 3.32,
    "SAR": 0.388468,
    "ScanOptions": "FS",
    "ScanningSequence": "EP",
    "SequenceName": "ep_b0",
    "SequenceVariant": "SK_SS",
    "SeriesDescription": "cmrr_DKI",
    "ShimSetting": [
      263,
      -10441,
      -5440,
      615,
      80,
      19,
      160,
      14
    ],
    "SliceThickness": 1.8,
    "SliceTiming": [
      0,
      1.5125,
      3.025,
      1.2375,
      2.75,
      0.9625,
      2.475,
      0.6875,
      2.2,
      0.4125,
      1.925,
      0.1375,
      1.65,
      3.1625,
      1.375,
      2.8875,
      1.1,
      2.6125,
      0.825,
      2.3375,
      0.55,
      2.0625,
      0.275,
      1.7875,
      0,
      1.5125,
      3.025,
      1.2375,
      2.75,
      0.9625,
      2.475,
      0.6875,
      2.2,
      0.4125,
      1.925,
      0.1375,
      1.65,
      3.1625,
      1.375,
      2.8875,
      1.1,
      2.6125,
      0.825,
      2.3375,
      0.55,
      2.0625,
      0.275,
      1.7875,
      0,
      1.5125,
      3.025,
      1.2375,
      2.75,
      0.9625,
      2.475,
      0.6875,
      2.2,
      0.4125,
      1.925,
      0.1375,
      1.65,
      3.1625,
      1.375,
      2.8875,
      1.1,
      2.6125,
      0.825,
      2.3375,
      0.55,
      2.0625,
      0.275,
      1.7875
    ],
    "SoftwareVersions": "syngo_MR_E11",
    "SpacingBetweenSlices": 1.8,
    "TotalReadoutTime": 0.0401697,
    "TxRefAmp": 222.539,
    "VendorReportedEchoSpacing": 0.00078,
    "VoxelSizeDim1": 1.798076868057251,
    "VoxelSizeDim2": 1.798076868057251,
    "VoxelSizeDim3": 1.7999999523162842,
    "acq_id": "64dir",
    "dataset": "HBN",
    "modality": "dwi",
    "session_id": "HBNsiteCBIC",
    "subject_id": "NDARZY101JNB"
  },
  "efc_shell01": 4.3167,
  "efc_shell02": 2.5207,
  "efc_shell03": 1.8465,
  "fa_degenerate": 0.0,
  "fa_nans": 0.0,
  "fber_shell01": -0.0058,
  "fber_shell02": 0.0308,
  "fber_shell03": 0.0713,
  "fd_mean": 0.6192,
  "fd_num": 124,
  "fd_perc": 96.12403100775194,
  "ndc": 0.6866,
  "provenance": {
    "md5sum": "4dcc9818ab431373ce58d85275ea2835",
    "settings": {
      "testing": false
    },
    "software": "mriqc",
    "version": "24.0.0"
  },
  "sigma_cc": 130.469,
  "sigma_pca": 66.2888,
  "sigma_piesno": 43.2498,
  "snr_cc_shell0": 4.89,
  "snr_cc_shell1_best": 5.27,
  "snr_cc_shell1_worst": 5.27,
  "snr_cc_shell2_best": 2.98,
  "snr_cc_shell2_worst": 1.57,
  "spikes_global": 65.95,
  "spikes_slice_i": 195.66,
  "spikes_slice_j": 239.14,
  "spikes_slice_k": 419.99,
  "summary_bg_k": 91.4167,
  "summary_bg_mad": 34.0999,
  "summary_bg_mean": 196.0319,
  "summary_bg_median": 144.0,
  "summary_bg_n": 523236.0,
  "summary_bg_p05": 104.0,
  "summary_bg_p95": 463.0,
  "summary_bg_stdv": 208.3849,
  "summary_fg_k": 4.155,
  "summary_fg_mad": 619.7277,
  "summary_fg_mean": 1447.045,
  "summary_fg_median": 1329.0,
  "summary_fg_n": 255516.0,
  "summary_fg_p05": 522.0,
  "summary_fg_p95": 2727.0,
  "summary_fg_stdv": 707.1978,
  "summary_wm_k": 8.2537,
  "summary_wm_mad": 326.1725,
  "summary_wm_mean": 1018.2793,
  "summary_wm_median": 966.0,
  "summary_wm_n": 71021.0,
  "summary_wm_p05": 451.0,
  "summary_wm_p95": 1779.0,
  "summary_wm_stdv": 417.3667
}