{
  "NumberOfShells": 2,
  "bValues": [
    0.0,
    1000.0,
    2000.0
  ],
  "bValuesEstimation": [
    1000.0,
    2000.0
  ],
  "bdiffs_max": 0.0776,
  "bdiffs_mean": 0.033,
  "bdiffs_median": 0.0327,
  "bdiffs_min": 0.003,
  "bids_meta": {
    "AcquisitionMatrixPE": 104,
    "BandwidthPerPixelPhaseEncode": 23.17,
    "BaseResolution": 104,
    "ConversionSoftware": "dcm2niix",
    "ConversionSoftwareVersion": "v1.0.20171204 (OpenJPEG build) GCC4.8.4",
    "DerivedVendorReportedEchoSpacing": 0.000829986,
    "Dim1Size": 104,
    "Dim2Size": 104,
    "Dim3Size": 72,
    "DwellTime": 3.5e-06,
    "EchoTime": 0.1002,
    "EffectiveEchoSpacing": 0.000414993,
    "FlipAngle": 90,
    "ImageComments": "Unaliased_MB3_PE4_(remote)_SENSE1",
    "ImageOrientationPatientDICOM": [
      0.999328,
      0.0162931,
      0.0328222,
      1.43345e-08,
      0.895712,
      -0.444635
    ],
    "ImageType": [
      "ORIGINAL",
      "PRIMARY",
      "DIFFUSION",
      "NONE",
      "MB",
      "ND"
    ],
    "InPlanePhaseEncodingDirectionDICOM": "COL",
    "MRAcquisitionType": "2D",
    "MagneticFieldStrength": 3,
    "Manufacturer": "Siemens",
    "ManufacturersModelName": "TrioTim",
    "Modality": "MR",
    "NumVolumes": 129,
    "Obliquity": "True",
    "ParallelReductionFactorInPlane": 2,
    "PartialFourier": 1,
    "PatientPosition": "HFS",
    "PercentPhaseFOV": 100,
    "PhaseEncodingDirection": "j-",
    "PhaseEncodingSteps": 103,
    "PhaseResolution": 1,
    "PixelBandwidth": 1374,
    "ProcedureStepDescription": "CMI_HBN",
    "ProtocolName": "DKI",
    "PulseSequenceDetails": "%CustomerSeq%_cmrr_mbep2d_diff",
    "ReceiveCoilName": "32Ch_Head",
    "ReconMatrixPE": 104,
    "RepetitionTime": 3.32,
    "SAR": 0.235469,
    "ScanOptions": "FS",
    "ScanningSequence": "EP",
    "SequenceName": "ep_b0",
    "SequenceVariant": "SK_SS",
    "SeriesDescription": "DKI",
    "ShimSetting": [
      2060,
      -466,
      -7482,
      787,
      175,
      120,
      41,
      -226
    ],
    "SliceThickness": 1.8,
    "SoftwareVersions": "syngo_MR_B19",
    "SpacingBetweenSlices": 1.8,
    "TotalReadoutTime": 0.0427443,
    "TxRefAmp": 284.377,
    "VoxelSizeDim1": 1.798076868057251,
    "VoxelSizeDim2": 1.798076868057251,
    "VoxelSizeDim3": 1.799999713897705,
    "acq_id": "64dir",
    "dataset": "HBN",
    "modality": "dwi",
    "session_id": "HBNsiteRU",
    "subject_id": "NDARNV694EMG"
  },
  "efc_shell01": 2.0976,
  "efc_shell02": 0.6541,
  "efc_shell03": 0.6206,
  "fa_degenerate": 0.0,
  "fa_nans": 0.0,
  "fber_shell01": 73.8163,
  "fber_shell02": 231.04,
  "fber_shell03": 84.64,
  "fd_mean": 2.2123,
  "fd_num": 128,
  "fd_perc": 99.2248062015504,
  "ndc": 0.6611,
  "provenance": {
    "md5sum": "253f83cc36733cd7efb7f3b8eedc9926",
    "settings": {
      "testing": false
    },
    "software": "mriqc",
    "version": "24.0.0"
  },
  "sigma_cc": 38.5477,
  "sigma_pca": 12.1133,
  "sigma_piesno": 1.6508,
  "snr_cc_shell0": 4.07,
  "snr_cc_shell1_best": 5.47,
  "snr_cc_shell1_worst": 5.47,
  "snr_cc_shell2_best": 1.89,
  "snr_cc_shell2_worst": 1.18,
  "spikes_global": 97.72,
  "spikes_slice_i": 504.17,
  "spikes_slice_j": 419.28,
  "spikes_slice_k": 583.4,
  "summary_bg_k": 159.0624,
  "summary_bg_mad": 7.413,
  "summary_bg_mean": 21.727,
  "summary_bg_median": 7.0,
  "summary_bg_n": 525930.0,
  "summary_bg_p05": 1.0,
  "summary_bg_p95": 73.0,
  "summary_bg_stdv": 63.3368,
  "summary_fg_k": 15.2901,
  "summary_fg_mad": 90.4387,
  "summary_fg_mean": 247.8286,
  "summary_fg_median": 219.0,
  "summary_fg_n": 252822.0,
  "summary_fg_p05": 101.0,
  "summary_fg_p95": 489.0,
  "summary_fg_stdv": 136.8063,
  "summary_wm_k": 16.6228,
  "summary_wm_mad": 80.0605,
  "summary_wm_mean": 225.2879,
  "summary_wm_median": 201.0,
  "summary_wm_n": 134224.0,
  "summary_wm_p05": 92.0,
  "summary_wm_p95": 436.0,
  "summary_wm_stdv": 117.9641
}