{
  "NumberOfShells": 2,
  "bValues": [
    0.0,
    1000.0,
    2000.0
  ],
  "bValuesEstimation": [
    1000.0,
    2000.0
  ],
  "bdiffs_max": 0.0793,
  "bdiffs_mean": 0.0189,
  "bdiffs_median": 0.0172,
  "bdiffs_min": 0.0011,
  "bids_meta": {
    "AcquisitionMatrixPE": 104,
    "BandwidthPerPixelPhaseEncode": 23.17,
    "BaseResolution": 104,
    "ConversionSoftware": "dcm2niix",
    "ConversionSoftwareVersion": "v1.0.20171204 (OpenJPEG build) GCC4.8.4",
    "DerivedVendorReportedEchoSpacing": 0.000829986,
    "Dim1Size": 104,
    "Dim2Size": 104,
    "Dim3Size": 72,
    "DwellTime": 3.5e-06,
    "EchoTime": 0.1002,
    "EffectiveEchoSpacing": 0.000414993,
    "FlipAngle": 90,
    "ImageComments": "Unaliased_MB3_PE4_(remote)_SENSE1",
    "ImageOrientationPatientDICOM": [
      0.997386,
      0.019359,
      0.06961,
      4.24081e-10,
      0.963436,
      -0.267939
    ],
    "ImageType": [
      "ORIGINAL",
      "PRIMARY",
      "DIFFUSION",
      "NONE",
      "MB",
      "ND"
    ],
    "InPlanePhaseEncodingDirectionDICOM": "COL",
    "MRAcquisitionType": "2D",
    "MagneticFieldStrength": 3,
    "Manufacturer": "Siemens",
    "ManufacturersModelName": "TrioTim",
    "Modality": "MR",
    "NumVolumes": 129,
    "Obliquity": "True",
    "ParallelReductionFactorInPlane": 2,
    "PartialFourier": 1,
    "PatientPosition": "HFS",
    "PercentPhaseFOV": 100,
    "PhaseEncodingDirection": "j-",
    "PhaseEncodingSteps": 103,
    "PhaseResolution": 1,
    "PixelBandwidth": 1374,
    "ProcedureStepDescription": "CMI_HBN",
    "ProtocolName": "DKI",
    "PulseSequenceDetails": "%CustomerSeq%_cmrr_mbep2d_diff",
    "ReceiveCoilName": "32Ch_Head",
    "ReconMatrixPE": 104,
    "RepetitionTime": 3.32,
    "SAR": 0.254787,
    "ScanOptions": "FS",
    "ScanningSequence": "EP",
    "SequenceName": "ep_b0",
    "SequenceVariant": "SK_SS",
    "SeriesDescription": "DKI",
    "ShimSetting": [
      2159,
      -467,
      -7829,
      1140,
      287,
      585,
      -290,
      -473
    ],
    "SliceThickness": 1.8,
    "SoftwareVersions": "syngo_MR_B19",
    "SpacingBetweenSlices": 1.8,
    "TotalReadoutTime": 0.0427443,
    "TxRefAmp": 324.999,
    "VoxelSizeDim1": 1.7980767488479614,
    "VoxelSizeDim2": 1.7980767488479614,
    "VoxelSizeDim3": 1.799999475479126,
    "acq_id": "64dir",
    "dataset": "HBN",
    "modality": "dwi",
    "session_id": "HBNsiteRU",
    "subject_id": "NDARYZ909VND"
  },
  "efc_shell01": 1.5095,
  "efc_shell02": 0.571,
  "efc_shell03": 0.5832,
  "fa_degenerate": 0.0,
  "fa_nans": 0.0,
  "fber_shell01": 289.0,
  "fber_shell02": 390.0625,
  "fber_shell03": 110.25,
  "fd_mean": 1.9343,
  "fd_num": 128,
  "fd_perc": 99.2248062015504,
  "ndc": 0.5737,
  "provenance": {
    "md5sum": "0da5ae5d8ab2e57cb374212bb885048d",
    "settings": {
      "testing": false
    },
    "software": "mriqc",
    "version": "24.0.0"
  },
  "sigma_cc": 34.0999,
  "sigma_pca": 11.5622,
  "sigma_piesno": 1.6508,
  "snr_cc_shell0": 3.91,
  "snr_cc_shell1_best": 3.81,
  "snr_cc_shell1_worst": 3.81,
  "snr_cc_shell2_best": 1.76,
  "snr_cc_shell2_worst": 0.89,
  "spikes_global": 56.41,
  "spikes_slice_i": 245.35,
  "spikes_slice_j": 138.72,
  "spikes_slice_k": 303.17,
  "summary_bg_k": 108.41,
  "summary_bg_mad": 4.4478,
  "summary_bg_mean": 12.5556,
  "summary_bg_median": 5.0,
  "summary_bg_n": 560060.0,
  "summary_bg_p05": 1.0,
  "summary_bg_p95": 42.0,
  "summary_bg_stdv": 31.1737,
  "summary_fg_k": 7.2693,
  "summary_fg_mad": 81.5431,
  "summary_fg_mean": 209.4634,
  "summary_fg_median": 194.0,
  "summary_fg_n": 218692.0,
  "summary_fg_p05": 77.0,
  "summary_fg_p95": 383.0,
  "summary_fg_stdv": 100.1895,
  "summary_wm_k": 7.6019,
  "summary_wm_mad": 80.0605,
  "summary_wm_mean": 207.5528,
  "summary_wm_median": 193.0,
  "summary_wm_n": 206526.0,
  "summary_wm_p05": 80.0,
  "summary_wm_p95": 374.0,
  "summary_wm_stdv": 96.5041
}