{
  "NumberOfShells": 2,
  "bValues": [
    0.0,
    1000.0,
    2000.0
  ],
  "bValuesEstimation": [
    1000.0,
    2000.0
  ],
  "bdiffs_max": 0.2049,
  "bdiffs_mean": 0.0398,
  "bdiffs_median": 0.0242,
  "bdiffs_min": 0.0019,
  "bids_meta": {
    "AcquisitionMatrixPE": 104,
    "BandwidthPerPixelPhaseEncode": 23.17,
    "BaseResolution": 104,
    "ConversionSoftware": "dcm2niix",
    "ConversionSoftwareVersion": "v1.0.20171204 (OpenJPEG build) GCC4.8.4",
    "DerivedVendorReportedEchoSpacing": 0.000829986,
    "Dim1Size": 104,
    "Dim2Size": 104,
    "Dim3Size": 72,
    "DwellTime": 3.5e-06,
    "EchoTime": 0.1002,
    "EffectiveEchoSpacing": 0.000414993,
    "FlipAngle": 90,
    "ImageComments": "Unaliased_MB3_PE4_(remote)_SENSE1",
    "ImageOrientationPatientDICOM": [
      0.979706,
      0.179667,
      0.0888542,
      -0.174512,
      0.982651,
      -0.062795
    ],
    "ImageType": [
      "ORIGINAL",
      "PRIMARY",
      "DIFFUSION",
      "NONE",
      "MB",
      "ND"
    ],
    "InPlanePhaseEncodingDirectionDICOM": "COL",
    "MRAcquisitionType": "2D",
    "MagneticFieldStrength": 3,
    "Manufacturer": "Siemens",
    "ManufacturersModelName": "TrioTim",
    "Modality": "MR",
    "NumVolumes": 129,
    "Obliquity": "True",
    "ParallelReductionFactorInPlane": 2,
    "PartialFourier": 1,
    "PatientPosition": "HFS",
    "PercentPhaseFOV": 100,
    "PhaseEncodingDirection": "j-",
    "PhaseEncodingSteps": 103,
    "PhaseResolution": 1,
    "PixelBandwidth": 1374,
    "ProcedureStepDescription": "CMI_HBN",
    "ProtocolName": "DKI",
    "PulseSequenceDetails": "%CustomerSeq%_cmrr_mbep2d_diff",
    "ReceiveCoilName": "32Ch_Head",
    "ReconMatrixPE": 104,
    "RepetitionTime": 3.32,
    "SAR": 0.411276,
    "ScanOptions": "FS",
    "ScanningSequence": "EP",
    "SequenceName": "ep_b0",
    "SequenceVariant": "SK_SS",
    "SeriesDescription": "DKI",
    "ShimSetting": [
      2032,
      -601,
      -7771,
      1220,
      -150,
      512,
      -260,
      -321
    ],
    "SliceThickness": 1.8,
    "SoftwareVersions": "syngo_MR_B19",
    "SpacingBetweenSlices": 1.8,
    "TotalReadoutTime": 0.0427443,
    "TxRefAmp": 318.028,
    "VoxelSizeDim1": 1.798076868057251,
    "VoxelSizeDim2": 1.798076868057251,
    "VoxelSizeDim3": 1.800000786781311,
    "acq_id": "64dir",
    "dataset": "HBN",
    "modality": "dwi",
    "session_id": "HBNsiteRU",
    "subject_id": "NDARYE521RDA"
  },
  "efc_shell01": 2.2449,
  "efc_shell02": 0.605,
  "efc_shell03": 0.5657,
  "fa_degenerate": 0.0,
  "fa_nans": 0.0,
  "fber_shell01": 115.36,
  "fber_shell02": 430.5625,
  "fber_shell03": 72.25,
  "fd_mean": 5.484,
  "fd_num": 128,
  "fd_perc": 99.2248062015504,
  "ndc": 0.5497,
  "provenance": {
    "md5sum": "8b5947bc81666776c346f1a7b6f75b3d",
    "settings": {
      "testing": false
    },
    "software": "mriqc",
    "version": "24.0.0"
  },
  "sigma_cc": 77.0953,
  "sigma_pca": 11.2182,
  "sigma_piesno": 1.3206,
  "snr_cc_shell0": 2.21,
  "snr_cc_shell1_best": 2.24,
  "snr_cc_shell1_worst": 2.24,
  "snr_cc_shell2_best": 0.9,
  "snr_cc_shell2_worst": 0.65,
  "spikes_global": 62.59,
  "spikes_slice_i": 265.02,
  "spikes_slice_j": 154.25,
  "spikes_slice_k": 343.3,
  "summary_bg_k": 98.8941,
  "summary_bg_mad": 4.4478,
  "summary_bg_mean": 14.1867,
  "summary_bg_median": 5.0,
  "summary_bg_n": 544938.0,
  "summary_bg_p05": 1.0,
  "summary_bg_p95": 46.0,
  "summary_bg_stdv": 44.0625,
  "summary_fg_k": 4.6369,
  "summary_fg_mad": 99.3343,
  "summary_fg_mean": 254.6373,
  "summary_fg_median": 237.0,
  "summary_fg_n": 233814.0,
  "summary_fg_p05": 113.0,
  "summary_fg_p95": 457.0,
  "summary_fg_stdv": 114.1321,
  "summary_wm_k": 4.5347,
  "summary_wm_mad": 96.3691,
  "summary_wm_mean": 250.4985,
  "summary_wm_median": 236.0,
  "summary_wm_n": 219858.0,
  "summary_wm_p05": 116.0,
  "summary_wm_p95": 435.0,
  "summary_wm_stdv": 106.1343
}