{
  "NumberOfShells": 2,
  "bValues": [
    0.0,
    1000.0,
    2000.0
  ],
  "bValuesEstimation": [
    1000.0,
    2000.0
  ],
  "bdiffs_max": 0.1238,
  "bdiffs_mean": 0.0215,
  "bdiffs_median": 0.019,
  "bdiffs_min": 0.0017,
  "bids_meta": {
    "AcquisitionMatrixPE": 104,
    "BandwidthPerPixelPhaseEncode": 23.17,
    "BaseResolution": 104,
    "ConversionSoftware": "dcm2niix",
    "ConversionSoftwareVersion": "v1.0.20171215 GCC4.8.4",
    "DerivedVendorReportedEchoSpacing": 0.000829986,
    "Dim1Size": 104,
    "Dim2Size": 104,
    "Dim3Size": 72,
    "DwellTime": 3.5e-06,
    "EchoTime": 0.1002,
    "EffectiveEchoSpacing": 0.000414993,
    "FlipAngle": 90,
    "ImageComments": "Unaliased_MB3_PE4_(remote)_SENSE1",
    "ImageOrientationPatientDICOM": [
      0.998719,
      0,
      0.0505929,
      0,
      1,
      0
    ],
    "ImageType": [
      "ORIGINAL",
      "PRIMARY",
      "DIFFUSION",
      "NONE",
      "MB",
      "ND"
    ],
    "InPlanePhaseEncodingDirectionDICOM": "COL",
    "MRAcquisitionType": "2D",
    "MagneticFieldStrength": 3,
    "Manufacturer": "Siemens",
    "ManufacturersModelName": "TrioTim",
    "Modality": "MR",
    "NumVolumes": 129,
    "Obliquity": "True",
    "ParallelReductionFactorInPlane": 2,
    "PartialFourier": 1,
    "PatientPosition": "HFS",
    "PercentPhaseFOV": 100,
    "PhaseEncodingDirection": "j-",
    "PhaseEncodingSteps": 103,
    "PhaseResolution": 1,
    "PixelBandwidth": 1374,
    "ProcedureStepDescription": "CMI_HBN",
    "ProtocolName": "DKI",
    "PulseSequenceDetails": "%CustomerSeq%_cmrr_mbep2d_diff",
    "ReceiveCoilName": "32Ch_Head",
    "ReconMatrixPE": 104,
    "RepetitionTime": 3.32,
    "SAR": 0.346074,
    "ScanOptions": "FS",
    "ScanningSequence": "EP",
    "SequenceName": "ep_b0",
    "SequenceVariant": "SK_SS",
    "SeriesDescription": "DKI",
    "ShimSetting": [
      1950,
      -644,
      -7600,
      1055,
      33,
      938,
      -478,
      -194
    ],
    "SliceThickness": 1.8,
    "SoftwareVersions": "syngo_MR_B19",
    "SpacingBetweenSlices": 1.8,
    "TotalReadoutTime": 0.0427443,
    "TxRefAmp": 317.38,
    "VoxelSizeDim1": 1.798076868057251,
    "VoxelSizeDim2": 1.798076868057251,
    "VoxelSizeDim3": 1.800004005432129,
    "acq_id": "64dir",
    "dataset": "HBN",
    "modality": "dwi",
    "session_id": "HBNsiteRU",
    "subject_id": "NDARXV209WYA"
  },
  "efc_shell01": 2.3916,
  "efc_shell02": 0.667,
  "efc_shell03": 0.5799,
  "fa_degenerate": 0.0,
  "fa_nans": 0.0,
  "fber_shell01": 123.24,
  "fber_shell02": 430.5625,
  "fber_shell03": 150.0625,
  "fd_mean": 2.1189,
  "fd_num": 128,
  "fd_perc": 99.2248062015504,
  "ndc": 0.791,
  "provenance": {
    "md5sum": "4f6e71990d86443be742458d5335fcc0",
    "settings": {
      "testing": false
    },
    "software": "mriqc",
    "version": "24.0.0"
  },
  "sigma_cc": 40.7716,
  "sigma_pca": 11.7681,
  "sigma_piesno": 1.6508,
  "snr_cc_shell0": 3.59,
  "snr_cc_shell1_best": 4.91,
  "snr_cc_shell1_worst": 4.91,
  "snr_cc_shell2_best": 1.93,
  "snr_cc_shell2_worst": 1.32,
  "spikes_global": 125.47,
  "spikes_slice_i": 812.67,
  "spikes_slice_j": 971.06,
  "spikes_slice_k": 905.21,
  "summary_bg_k": 103.6439,
  "summary_bg_mad": 4.4478,
  "summary_bg_mean": 24.0674,
  "summary_bg_median": 5.0,
  "summary_bg_n": 538469.0,
  "summary_bg_p05": 1.0,
  "summary_bg_p95": 66.0,
  "summary_bg_stdv": 97.3569,
  "summary_fg_k": 5.9945,
  "summary_fg_mad": 115.643,
  "summary_fg_mean": 279.2165,
  "summary_fg_median": 241.0,
  "summary_fg_n": 240283.0,
  "summary_fg_p05": 105.0,
  "summary_fg_p95": 585.0,
  "summary_fg_stdv": 162.515,
  "summary_wm_k": 10.254,
  "summary_wm_mad": 66.7171,
  "summary_wm_mean": 202.4352,
  "summary_wm_median": 182.0,
  "summary_wm_n": 93204.0,
  "summary_wm_p05": 90.0,
  "summary_wm_p95": 389.0,
  "summary_wm_stdv": 100.9842
}