{
  "NumberOfShells": 2,
  "bValues": [
    0.0,
    1000.0,
    2000.0
  ],
  "bValuesEstimation": [
    1000.0,
    2000.0
  ],
  "bdiffs_max": 0.0559,
  "bdiffs_mean": 0.0074,
  "bdiffs_median": 0.0037,
  "bdiffs_min": 0.0004,
  "bids_meta": {
    "AcquisitionMatrixPE": 104,
    "BandwidthPerPixelPhaseEncode": 24.655,
    "BaseResolution": 104,
    "BodyPartExamined": "BRAIN",
    "ConsistencyInfo": "N4_VE11B_LATEST_20150530",
    "ConversionSoftware": "dcm2niix",
    "ConversionSoftwareVersion": "v1.0.20171204 (OpenJPEG build) GCC4.8.4",
    "DerivedVendorReportedEchoSpacing": 0.000779995,
    "Dim1Size": 104,
    "Dim2Size": 104,
    "Dim3Size": 72,
    "DwellTime": 3.3e-06,
    "EchoTime": 0.1002,
    "EchoTrainLength": 51,
    "EffectiveEchoSpacing": 0.000389997,
    "FlipAngle": 90,
    "ImageComments": "Unaliased_MB3_PE4",
    "ImageOrientationPatientDICOM": [
      1,
      0,
      0,
      0,
      1,
      0
    ],
    "ImageType": [
      "ORIGINAL",
      "PRIMARY",
      "DIFFUSION",
      "NONE",
      "MB",
      "ND",
      "MOSAIC"
    ],
    "InPlanePhaseEncodingDirectionDICOM": "COL",
    "MRAcquisitionType": "2D",
    "MagneticFieldStrength": 3,
    "Manufacturer": "Siemens",
    "ManufacturersModelName": "Prisma_fit",
    "Modality": "MR",
    "MultibandAccelerationFactor": 3,
    "NumVolumes": 129,
    "Obliquity": "False",
    "ParallelReductionFactorInPlane": 2,
    "PartialFourier": 1,
    "PatientPosition": "HFS",
    "PercentPhaseFOV": 100,
    "PhaseEncodingDirection": "j-",
    "PhaseEncodingSteps": 103,
    "PhaseResolution": 1,
    "PixelBandwidth": 1455,
    "ProcedureStepDescription": "CMI_HBN-CBIC",
    "ProtocolName": "cmrr_DKI",
    "PulseSequenceDetails": "%CustomerSeq%_cmrr_mbep2d_diff",
    "ReceiveCoilActiveElements": "HEA;HEP",
    "ReceiveCoilName": "Head_32",
    "ReconMatrixPE": 104,
    "RepetitionTime": 3.32,
    "SAR": 0.319914,
    "ScanOptions": "FS",
    "ScanningSequence": "EP",
    "SequenceName": "ep_b0",
    "SequenceVariant": "SK_SS",
    "SeriesDescription": "cmrr_DKI",
    "ShimSetting": [
      191,
      -10423,
      -5622,
      758,
      -128,
      49,
      231,
      10
    ],
    "SliceThickness": 1.8,
    "SliceTiming": [
      0,
      1.5125,
      3.025,
      1.2375,
      2.75,
      0.9625,
      2.475,
      0.6875,
      2.2,
      0.4125,
      1.925,
      0.1375,
      1.65,
      3.1625,
      1.375,
      2.8875,
      1.1,
      2.6125,
      0.825,
      2.3375,
      0.55,
      2.0625,
      0.275,
      1.7875,
      0,
      1.5125,
      3.025,
      1.2375,
      2.75,
      0.9625,
      2.475,
      0.6875,
      2.2,
      0.4125,
      1.925,
      0.1375,
      1.65,
      3.1625,
      1.375,
      2.8875,
      1.1,
      2.6125,
      0.825,
      2.3375,
      0.55,
      2.0625,
      0.275,
      1.7875,
      0,
      1.5125,
      3.025,
      1.2375,
      2.75,
      0.9625,
      2.475,
      0.6875,
      2.2,
      0.4125,
      1.925,
      0.1375,
      1.65,
      3.1625,
      1.375,
      2.8875,
      1.1,
      2.6125,
      0.825,
      2.3375,
      0.55,
      2.0625,
      0.275,
      1.7875
    ],
    "SoftwareVersions": "syngo_MR_E11",
    "SpacingBetweenSlices": 1.8,
    "TotalReadoutTime": 0.0401697,
    "TxRefAmp": 208.469,
    "VendorReportedEchoSpacing": 0.00078,
    "VoxelSizeDim1": 1.798076868057251,
    "VoxelSizeDim2": 1.798076868057251,
    "VoxelSizeDim3": 1.7999999523162842,
    "acq_id": "64dir",
    "dataset": "HBN",
    "modality": "dwi",
    "session_id": "HBNsiteCBIC",
    "subject_id": "NDARVX111CNA"
  },
  "efc_shell01": 3.9332,
  "efc_shell02": 2.2833,
  "efc_shell03": 1.7298,
  "fa_degenerate": 0.0,
  "fa_nans": 0.0,
  "fber_shell01": -0.0058,
  "fber_shell02": 0.0372,
  "fber_shell03": 0.0883,
  "fd_mean": 0.6061,
  "fd_num": 111,
  "fd_perc": 86.04651162790698,
  "ndc": 0.6503,
  "provenance": {
    "md5sum": "d4b51334be408f467f1821cde6f4c8de",
    "settings": {
      "testing": false
    },
    "software": "mriqc",
    "version": "24.0.0"
  },
  "sigma_cc": 126.7625,
  "sigma_pca": 66.8476,
  "sigma_piesno": 43.2498,
  "snr_cc_shell0": 4.81,
  "snr_cc_shell1_best": 4.02,
  "snr_cc_shell1_worst": 4.02,
  "snr_cc_shell2_best": 3.05,
  "snr_cc_shell2_worst": 1.64,
  "spikes_global": 64.32,
  "spikes_slice_i": 215.33,
  "spikes_slice_j": 238.11,
  "spikes_slice_k": 396.34,
  "summary_bg_k": 218.3154,
  "summary_bg_mad": 29.652,
  "summary_bg_mean": 178.0187,
  "summary_bg_median": 140.0,
  "summary_bg_n": 527085.0,
  "summary_bg_p05": 104.0,
  "summary_bg_p95": 350.0,
  "summary_bg_stdv": 198.5395,
  "summary_fg_k": 3.875,
  "summary_fg_mad": 566.354,
  "summary_fg_mean": 1351.255,
  "summary_fg_median": 1246.0,
  "summary_fg_n": 251667.0,
  "summary_fg_p05": 534.0,
  "summary_fg_p95": 2487.0,
  "summary_fg_stdv": 636.1801,
  "summary_wm_k": 9.6376,
  "summary_wm_mad": 265.3858,
  "summary_wm_mean": 981.1076,
  "summary_wm_median": 917.0,
  "summary_wm_n": 71132.0,
  "summary_wm_p05": 553.0,
  "summary_wm_p95": 1633.0,
  "summary_wm_stdv": 358.5566
}