{
  "NumberOfShells": 2,
  "bValues": [
    0.0,
    1000.0,
    2000.0
  ],
  "bValuesEstimation": [
    1000.0,
    2000.0
  ],
  "bdiffs_max": 0.0591,
  "bdiffs_mean": 0.0107,
  "bdiffs_median": 0.009,
  "bdiffs_min": 0.0011,
  "bids_meta": {
    "AcquisitionMatrixPE": 104,
    "BandwidthPerPixelPhaseEncode": 24.655,
    "BaseResolution": 104,
    "BodyPartExamined": "BRAIN",
    "ConsistencyInfo": "N4_VE11B_LATEST_20150530",
    "ConversionSoftware": "dcm2niix",
    "ConversionSoftwareVersion": "v1.0.20171204 (OpenJPEG build) GCC4.8.4",
    "DerivedVendorReportedEchoSpacing": 0.000779995,
    "Dim1Size": 104,
    "Dim2Size": 104,
    "Dim3Size": 72,
    "DwellTime": 3.3e-06,
    "EchoTime": 0.1002,
    "EchoTrainLength": 51,
    "EffectiveEchoSpacing": 0.000389997,
    "FlipAngle": 90,
    "ImageComments": "Unaliased_MB3_PE4",
    "ImageOrientationPatientDICOM": [
      1,
      0,
      0,
      0,
      1,
      0
    ],
    "ImageType": [
      "ORIGINAL",
      "PRIMARY",
      "DIFFUSION",
      "NONE",
      "MB",
      "ND",
      "MOSAIC"
    ],
    "InPlanePhaseEncodingDirectionDICOM": "COL",
    "MRAcquisitionType": "2D",
    "MagneticFieldStrength": 3,
    "Manufacturer": "Siemens",
    "ManufacturersModelName": "Prisma_fit",
    "Modality": "MR",
    "MultibandAccelerationFactor": 3,
    "NumVolumes": 129,
    "Obliquity": "False",
    "ParallelReductionFactorInPlane": 2,
    "PartialFourier": 1,
    "PatientPosition": "HFS",
    "PercentPhaseFOV": 100,
    "PhaseEncodingDirection": "j-",
    "PhaseEncodingSteps": 103,
    "PhaseResolution": 1,
    "PixelBandwidth": 1455,
    "ProcedureStepDescription": "CMI_HBN-CBIC",
    "ProtocolName": "cmrr_DKI",
    "PulseSequenceDetails": "%CustomerSeq%_cmrr_mbep2d_diff",
    "ReceiveCoilActiveElements": "HEA;HEP",
    "ReceiveCoilName": "Head_32",
    "ReconMatrixPE": 104,
    "RepetitionTime": 3.32,
    "SAR": 0.368436,
    "ScanOptions": "FS",
    "ScanningSequence": "EP",
    "SequenceName": "ep_b0",
    "SequenceVariant": "SK_SS",
    "SeriesDescription": "cmrr_DKI",
    "ShimSetting": [
      173,
      -10457,
      -5572,
      789,
      12,
      -96,
      18,
      17
    ],
    "SliceThickness": 1.8,
    "SliceTiming": [
      0,
      1.5125,
      3.025,
      1.2375,
      2.75,
      0.9625,
      2.475,
      0.6875,
      2.2,
      0.4125,
      1.925,
      0.1375,
      1.65,
      3.1625,
      1.375,
      2.8875,
      1.1,
      2.6125,
      0.825,
      2.3375,
      0.55,
      2.0625,
      0.275,
      1.7875,
      0,
      1.5125,
      3.025,
      1.2375,
      2.75,
      0.9625,
      2.475,
      0.6875,
      2.2,
      0.4125,
      1.925,
      0.1375,
      1.65,
      3.1625,
      1.375,
      2.8875,
      1.1,
      2.6125,
      0.825,
      2.3375,
      0.55,
      2.0625,
      0.275,
      1.7875,
      0,
      1.5125,
      3.025,
      1.2375,
      2.75,
      0.9625,
      2.475,
      0.6875,
      2.2,
      0.4125,
      1.925,
      0.1375,
      1.65,
      3.1625,
      1.375,
      2.8875,
      1.1,
      2.6125,
      0.825,
      2.3375,
      0.55,
      2.0625,
      0.275,
      1.7875
    ],
    "SoftwareVersions": "syngo_MR_E11",
    "SpacingBetweenSlices": 1.8,
    "TotalReadoutTime": 0.0401697,
    "TxRefAmp": 213.466,
    "VendorReportedEchoSpacing": 0.00078,
    "VoxelSizeDim1": 1.798076868057251,
    "VoxelSizeDim2": 1.798076868057251,
    "VoxelSizeDim3": 1.7999999523162842,
    "acq_id": "64dir",
    "dataset": "HBN",
    "modality": "dwi",
    "session_id": "HBNsiteCBIC",
    "subject_id": "NDARYW984FLT"
  },
  "efc_shell01": 4.0202,
  "efc_shell02": 2.3152,
  "efc_shell03": 1.7413,
  "fa_degenerate": 0.0,
  "fa_nans": 0.0,
  "fber_shell01": -0.0067,
  "fber_shell02": 0.0322,
  "fber_shell03": 0.0879,
  "fd_mean": 1.148,
  "fd_num": 128,
  "fd_perc": 99.2248062015504,
  "ndc": 0.8447,
  "provenance": {
    "md5sum": "c586b2a10f6b478784c71e70e35f80ce",
    "settings": {
      "testing": false
    },
    "software": "mriqc",
    "version": "24.0.0"
  },
  "sigma_cc": 142.3298,
  "sigma_pca": 68.1201,
  "sigma_piesno": 43.2498,
  "snr_cc_shell0": 4.63,
  "snr_cc_shell1_best": 4.76,
  "snr_cc_shell1_worst": 4.76,
  "snr_cc_shell2_best": 2.58,
  "snr_cc_shell2_worst": 1.44,
  "spikes_global": 65.5,
  "spikes_slice_i": 208.08,
  "spikes_slice_j": 270.2,
  "spikes_slice_k": 361.94,
  "summary_bg_k": 127.6857,
  "summary_bg_mad": 31.1346,
  "summary_bg_mean": 184.8462,
  "summary_bg_median": 141.0,
  "summary_bg_n": 536492.0,
  "summary_bg_p05": 105.0,
  "summary_bg_p95": 386.0,
  "summary_bg_stdv": 202.6473,
  "summary_fg_k": 4.4555,
  "summary_fg_mad": 572.2845,
  "summary_fg_mean": 1459.6827,
  "summary_fg_median": 1340.0,
  "summary_fg_n": 242260.0,
  "summary_fg_p05": 611.0,
  "summary_fg_p95": 2691.0,
  "summary_fg_stdv": 682.6673,
  "summary_wm_k": 3.1472,
  "summary_wm_mad": 289.1074,
  "summary_wm_mean": 1038.3734,
  "summary_wm_median": 989.0,
  "summary_wm_n": 65639.0,
  "summary_wm_p05": 576.0,
  "summary_wm_p95": 1668.0,
  "summary_wm_stdv": 346.6945
}