{
  "NumberOfShells": 2,
  "bValues": [
    0.0,
    1000.0,
    2000.0
  ],
  "bValuesEstimation": [
    1000.0,
    2000.0
  ],
  "bdiffs_max": 0.0348,
  "bdiffs_mean": 0.0191,
  "bdiffs_median": 0.0193,
  "bdiffs_min": 0.0017,
  "bids_meta": {
    "AcquisitionMatrixPE": 104,
    "BandwidthPerPixelPhaseEncode": 24.655,
    "BaseResolution": 104,
    "BodyPartExamined": "BRAIN",
    "ConsistencyInfo": "N4_VE11C_LATEST_20160120",
    "ConversionSoftware": "dcm2niix",
    "ConversionSoftwareVersion": "v1.0.20171215 GCC4.8.4",
    "DerivedVendorReportedEchoSpacing": 0.000779995,
    "Dim1Size": 104,
    "Dim2Size": 104,
    "Dim3Size": 72,
    "DwellTime": 3.3e-06,
    "EchoTime": 0.1002,
    "EchoTrainLength": 51,
    "EffectiveEchoSpacing": 0.000389997,
    "FlipAngle": 90,
    "ImageComments": "Unaliased_MB3_PE4_LB",
    "ImageOrientationPatientDICOM": [
      1,
      0,
      0,
      0,
      1,
      0
    ],
    "ImageType": [
      "ORIGINAL",
      "PRIMARY",
      "DIFFUSION",
      "NONE",
      "MB",
      "ND",
      "MOSAIC"
    ],
    "InPlanePhaseEncodingDirectionDICOM": "COL",
    "MRAcquisitionType": "2D",
    "MagneticFieldStrength": 3,
    "Manufacturer": "Siemens",
    "ManufacturersModelName": "Prisma",
    "Modality": "MR",
    "MultibandAccelerationFactor": 3,
    "NumVolumes": 129,
    "Obliquity": "False",
    "ParallelReductionFactorInPlane": 2,
    "PartialFourier": 1,
    "PatientPosition": "HFS",
    "PercentPhaseFOV": 100,
    "PhaseEncodingDirection": "j-",
    "PhaseEncodingSteps": 103,
    "PhaseResolution": 1,
    "PixelBandwidth": 1455,
    "ProcedureStepDescription": "CMI_CUNY_HBN",
    "ProtocolName": "cmrr_DKI",
    "PulseSequenceDetails": "%CustomerSeq%_cmrr_mbep2d_diff",
    "ReceiveCoilActiveElements": "HEA;HEP",
    "ReceiveCoilName": "Head_32",
    "ReconMatrixPE": 104,
    "RepetitionTime": 3.32,
    "SAR": 0.157679,
    "ScanOptions": "FS",
    "ScanningSequence": "EP",
    "SequenceName": "ep_b0",
    "SequenceVariant": "SK_SS",
    "SeriesDescription": "cmrr_DKI",
    "ShimSetting": [
      -1588,
      -10091,
      2188,
      414,
      117,
      157,
      157,
      53
    ],
    "SliceThickness": 1.8,
    "SliceTiming": [
      0,
      1.5125,
      3.025,
      1.2375,
      2.75,
      0.9625,
      2.475,
      0.6875,
      2.2,
      0.4125,
      1.925,
      0.1375,
      1.65,
      3.1625,
      1.375,
      2.8875,
      1.1,
      2.6125,
      0.825,
      2.3375,
      0.55,
      2.0625,
      0.275,
      1.7875,
      0,
      1.5125,
      3.025,
      1.2375,
      2.75,
      0.9625,
      2.475,
      0.6875,
      2.2,
      0.4125,
      1.925,
      0.1375,
      1.65,
      3.1625,
      1.375,
      2.8875,
      1.1,
      2.6125,
      0.825,
      2.3375,
      0.55,
      2.0625,
      0.275,
      1.7875,
      0,
      1.5125,
      3.025,
      1.2375,
      2.75,
      0.9625,
      2.475,
      0.6875,
      2.2,
      0.4125,
      1.925,
      0.1375,
      1.65,
      3.1625,
      1.375,
      2.8875,
      1.1,
      2.6125,
      0.825,
      2.3375,
      0.55,
      2.0625,
      0.275,
      1.7875
    ],
    "SoftwareVersions": "syngo_MR_E11",
    "SpacingBetweenSlices": 1.8,
    "TotalReadoutTime": 0.0401697,
    "TxRefAmp": 243.288,
    "VendorReportedEchoSpacing": 0.00078,
    "VoxelSizeDim1": 1.798076868057251,
    "VoxelSizeDim2": 1.798076868057251,
    "VoxelSizeDim3": 1.7999999523162842,
    "acq_id": "64dir",
    "dataset": "HBN",
    "modality": "dwi",
    "session_id": "HBNsiteCUNY",
    "subject_id": "NDARMB945WN7"
  },
  "efc_shell01": NaN,
  "efc_shell02": NaN,
  "efc_shell03": NaN,
  "fa_degenerate": 0.0,
  "fa_nans": 0.0,
  "fber_shell01": -1.0,
  "fber_shell02": -1.0,
  "fber_shell03": -1.0,
  "fd_mean": 0.7234,
  "fd_num": 125,
  "fd_perc": 96.89922480620154,
  "ndc": 0.6407,
  "provenance": {
    "md5sum": "d314e324d23d158339a8a07d542785f1",
    "settings": {
      "testing": false
    },
    "software": "mriqc",
    "version": "24.0.0"
  },
  "sigma_cc": 242.4055,
  "sigma_pca": 134.0857,
  "sigma_piesno": 71.973,
  "snr_cc_shell0": 4.35,
  "snr_cc_shell1_best": 6.2,
  "snr_cc_shell1_worst": 6.2,
  "snr_cc_shell2_best": 2.86,
  "snr_cc_shell2_worst": 1.58,
  "spikes_global": 105.78,
  "spikes_slice_i": 676.02,
  "spikes_slice_j": 614.94,
  "spikes_slice_k": 746.81,
  "summary_bg_k": 67.6536,
  "summary_bg_mad": 94.8865,
  "summary_bg_mean": 504.4546,
  "summary_bg_median": 265.0,
  "summary_bg_n": 520374.0,
  "summary_bg_p05": 180.0,
  "summary_bg_p95": 1516.0,
  "summary_bg_stdv": 737.6482,
  "summary_fg_k": 6.6164,
  "summary_fg_mad": 1353.6158,
  "summary_fg_mean": 2791.0202,
  "summary_fg_median": 2413.0,
  "summary_fg_n": 258378.0,
  "summary_fg_p05": 872.0,
  "summary_fg_p95": 5910.0,
  "summary_fg_stdv": 1716.8553,
  "summary_wm_k": 10.5043,
  "summary_wm_mad": 621.2103,
  "summary_wm_mean": 1756.6532,
  "summary_wm_median": 1636.0,
  "summary_wm_n": 95089.0,
  "summary_wm_p05": 790.0,
  "summary_wm_p95": 3105.0,
  "summary_wm_stdv": 759.1418
}