{
  "NumberOfShells": 2,
  "bValues": [
    0.0,
    1000.0,
    2000.0
  ],
  "bValuesEstimation": [
    1000.0,
    2000.0
  ],
  "bdiffs_max": 0.0701,
  "bdiffs_mean": 0.023,
  "bdiffs_median": 0.0195,
  "bdiffs_min": 0.001,
  "bids_meta": {
    "AcquisitionMatrixPE": 104,
    "BandwidthPerPixelPhaseEncode": 24.655,
    "BaseResolution": 104,
    "BodyPartExamined": "BRAIN",
    "ConsistencyInfo": "N4_VE11B_LATEST_20150530",
    "ConversionSoftware": "dcm2niix",
    "ConversionSoftwareVersion": "v1.0.20171215 GCC4.8.4",
    "DerivedVendorReportedEchoSpacing": 0.000779995,
    "DeviceSerialNumber": "67080",
    "Dim1Size": 104,
    "Dim2Size": 104,
    "Dim3Size": 72,
    "DwellTime": 3.3e-06,
    "EchoTime": 0.1002,
    "EchoTrainLength": 51,
    "EffectiveEchoSpacing": 0.000389997,
    "FlipAngle": 90,
    "ImageComments": "Unaliased_MB3_PE4",
    "ImageOrientationPatientDICOM": [
      1,
      0,
      0,
      0,
      1,
      0
    ],
    "ImageType": [
      "ORIGINAL",
      "PRIMARY",
      "DIFFUSION",
      "NONE",
      "MB",
      "ND",
      "MOSAIC"
    ],
    "InPlanePhaseEncodingDirectionDICOM": "COL",
    "MRAcquisitionType": "2D",
    "MagneticFieldStrength": 3,
    "Manufacturer": "Siemens",
    "ManufacturersModelName": "Prisma_fit",
    "Modality": "MR",
    "MultibandAccelerationFactor": 3,
    "NumVolumes": 129,
    "Obliquity": "False",
    "ParallelReductionFactorInPlane": 2,
    "PartialFourier": 1,
    "PatientPosition": "HFS",
    "PercentPhaseFOV": 100,
    "PhaseEncodingDirection": "j-",
    "PhaseEncodingSteps": 103,
    "PhaseResolution": 1,
    "PixelBandwidth": 1455,
    "ProcedureStepDescription": "CMI_HBN-CBIC",
    "ProtocolName": "cmrr_DKI",
    "PulseSequenceDetails": "%CustomerSeq%_cmrr_mbep2d_diff",
    "ReceiveCoilActiveElements": "HEA;HEP",
    "ReceiveCoilName": "Head_32",
    "ReconMatrixPE": 104,
    "RepetitionTime": 3.32,
    "SAR": 0.362547,
    "ScanOptions": "FS",
    "ScanningSequence": "EP",
    "SequenceName": "ep_b0",
    "SequenceVariant": "SK_SS",
    "SeriesDescription": "cmrr_DKI",
    "ShimSetting": [
      179,
      -10429,
      -5648,
      590,
      -24,
      -102,
      84,
      -9
    ],
    "SliceThickness": 1.8,
    "SliceTiming": [
      0,
      1.51,
      3.0225,
      1.235,
      2.7475,
      0.96,
      2.4725,
      0.6875,
      2.1975,
      0.4125,
      1.9225,
      0.1375,
      1.6475,
      3.16,
      1.3725,
      2.885,
      1.0975,
      2.61,
      0.8225,
      2.335,
      0.55,
      2.06,
      0.275,
      1.785,
      0,
      1.51,
      3.0225,
      1.235,
      2.7475,
      0.96,
      2.4725,
      0.6875,
      2.1975,
      0.4125,
      1.9225,
      0.1375,
      1.6475,
      3.16,
      1.3725,
      2.885,
      1.0975,
      2.61,
      0.8225,
      2.335,
      0.55,
      2.06,
      0.275,
      1.785,
      0,
      1.51,
      3.0225,
      1.235,
      2.7475,
      0.96,
      2.4725,
      0.6875,
      2.1975,
      0.4125,
      1.9225,
      0.1375,
      1.6475,
      3.16,
      1.3725,
      2.885,
      1.0975,
      2.61,
      0.8225,
      2.335,
      0.55,
      2.06,
      0.275,
      1.785
    ],
    "SoftwareVersions": "syngo_MR_E11",
    "SpacingBetweenSlices": 1.8,
    "StationName": "MRTRIO3TX72",
    "TotalReadoutTime": 0.0401697,
    "TxRefAmp": 206.229,
    "VendorReportedEchoSpacing": 0.00078,
    "VoxelSizeDim1": 1.798076868057251,
    "VoxelSizeDim2": 1.798076868057251,
    "VoxelSizeDim3": 1.7999999523162842,
    "acq_id": "64dir",
    "dataset": "HBN",
    "modality": "dwi",
    "session_id": "HBNsiteCBIC",
    "subject_id": "NDARLJ280UCN"
  },
  "efc_shell01": 3.889,
  "efc_shell02": 2.2369,
  "efc_shell03": 1.6837,
  "fa_degenerate": 0.0,
  "fa_nans": 0.0,
  "fber_shell01": 0.0,
  "fber_shell02": 0.0278,
  "fber_shell03": 0.0897,
  "fd_mean": 1.4721,
  "fd_num": 127,
  "fd_perc": 98.44961240310077,
  "ndc": 0.5342,
  "provenance": {
    "md5sum": "39f4ea1d66fdcb36bf09427fe91e8cac",
    "settings": {
      "testing": false
    },
    "software": "mriqc",
    "version": "24.0.0"
  },
  "sigma_cc": 200.1513,
  "sigma_pca": 66.9266,
  "sigma_piesno": 42.9197,
  "snr_cc_shell0": 3.31,
  "snr_cc_shell1_best": 5.6,
  "snr_cc_shell1_worst": 5.6,
  "snr_cc_shell2_best": 1.84,
  "snr_cc_shell2_worst": 1.15,
  "spikes_global": 69.95,
  "spikes_slice_i": 270.2,
  "spikes_slice_j": 166.67,
  "spikes_slice_k": 443.64,
  "summary_bg_k": 84.2964,
  "summary_bg_mad": 29.652,
  "summary_bg_mean": 192.3951,
  "summary_bg_median": 138.0,
  "summary_bg_n": 540970.0,
  "summary_bg_p05": 103.0,
  "summary_bg_p95": 426.0,
  "summary_bg_stdv": 240.4964,
  "summary_fg_k": 4.9542,
  "summary_fg_mad": 538.1846,
  "summary_fg_mean": 1370.9835,
  "summary_fg_median": 1247.0,
  "summary_fg_n": 237782.0,
  "summary_fg_p05": 597.0,
  "summary_fg_p95": 2577.0,
  "summary_fg_stdv": 641.806,
  "summary_wm_k": 10.5068,
  "summary_wm_mad": 388.4418,
  "summary_wm_mean": 1170.5242,
  "summary_wm_median": 1012.0,
  "summary_wm_n": 81926.0,
  "summary_wm_p05": 553.0,
  "summary_wm_p95": 2296.0,
  "summary_wm_stdv": 580.7331
}