{
  "NumberOfShells": 2,
  "bValues": [
    0.0,
    1000.0,
    2000.0
  ],
  "bValuesEstimation": [
    1000.0,
    2000.0
  ],
  "bdiffs_max": 0.0393,
  "bdiffs_mean": 0.0116,
  "bdiffs_median": 0.0069,
  "bdiffs_min": 0.0014,
  "bids_meta": {
    "AcquisitionMatrixPE": 104,
    "BandwidthPerPixelPhaseEncode": 24.655,
    "BaseResolution": 104,
    "BodyPartExamined": "BRAIN",
    "ConsistencyInfo": "N4_VE11B_LATEST_20150530",
    "ConversionSoftware": "dcm2niix",
    "ConversionSoftwareVersion": "v1.0.20171204 (OpenJPEG build) GCC4.8.4",
    "DerivedVendorReportedEchoSpacing": 0.000779995,
    "Dim1Size": 104,
    "Dim2Size": 104,
    "Dim3Size": 72,
    "DwellTime": 3.3e-06,
    "EchoTime": 0.1002,
    "EchoTrainLength": 51,
    "EffectiveEchoSpacing": 0.000389997,
    "FlipAngle": 90,
    "ImageComments": "Unaliased_MB3_PE4",
    "ImageOrientationPatientDICOM": [
      1,
      0,
      0,
      0,
      1,
      0
    ],
    "ImageType": [
      "ORIGINAL",
      "PRIMARY",
      "DIFFUSION",
      "NONE",
      "MB",
      "ND",
      "MOSAIC"
    ],
    "InPlanePhaseEncodingDirectionDICOM": "COL",
    "MRAcquisitionType": "2D",
    "MagneticFieldStrength": 3,
    "Manufacturer": "Siemens",
    "ManufacturersModelName": "Prisma_fit",
    "Modality": "MR",
    "MultibandAccelerationFactor": 3,
    "NumVolumes": 129,
    "Obliquity": "False",
    "ParallelReductionFactorInPlane": 2,
    "PartialFourier": 1,
    "PatientPosition": "HFS",
    "PercentPhaseFOV": 100,
    "PhaseEncodingDirection": "j-",
    "PhaseEncodingSteps": 103,
    "PhaseResolution": 1,
    "PixelBandwidth": 1455,
    "ProcedureStepDescription": "CMI_HBN-CBIC",
    "ProtocolName": "cmrr_DKI",
    "PulseSequenceDetails": "%CustomerSeq%_cmrr_mbep2d_diff",
    "ReceiveCoilActiveElements": "HEA;HEP",
    "ReceiveCoilName": "Head_32",
    "ReconMatrixPE": 104,
    "RepetitionTime": 3.32,
    "SAR": 0.257309,
    "ScanOptions": "FS",
    "ScanningSequence": "EP",
    "SequenceName": "ep_b0",
    "SequenceVariant": "SK_SS",
    "SeriesDescription": "cmrr_DKI",
    "ShimSetting": [
      161,
      -10421,
      -5526,
      617,
      -50,
      45,
      206,
      52
    ],
    "SliceThickness": 1.8,
    "SliceTiming": [
      0,
      1.5125,
      3.025,
      1.2375,
      2.75,
      0.9625,
      2.475,
      0.6875,
      2.2,
      0.4125,
      1.925,
      0.1375,
      1.65,
      3.1625,
      1.375,
      2.8875,
      1.1,
      2.6125,
      0.825,
      2.3375,
      0.55,
      2.0625,
      0.275,
      1.7875,
      0,
      1.5125,
      3.025,
      1.2375,
      2.75,
      0.9625,
      2.475,
      0.6875,
      2.2,
      0.4125,
      1.925,
      0.1375,
      1.65,
      3.1625,
      1.375,
      2.8875,
      1.1,
      2.6125,
      0.825,
      2.3375,
      0.55,
      2.0625,
      0.275,
      1.7875,
      0,
      1.5125,
      3.025,
      1.2375,
      2.75,
      0.9625,
      2.475,
      0.6875,
      2.2,
      0.4125,
      1.925,
      0.1375,
      1.65,
      3.1625,
      1.375,
      2.8875,
      1.1,
      2.6125,
      0.825,
      2.3375,
      0.55,
      2.0625,
      0.275,
      1.7875
    ],
    "SoftwareVersions": "syngo_MR_E11",
    "SpacingBetweenSlices": 1.8,
    "TotalReadoutTime": 0.0401697,
    "TxRefAmp": 218.109,
    "VendorReportedEchoSpacing": 0.00078,
    "VoxelSizeDim1": 1.798076868057251,
    "VoxelSizeDim2": 1.798076868057251,
    "VoxelSizeDim3": 1.7999999523162842,
    "acq_id": "64dir",
    "dataset": "HBN",
    "modality": "dwi",
    "session_id": "HBNsiteCBIC",
    "subject_id": "NDARWY718TY7"
  },
  "efc_shell01": 4.6054,
  "efc_shell02": 2.5945,
  "efc_shell03": 1.9034,
  "fa_degenerate": 0.0,
  "fa_nans": 0.0,
  "fber_shell01": -0.0024,
  "fber_shell02": 0.0318,
  "fber_shell03": 0.0637,
  "fd_mean": 1.9764,
  "fd_num": 127,
  "fd_perc": 98.44961240310077,
  "ndc": 0.7008,
  "provenance": {
    "md5sum": "f62b1184891e10fcf10e0a32bdb12912",
    "settings": {
      "testing": false
    },
    "software": "mriqc",
    "version": "24.0.0"
  },
  "sigma_cc": 238.699,
  "sigma_pca": 68.7526,
  "sigma_piesno": 43.58,
  "snr_cc_shell0": 3.08,
  "snr_cc_shell1_best": 4.69,
  "snr_cc_shell1_worst": 4.69,
  "snr_cc_shell2_best": 1.78,
  "snr_cc_shell2_worst": 1.01,
  "spikes_global": 91.97,
  "spikes_slice_i": 581.81,
  "spikes_slice_j": 522.8,
  "spikes_slice_k": 597.74,
  "summary_bg_k": 105.6629,
  "summary_bg_mad": 38.5477,
  "summary_bg_mean": 224.4205,
  "summary_bg_median": 148.0,
  "summary_bg_n": 525155.0,
  "summary_bg_p05": 106.0,
  "summary_bg_p95": 574.0,
  "summary_bg_stdv": 298.9993,
  "summary_fg_k": 7.0426,
  "summary_fg_mad": 667.171,
  "summary_fg_mean": 1544.616,
  "summary_fg_median": 1359.0,
  "summary_fg_n": 253597.0,
  "summary_fg_p05": 573.0,
  "summary_fg_p95": 3115.0,
  "summary_fg_stdv": 865.5662,
  "summary_wm_k": 15.619,
  "summary_wm_mad": 330.6203,
  "summary_wm_mean": 1042.0361,
  "summary_wm_median": 987.0,
  "summary_wm_n": 76854.0,
  "summary_wm_p05": 519.0,
  "summary_wm_p95": 1751.0,
  "summary_wm_stdv": 403.4477
}