{
  "NumberOfShells": 2,
  "bValues": [
    0.0,
    1000.0,
    2000.0
  ],
  "bValuesEstimation": [
    1000.0,
    2000.0
  ],
  "bdiffs_max": 0.0888,
  "bdiffs_mean": 0.0229,
  "bdiffs_median": 0.0195,
  "bdiffs_min": 0.0009,
  "bids_meta": {
    "AcquisitionMatrixPE": 104,
    "BandwidthPerPixelPhaseEncode": 24.655,
    "BaseResolution": 104,
    "BodyPartExamined": "BRAIN",
    "ConsistencyInfo": "N4_VE11B_LATEST_20150530",
    "ConversionSoftware": "dcm2niix",
    "ConversionSoftwareVersion": "v1.0.20171204 (OpenJPEG build) GCC4.8.4",
    "DerivedVendorReportedEchoSpacing": 0.000779995,
    "Dim1Size": 104,
    "Dim2Size": 104,
    "Dim3Size": 72,
    "DwellTime": 3.3e-06,
    "EchoTime": 0.1002,
    "EchoTrainLength": 51,
    "EffectiveEchoSpacing": 0.000389997,
    "FlipAngle": 90,
    "ImageComments": "Unaliased_MB3_PE4",
    "ImageOrientationPatientDICOM": [
      1,
      0,
      0,
      0,
      1,
      0
    ],
    "ImageType": [
      "ORIGINAL",
      "PRIMARY",
      "DIFFUSION",
      "NONE",
      "MB",
      "ND",
      "MOSAIC"
    ],
    "InPlanePhaseEncodingDirectionDICOM": "COL",
    "MRAcquisitionType": "2D",
    "MagneticFieldStrength": 3,
    "Manufacturer": "Siemens",
    "ManufacturersModelName": "Prisma_fit",
    "Modality": "MR",
    "MultibandAccelerationFactor": 3,
    "NumVolumes": 129,
    "Obliquity": "False",
    "ParallelReductionFactorInPlane": 2,
    "PartialFourier": 1,
    "PatientPosition": "HFS",
    "PercentPhaseFOV": 100,
    "PhaseEncodingDirection": "j-",
    "PhaseEncodingSteps": 103,
    "PhaseResolution": 1,
    "PixelBandwidth": 1455,
    "ProcedureStepDescription": "CMI_HBN-CBIC",
    "ProtocolName": "cmrr_DKI",
    "PulseSequenceDetails": "%CustomerSeq%_cmrr_mbep2d_diff",
    "ReceiveCoilActiveElements": "HEA;HEP",
    "ReceiveCoilName": "Head_32",
    "ReconMatrixPE": 104,
    "RepetitionTime": 3.32,
    "SAR": 0.331575,
    "ScanOptions": "FS",
    "ScanningSequence": "EP",
    "SequenceName": "ep_b0",
    "SequenceVariant": "SK_SS",
    "SeriesDescription": "cmrr_DKI",
    "ShimSetting": [
      182,
      -10436,
      -5490,
      648,
      -56,
      48,
      137,
      17
    ],
    "SliceThickness": 1.8,
    "SliceTiming": [
      0,
      1.5125,
      3.025,
      1.2375,
      2.75,
      0.9625,
      2.475,
      0.6875,
      2.2,
      0.4125,
      1.925,
      0.1375,
      1.65,
      3.1625,
      1.375,
      2.8875,
      1.1,
      2.6125,
      0.825,
      2.3375,
      0.55,
      2.0625,
      0.275,
      1.7875,
      0,
      1.5125,
      3.025,
      1.2375,
      2.75,
      0.9625,
      2.475,
      0.6875,
      2.2,
      0.4125,
      1.925,
      0.1375,
      1.65,
      3.1625,
      1.375,
      2.8875,
      1.1,
      2.6125,
      0.825,
      2.3375,
      0.55,
      2.0625,
      0.275,
      1.7875,
      0,
      1.5125,
      3.025,
      1.2375,
      2.75,
      0.9625,
      2.475,
      0.6875,
      2.2,
      0.4125,
      1.925,
      0.1375,
      1.65,
      3.1625,
      1.375,
      2.8875,
      1.1,
      2.6125,
      0.825,
      2.3375,
      0.55,
      2.0625,
      0.275,
      1.7875
    ],
    "SoftwareVersions": "syngo_MR_E11",
    "SpacingBetweenSlices": 1.8,
    "TotalReadoutTime": 0.0401697,
    "TxRefAmp": 221.773,
    "VendorReportedEchoSpacing": 0.00078,
    "VoxelSizeDim1": 1.798076868057251,
    "VoxelSizeDim2": 1.798076868057251,
    "VoxelSizeDim3": 1.8000000715255737,
    "acq_id": "64dir",
    "dataset": "HBN",
    "modality": "dwi",
    "session_id": "HBNsiteCBIC",
    "subject_id": "NDARBZ913ZB9"
  },
  "efc_shell01": 4.9593,
  "efc_shell02": 2.8105,
  "efc_shell03": 1.9958,
  "fa_degenerate": 0.0,
  "fa_nans": 0.0,
  "fber_shell01": -0.0024,
  "fber_shell02": 0.0189,
  "fber_shell03": 0.0648,
  "fd_mean": 1.789,
  "fd_num": 126,
  "fd_perc": 97.67441860465117,
  "ndc": 0.6933,
  "provenance": {
    "md5sum": "4d25c016e975855f7addfa6a1d30365c",
    "settings": {
      "testing": false
    },
    "software": "mriqc",
    "version": "24.0.0"
  },
  "sigma_cc": 127.5038,
  "sigma_pca": 65.5682,
  "sigma_piesno": 43.58,
  "snr_cc_shell0": 4.63,
  "snr_cc_shell1_best": 5.61,
  "snr_cc_shell1_worst": 5.61,
  "snr_cc_shell2_best": 2.65,
  "snr_cc_shell2_worst": 1.6,
  "spikes_global": 96.25,
  "spikes_slice_i": 292.98,
  "spikes_slice_j": 549.72,
  "spikes_slice_k": 597.02,
  "summary_bg_k": 80.4422,
  "summary_bg_mad": 40.0303,
  "summary_bg_mean": 219.8187,
  "summary_bg_median": 150.0,
  "summary_bg_n": 486895.0,
  "summary_bg_p05": 106.0,
  "summary_bg_p95": 535.0,
  "summary_bg_stdv": 277.3539,
  "summary_fg_k": 3.334,
  "summary_fg_mad": 621.2103,
  "summary_fg_mean": 1402.6266,
  "summary_fg_median": 1255.0,
  "summary_fg_n": 291857.0,
  "summary_fg_p05": 514.0,
  "summary_fg_p95": 2787.0,
  "summary_fg_stdv": 733.156,
  "summary_wm_k": 2.8609,
  "summary_wm_mad": 584.1453,
  "summary_wm_mean": 1308.4014,
  "summary_wm_median": 1180.0,
  "summary_wm_n": 169031.0,
  "summary_wm_p05": 481.0,
  "summary_wm_p95": 2549.0,
  "summary_wm_stdv": 661.1813
}