{
  "NumberOfShells": 2,
  "bValues": [
    0.0,
    1000.0,
    2000.0
  ],
  "bValuesEstimation": [
    1000.0,
    2000.0
  ],
  "bdiffs_max": 0.2085,
  "bdiffs_mean": 0.0406,
  "bdiffs_median": 0.0338,
  "bdiffs_min": 0.0008,
  "bids_meta": {
    "AcquisitionMatrixPE": 104,
    "BandwidthPerPixelPhaseEncode": 23.17,
    "BaseResolution": 104,
    "ConversionSoftware": "dcm2niix",
    "ConversionSoftwareVersion": "v1.0.20171204 (OpenJPEG build) GCC4.8.4",
    "DerivedVendorReportedEchoSpacing": 0.000829986,
    "Dim1Size": 104,
    "Dim2Size": 104,
    "Dim3Size": 72,
    "DwellTime": 3.5e-06,
    "EchoTime": 0.1002,
    "EffectiveEchoSpacing": 0.000414993,
    "FlipAngle": 90,
    "ImageComments": "Unaliased_MB3_PE4_(remote)_SENSE1",
    "ImageOrientationPatientDICOM": [
      1,
      0,
      0,
      0,
      0.960294,
      -0.278991
    ],
    "ImageType": [
      "ORIGINAL",
      "PRIMARY",
      "DIFFUSION",
      "NONE",
      "MB",
      "ND"
    ],
    "InPlanePhaseEncodingDirectionDICOM": "COL",
    "MRAcquisitionType": "2D",
    "MagneticFieldStrength": 3,
    "Manufacturer": "Siemens",
    "ManufacturersModelName": "TrioTim",
    "Modality": "MR",
    "NumVolumes": 129,
    "Obliquity": "True",
    "ParallelReductionFactorInPlane": 2,
    "PartialFourier": 1,
    "PatientPosition": "HFS",
    "PercentPhaseFOV": 100,
    "PhaseEncodingDirection": "j-",
    "PhaseEncodingSteps": 103,
    "PhaseResolution": 1,
    "PixelBandwidth": 1374,
    "ProcedureStepDescription": "CMI_HBN",
    "ProtocolName": "DKI",
    "PulseSequenceDetails": "%CustomerSeq%_cmrr_mbep2d_diff",
    "ReceiveCoilName": "32Ch_Head",
    "ReconMatrixPE": 104,
    "RepetitionTime": 3.32,
    "SAR": 0.347867,
    "ScanOptions": "FS",
    "ScanningSequence": "EP",
    "SequenceName": "ep_b0",
    "SequenceVariant": "SK_SS",
    "SeriesDescription": "DKI",
    "ShimSetting": [
      2081,
      -640,
      -7703,
      1117,
      132,
      388,
      -279,
      -224
    ],
    "SliceThickness": 1.8,
    "SoftwareVersions": "syngo_MR_B19",
    "SpacingBetweenSlices": 1.8,
    "TotalReadoutTime": 0.0427443,
    "TxRefAmp": 323.51,
    "VoxelSizeDim1": 1.798076868057251,
    "VoxelSizeDim2": 1.798076868057251,
    "VoxelSizeDim3": 1.7999944686889648,
    "acq_id": "64dir",
    "dataset": "HBN",
    "modality": "dwi",
    "session_id": "HBNsiteRU",
    "subject_id": "NDARYD546HCB"
  },
  "efc_shell01": 1.8168,
  "efc_shell02": 0.544,
  "efc_shell03": 0.5457,
  "fa_degenerate": 0.0,
  "fa_nans": 0.0,
  "fber_shell01": 196.0,
  "fber_shell02": 390.0625,
  "fber_shell03": 85.5625,
  "fd_mean": 4.1776,
  "fd_num": 128,
  "fd_perc": 99.2248062015504,
  "ndc": 0.4463,
  "provenance": {
    "md5sum": "e1425b7a86dc116217870b7577670c67",
    "settings": {
      "testing": false
    },
    "software": "mriqc",
    "version": "24.0.0"
  },
  "sigma_cc": 35.5825,
  "sigma_pca": 10.7953,
  "sigma_piesno": 1.4857,
  "snr_cc_shell0": 3.69,
  "snr_cc_shell1_best": 4.33,
  "snr_cc_shell1_worst": 4.33,
  "snr_cc_shell2_best": 1.84,
  "snr_cc_shell2_worst": 1.04,
  "spikes_global": 40.76,
  "spikes_slice_i": 76.61,
  "spikes_slice_j": 105.6,
  "spikes_slice_k": 240.81,
  "summary_bg_k": 238.9082,
  "summary_bg_mad": 2.9652,
  "summary_bg_mean": 7.2715,
  "summary_bg_median": 4.0,
  "summary_bg_n": 568982.0,
  "summary_bg_p05": 0.0,
  "summary_bg_p95": 25.0,
  "summary_bg_stdv": 14.033,
  "summary_fg_k": 4.4931,
  "summary_fg_mad": 78.5779,
  "summary_fg_mean": 221.3167,
  "summary_fg_median": 211.0,
  "summary_fg_n": 209770.0,
  "summary_fg_p05": 102.0,
  "summary_fg_p95": 383.0,
  "summary_fg_stdv": 91.4986,
  "summary_wm_k": 3.1442,
  "summary_wm_mad": 77.0953,
  "summary_wm_mean": 219.6027,
  "summary_wm_median": 210.0,
  "summary_wm_n": 198144.0,
  "summary_wm_p05": 104.0,
  "summary_wm_p95": 375.0,
  "summary_wm_stdv": 87.8907
}