{
  "NumberOfShells": 2,
  "bValues": [
    0.0,
    1000.0,
    2000.0
  ],
  "bValuesEstimation": [
    1000.0,
    2000.0
  ],
  "bdiffs_max": 0.0349,
  "bdiffs_mean": 0.0158,
  "bdiffs_median": 0.0157,
  "bdiffs_min": 0.0017,
  "bids_meta": {
    "AcquisitionMatrixPE": 104,
    "BandwidthPerPixelPhaseEncode": 23.17,
    "BaseResolution": 104,
    "ConversionSoftware": "dcm2niix",
    "ConversionSoftwareVersion": "v1.0.20171204 (OpenJPEG build) GCC4.8.4",
    "DerivedVendorReportedEchoSpacing": 0.000829986,
    "Dim1Size": 104,
    "Dim2Size": 104,
    "Dim3Size": 72,
    "DwellTime": 3.5e-06,
    "EchoTime": 0.1002,
    "EffectiveEchoSpacing": 0.000414993,
    "FlipAngle": 90,
    "ImageComments": "Unaliased_MB3_PE4_(remote)_SENSE1",
    "ImageOrientationPatientDICOM": [
      0.998537,
      -0.0242986,
      -0.0483125,
      1.13403e-09,
      0.893371,
      -0.449319
    ],
    "ImageType": [
      "ORIGINAL",
      "PRIMARY",
      "DIFFUSION",
      "NONE",
      "MB",
      "ND"
    ],
    "InPlanePhaseEncodingDirectionDICOM": "COL",
    "MRAcquisitionType": "2D",
    "MagneticFieldStrength": 3,
    "Manufacturer": "Siemens",
    "ManufacturersModelName": "TrioTim",
    "Modality": "MR",
    "NumVolumes": 129,
    "Obliquity": "True",
    "ParallelReductionFactorInPlane": 2,
    "PartialFourier": 1,
    "PatientPosition": "HFS",
    "PercentPhaseFOV": 100,
    "PhaseEncodingDirection": "j-",
    "PhaseEncodingSteps": 103,
    "PhaseResolution": 1,
    "PixelBandwidth": 1374,
    "ProcedureStepDescription": "CMI_HBN",
    "ProtocolName": "DKI",
    "PulseSequenceDetails": "%CustomerSeq%_cmrr_mbep2d_diff",
    "ReceiveCoilName": "32Ch_Head",
    "ReconMatrixPE": 104,
    "RepetitionTime": 3.32,
    "SAR": 0.34769,
    "ScanOptions": "FS",
    "ScanningSequence": "EP",
    "SequenceName": "ep_b0",
    "SequenceVariant": "SK_SS",
    "SeriesDescription": "DKI",
    "ShimSetting": [
      2008,
      -460,
      -7596,
      852,
      553,
      438,
      -92,
      -56
    ],
    "SliceThickness": 1.8,
    "SoftwareVersions": "syngo_MR_B19",
    "SpacingBetweenSlices": 1.8,
    "TotalReadoutTime": 0.0427443,
    "TxRefAmp": 312.941,
    "VoxelSizeDim1": 1.798076868057251,
    "VoxelSizeDim2": 1.798076868057251,
    "VoxelSizeDim3": 1.7999995946884155,
    "acq_id": "64dir",
    "dataset": "HBN",
    "modality": "dwi",
    "session_id": "HBNsiteRU",
    "subject_id": "NDARRU720LG4"
  },
  "efc_shell01": 2.4628,
  "efc_shell02": 0.5427,
  "efc_shell03": 0.5493,
  "fa_degenerate": 0.0,
  "fa_nans": 0.0,
  "fber_shell01": 43.5625,
  "fber_shell02": 529.0,
  "fber_shell03": 156.25,
  "fd_mean": 2.2954,
  "fd_num": 128,
  "fd_perc": 99.2248062015504,
  "ndc": 0.6235,
  "provenance": {
    "md5sum": "7e7b4d06fa393e8f0d2c0d9879ee8cbd",
    "settings": {
      "testing": false
    },
    "software": "mriqc",
    "version": "24.0.0"
  },
  "sigma_cc": 45.2194,
  "sigma_pca": 11.6186,
  "sigma_piesno": 1.6508,
  "snr_cc_shell0": 3.49,
  "snr_cc_shell1_best": 4.11,
  "snr_cc_shell1_worst": 4.11,
  "snr_cc_shell2_best": 1.69,
  "snr_cc_shell2_worst": 1.04,
  "spikes_global": 46.3,
  "spikes_slice_i": 156.32,
  "spikes_slice_j": 107.67,
  "spikes_slice_k": 247.27,
  "summary_bg_k": 224.101,
  "summary_bg_mad": 2.9652,
  "summary_bg_mean": 8.2183,
  "summary_bg_median": 4.0,
  "summary_bg_n": 580646.0,
  "summary_bg_p05": 1.0,
  "summary_bg_p95": 29.0,
  "summary_bg_stdv": 17.2977,
  "summary_fg_k": 5.6006,
  "summary_fg_mad": 85.9909,
  "summary_fg_mean": 249.9906,
  "summary_fg_median": 237.0,
  "summary_fg_n": 198106.0,
  "summary_fg_p05": 120.0,
  "summary_fg_p95": 428.0,
  "summary_fg_stdv": 103.0175,
  "summary_wm_k": 4.6088,
  "summary_wm_mad": 66.7171,
  "summary_wm_mean": 209.1142,
  "summary_wm_median": 196.0,
  "summary_wm_n": 88565.0,
  "summary_wm_p05": 103.0,
  "summary_wm_p95": 358.0,
  "summary_wm_stdv": 84.1824
}