{
  "NumberOfShells": 2,
  "bValues": [
    0.0,
    1000.0,
    2000.0
  ],
  "bValuesEstimation": [
    1000.0,
    2000.0
  ],
  "bdiffs_max": 0.1952,
  "bdiffs_mean": 0.0538,
  "bdiffs_median": 0.044,
  "bdiffs_min": 0.0037,
  "bids_meta": {
    "AcquisitionMatrixPE": 104,
    "BandwidthPerPixelPhaseEncode": 23.17,
    "BaseResolution": 104,
    "ConversionSoftware": "dcm2niix",
    "ConversionSoftwareVersion": "v1.0.20171204 (OpenJPEG build) GCC4.8.4",
    "DerivedVendorReportedEchoSpacing": 0.000829986,
    "Dim1Size": 104,
    "Dim2Size": 104,
    "Dim3Size": 72,
    "DwellTime": 3.5e-06,
    "EchoTime": 0.1002,
    "EffectiveEchoSpacing": 0.000414993,
    "FlipAngle": 90,
    "ImageComments": "Unaliased_MB3_PE4_(remote)_SENSE1",
    "ImageOrientationPatientDICOM": [
      0.999391,
      -0.00612022,
      -0.0343587,
      7.11076e-09,
      0.984503,
      -0.175367
    ],
    "ImageType": [
      "ORIGINAL",
      "PRIMARY",
      "DIFFUSION",
      "NONE",
      "MB",
      "ND"
    ],
    "InPlanePhaseEncodingDirectionDICOM": "COL",
    "MRAcquisitionType": "2D",
    "MagneticFieldStrength": 3,
    "Manufacturer": "Siemens",
    "ManufacturersModelName": "TrioTim",
    "Modality": "MR",
    "NumVolumes": 129,
    "Obliquity": "True",
    "ParallelReductionFactorInPlane": 2,
    "PartialFourier": 1,
    "PatientPosition": "HFS",
    "PercentPhaseFOV": 100,
    "PhaseEncodingDirection": "j-",
    "PhaseEncodingSteps": 103,
    "PhaseResolution": 1,
    "PixelBandwidth": 1374,
    "ProcedureStepDescription": "CMI_HBN",
    "ProtocolName": "DKI",
    "PulseSequenceDetails": "%CustomerSeq%_cmrr_mbep2d_diff",
    "ReceiveCoilName": "32Ch_Head",
    "ReconMatrixPE": 104,
    "RepetitionTime": 3.32,
    "SAR": 0.26775,
    "ScanOptions": "FS",
    "ScanningSequence": "EP",
    "SequenceName": "ep_b0",
    "SequenceVariant": "SK_SS",
    "SeriesDescription": "DKI",
    "ShimSetting": [
      1943,
      -592,
      -7681,
      1047,
      -56,
      163,
      -310,
      -282
    ],
    "SliceThickness": 1.8,
    "SoftwareVersions": "syngo_MR_B19",
    "SpacingBetweenSlices": 1.8,
    "TotalReadoutTime": 0.0427443,
    "TxRefAmp": 299.487,
    "VoxelSizeDim1": 1.798076868057251,
    "VoxelSizeDim2": 1.798076868057251,
    "VoxelSizeDim3": 1.7999967336654663,
    "acq_id": "64dir",
    "dataset": "HBN",
    "modality": "dwi",
    "session_id": "HBNsiteRU",
    "subject_id": "NDARPK237YHD"
  },
  "efc_shell01": 1.7787,
  "efc_shell02": 0.6112,
  "efc_shell03": 0.5934,
  "fa_degenerate": 0.0,
  "fa_nans": 0.0,
  "fber_shell01": 298.92,
  "fber_shell02": 361.0,
  "fber_shell03": 100.0,
  "fd_mean": 4.4602,
  "fd_num": 128,
  "fd_perc": 99.2248062015504,
  "ndc": 0.5613,
  "provenance": {
    "md5sum": "6bb33ada888192d5a57e574f9f4ee293",
    "settings": {
      "testing": false
    },
    "software": "mriqc",
    "version": "24.0.0"
  },
  "sigma_cc": 31.1346,
  "sigma_pca": 12.0617,
  "sigma_piesno": 1.3206,
  "snr_cc_shell0": 3.89,
  "snr_cc_shell1_best": 3.6,
  "snr_cc_shell1_worst": 3.6,
  "snr_cc_shell2_best": 1.96,
  "snr_cc_shell2_worst": 1.2,
  "spikes_global": 101.23,
  "spikes_slice_i": 607.69,
  "spikes_slice_j": 456.54,
  "spikes_slice_k": 717.43,
  "summary_bg_k": 134.4228,
  "summary_bg_mad": 4.4478,
  "summary_bg_mean": 15.6228,
  "summary_bg_median": 5.0,
  "summary_bg_n": 527246.0,
  "summary_bg_p05": 1.0,
  "summary_bg_p95": 53.0,
  "summary_bg_stdv": 48.0921,
  "summary_fg_k": 6.2308,
  "summary_fg_mad": 102.2996,
  "summary_fg_mean": 244.4841,
  "summary_fg_median": 212.0,
  "summary_fg_n": 251506.0,
  "summary_fg_p05": 94.0,
  "summary_fg_p95": 506.0,
  "summary_fg_stdv": 138.3169,
  "summary_wm_k": 6.6974,
  "summary_wm_mad": 97.8517,
  "summary_wm_mean": 234.604,
  "summary_wm_median": 206.0,
  "summary_wm_n": 219361.0,
  "summary_wm_p05": 92.0,
  "summary_wm_p95": 462.0,
  "summary_wm_stdv": 125.5773
}