{
  "NumberOfShells": 2,
  "bValues": [
    0.0,
    1000.0,
    2000.0
  ],
  "bValuesEstimation": [
    1000.0,
    2000.0
  ],
  "bdiffs_max": 0.1559,
  "bdiffs_mean": 0.0478,
  "bdiffs_median": 0.0381,
  "bdiffs_min": 0.006,
  "bids_meta": {
    "AcquisitionMatrixPE": 104,
    "BandwidthPerPixelPhaseEncode": 24.655,
    "BaseResolution": 104,
    "BodyPartExamined": "BRAIN",
    "ConsistencyInfo": "N4_VE11B_LATEST_20150530",
    "ConversionSoftware": "dcm2niix",
    "ConversionSoftwareVersion": "v1.0.20171204 (OpenJPEG build) GCC4.8.4",
    "DerivedVendorReportedEchoSpacing": 0.000779995,
    "Dim1Size": 104,
    "Dim2Size": 104,
    "Dim3Size": 72,
    "DwellTime": 3.3e-06,
    "EchoTime": 0.1002,
    "EchoTrainLength": 51,
    "EffectiveEchoSpacing": 0.000389997,
    "FlipAngle": 90,
    "ImageComments": "Unaliased_MB3_PE4",
    "ImageOrientationPatientDICOM": [
      1,
      0,
      0,
      0,
      1,
      0
    ],
    "ImageType": [
      "ORIGINAL",
      "PRIMARY",
      "DIFFUSION",
      "NONE",
      "MB",
      "ND",
      "MOSAIC"
    ],
    "InPlanePhaseEncodingDirectionDICOM": "COL",
    "MRAcquisitionType": "2D",
    "MagneticFieldStrength": 3,
    "Manufacturer": "Siemens",
    "ManufacturersModelName": "Prisma_fit",
    "Modality": "MR",
    "MultibandAccelerationFactor": 3,
    "NumVolumes": 129,
    "Obliquity": "False",
    "ParallelReductionFactorInPlane": 2,
    "PartialFourier": 1,
    "PatientPosition": "HFS",
    "PercentPhaseFOV": 100,
    "PhaseEncodingDirection": "j-",
    "PhaseEncodingSteps": 103,
    "PhaseResolution": 1,
    "PixelBandwidth": 1455,
    "ProcedureStepDescription": "CMI_HBN-CBIC",
    "ProtocolName": "cmrr_DKI",
    "PulseSequenceDetails": "%CustomerSeq%_cmrr_mbep2d_diff",
    "ReceiveCoilActiveElements": "HEA;HEP",
    "ReceiveCoilName": "Head_32",
    "ReconMatrixPE": 104,
    "RepetitionTime": 3.32,
    "SAR": 0.219015,
    "ScanOptions": "FS",
    "ScanningSequence": "EP",
    "SequenceName": "ep_b0",
    "SequenceVariant": "SK_SS",
    "SeriesDescription": "cmrr_DKI",
    "ShimSetting": [
      211,
      -10395,
      -5626,
      570,
      -59,
      98,
      -5,
      12
    ],
    "SliceThickness": 1.8,
    "SliceTiming": [
      0,
      1.5125,
      3.025,
      1.2375,
      2.75,
      0.9625,
      2.475,
      0.6875,
      2.2,
      0.4125,
      1.925,
      0.1375,
      1.65,
      3.1625,
      1.375,
      2.8875,
      1.1,
      2.6125,
      0.825,
      2.3375,
      0.55,
      2.0625,
      0.275,
      1.7875,
      0,
      1.5125,
      3.025,
      1.2375,
      2.75,
      0.9625,
      2.475,
      0.6875,
      2.2,
      0.4125,
      1.925,
      0.1375,
      1.65,
      3.1625,
      1.375,
      2.8875,
      1.1,
      2.6125,
      0.825,
      2.3375,
      0.55,
      2.0625,
      0.275,
      1.7875,
      0,
      1.5125,
      3.025,
      1.2375,
      2.75,
      0.9625,
      2.475,
      0.6875,
      2.2,
      0.4125,
      1.925,
      0.1375,
      1.65,
      3.1625,
      1.375,
      2.8875,
      1.1,
      2.6125,
      0.825,
      2.3375,
      0.55,
      2.0625,
      0.275,
      1.7875
    ],
    "SoftwareVersions": "syngo_MR_E11",
    "SpacingBetweenSlices": 1.8,
    "TotalReadoutTime": 0.0401697,
    "TxRefAmp": 220.486,
    "VendorReportedEchoSpacing": 0.00078,
    "VoxelSizeDim1": 1.798076868057251,
    "VoxelSizeDim2": 1.798076868057251,
    "VoxelSizeDim3": 1.7999999523162842,
    "acq_id": "64dir",
    "dataset": "HBN",
    "modality": "dwi",
    "session_id": "HBNsiteCBIC",
    "subject_id": "NDARRX897XV1"
  },
  "efc_shell01": 4.3805,
  "efc_shell02": 2.3199,
  "efc_shell03": 1.7555,
  "fa_degenerate": 0.0,
  "fa_nans": 0.0,
  "fber_shell01": 0.0,
  "fber_shell02": 0.0648,
  "fber_shell03": 0.1575,
  "fd_mean": 2.538,
  "fd_num": 128,
  "fd_perc": 99.2248062015504,
  "ndc": 0.7289,
  "provenance": {
    "md5sum": "e1a398c393923bb6c31120ef23844fe4",
    "settings": {
      "testing": false
    },
    "software": "mriqc",
    "version": "24.0.0"
  },
  "sigma_cc": 137.1407,
  "sigma_pca": 68.3332,
  "sigma_piesno": 43.2498,
  "snr_cc_shell0": 4.03,
  "snr_cc_shell1_best": 3.86,
  "snr_cc_shell1_worst": 3.86,
  "snr_cc_shell2_best": 2.12,
  "snr_cc_shell2_worst": 1.68,
  "spikes_global": 110.49,
  "spikes_slice_i": 665.66,
  "spikes_slice_j": 633.57,
  "spikes_slice_k": 778.35,
  "summary_bg_k": 76.9009,
  "summary_bg_mad": 41.5129,
  "summary_bg_mean": 231.4226,
  "summary_bg_median": 149.0,
  "summary_bg_n": 534874.0,
  "summary_bg_p05": 106.0,
  "summary_bg_p95": 541.0,
  "summary_bg_stdv": 349.7364,
  "summary_fg_k": 6.0121,
  "summary_fg_mad": 604.9017,
  "summary_fg_mean": 1386.1524,
  "summary_fg_median": 1173.0,
  "summary_fg_n": 243878.0,
  "summary_fg_p05": 476.0,
  "summary_fg_p95": 3024.0,
  "summary_fg_stdv": 842.2357,
  "summary_wm_k": 8.1649,
  "summary_wm_mad": 318.7595,
  "summary_wm_mean": 953.8361,
  "summary_wm_median": 863.0,
  "summary_wm_n": 84451.0,
  "summary_wm_p05": 455.0,
  "summary_wm_p95": 1789.0,
  "summary_wm_stdv": 435.8916
}