{
  "NumberOfShells": 2,
  "bValues": [
    0.0,
    1000.0,
    2000.0
  ],
  "bValuesEstimation": [
    1000.0,
    2000.0
  ],
  "bdiffs_max": 0.0432,
  "bdiffs_mean": 0.0168,
  "bdiffs_median": 0.0149,
  "bdiffs_min": 0.0025,
  "bids_meta": {
    "AcquisitionMatrixPE": 104,
    "BandwidthPerPixelPhaseEncode": 24.655,
    "BaseResolution": 104,
    "BodyPartExamined": "BRAIN",
    "ConsistencyInfo": "N4_VE11C_LATEST_20160120",
    "ConversionSoftware": "dcm2niix",
    "ConversionSoftwareVersion": "v1.0.20171215 GCC4.8.4",
    "DerivedVendorReportedEchoSpacing": 0.000779995,
    "Dim1Size": 104,
    "Dim2Size": 104,
    "Dim3Size": 72,
    "DwellTime": 3.3e-06,
    "EchoTime": 0.1002,
    "EchoTrainLength": 51,
    "EffectiveEchoSpacing": 0.000389997,
    "FlipAngle": 90,
    "ImageComments": "Unaliased_MB3_PE4_LB",
    "ImageOrientationPatientDICOM": [
      1,
      0,
      0,
      0,
      1,
      0
    ],
    "ImageType": [
      "ORIGINAL",
      "PRIMARY",
      "DIFFUSION",
      "NONE",
      "MB",
      "ND",
      "MOSAIC"
    ],
    "InPlanePhaseEncodingDirectionDICOM": "COL",
    "MRAcquisitionType": "2D",
    "MagneticFieldStrength": 3,
    "Manufacturer": "Siemens",
    "ManufacturersModelName": "Prisma",
    "Modality": "MR",
    "MultibandAccelerationFactor": 3,
    "NumVolumes": 129,
    "Obliquity": "False",
    "ParallelReductionFactorInPlane": 2,
    "PartialFourier": 1,
    "PatientPosition": "HFS",
    "PercentPhaseFOV": 100,
    "PhaseEncodingDirection": "j-",
    "PhaseEncodingSteps": 103,
    "PhaseResolution": 1,
    "PixelBandwidth": 1455,
    "ProcedureStepDescription": "CMI_CUNY_HBN",
    "ProtocolName": "cmrr_DKI",
    "PulseSequenceDetails": "%CustomerSeq%_cmrr_mbep2d_diff",
    "ReceiveCoilActiveElements": "HEA;HEP",
    "ReceiveCoilName": "Head_32",
    "ReconMatrixPE": 104,
    "RepetitionTime": 3.32,
    "SAR": 0.143854,
    "ScanOptions": "FS",
    "ScanningSequence": "EP",
    "SequenceName": "ep_b0",
    "SequenceVariant": "SK_SS",
    "SeriesDescription": "cmrr_DKI",
    "ShimSetting": [
      -1616,
      -10213,
      2274,
      773,
      97,
      -284,
      123,
      52
    ],
    "SliceThickness": 1.8,
    "SliceTiming": [
      0,
      1.5125,
      3.025,
      1.2375,
      2.75,
      0.9625,
      2.475,
      0.6875,
      2.2,
      0.4125,
      1.925,
      0.1375,
      1.65,
      3.1625,
      1.375,
      2.8875,
      1.1,
      2.6125,
      0.825,
      2.3375,
      0.55,
      2.0625,
      0.275,
      1.7875,
      0,
      1.5125,
      3.025,
      1.2375,
      2.75,
      0.9625,
      2.475,
      0.6875,
      2.2,
      0.4125,
      1.925,
      0.1375,
      1.65,
      3.1625,
      1.375,
      2.8875,
      1.1,
      2.6125,
      0.825,
      2.3375,
      0.55,
      2.0625,
      0.275,
      1.7875,
      0,
      1.5125,
      3.025,
      1.2375,
      2.75,
      0.9625,
      2.475,
      0.6875,
      2.2,
      0.4125,
      1.925,
      0.1375,
      1.65,
      3.1625,
      1.375,
      2.8875,
      1.1,
      2.6125,
      0.825,
      2.3375,
      0.55,
      2.0625,
      0.275,
      1.7875
    ],
    "SoftwareVersions": "syngo_MR_E11",
    "SpacingBetweenSlices": 1.8,
    "TotalReadoutTime": 0.0401697,
    "TxRefAmp": 222.787,
    "VendorReportedEchoSpacing": 0.00078,
    "VoxelSizeDim1": 1.798076868057251,
    "VoxelSizeDim2": 1.798076868057251,
    "VoxelSizeDim3": 1.7999999523162842,
    "acq_id": "64dir",
    "dataset": "HBN",
    "modality": "dwi",
    "session_id": "HBNsiteCUNY",
    "subject_id": "NDARZA034RW7"
  },
  "efc_shell01": NaN,
  "efc_shell02": NaN,
  "efc_shell03": NaN,
  "fa_degenerate": 0.0,
  "fa_nans": 0.0,
  "fber_shell01": -1.0,
  "fber_shell02": -1.0,
  "fber_shell03": -1.0,
  "fd_mean": 1.4776,
  "fd_num": 126,
  "fd_perc": 97.67441860465117,
  "ndc": 0.3503,
  "provenance": {
    "md5sum": "36ef773befbcfc10eb648411532bea20",
    "settings": {
      "testing": false
    },
    "software": "mriqc",
    "version": "24.0.0"
  },
  "sigma_cc": 299.4856,
  "sigma_pca": 122.7167,
  "sigma_piesno": 66.5255,
  "snr_cc_shell0": 3.83,
  "snr_cc_shell1_best": 3.56,
  "snr_cc_shell1_worst": 3.56,
  "snr_cc_shell2_best": 2.23,
  "snr_cc_shell2_worst": 1.3,
  "spikes_global": 65.8,
  "spikes_slice_i": 198.77,
  "spikes_slice_j": 356.13,
  "spikes_slice_k": 338.29,
  "summary_bg_k": 80.034,
  "summary_bg_mad": 42.9955,
  "summary_bg_mean": 299.5927,
  "summary_bg_median": 208.0,
  "summary_bg_n": 558313.0,
  "summary_bg_p05": 157.0,
  "summary_bg_p95": 624.0,
  "summary_bg_stdv": 426.7191,
  "summary_fg_k": 3.6731,
  "summary_fg_mad": 1003.7217,
  "summary_fg_mean": 2558.4585,
  "summary_fg_median": 2351.0,
  "summary_fg_n": 220439.0,
  "summary_fg_p05": 1105.0,
  "summary_fg_p95": 4796.0,
  "summary_fg_stdv": 1182.9959,
  "summary_wm_k": 3.0823,
  "summary_wm_mad": 982.9653,
  "summary_wm_mean": 2429.8726,
  "summary_wm_median": 2158.0,
  "summary_wm_n": 142076.0,
  "summary_wm_p05": 1037.0,
  "summary_wm_p95": 4802.0,
  "summary_wm_stdv": 1200.9821
}