{
  "NumberOfShells": 2,
  "bValues": [
    0.0,
    1000.0,
    2000.0
  ],
  "bValuesEstimation": [
    1000.0,
    2000.0
  ],
  "bdiffs_max": 0.0477,
  "bdiffs_mean": 0.0209,
  "bdiffs_median": 0.0166,
  "bdiffs_min": 0.0021,
  "bids_meta": {
    "AcquisitionMatrixPE": 104,
    "BandwidthPerPixelPhaseEncode": 23.17,
    "BaseResolution": 104,
    "ConversionSoftware": "dcm2niix",
    "ConversionSoftwareVersion": "v1.0.20171215 GCC4.8.4",
    "DerivedVendorReportedEchoSpacing": 0.000829986,
    "Dim1Size": 104,
    "Dim2Size": 104,
    "Dim3Size": 72,
    "DwellTime": 3.5e-06,
    "EchoTime": 0.1002,
    "EffectiveEchoSpacing": 0.000414993,
    "FlipAngle": 90,
    "ImageComments": "Unaliased_MB3_PE4_(remote)_SENSE1",
    "ImageOrientationPatientDICOM": [
      0.999743,
      -0.00697315,
      -0.0215891,
      4.60293e-08,
      0.951594,
      -0.307357
    ],
    "ImageType": [
      "ORIGINAL",
      "PRIMARY",
      "DIFFUSION",
      "NONE",
      "MB",
      "ND"
    ],
    "InPlanePhaseEncodingDirectionDICOM": "COL",
    "MRAcquisitionType": "2D",
    "MagneticFieldStrength": 3,
    "Manufacturer": "Siemens",
    "ManufacturersModelName": "TrioTim",
    "Modality": "MR",
    "NumVolumes": 129,
    "Obliquity": "True",
    "ParallelReductionFactorInPlane": 2,
    "PartialFourier": 1,
    "PatientPosition": "HFS",
    "PercentPhaseFOV": 100,
    "PhaseEncodingDirection": "j-",
    "PhaseEncodingSteps": 103,
    "PhaseResolution": 1,
    "PixelBandwidth": 1374,
    "ProcedureStepDescription": "CMI_HBN",
    "ProtocolName": "DKI",
    "PulseSequenceDetails": "%CustomerSeq%_cmrr_mbep2d_diff",
    "ReceiveCoilName": "32Ch_Head",
    "ReconMatrixPE": 104,
    "RepetitionTime": 3.32,
    "SAR": 0.285439,
    "ScanOptions": "FS",
    "ScanningSequence": "EP",
    "SequenceName": "ep_b0",
    "SequenceVariant": "SK_SS",
    "SeriesDescription": "DKI",
    "ShimSetting": [
      1950,
      -606,
      -7678,
      916,
      60,
      -90,
      38,
      -112
    ],
    "SliceThickness": 1.8,
    "SoftwareVersions": "syngo_MR_B19",
    "SpacingBetweenSlices": 1.8,
    "TotalReadoutTime": 0.0427443,
    "TxRefAmp": 310.074,
    "VoxelSizeDim1": 1.798076868057251,
    "VoxelSizeDim2": 1.798076868057251,
    "VoxelSizeDim3": 1.800004005432129,
    "acq_id": "64dir",
    "dataset": "HBN",
    "modality": "dwi",
    "session_id": "HBNsiteRU",
    "subject_id": "NDARYZ637LK4"
  },
  "efc_shell01": 1.9404,
  "efc_shell02": 0.6242,
  "efc_shell03": 0.5797,
  "fa_degenerate": 0.0,
  "fa_nans": 0.0,
  "fber_shell01": 187.56,
  "fber_shell02": 275.56,
  "fber_shell03": 138.0625,
  "fd_mean": 1.757,
  "fd_num": 128,
  "fd_perc": 99.2248062015504,
  "ndc": 0.6796,
  "provenance": {
    "md5sum": "a4aee6902c9ffc1b486fcccec655f925",
    "settings": {
      "testing": false
    },
    "software": "mriqc",
    "version": "24.0.0"
  },
  "sigma_cc": 39.289,
  "sigma_pca": 11.8581,
  "sigma_piesno": 1.6508,
  "snr_cc_shell0": 3.56,
  "snr_cc_shell1_best": 4.51,
  "snr_cc_shell1_worst": 4.51,
  "snr_cc_shell2_best": 1.86,
  "snr_cc_shell2_worst": 0.98,
  "spikes_global": 73.62,
  "spikes_slice_i": 374.76,
  "spikes_slice_j": 272.27,
  "spikes_slice_k": 486.65,
  "summary_bg_k": 137.4048,
  "summary_bg_mad": 4.4478,
  "summary_bg_mean": 14.0783,
  "summary_bg_median": 5.0,
  "summary_bg_n": 554011.0,
  "summary_bg_p05": 1.0,
  "summary_bg_p95": 47.0,
  "summary_bg_stdv": 41.9615,
  "summary_fg_k": 4.9296,
  "summary_fg_mad": 105.2648,
  "summary_fg_mean": 252.9434,
  "summary_fg_median": 226.0,
  "summary_fg_n": 224741.0,
  "summary_fg_p05": 99.0,
  "summary_fg_p95": 497.0,
  "summary_fg_stdv": 130.9949,
  "summary_wm_k": 7.587,
  "summary_wm_mad": 81.5431,
  "summary_wm_mean": 218.0962,
  "summary_wm_median": 194.0,
  "summary_wm_n": 127010.0,
  "summary_wm_p05": 93.0,
  "summary_wm_p95": 428.0,
  "summary_wm_stdv": 109.4972
}