{
  "NumberOfShells": 2,
  "bValues": [
    0.0,
    1000.0,
    2000.0
  ],
  "bValuesEstimation": [
    1000.0,
    2000.0
  ],
  "bdiffs_max": 0.0416,
  "bdiffs_mean": 0.0128,
  "bdiffs_median": 0.0108,
  "bdiffs_min": 0.0004,
  "bids_meta": {
    "AcquisitionMatrixPE": 104,
    "BandwidthPerPixelPhaseEncode": 23.17,
    "BaseResolution": 104,
    "ConversionSoftware": "dcm2niix",
    "ConversionSoftwareVersion": "v1.0.20171204 (OpenJPEG build) GCC4.8.4",
    "DerivedVendorReportedEchoSpacing": 0.000829986,
    "Dim1Size": 104,
    "Dim2Size": 104,
    "Dim3Size": 72,
    "DwellTime": 3.5e-06,
    "EchoTime": 0.1002,
    "EffectiveEchoSpacing": 0.000414993,
    "FlipAngle": 90,
    "ImageComments": "Unaliased_MB3_PE4_(remote)_SENSE1",
    "ImageOrientationPatientDICOM": [
      0.999568,
      0.00404055,
      0.0291056,
      -3.56625e-08,
      0.990501,
      -0.137504
    ],
    "ImageType": [
      "ORIGINAL",
      "PRIMARY",
      "DIFFUSION",
      "NONE",
      "MB",
      "ND"
    ],
    "InPlanePhaseEncodingDirectionDICOM": "COL",
    "MRAcquisitionType": "2D",
    "MagneticFieldStrength": 3,
    "Manufacturer": "Siemens",
    "ManufacturersModelName": "TrioTim",
    "Modality": "MR",
    "NumVolumes": 129,
    "Obliquity": "True",
    "ParallelReductionFactorInPlane": 2,
    "PartialFourier": 1,
    "PatientPosition": "HFS",
    "PercentPhaseFOV": 100,
    "PhaseEncodingDirection": "j-",
    "PhaseEncodingSteps": 103,
    "PhaseResolution": 1,
    "PixelBandwidth": 1374,
    "ProcedureStepDescription": "CMI_HBN",
    "ProtocolName": "DKI",
    "PulseSequenceDetails": "%CustomerSeq%_cmrr_mbep2d_diff",
    "ReceiveCoilName": "32Ch_Head",
    "ReconMatrixPE": 104,
    "RepetitionTime": 3.32,
    "SAR": 0.305384,
    "ScanOptions": "FS",
    "ScanningSequence": "EP",
    "SequenceName": "ep_b0",
    "SequenceVariant": "SK_SS",
    "SeriesDescription": "DKI",
    "ShimSetting": [
      2057,
      -584,
      -7633,
      1086,
      192,
      813,
      12,
      -111
    ],
    "SliceThickness": 1.8,
    "SoftwareVersions": "syngo_MR_B19",
    "SpacingBetweenSlices": 1.8,
    "TotalReadoutTime": 0.0427443,
    "TxRefAmp": 305.503,
    "VoxelSizeDim1": 1.798076868057251,
    "VoxelSizeDim2": 1.798076868057251,
    "VoxelSizeDim3": 1.8000022172927856,
    "acq_id": "64dir",
    "dataset": "HBN",
    "modality": "dwi",
    "session_id": "HBNsiteRU",
    "subject_id": "NDARGA346NA7"
  },
  "efc_shell01": 2.1843,
  "efc_shell02": 0.5956,
  "efc_shell03": 0.5773,
  "fa_degenerate": 0.0,
  "fa_nans": 0.0,
  "fber_shell01": 103.4,
  "fber_shell02": 495.0625,
  "fber_shell03": 156.25,
  "fd_mean": 1.0683,
  "fd_num": 128,
  "fd_perc": 99.2248062015504,
  "ndc": 0.7464,
  "provenance": {
    "md5sum": "230c0955d08ae49ca12e37fdef755384",
    "settings": {
      "testing": false
    },
    "software": "mriqc",
    "version": "24.0.0"
  },
  "sigma_cc": 28.1694,
  "sigma_pca": 11.1059,
  "sigma_piesno": 1.6508,
  "snr_cc_shell0": 4.59,
  "snr_cc_shell1_best": 7.03,
  "snr_cc_shell1_worst": 7.03,
  "snr_cc_shell2_best": 2.49,
  "snr_cc_shell2_worst": 1.33,
  "spikes_global": 54.59,
  "spikes_slice_i": 230.86,
  "spikes_slice_j": 115.95,
  "spikes_slice_k": 270.2,
  "summary_bg_k": 180.8985,
  "summary_bg_mad": 4.4478,
  "summary_bg_mean": 12.0844,
  "summary_bg_median": 5.0,
  "summary_bg_n": 544771.0,
  "summary_bg_p05": 1.0,
  "summary_bg_p95": 41.0,
  "summary_bg_stdv": 35.3435,
  "summary_fg_k": 5.5266,
  "summary_fg_mad": 99.3343,
  "summary_fg_mean": 247.1518,
  "summary_fg_median": 234.0,
  "summary_fg_n": 233981.0,
  "summary_fg_p05": 98.0,
  "summary_fg_p95": 438.0,
  "summary_fg_stdv": 112.2034,
  "summary_wm_k": 7.1115,
  "summary_wm_mad": 66.7171,
  "summary_wm_mean": 195.1211,
  "summary_wm_median": 184.0,
  "summary_wm_n": 102471.0,
  "summary_wm_p05": 85.0,
  "summary_wm_p95": 340.0,
  "summary_wm_stdv": 82.7407
}