{
  "NumberOfShells": 2,
  "bValues": [
    0.0,
    1000.0,
    2000.0
  ],
  "bValuesEstimation": [
    1000.0,
    2000.0
  ],
  "bdiffs_max": 0.1252,
  "bdiffs_mean": 0.0147,
  "bdiffs_median": 0.0133,
  "bdiffs_min": 0.001,
  "bids_meta": {
    "AcquisitionMatrixPE": 104,
    "BandwidthPerPixelPhaseEncode": 23.17,
    "BaseResolution": 104,
    "ConversionSoftware": "dcm2niix",
    "ConversionSoftwareVersion": "v1.0.20171204 (OpenJPEG build) GCC4.8.4",
    "DerivedVendorReportedEchoSpacing": 0.000829986,
    "Dim1Size": 104,
    "Dim2Size": 104,
    "Dim3Size": 72,
    "DwellTime": 3.5e-06,
    "EchoTime": 0.1002,
    "EffectiveEchoSpacing": 0.000414993,
    "FlipAngle": 90,
    "ImageComments": "Unaliased_MB3_PE4_(remote)_SENSE1",
    "ImageOrientationPatientDICOM": [
      1,
      0,
      0,
      0,
      0.989776,
      0.142629
    ],
    "ImageType": [
      "ORIGINAL",
      "PRIMARY",
      "DIFFUSION",
      "NONE",
      "MB",
      "ND"
    ],
    "InPlanePhaseEncodingDirectionDICOM": "COL",
    "MRAcquisitionType": "2D",
    "MagneticFieldStrength": 3,
    "Manufacturer": "Siemens",
    "ManufacturersModelName": "TrioTim",
    "Modality": "MR",
    "NumVolumes": 129,
    "Obliquity": "True",
    "ParallelReductionFactorInPlane": 2,
    "PartialFourier": 1,
    "PatientPosition": "HFS",
    "PercentPhaseFOV": 100,
    "PhaseEncodingDirection": "j-",
    "PhaseEncodingSteps": 103,
    "PhaseResolution": 1,
    "PixelBandwidth": 1374,
    "ProcedureStepDescription": "CMI_HBN",
    "ProtocolName": "DKI",
    "PulseSequenceDetails": "%CustomerSeq%_cmrr_mbep2d_diff",
    "ReceiveCoilName": "32Ch_Head",
    "ReconMatrixPE": 104,
    "RepetitionTime": 3.32,
    "SAR": 0.350825,
    "ScanOptions": "FS",
    "ScanningSequence": "EP",
    "SequenceName": "ep_b0",
    "SequenceVariant": "SK_SS",
    "SeriesDescription": "DKI",
    "ShimSetting": [
      2046,
      -576,
      -7599,
      1150,
      158,
      -142,
      122,
      -175
    ],
    "SliceThickness": 1.8,
    "SoftwareVersions": "syngo_MR_B19",
    "SpacingBetweenSlices": 1.8,
    "TotalReadoutTime": 0.0427443,
    "TxRefAmp": 302.072,
    "VoxelSizeDim1": 1.798076868057251,
    "VoxelSizeDim2": 1.798076868057251,
    "VoxelSizeDim3": 1.7999955415725708,
    "acq_id": "64dir",
    "dataset": "HBN",
    "modality": "dwi",
    "session_id": "HBNsiteRU",
    "subject_id": "NDARUB231LHN"
  },
  "efc_shell01": 1.6474,
  "efc_shell02": 0.4924,
  "efc_shell03": 0.5368,
  "fa_degenerate": 0.0,
  "fa_nans": 0.0,
  "fber_shell01": 156.25,
  "fber_shell02": 658.7778,
  "fber_shell03": 186.7778,
  "fd_mean": 2.3282,
  "fd_num": 128,
  "fd_perc": 99.2248062015504,
  "ndc": 0.6194,
  "provenance": {
    "md5sum": "7cb41e7402ec713fb8e18e112c897ff3",
    "settings": {
      "testing": false
    },
    "software": "mriqc",
    "version": "24.0.0"
  },
  "sigma_cc": 28.1694,
  "sigma_pca": 10.1126,
  "sigma_piesno": 1.3206,
  "snr_cc_shell0": 4.53,
  "snr_cc_shell1_best": 5.82,
  "snr_cc_shell1_worst": 5.82,
  "snr_cc_shell2_best": 2.21,
  "snr_cc_shell2_worst": 1.13,
  "spikes_global": 39.82,
  "spikes_slice_i": 172.89,
  "spikes_slice_j": 145.97,
  "spikes_slice_k": 171.29,
  "summary_bg_k": 215.0177,
  "summary_bg_mad": 2.9652,
  "summary_bg_mean": 6.1435,
  "summary_bg_median": 4.0,
  "summary_bg_n": 606021.0,
  "summary_bg_p05": 0.0,
  "summary_bg_p95": 20.0,
  "summary_bg_stdv": 12.4169,
  "summary_fg_k": 3.7621,
  "summary_fg_mad": 65.2345,
  "summary_fg_mean": 203.8769,
  "summary_fg_median": 198.0,
  "summary_fg_n": 172731.0,
  "summary_fg_p05": 85.0,
  "summary_fg_p95": 340.0,
  "summary_fg_stdv": 82.4081,
  "summary_wm_k": 4.3608,
  "summary_wm_mad": 60.7867,
  "summary_wm_mean": 191.118,
  "summary_wm_median": 187.0,
  "summary_wm_n": 117316.0,
  "summary_wm_p05": 88.0,
  "summary_wm_p95": 304.0,
  "summary_wm_stdv": 71.3447
}