{
  "NumberOfShells": 2,
  "bValues": [
    0.0,
    1000.0,
    2000.0
  ],
  "bValuesEstimation": [
    1000.0,
    2000.0
  ],
  "bdiffs_max": 0.2961,
  "bdiffs_mean": 0.0927,
  "bdiffs_median": 0.0877,
  "bdiffs_min": 0.001,
  "bids_meta": {
    "AcquisitionMatrixPE": 104,
    "BandwidthPerPixelPhaseEncode": 23.17,
    "BaseResolution": 104,
    "ConversionSoftware": "dcm2niix",
    "ConversionSoftwareVersion": "v1.0.20171215 GCC4.8.4",
    "DerivedVendorReportedEchoSpacing": 0.000829986,
    "Dim1Size": 104,
    "Dim2Size": 104,
    "Dim3Size": 72,
    "DwellTime": 3.5e-06,
    "EchoTime": 0.1002,
    "EffectiveEchoSpacing": 0.000414993,
    "FlipAngle": 90,
    "ImageComments": "Unaliased_MB3_PE4_(remote)_SENSE1",
    "ImageOrientationPatientDICOM": [
      0.997801,
      0,
      0.0662739,
      0,
      1,
      0
    ],
    "ImageType": [
      "ORIGINAL",
      "PRIMARY",
      "DIFFUSION",
      "NONE",
      "MB",
      "ND"
    ],
    "InPlanePhaseEncodingDirectionDICOM": "COL",
    "MRAcquisitionType": "2D",
    "MagneticFieldStrength": 3,
    "Manufacturer": "Siemens",
    "ManufacturersModelName": "TrioTim",
    "Modality": "MR",
    "NumVolumes": 129,
    "Obliquity": "True",
    "ParallelReductionFactorInPlane": 2,
    "PartialFourier": 1,
    "PatientPosition": "HFS",
    "PercentPhaseFOV": 100,
    "PhaseEncodingDirection": "j-",
    "PhaseEncodingSteps": 103,
    "PhaseResolution": 1,
    "PixelBandwidth": 1374,
    "ProcedureStepDescription": "CMI_HBN",
    "ProtocolName": "DKI",
    "PulseSequenceDetails": "%CustomerSeq%_cmrr_mbep2d_diff",
    "ReceiveCoilName": "32Ch_Head",
    "ReconMatrixPE": 104,
    "RepetitionTime": 3.32,
    "SAR": 0.376331,
    "ScanOptions": "FS",
    "ScanningSequence": "EP",
    "SequenceName": "ep_b0",
    "SequenceVariant": "SK_SS",
    "SeriesDescription": "DKI",
    "ShimSetting": [
      2012,
      -676,
      -7672,
      1087,
      254,
      626,
      -385,
      -315
    ],
    "SliceThickness": 1.8,
    "SoftwareVersions": "syngo_MR_B19",
    "SpacingBetweenSlices": 1.8,
    "TotalReadoutTime": 0.0427443,
    "TxRefAmp": 325.206,
    "VoxelSizeDim1": 1.798076868057251,
    "VoxelSizeDim2": 1.798076868057251,
    "VoxelSizeDim3": 1.800000786781311,
    "acq_id": "64dir",
    "dataset": "HBN",
    "modality": "dwi",
    "session_id": "HBNsiteRU",
    "subject_id": "NDARXK303DDB"
  },
  "efc_shell01": 2.1654,
  "efc_shell02": 0.606,
  "efc_shell03": 0.5871,
  "fa_degenerate": 0.0,
  "fa_nans": 0.0,
  "fber_shell01": 145.32,
  "fber_shell02": 333.0625,
  "fber_shell03": 105.0625,
  "fd_mean": 5.4978,
  "fd_num": 128,
  "fd_perc": 99.2248062015504,
  "ndc": 0.546,
  "provenance": {
    "md5sum": "797653c9abb4fc18189c57c605cbb6af",
    "settings": {
      "testing": false
    },
    "software": "mriqc",
    "version": "24.0.0"
  },
  "sigma_cc": 32.6172,
  "sigma_pca": 12.1885,
  "sigma_piesno": 1.6508,
  "snr_cc_shell0": 3.96,
  "snr_cc_shell1_best": 5.58,
  "snr_cc_shell1_worst": 5.58,
  "snr_cc_shell2_best": 1.94,
  "snr_cc_shell2_worst": 1.05,
  "spikes_global": 63.4,
  "spikes_slice_i": 225.68,
  "spikes_slice_j": 151.15,
  "spikes_slice_k": 323.95,
  "summary_bg_k": 107.0963,
  "summary_bg_mad": 4.4478,
  "summary_bg_mean": 13.647,
  "summary_bg_median": 5.0,
  "summary_bg_n": 521020.0,
  "summary_bg_p05": 1.0,
  "summary_bg_p95": 47.0,
  "summary_bg_stdv": 35.9811,
  "summary_fg_k": 6.6514,
  "summary_fg_mad": 103.7822,
  "summary_fg_mean": 250.7232,
  "summary_fg_median": 233.0,
  "summary_fg_n": 257732.0,
  "summary_fg_p05": 102.0,
  "summary_fg_p95": 455.0,
  "summary_fg_stdv": 118.1467,
  "summary_wm_k": 3.8271,
  "summary_wm_mad": 105.2648,
  "summary_wm_mean": 249.2982,
  "summary_wm_median": 234.0,
  "summary_wm_n": 231591.0,
  "summary_wm_p05": 102.0,
  "summary_wm_p95": 446.0,
  "summary_wm_stdv": 114.4932
}