{
  "NumberOfShells": 2,
  "bValues": [
    0.0,
    1000.0,
    2000.0
  ],
  "bValuesEstimation": [
    1000.0,
    2000.0
  ],
  "bdiffs_max": 0.0224,
  "bdiffs_mean": 0.0108,
  "bdiffs_median": 0.0097,
  "bdiffs_min": 0.0015,
  "bids_meta": {
    "AcquisitionMatrixPE": 104,
    "BandwidthPerPixelPhaseEncode": 23.17,
    "BaseResolution": 104,
    "ConversionSoftware": "dcm2niix",
    "ConversionSoftwareVersion": "v1.0.20171215 GCC4.8.4",
    "DerivedVendorReportedEchoSpacing": 0.000829986,
    "Dim1Size": 104,
    "Dim2Size": 104,
    "Dim3Size": 72,
    "DwellTime": 3.5e-06,
    "EchoTime": 0.1002,
    "EffectiveEchoSpacing": 0.000414993,
    "FlipAngle": 90,
    "ImageComments": "Unaliased_MB3_PE4_(remote)_SENSE1",
    "ImageOrientationPatientDICOM": [
      1,
      0,
      0,
      0,
      0.980615,
      -0.195946
    ],
    "ImageType": [
      "ORIGINAL",
      "PRIMARY",
      "DIFFUSION",
      "NONE",
      "MB",
      "ND"
    ],
    "InPlanePhaseEncodingDirectionDICOM": "COL",
    "MRAcquisitionType": "2D",
    "MagneticFieldStrength": 3,
    "Manufacturer": "Siemens",
    "ManufacturersModelName": "TrioTim",
    "Modality": "MR",
    "NumVolumes": 129,
    "Obliquity": "True",
    "ParallelReductionFactorInPlane": 2,
    "PartialFourier": 1,
    "PatientPosition": "HFS",
    "PercentPhaseFOV": 100,
    "PhaseEncodingDirection": "j-",
    "PhaseEncodingSteps": 103,
    "PhaseResolution": 1,
    "PixelBandwidth": 1374,
    "ProcedureStepDescription": "CMI_HBN",
    "ProtocolName": "DKI",
    "PulseSequenceDetails": "%CustomerSeq%_cmrr_mbep2d_diff",
    "ReceiveCoilName": "32Ch_Head",
    "ReconMatrixPE": 104,
    "RepetitionTime": 3.32,
    "SAR": 0.238406,
    "ScanOptions": "FS",
    "ScanningSequence": "EP",
    "SequenceName": "ep_b0",
    "SequenceVariant": "SK_SS",
    "SeriesDescription": "DKI",
    "ShimSetting": [
      1947,
      -653,
      -7658,
      1012,
      145,
      228,
      161,
      -290
    ],
    "SliceThickness": 1.8,
    "SoftwareVersions": "syngo_MR_B19",
    "SpacingBetweenSlices": 1.8,
    "TotalReadoutTime": 0.0427443,
    "TxRefAmp": 306.959,
    "VoxelSizeDim1": 1.798076868057251,
    "VoxelSizeDim2": 1.798076868057251,
    "VoxelSizeDim3": 1.8000043630599976,
    "acq_id": "64dir",
    "dataset": "HBN",
    "modality": "dwi",
    "session_id": "HBNsiteRU",
    "subject_id": "NDARHZ500ZNT"
  },
  "efc_shell01": 1.9087,
  "efc_shell02": 0.6533,
  "efc_shell03": 0.597,
  "fa_degenerate": 0.0,
  "fa_nans": 0.0,
  "fber_shell01": 100.9167,
  "fber_shell02": 282.24,
  "fber_shell03": 104.04,
  "fd_mean": 1.0329,
  "fd_num": 127,
  "fd_perc": 98.44961240310077,
  "ndc": 0.8012,
  "provenance": {
    "md5sum": "ca87425d32a65c55bf4265181ccf7948",
    "settings": {
      "testing": false
    },
    "software": "mriqc",
    "version": "24.0.0"
  },
  "sigma_cc": 41.5129,
  "sigma_pca": 11.9521,
  "sigma_piesno": 1.6508,
  "snr_cc_shell0": 3.71,
  "snr_cc_shell1_best": 4.48,
  "snr_cc_shell1_worst": 4.48,
  "snr_cc_shell2_best": 2.14,
  "snr_cc_shell2_worst": 1.15,
  "spikes_global": 76.26,
  "spikes_slice_i": 455.51,
  "spikes_slice_j": 268.13,
  "spikes_slice_k": 546.85,
  "summary_bg_k": 209.9489,
  "summary_bg_mad": 5.9304,
  "summary_bg_mean": 17.1143,
  "summary_bg_median": 6.0,
  "summary_bg_n": 546949.0,
  "summary_bg_p05": 1.0,
  "summary_bg_p95": 62.0,
  "summary_bg_stdv": 42.2509,
  "summary_fg_k": 7.8453,
  "summary_fg_mad": 97.8517,
  "summary_fg_mean": 245.7735,
  "summary_fg_median": 220.0,
  "summary_fg_n": 231803.0,
  "summary_fg_p05": 88.0,
  "summary_fg_p95": 484.0,
  "summary_fg_stdv": 131.0413,
  "summary_wm_k": 26.4569,
  "summary_wm_mad": 60.7867,
  "summary_wm_mean": 195.5744,
  "summary_wm_median": 176.0,
  "summary_wm_n": 98277.0,
  "summary_wm_p05": 83.0,
  "summary_wm_p95": 382.0,
  "summary_wm_stdv": 104.6111
}