{
  "NumberOfShells": 2,
  "bValues": [
    0.0,
    1000.0,
    2000.0
  ],
  "bValuesEstimation": [
    1000.0,
    2000.0
  ],
  "bdiffs_max": 0.053,
  "bdiffs_mean": 0.016,
  "bdiffs_median": 0.0149,
  "bdiffs_min": 0.0016,
  "bids_meta": {
    "AcquisitionMatrixPE": 104,
    "BandwidthPerPixelPhaseEncode": 23.17,
    "BaseResolution": 104,
    "ConversionSoftware": "dcm2niix",
    "ConversionSoftwareVersion": "v1.0.20171204 (OpenJPEG build) GCC4.8.4",
    "DerivedVendorReportedEchoSpacing": 0.000829986,
    "Dim1Size": 104,
    "Dim2Size": 104,
    "Dim3Size": 72,
    "DwellTime": 3.5e-06,
    "EchoTime": 0.1002,
    "EffectiveEchoSpacing": 0.000414993,
    "FlipAngle": 90,
    "ImageComments": "Unaliased_MB3_PE4_(remote)_SENSE1",
    "ImageOrientationPatientDICOM": [
      1,
      0,
      0,
      0,
      0.95424,
      -0.299041
    ],
    "ImageType": [
      "ORIGINAL",
      "PRIMARY",
      "DIFFUSION",
      "NONE",
      "MB",
      "ND"
    ],
    "InPlanePhaseEncodingDirectionDICOM": "COL",
    "MRAcquisitionType": "2D",
    "MagneticFieldStrength": 3,
    "Manufacturer": "Siemens",
    "ManufacturersModelName": "TrioTim",
    "Modality": "MR",
    "NumVolumes": 129,
    "Obliquity": "True",
    "ParallelReductionFactorInPlane": 2,
    "PartialFourier": 1,
    "PatientPosition": "HFS",
    "PercentPhaseFOV": 100,
    "PhaseEncodingDirection": "j-",
    "PhaseEncodingSteps": 103,
    "PhaseResolution": 1,
    "PixelBandwidth": 1374,
    "ProcedureStepDescription": "CMI_HBN",
    "ProtocolName": "DKI",
    "PulseSequenceDetails": "%CustomerSeq%_cmrr_mbep2d_diff",
    "ReceiveCoilName": "32Ch_Head",
    "ReconMatrixPE": 104,
    "RepetitionTime": 3.32,
    "SAR": 0.282084,
    "ScanOptions": "FS",
    "ScanningSequence": "EP",
    "SequenceName": "ep_b0",
    "SequenceVariant": "SK_SS",
    "SeriesDescription": "DKI",
    "ShimSetting": [
      2059,
      -577,
      -7548,
      693,
      303,
      594,
      -281,
      -102
    ],
    "SliceThickness": 1.8,
    "SoftwareVersions": "syngo_MR_B19",
    "SpacingBetweenSlices": 1.8,
    "TotalReadoutTime": 0.0427443,
    "TxRefAmp": 310.766,
    "VoxelSizeDim1": 1.798076868057251,
    "VoxelSizeDim2": 1.798076868057251,
    "VoxelSizeDim3": 1.800002098083496,
    "acq_id": "64dir",
    "dataset": "HBN",
    "modality": "dwi",
    "session_id": "HBNsiteRU",
    "subject_id": "NDARMU053YEU"
  },
  "efc_shell01": 1.7243,
  "efc_shell02": 0.6401,
  "efc_shell03": 0.6092,
  "fa_degenerate": 0.0,
  "fa_nans": 0.0,
  "fber_shell01": 174.6667,
  "fber_shell02": 237.16,
  "fber_shell03": 81.0,
  "fd_mean": 1.9385,
  "fd_num": 128,
  "fd_perc": 99.2248062015504,
  "ndc": 0.567,
  "provenance": {
    "md5sum": "8b6d35c00fa6b47ac006e874d53f4dd1",
    "settings": {
      "testing": false
    },
    "software": "mriqc",
    "version": "24.0.0"
  },
  "sigma_cc": 42.2542,
  "sigma_pca": 11.8256,
  "sigma_piesno": 1.6508,
  "snr_cc_shell0": 3.12,
  "snr_cc_shell1_best": 3.79,
  "snr_cc_shell1_worst": 3.79,
  "snr_cc_shell2_best": 1.6,
  "snr_cc_shell2_worst": 0.94,
  "spikes_global": 83.42,
  "spikes_slice_i": 431.7,
  "spikes_slice_j": 339.56,
  "spikes_slice_k": 541.83,
  "summary_bg_k": 117.6434,
  "summary_bg_mad": 5.9304,
  "summary_bg_mean": 19.3066,
  "summary_bg_median": 7.0,
  "summary_bg_n": 547844.0,
  "summary_bg_p05": 1.0,
  "summary_bg_p95": 64.0,
  "summary_bg_stdv": 54.5988,
  "summary_fg_k": 7.2716,
  "summary_fg_mad": 103.7822,
  "summary_fg_mean": 236.7384,
  "summary_fg_median": 212.0,
  "summary_fg_n": 230908.0,
  "summary_fg_p05": 80.0,
  "summary_fg_p95": 471.0,
  "summary_fg_stdv": 130.0918,
  "summary_wm_k": 8.0253,
  "summary_wm_mad": 93.4039,
  "summary_wm_mean": 219.0256,
  "summary_wm_median": 195.0,
  "summary_wm_n": 164380.0,
  "summary_wm_p05": 74.0,
  "summary_wm_p95": 438.0,
  "summary_wm_stdv": 119.1137
}