{
  "NumberOfShells": 2,
  "bValues": [
    0.0,
    1000.0,
    2000.0
  ],
  "bValuesEstimation": [
    1000.0,
    2000.0
  ],
  "bdiffs_max": 0.0799,
  "bdiffs_mean": 0.0146,
  "bdiffs_median": 0.0091,
  "bdiffs_min": 0.0016,
  "bids_meta": {
    "AcquisitionMatrixPE": 104,
    "BandwidthPerPixelPhaseEncode": 24.655,
    "BaseResolution": 104,
    "BodyPartExamined": "BRAIN",
    "ConsistencyInfo": "N4_VE11B_LATEST_20150530",
    "ConversionSoftware": "dcm2niix",
    "ConversionSoftwareVersion": "v1.0.20171204 (OpenJPEG build) GCC4.8.4",
    "DerivedVendorReportedEchoSpacing": 0.000779995,
    "Dim1Size": 104,
    "Dim2Size": 104,
    "Dim3Size": 72,
    "DwellTime": 3.3e-06,
    "EchoTime": 0.1002,
    "EchoTrainLength": 51,
    "EffectiveEchoSpacing": 0.000389997,
    "FlipAngle": 90,
    "ImageComments": "Unaliased_MB3_PE4",
    "ImageOrientationPatientDICOM": [
      1,
      0,
      0,
      0,
      1,
      0
    ],
    "ImageType": [
      "ORIGINAL",
      "PRIMARY",
      "DIFFUSION",
      "NONE",
      "MB",
      "ND",
      "MOSAIC"
    ],
    "InPlanePhaseEncodingDirectionDICOM": "COL",
    "MRAcquisitionType": "2D",
    "MagneticFieldStrength": 3,
    "Manufacturer": "Siemens",
    "ManufacturersModelName": "Prisma_fit",
    "Modality": "MR",
    "MultibandAccelerationFactor": 3,
    "NumVolumes": 129,
    "Obliquity": "False",
    "ParallelReductionFactorInPlane": 2,
    "PartialFourier": 1,
    "PatientPosition": "HFS",
    "PercentPhaseFOV": 100,
    "PhaseEncodingDirection": "j-",
    "PhaseEncodingSteps": 103,
    "PhaseResolution": 1,
    "PixelBandwidth": 1455,
    "ProcedureStepDescription": "CMI_HBN-CBIC",
    "ProtocolName": "cmrr_DKI",
    "PulseSequenceDetails": "%CustomerSeq%_cmrr_mbep2d_diff",
    "ReceiveCoilActiveElements": "HEA;HEP",
    "ReceiveCoilName": "Head_32",
    "ReconMatrixPE": 104,
    "RepetitionTime": 3.32,
    "SAR": 0.231478,
    "ScanOptions": "FS",
    "ScanningSequence": "EP",
    "SequenceName": "ep_b0",
    "SequenceVariant": "SK_SS",
    "SeriesDescription": "cmrr_DKI",
    "ShimSetting": [
      211,
      -10439,
      -5586,
      737,
      28,
      -64,
      -162,
      -28
    ],
    "SliceThickness": 1.8,
    "SliceTiming": [
      0,
      1.5125,
      3.025,
      1.2375,
      2.75,
      0.9625,
      2.475,
      0.6875,
      2.2,
      0.4125,
      1.925,
      0.1375,
      1.65,
      3.1625,
      1.375,
      2.8875,
      1.1,
      2.6125,
      0.825,
      2.3375,
      0.55,
      2.0625,
      0.275,
      1.7875,
      0,
      1.5125,
      3.025,
      1.2375,
      2.75,
      0.9625,
      2.475,
      0.6875,
      2.2,
      0.4125,
      1.925,
      0.1375,
      1.65,
      3.1625,
      1.375,
      2.8875,
      1.1,
      2.6125,
      0.825,
      2.3375,
      0.55,
      2.0625,
      0.275,
      1.7875,
      0,
      1.5125,
      3.025,
      1.2375,
      2.75,
      0.9625,
      2.475,
      0.6875,
      2.2,
      0.4125,
      1.925,
      0.1375,
      1.65,
      3.1625,
      1.375,
      2.8875,
      1.1,
      2.6125,
      0.825,
      2.3375,
      0.55,
      2.0625,
      0.275,
      1.7875
    ],
    "SoftwareVersions": "syngo_MR_E11",
    "SpacingBetweenSlices": 1.8,
    "TotalReadoutTime": 0.0401697,
    "TxRefAmp": 227.686,
    "VendorReportedEchoSpacing": 0.00078,
    "VoxelSizeDim1": 1.798076868057251,
    "VoxelSizeDim2": 1.798076868057251,
    "VoxelSizeDim3": 1.7999999523162842,
    "acq_id": "64dir",
    "dataset": "HBN",
    "modality": "dwi",
    "session_id": "HBNsiteCBIC",
    "subject_id": "NDARRE445RHR"
  },
  "efc_shell01": 4.3282,
  "efc_shell02": 2.4035,
  "efc_shell03": 1.7954,
  "fa_degenerate": 0.0,
  "fa_nans": 0.0,
  "fber_shell01": 0.0,
  "fber_shell02": 0.0318,
  "fber_shell03": 0.0869,
  "fd_mean": 1.5533,
  "fd_num": 128,
  "fd_perc": 99.2248062015504,
  "ndc": 0.6464,
  "provenance": {
    "md5sum": "ba6ddb591d2e018a0fb312859f3d53ae",
    "settings": {
      "testing": false
    },
    "software": "mriqc",
    "version": "24.0.0"
  },
  "sigma_cc": 155.6732,
  "sigma_pca": 66.6559,
  "sigma_piesno": 43.58,
  "snr_cc_shell0": 3.83,
  "snr_cc_shell1_best": 3.13,
  "snr_cc_shell1_worst": 3.13,
  "snr_cc_shell2_best": 2.41,
  "snr_cc_shell2_worst": 1.45,
  "spikes_global": 88.96,
  "spikes_slice_i": 323.0,
  "spikes_slice_j": 428.59,
  "spikes_slice_k": 592.0,
  "summary_bg_k": 83.3836,
  "summary_bg_mad": 40.0303,
  "summary_bg_mean": 220.9318,
  "summary_bg_median": 148.0,
  "summary_bg_n": 516322.0,
  "summary_bg_p05": 107.0,
  "summary_bg_p95": 531.0,
  "summary_bg_stdv": 267.5787,
  "summary_fg_k": 4.1303,
  "summary_fg_mad": 508.5326,
  "summary_fg_mean": 1252.6442,
  "summary_fg_median": 1130.0,
  "summary_fg_n": 262430.0,
  "summary_fg_p05": 510.0,
  "summary_fg_p95": 2407.0,
  "summary_fg_stdv": 616.4552,
  "summary_wm_k": 13.8641,
  "summary_wm_mad": 314.3117,
  "summary_wm_mean": 970.6396,
  "summary_wm_median": 904.0,
  "summary_wm_n": 103230.0,
  "summary_wm_p05": 477.0,
  "summary_wm_p95": 1648.0,
  "summary_wm_stdv": 398.9775
}