{
  "NumberOfShells": 2,
  "bValues": [
    0.0,
    1000.0,
    2000.0
  ],
  "bValuesEstimation": [
    1000.0,
    2000.0
  ],
  "bdiffs_max": 0.1268,
  "bdiffs_mean": 0.039,
  "bdiffs_median": 0.0303,
  "bdiffs_min": 0.0031,
  "bids_meta": {
    "AcquisitionMatrixPE": 104,
    "BandwidthPerPixelPhaseEncode": 24.655,
    "BaseResolution": 104,
    "BodyPartExamined": "BRAIN",
    "ConsistencyInfo": "N4_VE11B_LATEST_20150530",
    "ConversionSoftware": "dcm2niix",
    "ConversionSoftwareVersion": "v1.0.20171215 GCC4.8.4",
    "DerivedVendorReportedEchoSpacing": 0.000779995,
    "Dim1Size": 104,
    "Dim2Size": 104,
    "Dim3Size": 72,
    "DwellTime": 3.3e-06,
    "EchoTime": 0.1002,
    "EchoTrainLength": 51,
    "EffectiveEchoSpacing": 0.000389997,
    "FlipAngle": 90,
    "ImageComments": "Unaliased_MB3_PE4",
    "ImageOrientationPatientDICOM": [
      1,
      0,
      0,
      0,
      1,
      0
    ],
    "ImageType": [
      "ORIGINAL",
      "PRIMARY",
      "DIFFUSION",
      "NONE",
      "MB",
      "ND",
      "MOSAIC"
    ],
    "InPlanePhaseEncodingDirectionDICOM": "COL",
    "MRAcquisitionType": "2D",
    "MagneticFieldStrength": 3,
    "Manufacturer": "Siemens",
    "ManufacturersModelName": "Prisma_fit",
    "Modality": "MR",
    "MultibandAccelerationFactor": 3,
    "NumVolumes": 129,
    "Obliquity": "False",
    "ParallelReductionFactorInPlane": 2,
    "PartialFourier": 1,
    "PatientPosition": "HFS",
    "PercentPhaseFOV": 100,
    "PhaseEncodingDirection": "j-",
    "PhaseEncodingSteps": 103,
    "PhaseResolution": 1,
    "PixelBandwidth": 1455,
    "ProcedureStepDescription": "CMI_HBN-CBIC",
    "ProtocolName": "cmrr_DKI",
    "PulseSequenceDetails": "%CustomerSeq%_cmrr_mbep2d_diff",
    "ReceiveCoilActiveElements": "HEA;HEP",
    "ReceiveCoilName": "Head_32",
    "ReconMatrixPE": 104,
    "RepetitionTime": 3.32,
    "SAR": 0.260579,
    "ScanOptions": "FS",
    "ScanningSequence": "EP",
    "SequenceName": "ep_b0",
    "SequenceVariant": "SK_SS",
    "SeriesDescription": "cmrr_DKI",
    "ShimSetting": [
      174,
      -10336,
      -5571,
      554,
      -105,
      240,
      118,
      5
    ],
    "SliceThickness": 1.8,
    "SliceTiming": [
      0,
      1.5125,
      3.025,
      1.2375,
      2.75,
      0.9625,
      2.475,
      0.6875,
      2.2,
      0.4125,
      1.925,
      0.1375,
      1.65,
      3.1625,
      1.375,
      2.8875,
      1.1,
      2.6125,
      0.825,
      2.3375,
      0.55,
      2.0625,
      0.275,
      1.7875,
      0,
      1.5125,
      3.025,
      1.2375,
      2.75,
      0.9625,
      2.475,
      0.6875,
      2.2,
      0.4125,
      1.925,
      0.1375,
      1.65,
      3.1625,
      1.375,
      2.8875,
      1.1,
      2.6125,
      0.825,
      2.3375,
      0.55,
      2.0625,
      0.275,
      1.7875,
      0,
      1.5125,
      3.025,
      1.2375,
      2.75,
      0.9625,
      2.475,
      0.6875,
      2.2,
      0.4125,
      1.925,
      0.1375,
      1.65,
      3.1625,
      1.375,
      2.8875,
      1.1,
      2.6125,
      0.825,
      2.3375,
      0.55,
      2.0625,
      0.275,
      1.7875
    ],
    "SoftwareVersions": "syngo_MR_E11",
    "SpacingBetweenSlices": 1.8,
    "TotalReadoutTime": 0.0401697,
    "TxRefAmp": 243.989,
    "VendorReportedEchoSpacing": 0.00078,
    "VoxelSizeDim1": 1.798076868057251,
    "VoxelSizeDim2": 1.798076868057251,
    "VoxelSizeDim3": 1.8000000715255737,
    "acq_id": "64dir",
    "dataset": "HBN",
    "modality": "dwi",
    "session_id": "HBNsiteCBIC",
    "subject_id": "NDARRZ993EL4"
  },
  "efc_shell01": 4.7284,
  "efc_shell02": 2.5442,
  "efc_shell03": 1.8784,
  "fa_degenerate": 0.0,
  "fa_nans": 0.0,
  "fber_shell01": 0.0,
  "fber_shell02": 0.0318,
  "fber_shell03": 0.0648,
  "fd_mean": 4.2258,
  "fd_num": 128,
  "fd_perc": 99.2248062015504,
  "ndc": 0.3392,
  "provenance": {
    "md5sum": "786bafac1c2d9094792fb25f97362061",
    "settings": {
      "testing": false
    },
    "software": "mriqc",
    "version": "24.0.0"
  },
  "sigma_cc": 143.8124,
  "sigma_pca": 65.7012,
  "sigma_piesno": 44.2403,
  "snr_cc_shell0": 4.58,
  "snr_cc_shell1_best": 5.88,
  "snr_cc_shell1_worst": 5.88,
  "snr_cc_shell2_best": 2.67,
  "snr_cc_shell2_worst": 1.58,
  "spikes_global": 111.02,
  "spikes_slice_i": 538.33,
  "spikes_slice_j": 586.99,
  "spikes_slice_k": 736.06,
  "summary_bg_k": 108.6049,
  "summary_bg_mad": 45.9607,
  "summary_bg_mean": 247.1582,
  "summary_bg_median": 153.0,
  "summary_bg_n": 509052.0,
  "summary_bg_p05": 107.0,
  "summary_bg_p95": 663.0,
  "summary_bg_stdv": 362.1261,
  "summary_fg_k": 7.2249,
  "summary_fg_mad": 535.2194,
  "summary_fg_mean": 1310.438,
  "summary_fg_median": 1155.0,
  "summary_fg_n": 269700.0,
  "summary_fg_p05": 497.0,
  "summary_fg_p95": 2621.0,
  "summary_fg_stdv": 712.6729,
  "summary_wm_k": 10.7218,
  "summary_wm_mad": 480.3631,
  "summary_wm_mean": 1175.7519,
  "summary_wm_median": 1056.0,
  "summary_wm_n": 144130.0,
  "summary_wm_p05": 449.0,
  "summary_wm_p95": 2254.0,
  "summary_wm_stdv": 600.6969
}