{
  "NumberOfShells": 2,
  "bValues": [
    0.0,
    1000.0,
    2000.0
  ],
  "bValuesEstimation": [
    1000.0,
    2000.0
  ],
  "bdiffs_max": 0.0548,
  "bdiffs_mean": 0.0196,
  "bdiffs_median": 0.0182,
  "bdiffs_min": 0.0016,
  "bids_meta": {
    "AcquisitionMatrixPE": 104,
    "BandwidthPerPixelPhaseEncode": 23.17,
    "BaseResolution": 104,
    "ConversionSoftware": "dcm2niix",
    "ConversionSoftwareVersion": "v1.0.20171204 (OpenJPEG build) GCC4.8.4",
    "DerivedVendorReportedEchoSpacing": 0.000829986,
    "Dim1Size": 104,
    "Dim2Size": 104,
    "Dim3Size": 72,
    "DwellTime": 3.5e-06,
    "EchoTime": 0.1002,
    "EffectiveEchoSpacing": 0.000414993,
    "FlipAngle": 90,
    "ImageComments": "Unaliased_MB3_PE4_(remote)_SENSE1",
    "ImageOrientationPatientDICOM": [
      0.999123,
      0.0105556,
      0.0405234,
      -5.43994e-08,
      0.967709,
      -0.252069
    ],
    "ImageType": [
      "ORIGINAL",
      "PRIMARY",
      "DIFFUSION",
      "NONE",
      "MB",
      "ND"
    ],
    "InPlanePhaseEncodingDirectionDICOM": "COL",
    "MRAcquisitionType": "2D",
    "MagneticFieldStrength": 3,
    "Manufacturer": "Siemens",
    "ManufacturersModelName": "TrioTim",
    "Modality": "MR",
    "NumVolumes": 129,
    "Obliquity": "True",
    "ParallelReductionFactorInPlane": 2,
    "PartialFourier": 1,
    "PatientPosition": "HFS",
    "PercentPhaseFOV": 100,
    "PhaseEncodingDirection": "j-",
    "PhaseEncodingSteps": 103,
    "PhaseResolution": 1,
    "PixelBandwidth": 1374,
    "ProcedureStepDescription": "CMI_HBN",
    "ProtocolName": "DKI",
    "PulseSequenceDetails": "%CustomerSeq%_cmrr_mbep2d_diff",
    "ReceiveCoilName": "32Ch_Head",
    "ReconMatrixPE": 104,
    "RepetitionTime": 3.32,
    "SAR": 0.360641,
    "ScanOptions": "FS",
    "ScanningSequence": "EP",
    "SequenceName": "ep_b0",
    "SequenceVariant": "SK_SS",
    "SeriesDescription": "DKI",
    "ShimSetting": [
      2127,
      -631,
      -7655,
      1053,
      282,
      820,
      -26,
      -246
    ],
    "SliceThickness": 1.8,
    "SoftwareVersions": "syngo_MR_B19",
    "SpacingBetweenSlices": 1.8,
    "TotalReadoutTime": 0.0427443,
    "TxRefAmp": 304.22,
    "VoxelSizeDim1": 1.798076868057251,
    "VoxelSizeDim2": 1.798076868057251,
    "VoxelSizeDim3": 1.8000015020370483,
    "acq_id": "64dir",
    "dataset": "HBN",
    "modality": "dwi",
    "session_id": "HBNsiteRU",
    "subject_id": "NDARCG037CX4"
  },
  "efc_shell01": 2.01,
  "efc_shell02": 0.5807,
  "efc_shell03": 0.5835,
  "fa_degenerate": 0.0,
  "fa_nans": 0.0,
  "fber_shell01": 230.12,
  "fber_shell02": 361.0,
  "fber_shell03": 105.0625,
  "fd_mean": 1.7592,
  "fd_num": 128,
  "fd_perc": 99.2248062015504,
  "ndc": 0.7356,
  "provenance": {
    "md5sum": "160b29167ada1b4e3d1845f58e0c0512",
    "settings": {
      "testing": false
    },
    "software": "mriqc",
    "version": "24.0.0"
  },
  "sigma_cc": 47.4433,
  "sigma_pca": 11.3917,
  "sigma_piesno": 1.3206,
  "snr_cc_shell0": 2.58,
  "snr_cc_shell1_best": 2.89,
  "snr_cc_shell1_worst": 2.89,
  "snr_cc_shell2_best": 1.31,
  "snr_cc_shell2_worst": 0.91,
  "spikes_global": 125.69,
  "spikes_slice_i": 708.11,
  "spikes_slice_j": 713.29,
  "spikes_slice_k": 866.5,
  "summary_bg_k": 93.255,
  "summary_bg_mad": 4.4478,
  "summary_bg_mean": 17.7909,
  "summary_bg_median": 5.0,
  "summary_bg_n": 541850.0,
  "summary_bg_p05": 1.0,
  "summary_bg_p95": 42.0,
  "summary_bg_stdv": 75.0342,
  "summary_fg_k": 4.9693,
  "summary_fg_mad": 97.8517,
  "summary_fg_mean": 245.9843,
  "summary_fg_median": 219.0,
  "summary_fg_n": 236902.0,
  "summary_fg_p05": 99.0,
  "summary_fg_p95": 500.0,
  "summary_fg_stdv": 128.8533,
  "summary_wm_k": 10.1638,
  "summary_wm_mad": 75.6127,
  "summary_wm_mean": 202.3452,
  "summary_wm_median": 185.0,
  "summary_wm_n": 123891.0,
  "summary_wm_p05": 93.0,
  "summary_wm_p95": 363.0,
  "summary_wm_stdv": 92.2143
}