{
  "NumberOfShells": 2,
  "bValues": [
    0.0,
    1000.0,
    2000.0
  ],
  "bValuesEstimation": [
    1000.0,
    2000.0
  ],
  "bdiffs_max": 0.2012,
  "bdiffs_mean": 0.0361,
  "bdiffs_median": 0.0188,
  "bdiffs_min": 0.0032,
  "bids_meta": {
    "AcquisitionMatrixPE": 104,
    "BandwidthPerPixelPhaseEncode": 24.655,
    "BaseResolution": 104,
    "BodyPartExamined": "BRAIN",
    "ConsistencyInfo": "N4_VE11B_LATEST_20150530",
    "ConversionSoftware": "dcm2niix",
    "ConversionSoftwareVersion": "v1.0.20171204 (OpenJPEG build) GCC4.8.4",
    "DerivedVendorReportedEchoSpacing": 0.000779995,
    "Dim1Size": 104,
    "Dim2Size": 104,
    "Dim3Size": 72,
    "DwellTime": 3.3e-06,
    "EchoTime": 0.1002,
    "EchoTrainLength": 51,
    "EffectiveEchoSpacing": 0.000389997,
    "FlipAngle": 90,
    "ImageComments": "Unaliased_MB3_PE4",
    "ImageOrientationPatientDICOM": [
      1,
      0,
      0,
      0,
      1,
      0
    ],
    "ImageType": [
      "ORIGINAL",
      "PRIMARY",
      "DIFFUSION",
      "NONE",
      "MB",
      "ND",
      "MOSAIC"
    ],
    "InPlanePhaseEncodingDirectionDICOM": "COL",
    "MRAcquisitionType": "2D",
    "MagneticFieldStrength": 3,
    "Manufacturer": "Siemens",
    "ManufacturersModelName": "Prisma_fit",
    "Modality": "MR",
    "MultibandAccelerationFactor": 3,
    "NumVolumes": 129,
    "Obliquity": "False",
    "ParallelReductionFactorInPlane": 2,
    "PartialFourier": 1,
    "PatientPosition": "HFS",
    "PercentPhaseFOV": 100,
    "PhaseEncodingDirection": "j-",
    "PhaseEncodingSteps": 103,
    "PhaseResolution": 1,
    "PixelBandwidth": 1455,
    "ProcedureStepDescription": "CMI_HBN-CBIC",
    "ProtocolName": "cmrr_DKI",
    "PulseSequenceDetails": "%CustomerSeq%_cmrr_mbep2d_diff",
    "ReceiveCoilActiveElements": "HEA;HEP",
    "ReceiveCoilName": "Head_32",
    "ReconMatrixPE": 104,
    "RepetitionTime": 3.32,
    "SAR": 0.248197,
    "ScanOptions": "FS",
    "ScanningSequence": "EP",
    "SequenceName": "ep_b0",
    "SequenceVariant": "SK_SS",
    "SeriesDescription": "cmrr_DKI",
    "ShimSetting": [
      168,
      -10332,
      -5629,
      519,
      -67,
      180,
      92,
      62
    ],
    "SliceThickness": 1.8,
    "SliceTiming": [
      0,
      1.5125,
      3.025,
      1.2375,
      2.75,
      0.9625,
      2.475,
      0.6875,
      2.2,
      0.4125,
      1.925,
      0.1375,
      1.65,
      3.1625,
      1.375,
      2.8875,
      1.1,
      2.6125,
      0.825,
      2.3375,
      0.55,
      2.0625,
      0.275,
      1.7875,
      0,
      1.5125,
      3.025,
      1.2375,
      2.75,
      0.9625,
      2.475,
      0.6875,
      2.2,
      0.4125,
      1.925,
      0.1375,
      1.65,
      3.1625,
      1.375,
      2.8875,
      1.1,
      2.6125,
      0.825,
      2.3375,
      0.55,
      2.0625,
      0.275,
      1.7875,
      0,
      1.5125,
      3.025,
      1.2375,
      2.75,
      0.9625,
      2.475,
      0.6875,
      2.2,
      0.4125,
      1.925,
      0.1375,
      1.65,
      3.1625,
      1.375,
      2.8875,
      1.1,
      2.6125,
      0.825,
      2.3375,
      0.55,
      2.0625,
      0.275,
      1.7875
    ],
    "SoftwareVersions": "syngo_MR_E11",
    "SpacingBetweenSlices": 1.8,
    "TotalReadoutTime": 0.0401697,
    "TxRefAmp": 236.755,
    "VendorReportedEchoSpacing": 0.00078,
    "VoxelSizeDim1": 1.798076868057251,
    "VoxelSizeDim2": 1.798076868057251,
    "VoxelSizeDim3": 1.7999999523162842,
    "acq_id": "64dir",
    "dataset": "HBN",
    "modality": "dwi",
    "session_id": "HBNsiteCBIC",
    "subject_id": "NDARFV061AR5"
  },
  "efc_shell01": 5.5906,
  "efc_shell02": 2.7749,
  "efc_shell03": 2.0231,
  "fa_degenerate": 0.0,
  "fa_nans": 0.0,
  "fber_shell01": 0.0,
  "fber_shell02": 0.0322,
  "fber_shell03": 0.126,
  "fd_mean": 4.832,
  "fd_num": 127,
  "fd_perc": 98.44961240310077,
  "ndc": 0.6718,
  "provenance": {
    "md5sum": "04d8a6891c678036eb448965c329161f",
    "settings": {
      "testing": false
    },
    "software": "mriqc",
    "version": "24.0.0"
  },
  "sigma_cc": 170.4993,
  "sigma_pca": 66.6261,
  "sigma_piesno": 44.5704,
  "snr_cc_shell0": 3.67,
  "snr_cc_shell1_best": 6.06,
  "snr_cc_shell1_worst": 6.06,
  "snr_cc_shell2_best": 2.22,
  "snr_cc_shell2_worst": 1.38,
  "spikes_global": 147.26,
  "spikes_slice_i": 736.06,
  "spikes_slice_j": 864.43,
  "spikes_slice_k": 898.75,
  "summary_bg_k": 54.2008,
  "summary_bg_mad": 57.8215,
  "summary_bg_mean": 294.2246,
  "summary_bg_median": 165.0,
  "summary_bg_n": 497835.0,
  "summary_bg_p05": 110.0,
  "summary_bg_p95": 935.0,
  "summary_bg_stdv": 411.2031,
  "summary_fg_k": 4.6767,
  "summary_fg_mad": 607.8669,
  "summary_fg_mean": 1447.0245,
  "summary_fg_median": 1177.0,
  "summary_fg_n": 280917.0,
  "summary_fg_p05": 480.0,
  "summary_fg_p95": 3468.0,
  "summary_fg_stdv": 942.9399,
  "summary_wm_k": 10.0048,
  "summary_wm_mad": 324.6899,
  "summary_wm_mean": 963.8033,
  "summary_wm_median": 896.0,
  "summary_wm_n": 99315.0,
  "summary_wm_p05": 437.0,
  "summary_wm_p95": 1732.0,
  "summary_wm_stdv": 422.183
}