{
  "NumberOfShells": 2,
  "bValues": [
    0.0,
    1000.0,
    2000.0
  ],
  "bValuesEstimation": [
    1000.0,
    2000.0
  ],
  "bdiffs_max": 0.0267,
  "bdiffs_mean": 0.0098,
  "bdiffs_median": 0.0097,
  "bdiffs_min": 0.0007,
  "bids_meta": {
    "AcquisitionMatrixPE": 104,
    "BandwidthPerPixelPhaseEncode": 24.655,
    "BaseResolution": 104,
    "BodyPartExamined": "BRAIN",
    "ConsistencyInfo": "N4_VE11B_LATEST_20150530",
    "ConversionSoftware": "dcm2niix",
    "ConversionSoftwareVersion": "v1.0.20171215 GCC4.8.4",
    "DerivedVendorReportedEchoSpacing": 0.000779995,
    "Dim1Size": 104,
    "Dim2Size": 104,
    "Dim3Size": 72,
    "DwellTime": 3.3e-06,
    "EchoTime": 0.1002,
    "EchoTrainLength": 51,
    "EffectiveEchoSpacing": 0.000389997,
    "FlipAngle": 90,
    "ImageComments": "Unaliased_MB3_PE4",
    "ImageOrientationPatientDICOM": [
      1,
      0,
      0,
      0,
      1,
      0
    ],
    "ImageType": [
      "ORIGINAL",
      "PRIMARY",
      "DIFFUSION",
      "NONE",
      "MB",
      "ND",
      "MOSAIC"
    ],
    "InPlanePhaseEncodingDirectionDICOM": "COL",
    "MRAcquisitionType": "2D",
    "MagneticFieldStrength": 3,
    "Manufacturer": "Siemens",
    "ManufacturersModelName": "Prisma_fit",
    "Modality": "MR",
    "MultibandAccelerationFactor": 3,
    "NumVolumes": 129,
    "Obliquity": "False",
    "ParallelReductionFactorInPlane": 2,
    "PartialFourier": 1,
    "PatientPosition": "HFS",
    "PercentPhaseFOV": 100,
    "PhaseEncodingDirection": "j-",
    "PhaseEncodingSteps": 103,
    "PhaseResolution": 1,
    "PixelBandwidth": 1455,
    "ProcedureStepDescription": "CMI_HBN-CBIC",
    "ProtocolName": "cmrr_DKI",
    "PulseSequenceDetails": "%CustomerSeq%_cmrr_mbep2d_diff",
    "ReceiveCoilActiveElements": "HEA;HEP",
    "ReceiveCoilName": "Head_32",
    "ReconMatrixPE": 104,
    "RepetitionTime": 3.32,
    "SAR": 0.389311,
    "ScanOptions": "FS",
    "ScanningSequence": "EP",
    "SequenceName": "ep_b0",
    "SequenceVariant": "SK_SS",
    "SeriesDescription": "cmrr_DKI",
    "ShimSetting": [
      167,
      -10488,
      -5592,
      695,
      -53,
      -132,
      174,
      -40
    ],
    "SliceThickness": 1.8,
    "SliceTiming": [
      0,
      1.5125,
      3.025,
      1.2375,
      2.75,
      0.9625,
      2.475,
      0.6875,
      2.2,
      0.4125,
      1.925,
      0.1375,
      1.65,
      3.1625,
      1.375,
      2.8875,
      1.1,
      2.6125,
      0.825,
      2.3375,
      0.55,
      2.0625,
      0.275,
      1.7875,
      0,
      1.5125,
      3.025,
      1.2375,
      2.75,
      0.9625,
      2.475,
      0.6875,
      2.2,
      0.4125,
      1.925,
      0.1375,
      1.65,
      3.1625,
      1.375,
      2.8875,
      1.1,
      2.6125,
      0.825,
      2.3375,
      0.55,
      2.0625,
      0.275,
      1.7875,
      0,
      1.5125,
      3.025,
      1.2375,
      2.75,
      0.9625,
      2.475,
      0.6875,
      2.2,
      0.4125,
      1.925,
      0.1375,
      1.65,
      3.1625,
      1.375,
      2.8875,
      1.1,
      2.6125,
      0.825,
      2.3375,
      0.55,
      2.0625,
      0.275,
      1.7875
    ],
    "SoftwareVersions": "syngo_MR_E11",
    "SpacingBetweenSlices": 1.8,
    "TotalReadoutTime": 0.0401697,
    "TxRefAmp": 209.812,
    "VendorReportedEchoSpacing": 0.00078,
    "VoxelSizeDim1": 1.798076868057251,
    "VoxelSizeDim2": 1.798076868057251,
    "VoxelSizeDim3": 1.8000000715255737,
    "acq_id": "64dir",
    "dataset": "HBN",
    "modality": "dwi",
    "session_id": "HBNsiteCBIC",
    "subject_id": "NDARHD017XEU"
  },
  "efc_shell01": 4.38,
  "efc_shell02": 2.5035,
  "efc_shell03": 1.8367,
  "fa_degenerate": 0.0,
  "fa_nans": 0.0,
  "fber_shell01": -0.0057,
  "fber_shell02": 0.0317,
  "fber_shell03": 0.0869,
  "fd_mean": 0.7382,
  "fd_num": 124,
  "fd_perc": 96.12403100775194,
  "ndc": 0.602,
  "provenance": {
    "md5sum": "df88558bc9570abf7683cfc3b13cc851",
    "settings": {
      "testing": false
    },
    "software": "mriqc",
    "version": "24.0.0"
  },
  "sigma_cc": 137.882,
  "sigma_pca": 67.0565,
  "sigma_piesno": 43.58,
  "snr_cc_shell0": 4.88,
  "snr_cc_shell1_best": 4.24,
  "snr_cc_shell1_worst": 4.24,
  "snr_cc_shell2_best": 2.97,
  "snr_cc_shell2_worst": 1.49,
  "spikes_global": 70.02,
  "spikes_slice_i": 256.74,
  "spikes_slice_j": 244.32,
  "spikes_slice_k": 399.21,
  "summary_bg_k": 134.3486,
  "summary_bg_mad": 31.1346,
  "summary_bg_mean": 178.1968,
  "summary_bg_median": 142.0,
  "summary_bg_n": 501236.0,
  "summary_bg_p05": 105.0,
  "summary_bg_p95": 370.0,
  "summary_bg_stdv": 160.6759,
  "summary_fg_k": 4.2587,
  "summary_fg_mad": 584.1453,
  "summary_fg_mean": 1409.4285,
  "summary_fg_median": 1298.0,
  "summary_fg_n": 277516.0,
  "summary_fg_p05": 541.0,
  "summary_fg_p95": 2594.0,
  "summary_fg_stdv": 673.9793,
  "summary_wm_k": 5.2779,
  "summary_wm_mad": 302.4509,
  "summary_wm_mean": 1023.6162,
  "summary_wm_median": 970.0,
  "summary_wm_n": 83260.0,
  "summary_wm_p05": 518.0,
  "summary_wm_p95": 1714.0,
  "summary_wm_stdv": 376.3976
}