{
  "NumberOfShells": 2,
  "bValues": [
    0.0,
    1000.0,
    2000.0
  ],
  "bValuesEstimation": [
    1000.0,
    2000.0
  ],
  "bdiffs_max": 0.1108,
  "bdiffs_mean": 0.0398,
  "bdiffs_median": 0.0392,
  "bdiffs_min": 0.0015,
  "bids_meta": {
    "AcquisitionMatrixPE": 104,
    "BandwidthPerPixelPhaseEncode": 23.17,
    "BaseResolution": 104,
    "ConversionSoftware": "dcm2niix",
    "ConversionSoftwareVersion": "v1.0.20171215 GCC4.8.4",
    "DerivedVendorReportedEchoSpacing": 0.000829986,
    "Dim1Size": 104,
    "Dim2Size": 104,
    "Dim3Size": 72,
    "DwellTime": 3.5e-06,
    "EchoTime": 0.1002,
    "EffectiveEchoSpacing": 0.000414993,
    "FlipAngle": 90,
    "ImageComments": "Unaliased_MB3_PE4_(remote)_SENSE1",
    "ImageOrientationPatientDICOM": [
      0.998101,
      0.0119866,
      0.0604171,
      -6.56346e-08,
      0.980882,
      -0.194604
    ],
    "ImageType": [
      "ORIGINAL",
      "PRIMARY",
      "DIFFUSION",
      "NONE",
      "MB",
      "ND"
    ],
    "InPlanePhaseEncodingDirectionDICOM": "COL",
    "MRAcquisitionType": "2D",
    "MagneticFieldStrength": 3,
    "Manufacturer": "Siemens",
    "ManufacturersModelName": "TrioTim",
    "Modality": "MR",
    "NumVolumes": 129,
    "Obliquity": "True",
    "ParallelReductionFactorInPlane": 2,
    "PartialFourier": 1,
    "PatientPosition": "HFS",
    "PercentPhaseFOV": 100,
    "PhaseEncodingDirection": "j-",
    "PhaseEncodingSteps": 103,
    "PhaseResolution": 1,
    "PixelBandwidth": 1374,
    "ProcedureStepDescription": "CMI_HBN",
    "ProtocolName": "DKI",
    "PulseSequenceDetails": "%CustomerSeq%_cmrr_mbep2d_diff",
    "ReceiveCoilName": "32Ch_Head",
    "ReconMatrixPE": 104,
    "RepetitionTime": 3.32,
    "SAR": 0.298015,
    "ScanOptions": "FS",
    "ScanningSequence": "EP",
    "SequenceName": "ep_b0",
    "SequenceVariant": "SK_SS",
    "SeriesDescription": "DKI",
    "ShimSetting": [
      2010,
      -615,
      -7562,
      1031,
      -348,
      796,
      -269,
      -479
    ],
    "SliceThickness": 1.8,
    "SoftwareVersions": "syngo_MR_B19",
    "SpacingBetweenSlices": 1.8,
    "TotalReadoutTime": 0.0427443,
    "TxRefAmp": 323.301,
    "VoxelSizeDim1": 1.798076868057251,
    "VoxelSizeDim2": 1.798076868057251,
    "VoxelSizeDim3": 1.800002932548523,
    "acq_id": "64dir",
    "dataset": "HBN",
    "modality": "dwi",
    "session_id": "HBNsiteRU",
    "subject_id": "NDARNP423EJQ"
  },
  "efc_shell01": 2.8231,
  "efc_shell02": 0.5825,
  "efc_shell03": 0.5536,
  "fa_degenerate": 0.0,
  "fa_nans": 0.0,
  "fber_shell01": 20.52,
  "fber_shell02": 441.0,
  "fber_shell03": 138.0625,
  "fd_mean": 2.2952,
  "fd_num": 128,
  "fd_perc": 99.2248062015504,
  "ndc": 0.4498,
  "provenance": {
    "md5sum": "97de8e67618573985c2f2f08753f3185",
    "settings": {
      "testing": false
    },
    "software": "mriqc",
    "version": "24.0.0"
  },
  "sigma_cc": 29.652,
  "sigma_pca": 10.8281,
  "sigma_piesno": 1.6508,
  "snr_cc_shell0": 4.59,
  "snr_cc_shell1_best": 5.43,
  "snr_cc_shell1_worst": 5.43,
  "snr_cc_shell2_best": 2.29,
  "snr_cc_shell2_worst": 1.15,
  "spikes_global": 42.87,
  "spikes_slice_i": 113.88,
  "spikes_slice_j": 163.57,
  "spikes_slice_k": 227.2,
  "summary_bg_k": 441.7711,
  "summary_bg_mad": 4.4478,
  "summary_bg_mean": 9.3391,
  "summary_bg_median": 5.0,
  "summary_bg_n": 563500.0,
  "summary_bg_p05": 1.0,
  "summary_bg_p95": 27.0,
  "summary_bg_stdv": 26.802,
  "summary_fg_k": 3.693,
  "summary_fg_mad": 91.9213,
  "summary_fg_mean": 257.6017,
  "summary_fg_median": 243.0,
  "summary_fg_n": 215252.0,
  "summary_fg_p05": 123.0,
  "summary_fg_p95": 442.0,
  "summary_fg_stdv": 105.6122,
  "summary_wm_k": 2.8773,
  "summary_wm_mad": 91.9213,
  "summary_wm_mean": 255.6457,
  "summary_wm_median": 242.0,
  "summary_wm_n": 196046.0,
  "summary_wm_p05": 123.0,
  "summary_wm_p95": 435.0,
  "summary_wm_stdv": 102.3995
}