{
  "NumberOfShells": 2,
  "bValues": [
    0.0,
    1000.0,
    2000.0
  ],
  "bValuesEstimation": [
    1000.0,
    2000.0
  ],
  "bdiffs_max": 0.0746,
  "bdiffs_mean": 0.0219,
  "bdiffs_median": 0.0146,
  "bdiffs_min": 0.0012,
  "bids_meta": {
    "AcquisitionMatrixPE": 104,
    "BandwidthPerPixelPhaseEncode": 23.17,
    "BaseResolution": 104,
    "ConversionSoftware": "dcm2niix",
    "ConversionSoftwareVersion": "v1.0.20171204 (OpenJPEG build) GCC4.8.4",
    "DerivedVendorReportedEchoSpacing": 0.000829986,
    "Dim1Size": 104,
    "Dim2Size": 104,
    "Dim3Size": 72,
    "DwellTime": 3.5e-06,
    "EchoTime": 0.1002,
    "EffectiveEchoSpacing": 0.000414993,
    "FlipAngle": 90,
    "ImageComments": "Unaliased_MB3_PE4_(remote)_SENSE1",
    "ImageOrientationPatientDICOM": [
      1,
      0,
      0,
      0,
      0.968583,
      -0.24869
    ],
    "ImageType": [
      "ORIGINAL",
      "PRIMARY",
      "DIFFUSION",
      "NONE",
      "MB",
      "ND"
    ],
    "InPlanePhaseEncodingDirectionDICOM": "COL",
    "MRAcquisitionType": "2D",
    "MagneticFieldStrength": 3,
    "Manufacturer": "Siemens",
    "ManufacturersModelName": "TrioTim",
    "Modality": "MR",
    "NumVolumes": 129,
    "Obliquity": "True",
    "ParallelReductionFactorInPlane": 2,
    "PartialFourier": 1,
    "PatientPosition": "HFS",
    "PercentPhaseFOV": 100,
    "PhaseEncodingDirection": "j-",
    "PhaseEncodingSteps": 103,
    "PhaseResolution": 1,
    "PixelBandwidth": 1374,
    "ProcedureStepDescription": "CMI_HBN",
    "ProtocolName": "DKI",
    "PulseSequenceDetails": "%CustomerSeq%_cmrr_mbep2d_diff",
    "ReceiveCoilName": "32Ch_Head",
    "ReconMatrixPE": 104,
    "RepetitionTime": 3.32,
    "SAR": 0.276126,
    "ScanOptions": "FS",
    "ScanningSequence": "EP",
    "SequenceName": "ep_b0",
    "SequenceVariant": "SK_SS",
    "SeriesDescription": "DKI",
    "ShimSetting": [
      2078,
      -630,
      -7599,
      1021,
      25,
      428,
      164,
      -219
    ],
    "SliceThickness": 1.8,
    "SoftwareVersions": "syngo_MR_B19",
    "SpacingBetweenSlices": 1.8,
    "TotalReadoutTime": 0.0427443,
    "TxRefAmp": 276.602,
    "VoxelSizeDim1": 1.798076868057251,
    "VoxelSizeDim2": 1.798076868057251,
    "VoxelSizeDim3": 1.7999980449676514,
    "acq_id": "64dir",
    "dataset": "HBN",
    "modality": "dwi",
    "session_id": "HBNsiteRU",
    "subject_id": "NDARCV944JA6"
  },
  "efc_shell01": 2.8306,
  "efc_shell02": 0.6146,
  "efc_shell03": 0.5901,
  "fa_degenerate": 0.0,
  "fa_nans": 0.0,
  "fber_shell01": 21.16,
  "fber_shell02": 462.25,
  "fber_shell03": 150.0625,
  "fd_mean": 2.5743,
  "fd_num": 128,
  "fd_perc": 99.2248062015504,
  "ndc": 0.4523,
  "provenance": {
    "md5sum": "ab709cf42d331dfbbd1ebcc9ed9a24a4",
    "settings": {
      "testing": false
    },
    "software": "mriqc",
    "version": "24.0.0"
  },
  "sigma_cc": 38.5477,
  "sigma_pca": 11.454,
  "sigma_piesno": 1.3206,
  "snr_cc_shell0": 4.02,
  "snr_cc_shell1_best": 4.72,
  "snr_cc_shell1_worst": 4.72,
  "snr_cc_shell2_best": 2.22,
  "snr_cc_shell2_worst": 1.22,
  "spikes_global": 79.9,
  "spikes_slice_i": 489.67,
  "spikes_slice_j": 367.51,
  "spikes_slice_k": 609.2,
  "summary_bg_k": 234.5185,
  "summary_bg_mad": 4.4478,
  "summary_bg_mean": 12.1875,
  "summary_bg_median": 5.0,
  "summary_bg_n": 529259.0,
  "summary_bg_p05": 1.0,
  "summary_bg_p95": 46.0,
  "summary_bg_stdv": 31.5431,
  "summary_fg_k": 9.0744,
  "summary_fg_mad": 85.9909,
  "summary_fg_mean": 251.9353,
  "summary_fg_median": 230.0,
  "summary_fg_n": 249493.0,
  "summary_fg_p05": 117.0,
  "summary_fg_p95": 469.0,
  "summary_fg_stdv": 117.5557,
  "summary_wm_k": 12.6674,
  "summary_wm_mad": 60.7867,
  "summary_wm_mean": 205.1515,
  "summary_wm_median": 192.0,
  "summary_wm_n": 110549.0,
  "summary_wm_p05": 105.0,
  "summary_wm_p95": 346.0,
  "summary_wm_stdv": 81.6979
}