{
  "NumberOfShells": 2,
  "bValues": [
    0.0,
    1000.0,
    2000.0
  ],
  "bValuesEstimation": [
    1000.0,
    2000.0
  ],
  "bdiffs_max": 0.0149,
  "bdiffs_mean": 0.0064,
  "bdiffs_median": 0.0063,
  "bdiffs_min": 0.0005,
  "bids_meta": {
    "AcquisitionMatrixPE": 104,
    "BandwidthPerPixelPhaseEncode": 23.17,
    "BaseResolution": 104,
    "ConversionSoftware": "dcm2niix",
    "ConversionSoftwareVersion": "v1.0.20171204 (OpenJPEG build) GCC4.8.4",
    "DerivedVendorReportedEchoSpacing": 0.000829986,
    "Dim1Size": 104,
    "Dim2Size": 104,
    "Dim3Size": 72,
    "DwellTime": 3.5e-06,
    "EchoTime": 0.1002,
    "EffectiveEchoSpacing": 0.000414993,
    "FlipAngle": 90,
    "ImageComments": "Unaliased_MB3_PE4_(remote)_SENSE1",
    "ImageOrientationPatientDICOM": [
      0.99263,
      -0.0522715,
      -0.109328,
      3.88283e-09,
      0.902185,
      -0.431349
    ],
    "ImageType": [
      "ORIGINAL",
      "PRIMARY",
      "DIFFUSION",
      "NONE",
      "MB",
      "ND"
    ],
    "InPlanePhaseEncodingDirectionDICOM": "COL",
    "MRAcquisitionType": "2D",
    "MagneticFieldStrength": 3,
    "Manufacturer": "Siemens",
    "ManufacturersModelName": "TrioTim",
    "Modality": "MR",
    "NumVolumes": 129,
    "Obliquity": "True",
    "ParallelReductionFactorInPlane": 2,
    "PartialFourier": 1,
    "PatientPosition": "HFS",
    "PercentPhaseFOV": 100,
    "PhaseEncodingDirection": "j-",
    "PhaseEncodingSteps": 103,
    "PhaseResolution": 1,
    "PixelBandwidth": 1374,
    "ProcedureStepDescription": "CMI_HBN",
    "ProtocolName": "DKI",
    "PulseSequenceDetails": "%CustomerSeq%_cmrr_mbep2d_diff",
    "ReceiveCoilName": "32Ch_Head",
    "ReconMatrixPE": 104,
    "RepetitionTime": 3.32,
    "SAR": 0.331432,
    "ScanOptions": "FS",
    "ScanningSequence": "EP",
    "SequenceName": "ep_b0",
    "SequenceVariant": "SK_SS",
    "SeriesDescription": "DKI",
    "ShimSetting": [
      1980,
      -500,
      -7650,
      1002,
      71,
      687,
      -183,
      -155
    ],
    "SliceThickness": 1.8,
    "SoftwareVersions": "syngo_MR_B19",
    "SpacingBetweenSlices": 1.8,
    "TotalReadoutTime": 0.0427443,
    "TxRefAmp": 327.003,
    "VoxelSizeDim1": 1.798076868057251,
    "VoxelSizeDim2": 1.798076868057251,
    "VoxelSizeDim3": 1.799996018409729,
    "acq_id": "64dir",
    "dataset": "HBN",
    "modality": "dwi",
    "session_id": "HBNsiteRU",
    "subject_id": "NDARXL023NG9"
  },
  "efc_shell01": 2.0566,
  "efc_shell02": 0.6086,
  "efc_shell03": 0.5878,
  "fa_degenerate": 0.0,
  "fa_nans": 0.0,
  "fber_shell01": 144.68,
  "fber_shell02": 302.76,
  "fber_shell03": 150.0625,
  "fd_mean": 1.1257,
  "fd_num": 128,
  "fd_perc": 99.2248062015504,
  "ndc": 0.7775,
  "provenance": {
    "md5sum": "4acce469899715dcbf7dec5d4f277d91",
    "settings": {
      "testing": false
    },
    "software": "mriqc",
    "version": "24.0.0"
  },
  "sigma_cc": 31.1346,
  "sigma_pca": 11.1811,
  "sigma_piesno": 1.6508,
  "snr_cc_shell0": 4.39,
  "snr_cc_shell1_best": 5.85,
  "snr_cc_shell1_worst": 5.85,
  "snr_cc_shell2_best": 2.13,
  "snr_cc_shell2_worst": 1.17,
  "spikes_global": 64.06,
  "spikes_slice_i": 309.54,
  "spikes_slice_j": 200.84,
  "spikes_slice_k": 407.09,
  "summary_bg_k": 135.3556,
  "summary_bg_mad": 4.4478,
  "summary_bg_mean": 18.2892,
  "summary_bg_median": 5.0,
  "summary_bg_n": 556117.0,
  "summary_bg_p05": 1.0,
  "summary_bg_p95": 61.0,
  "summary_bg_stdv": 59.6805,
  "summary_fg_k": 4.5152,
  "summary_fg_mad": 96.3691,
  "summary_fg_mean": 246.4832,
  "summary_fg_median": 231.0,
  "summary_fg_n": 222635.0,
  "summary_fg_p05": 113.0,
  "summary_fg_p95": 429.0,
  "summary_fg_stdv": 105.1233,
  "summary_wm_k": 11.5955,
  "summary_wm_mad": 48.9259,
  "summary_wm_mean": 178.9933,
  "summary_wm_median": 169.0,
  "summary_wm_n": 65385.0,
  "summary_wm_p05": 99.0,
  "summary_wm_p95": 295.0,
  "summary_wm_stdv": 65.9883
}