{
  "NumberOfShells": 2,
  "bValues": [
    0.0,
    1000.0,
    2000.0
  ],
  "bValuesEstimation": [
    1000.0,
    2000.0
  ],
  "bdiffs_max": 0.1497,
  "bdiffs_mean": 0.0599,
  "bdiffs_median": 0.0542,
  "bdiffs_min": 0.0071,
  "bids_meta": {
    "AcquisitionMatrixPE": 104,
    "BandwidthPerPixelPhaseEncode": 24.655,
    "BaseResolution": 104,
    "BodyPartExamined": "BRAIN",
    "ConsistencyInfo": "N4_VE11B_LATEST_20150530",
    "ConversionSoftware": "dcm2niix",
    "ConversionSoftwareVersion": "v1.0.20171204 (OpenJPEG build) GCC4.8.4",
    "DerivedVendorReportedEchoSpacing": 0.000779995,
    "Dim1Size": 104,
    "Dim2Size": 104,
    "Dim3Size": 72,
    "DwellTime": 3.3e-06,
    "EchoTime": 0.1002,
    "EchoTrainLength": 51,
    "EffectiveEchoSpacing": 0.000389997,
    "FlipAngle": 90,
    "ImageComments": "Unaliased_MB3_PE4",
    "ImageOrientationPatientDICOM": [
      1,
      0,
      0,
      0,
      1,
      0
    ],
    "ImageType": [
      "ORIGINAL",
      "PRIMARY",
      "DIFFUSION",
      "NONE",
      "MB",
      "ND",
      "MOSAIC"
    ],
    "InPlanePhaseEncodingDirectionDICOM": "COL",
    "MRAcquisitionType": "2D",
    "MagneticFieldStrength": 3,
    "Manufacturer": "Siemens",
    "ManufacturersModelName": "Prisma_fit",
    "Modality": "MR",
    "MultibandAccelerationFactor": 3,
    "NumVolumes": 129,
    "Obliquity": "False",
    "ParallelReductionFactorInPlane": 2,
    "PartialFourier": 1,
    "PatientPosition": "HFS",
    "PercentPhaseFOV": 100,
    "PhaseEncodingDirection": "j-",
    "PhaseEncodingSteps": 103,
    "PhaseResolution": 1,
    "PixelBandwidth": 1455,
    "ProcedureStepDescription": "CMI_HBN-CBIC",
    "ProtocolName": "cmrr_DKI",
    "PulseSequenceDetails": "%CustomerSeq%_cmrr_mbep2d_diff",
    "ReceiveCoilActiveElements": "HEA;HEP",
    "ReceiveCoilName": "Head_32",
    "ReconMatrixPE": 104,
    "RepetitionTime": 3.32,
    "SAR": 0.298536,
    "ScanOptions": "FS",
    "ScanningSequence": "EP",
    "SequenceName": "ep_b0",
    "SequenceVariant": "SK_SS",
    "SeriesDescription": "cmrr_DKI",
    "ShimSetting": [
      203,
      -10459,
      -5604,
      606,
      82,
      -198,
      -92,
      7
    ],
    "SliceThickness": 1.8,
    "SliceTiming": [
      0,
      1.5125,
      3.025,
      1.2375,
      2.75,
      0.9625,
      2.475,
      0.6875,
      2.2,
      0.4125,
      1.925,
      0.1375,
      1.65,
      3.1625,
      1.375,
      2.8875,
      1.1,
      2.6125,
      0.825,
      2.3375,
      0.55,
      2.0625,
      0.275,
      1.7875,
      0,
      1.5125,
      3.025,
      1.2375,
      2.75,
      0.9625,
      2.475,
      0.6875,
      2.2,
      0.4125,
      1.925,
      0.1375,
      1.65,
      3.1625,
      1.375,
      2.8875,
      1.1,
      2.6125,
      0.825,
      2.3375,
      0.55,
      2.0625,
      0.275,
      1.7875,
      0,
      1.5125,
      3.025,
      1.2375,
      2.75,
      0.9625,
      2.475,
      0.6875,
      2.2,
      0.4125,
      1.925,
      0.1375,
      1.65,
      3.1625,
      1.375,
      2.8875,
      1.1,
      2.6125,
      0.825,
      2.3375,
      0.55,
      2.0625,
      0.275,
      1.7875
    ],
    "SoftwareVersions": "syngo_MR_E11",
    "SpacingBetweenSlices": 1.8,
    "TotalReadoutTime": 0.0401697,
    "TxRefAmp": 217.607,
    "VendorReportedEchoSpacing": 0.00078,
    "VoxelSizeDim1": 1.798076868057251,
    "VoxelSizeDim2": 1.798076868057251,
    "VoxelSizeDim3": 1.8000000715255737,
    "acq_id": "64dir",
    "dataset": "HBN",
    "modality": "dwi",
    "session_id": "HBNsiteCBIC",
    "subject_id": "NDARRW680PHD"
  },
  "efc_shell01": 4.2048,
  "efc_shell02": 2.3323,
  "efc_shell03": 1.7301,
  "fa_degenerate": 0.0,
  "fa_nans": 0.0,
  "fber_shell01": -0.0025,
  "fber_shell02": 0.0422,
  "fber_shell03": 0.1364,
  "fd_mean": 4.3413,
  "fd_num": 128,
  "fd_perc": 99.2248062015504,
  "ndc": 0.6726,
  "provenance": {
    "md5sum": "9eda012c696d273fe606a73c6471f8a2",
    "settings": {
      "testing": false
    },
    "software": "mriqc",
    "version": "24.0.0"
  },
  "sigma_cc": 177.9123,
  "sigma_pca": 67.1569,
  "sigma_piesno": 42.9197,
  "snr_cc_shell0": 3.55,
  "snr_cc_shell1_best": 4.78,
  "snr_cc_shell1_worst": 4.78,
  "snr_cc_shell2_best": 2.03,
  "snr_cc_shell2_worst": 1.29,
  "spikes_global": 89.68,
  "spikes_slice_i": 405.82,
  "spikes_slice_j": 473.11,
  "spikes_slice_k": 607.77,
  "summary_bg_k": 76.4688,
  "summary_bg_mad": 38.5477,
  "summary_bg_mean": 219.3675,
  "summary_bg_median": 145.0,
  "summary_bg_n": 526986.0,
  "summary_bg_p05": 104.0,
  "summary_bg_p95": 527.0,
  "summary_bg_stdv": 298.9397,
  "summary_fg_k": 5.5874,
  "summary_fg_mad": 532.2542,
  "summary_fg_mean": 1269.2672,
  "summary_fg_median": 1148.0,
  "summary_fg_n": 251766.0,
  "summary_fg_p05": 466.0,
  "summary_fg_p95": 2475.0,
  "summary_fg_stdv": 647.5151,
  "summary_wm_k": 6.2741,
  "summary_wm_mad": 514.463,
  "summary_wm_mean": 1222.3415,
  "summary_wm_median": 1108.0,
  "summary_wm_n": 178720.0,
  "summary_wm_p05": 468.0,
  "summary_wm_p95": 2343.0,
  "summary_wm_stdv": 613.8895
}