{
  "NumberOfShells": 2,
  "bValues": [
    0.0,
    1000.0,
    2000.0
  ],
  "bValuesEstimation": [
    1000.0,
    2000.0
  ],
  "bdiffs_max": 0.2171,
  "bdiffs_mean": 0.0603,
  "bdiffs_median": 0.043,
  "bdiffs_min": 0.0027,
  "bids_meta": {
    "AcquisitionMatrixPE": 104,
    "BandwidthPerPixelPhaseEncode": 24.655,
    "BaseResolution": 104,
    "BodyPartExamined": "BRAIN",
    "ConsistencyInfo": "N4_VE11B_LATEST_20150530",
    "ConversionSoftware": "dcm2niix",
    "ConversionSoftwareVersion": "v1.0.20171215 GCC4.8.4",
    "DerivedVendorReportedEchoSpacing": 0.000779995,
    "Dim1Size": 104,
    "Dim2Size": 104,
    "Dim3Size": 72,
    "DwellTime": 3.3e-06,
    "EchoTime": 0.1002,
    "EchoTrainLength": 51,
    "EffectiveEchoSpacing": 0.000389997,
    "FlipAngle": 90,
    "ImageComments": "Unaliased_MB3_PE4",
    "ImageOrientationPatientDICOM": [
      1,
      0,
      0,
      0,
      1,
      0
    ],
    "ImageType": [
      "ORIGINAL",
      "PRIMARY",
      "DIFFUSION",
      "NONE",
      "MB",
      "ND",
      "MOSAIC"
    ],
    "InPlanePhaseEncodingDirectionDICOM": "COL",
    "MRAcquisitionType": "2D",
    "MagneticFieldStrength": 3,
    "Manufacturer": "Siemens",
    "ManufacturersModelName": "Prisma_fit",
    "Modality": "MR",
    "MultibandAccelerationFactor": 3,
    "NumVolumes": 129,
    "Obliquity": "False",
    "ParallelReductionFactorInPlane": 2,
    "PartialFourier": 1,
    "PatientPosition": "HFS",
    "PercentPhaseFOV": 100,
    "PhaseEncodingDirection": "j-",
    "PhaseEncodingSteps": 103,
    "PhaseResolution": 1,
    "PixelBandwidth": 1455,
    "ProcedureStepDescription": "CMI_HBN-CBIC",
    "ProtocolName": "cmrr_DKI",
    "PulseSequenceDetails": "%CustomerSeq%_cmrr_mbep2d_diff",
    "ReceiveCoilActiveElements": "HEA;HEP",
    "ReceiveCoilName": "Head_32",
    "ReconMatrixPE": 104,
    "RepetitionTime": 3.32,
    "SAR": 0.204138,
    "ScanOptions": "FS",
    "ScanningSequence": "EP",
    "SequenceName": "ep_b0",
    "SequenceVariant": "SK_SS",
    "SeriesDescription": "cmrr_DKI",
    "ShimSetting": [
      220,
      -10445,
      -5609,
      602,
      8,
      6,
      46,
      -35
    ],
    "SliceThickness": 1.8,
    "SliceTiming": [
      0,
      1.5125,
      3.025,
      1.2375,
      2.75,
      0.9625,
      2.475,
      0.6875,
      2.2,
      0.4125,
      1.925,
      0.1375,
      1.65,
      3.1625,
      1.375,
      2.8875,
      1.1,
      2.6125,
      0.825,
      2.3375,
      0.55,
      2.0625,
      0.275,
      1.7875,
      0,
      1.5125,
      3.025,
      1.2375,
      2.75,
      0.9625,
      2.475,
      0.6875,
      2.2,
      0.4125,
      1.925,
      0.1375,
      1.65,
      3.1625,
      1.375,
      2.8875,
      1.1,
      2.6125,
      0.825,
      2.3375,
      0.55,
      2.0625,
      0.275,
      1.7875,
      0,
      1.5125,
      3.025,
      1.2375,
      2.75,
      0.9625,
      2.475,
      0.6875,
      2.2,
      0.4125,
      1.925,
      0.1375,
      1.65,
      3.1625,
      1.375,
      2.8875,
      1.1,
      2.6125,
      0.825,
      2.3375,
      0.55,
      2.0625,
      0.275,
      1.7875
    ],
    "SoftwareVersions": "syngo_MR_E11",
    "SpacingBetweenSlices": 1.8,
    "TotalReadoutTime": 0.0401697,
    "TxRefAmp": 217.815,
    "VendorReportedEchoSpacing": 0.00078,
    "VoxelSizeDim1": 1.798076868057251,
    "VoxelSizeDim2": 1.798076868057251,
    "VoxelSizeDim3": 1.7999999523162842,
    "acq_id": "64dir",
    "dataset": "HBN",
    "modality": "dwi",
    "session_id": "HBNsiteCBIC",
    "subject_id": "NDARUW206XUG"
  },
  "efc_shell01": 4.1243,
  "efc_shell02": 2.2632,
  "efc_shell03": 1.7339,
  "fa_degenerate": 0.0,
  "fa_nans": 0.0,
  "fber_shell01": 0.0,
  "fber_shell02": 0.0521,
  "fber_shell03": 0.13,
  "fd_mean": 4.3556,
  "fd_num": 128,
  "fd_perc": 99.2248062015504,
  "ndc": 0.4667,
  "provenance": {
    "md5sum": "015b54d431f0ed5dd8bd8a9c223d735d",
    "settings": {
      "testing": false
    },
    "software": "mriqc",
    "version": "24.0.0"
  },
  "sigma_cc": 167.5341,
  "sigma_pca": 68.9733,
  "sigma_piesno": 43.58,
  "snr_cc_shell0": 4.08,
  "snr_cc_shell1_best": 5.96,
  "snr_cc_shell1_worst": 5.96,
  "snr_cc_shell2_best": 2.42,
  "snr_cc_shell2_worst": 1.53,
  "spikes_global": 113.61,
  "spikes_slice_i": 786.79,
  "spikes_slice_j": 725.71,
  "spikes_slice_k": 775.48,
  "summary_bg_k": 279.8678,
  "summary_bg_mad": 40.0303,
  "summary_bg_mean": 215.6379,
  "summary_bg_median": 149.0,
  "summary_bg_n": 545338.0,
  "summary_bg_p05": 107.0,
  "summary_bg_p95": 474.0,
  "summary_bg_stdv": 328.6132,
  "summary_fg_k": 6.5308,
  "summary_fg_mad": 548.5628,
  "summary_fg_mean": 1366.2286,
  "summary_fg_median": 1152.0,
  "summary_fg_n": 233414.0,
  "summary_fg_p05": 501.0,
  "summary_fg_p95": 2985.0,
  "summary_fg_stdv": 834.1267,
  "summary_wm_k": 6.3677,
  "summary_wm_mad": 290.59,
  "summary_wm_mean": 952.3135,
  "summary_wm_median": 899.0,
  "summary_wm_n": 91990.0,
  "summary_wm_p05": 503.0,
  "summary_wm_p95": 1568.0,
  "summary_wm_stdv": 350.8436
}