{
  "NumberOfShells": 2,
  "bValues": [
    0.0,
    1000.0,
    2000.0
  ],
  "bValuesEstimation": [
    1000.0,
    2000.0
  ],
  "bdiffs_max": 0.0368,
  "bdiffs_mean": 0.0192,
  "bdiffs_median": 0.0188,
  "bdiffs_min": 0.0038,
  "bids_meta": {
    "AcquisitionMatrixPE": 104,
    "BandwidthPerPixelPhaseEncode": 23.17,
    "BaseResolution": 104,
    "ConversionSoftware": "dcm2niix",
    "ConversionSoftwareVersion": "v1.0.20171204 (OpenJPEG build) GCC4.8.4",
    "DerivedVendorReportedEchoSpacing": 0.000829986,
    "Dim1Size": 104,
    "Dim2Size": 104,
    "Dim3Size": 72,
    "DwellTime": 3.5e-06,
    "EchoTime": 0.1002,
    "EffectiveEchoSpacing": 0.000414993,
    "FlipAngle": 90,
    "ImageComments": "Unaliased_MB3_PE4_(remote)_SENSE1",
    "ImageOrientationPatientDICOM": [
      0.998897,
      -0.00376989,
      -0.0468031,
      1.72837e-08,
      0.996772,
      -0.0802875
    ],
    "ImageType": [
      "ORIGINAL",
      "PRIMARY",
      "DIFFUSION",
      "NONE",
      "MB",
      "ND"
    ],
    "InPlanePhaseEncodingDirectionDICOM": "COL",
    "MRAcquisitionType": "2D",
    "MagneticFieldStrength": 3,
    "Manufacturer": "Siemens",
    "ManufacturersModelName": "TrioTim",
    "Modality": "MR",
    "NumVolumes": 129,
    "Obliquity": "True",
    "ParallelReductionFactorInPlane": 2,
    "PartialFourier": 1,
    "PatientPosition": "HFS",
    "PercentPhaseFOV": 100,
    "PhaseEncodingDirection": "j-",
    "PhaseEncodingSteps": 103,
    "PhaseResolution": 1,
    "PixelBandwidth": 1374,
    "ProcedureStepDescription": "CMI_HBN",
    "ProtocolName": "DKI",
    "PulseSequenceDetails": "%CustomerSeq%_cmrr_mbep2d_diff",
    "ReceiveCoilName": "32Ch_Head",
    "ReconMatrixPE": 104,
    "RepetitionTime": 3.32,
    "SAR": 0.283919,
    "ScanOptions": "FS",
    "ScanningSequence": "EP",
    "SequenceName": "ep_b0",
    "SequenceVariant": "SK_SS",
    "SeriesDescription": "DKI",
    "ShimSetting": [
      1938,
      -554,
      -7698,
      994,
      -322,
      81,
      -745,
      -256
    ],
    "SliceThickness": 1.8,
    "SoftwareVersions": "syngo_MR_B19",
    "SpacingBetweenSlices": 1.8,
    "TotalReadoutTime": 0.0427443,
    "TxRefAmp": 314.552,
    "VoxelSizeDim1": 1.798076868057251,
    "VoxelSizeDim2": 1.798076868057251,
    "VoxelSizeDim3": 1.8000030517578125,
    "acq_id": "64dir",
    "dataset": "HBN",
    "modality": "dwi",
    "session_id": "HBNsiteRU",
    "subject_id": "NDARRP801AX1"
  },
  "efc_shell01": 1.8274,
  "efc_shell02": 0.6378,
  "efc_shell03": 0.6187,
  "fa_degenerate": 0.0,
  "fa_nans": 0.0,
  "fber_shell01": 140.5918,
  "fber_shell02": 249.64,
  "fber_shell03": 84.64,
  "fd_mean": 1.1501,
  "fd_num": 128,
  "fd_perc": 99.2248062015504,
  "ndc": 0.7597,
  "provenance": {
    "md5sum": "ca450ea1f9ae3760b33cb9fdd8d5f97e",
    "settings": {
      "testing": false
    },
    "software": "mriqc",
    "version": "24.0.0"
  },
  "sigma_cc": 35.5825,
  "sigma_pca": 12.2535,
  "sigma_piesno": 1.6508,
  "snr_cc_shell0": 3.6,
  "snr_cc_shell1_best": 3.34,
  "snr_cc_shell1_worst": 3.34,
  "snr_cc_shell2_best": 1.95,
  "snr_cc_shell2_worst": 1.05,
  "spikes_global": 112.36,
  "spikes_slice_i": 697.76,
  "spikes_slice_j": 699.83,
  "spikes_slice_k": 757.56,
  "summary_bg_k": 101.1733,
  "summary_bg_mad": 7.413,
  "summary_bg_mean": 20.9652,
  "summary_bg_median": 7.0,
  "summary_bg_n": 521440.0,
  "summary_bg_p05": 1.0,
  "summary_bg_p95": 69.0,
  "summary_bg_stdv": 52.9421,
  "summary_fg_k": 4.6927,
  "summary_fg_mad": 99.3343,
  "summary_fg_mean": 244.6482,
  "summary_fg_median": 209.0,
  "summary_fg_n": 257312.0,
  "summary_fg_p05": 89.0,
  "summary_fg_p95": 525.0,
  "summary_fg_stdv": 140.9646,
  "summary_wm_k": 25.6121,
  "summary_wm_mad": 50.4085,
  "summary_wm_mean": 169.3626,
  "summary_wm_median": 159.0,
  "summary_wm_n": 98019.0,
  "summary_wm_p05": 84.0,
  "summary_wm_p95": 284.0,
  "summary_wm_stdv": 73.2788
}