{
  "NumberOfShells": 2,
  "bValues": [
    0.0,
    1000.0,
    2000.0
  ],
  "bValuesEstimation": [
    1000.0,
    2000.0
  ],
  "bdiffs_max": 0.0114,
  "bdiffs_mean": 0.0049,
  "bdiffs_median": 0.0044,
  "bdiffs_min": 0.0002,
  "bids_meta": {
    "AcquisitionMatrixPE": 104,
    "BandwidthPerPixelPhaseEncode": 24.655,
    "BaseResolution": 104,
    "BodyPartExamined": "BRAIN",
    "ConsistencyInfo": "N4_VE11B_LATEST_20150530",
    "ConversionSoftware": "dcm2niix",
    "ConversionSoftwareVersion": "v1.0.20171215 GCC4.8.4",
    "DerivedVendorReportedEchoSpacing": 0.000779995,
    "Dim1Size": 104,
    "Dim2Size": 104,
    "Dim3Size": 72,
    "DwellTime": 3.3e-06,
    "EchoTime": 0.1002,
    "EchoTrainLength": 51,
    "EffectiveEchoSpacing": 0.000389997,
    "FlipAngle": 90,
    "ImageComments": "Unaliased_MB3_PE4",
    "ImageOrientationPatientDICOM": [
      1,
      0,
      0,
      0,
      1,
      0
    ],
    "ImageType": [
      "ORIGINAL",
      "PRIMARY",
      "DIFFUSION",
      "NONE",
      "MB",
      "ND",
      "MOSAIC"
    ],
    "InPlanePhaseEncodingDirectionDICOM": "COL",
    "MRAcquisitionType": "2D",
    "MagneticFieldStrength": 3,
    "Manufacturer": "Siemens",
    "ManufacturersModelName": "Prisma_fit",
    "Modality": "MR",
    "MultibandAccelerationFactor": 3,
    "NumVolumes": 129,
    "Obliquity": "False",
    "ParallelReductionFactorInPlane": 2,
    "PartialFourier": 1,
    "PatientPosition": "HFS",
    "PercentPhaseFOV": 100,
    "PhaseEncodingDirection": "j-",
    "PhaseEncodingSteps": 103,
    "PhaseResolution": 1,
    "PixelBandwidth": 1455,
    "ProcedureStepDescription": "CMI_HBN-CBIC",
    "ProtocolName": "cmrr_DKI",
    "PulseSequenceDetails": "%CustomerSeq%_cmrr_mbep2d_diff",
    "ReceiveCoilActiveElements": "HEA;HEP",
    "ReceiveCoilName": "Head_32",
    "ReconMatrixPE": 104,
    "RepetitionTime": 3.32,
    "SAR": 0.418729,
    "ScanOptions": "FS",
    "ScanningSequence": "EP",
    "SequenceName": "ep_b0",
    "SequenceVariant": "SK_SS",
    "SeriesDescription": "cmrr_DKI",
    "ShimSetting": [
      198,
      -10570,
      -5562,
      699,
      46,
      -477,
      383,
      45
    ],
    "SliceThickness": 1.8,
    "SliceTiming": [
      0,
      1.5125,
      3.025,
      1.2375,
      2.75,
      0.9625,
      2.475,
      0.6875,
      2.2,
      0.4125,
      1.925,
      0.1375,
      1.65,
      3.1625,
      1.375,
      2.8875,
      1.1,
      2.6125,
      0.825,
      2.3375,
      0.55,
      2.0625,
      0.275,
      1.7875,
      0,
      1.5125,
      3.025,
      1.2375,
      2.75,
      0.9625,
      2.475,
      0.6875,
      2.2,
      0.4125,
      1.925,
      0.1375,
      1.65,
      3.1625,
      1.375,
      2.8875,
      1.1,
      2.6125,
      0.825,
      2.3375,
      0.55,
      2.0625,
      0.275,
      1.7875,
      0,
      1.5125,
      3.025,
      1.2375,
      2.75,
      0.9625,
      2.475,
      0.6875,
      2.2,
      0.4125,
      1.925,
      0.1375,
      1.65,
      3.1625,
      1.375,
      2.8875,
      1.1,
      2.6125,
      0.825,
      2.3375,
      0.55,
      2.0625,
      0.275,
      1.7875
    ],
    "SoftwareVersions": "syngo_MR_E11",
    "SpacingBetweenSlices": 1.8,
    "TotalReadoutTime": 0.0401697,
    "TxRefAmp": 210.886,
    "VendorReportedEchoSpacing": 0.00078,
    "VoxelSizeDim1": 1.798076868057251,
    "VoxelSizeDim2": 1.798076868057251,
    "VoxelSizeDim3": 1.8000000715255737,
    "acq_id": "64dir",
    "dataset": "HBN",
    "modality": "dwi",
    "session_id": "HBNsiteCBIC",
    "subject_id": "NDAREV294WZ4"
  },
  "efc_shell01": 3.6279,
  "efc_shell02": 2.1485,
  "efc_shell03": 1.6463,
  "fa_degenerate": 0.0,
  "fa_nans": 0.0,
  "fber_shell01": 0.0,
  "fber_shell02": 0.0452,
  "fber_shell03": 0.128,
  "fd_mean": 0.5947,
  "fd_num": 120,
  "fd_perc": 93.02325581395348,
  "ndc": 0.8627,
  "provenance": {
    "md5sum": "016d39b99bee92b16a8935e30c33bc3a",
    "settings": {
      "testing": false
    },
    "software": "mriqc",
    "version": "24.0.0"
  },
  "sigma_cc": 154.1906,
  "sigma_pca": 65.1024,
  "sigma_piesno": 42.9197,
  "snr_cc_shell0": 3.99,
  "snr_cc_shell1_best": 4.78,
  "snr_cc_shell1_worst": 4.78,
  "snr_cc_shell2_best": 2.45,
  "snr_cc_shell2_worst": 1.33,
  "spikes_global": 47.58,
  "spikes_slice_i": 105.6,
  "spikes_slice_j": 153.22,
  "spikes_slice_k": 322.52,
  "summary_bg_k": 124.4148,
  "summary_bg_mad": 29.652,
  "summary_bg_mean": 173.1866,
  "summary_bg_median": 139.0,
  "summary_bg_n": 544043.0,
  "summary_bg_p05": 103.0,
  "summary_bg_p95": 330.0,
  "summary_bg_stdv": 170.7489,
  "summary_fg_k": 1.8188,
  "summary_fg_mad": 496.6717,
  "summary_fg_mean": 1306.3797,
  "summary_fg_median": 1232.0,
  "summary_fg_n": 234709.0,
  "summary_fg_p05": 457.0,
  "summary_fg_p95": 2353.0,
  "summary_fg_stdv": 575.8444,
  "summary_wm_k": 2.1182,
  "summary_wm_mad": 263.9032,
  "summary_wm_mean": 941.0836,
  "summary_wm_median": 930.0,
  "summary_wm_n": 65826.0,
  "summary_wm_p05": 438.0,
  "summary_wm_p95": 1471.0,
  "summary_wm_stdv": 321.3568
}