{
  "NumberOfShells": 2,
  "bValues": [
    0.0,
    1000.0,
    2000.0
  ],
  "bValuesEstimation": [
    1000.0,
    2000.0
  ],
  "bdiffs_max": 0.0353,
  "bdiffs_mean": 0.0166,
  "bdiffs_median": 0.0163,
  "bdiffs_min": 0.0027,
  "bids_meta": {
    "AcquisitionMatrixPE": 104,
    "BandwidthPerPixelPhaseEncode": 24.655,
    "BaseResolution": 104,
    "BodyPartExamined": "BRAIN",
    "ConsistencyInfo": "N4_VE11C_LATEST_20160120",
    "ConversionSoftware": "dcm2niix",
    "ConversionSoftwareVersion": "v1.0.20171215 GCC4.8.4",
    "DerivedVendorReportedEchoSpacing": 0.000779995,
    "Dim1Size": 104,
    "Dim2Size": 104,
    "Dim3Size": 72,
    "DwellTime": 3.3e-06,
    "EchoTime": 0.1002,
    "EchoTrainLength": 51,
    "EffectiveEchoSpacing": 0.000389997,
    "FlipAngle": 90,
    "ImageComments": "Unaliased_MB3_PE4_LB",
    "ImageOrientationPatientDICOM": [
      1,
      0,
      0,
      0,
      1,
      0
    ],
    "ImageType": [
      "ORIGINAL",
      "PRIMARY",
      "DIFFUSION",
      "NONE",
      "MB",
      "ND",
      "MOSAIC"
    ],
    "InPlanePhaseEncodingDirectionDICOM": "COL",
    "MRAcquisitionType": "2D",
    "MagneticFieldStrength": 3,
    "Manufacturer": "Siemens",
    "ManufacturersModelName": "Prisma",
    "Modality": "MR",
    "MultibandAccelerationFactor": 3,
    "NumVolumes": 129,
    "Obliquity": "False",
    "ParallelReductionFactorInPlane": 2,
    "PartialFourier": 1,
    "PatientPosition": "HFS",
    "PercentPhaseFOV": 100,
    "PhaseEncodingDirection": "j-",
    "PhaseEncodingSteps": 103,
    "PhaseResolution": 1,
    "PixelBandwidth": 1455,
    "ProcedureStepDescription": "CMI_CUNY_HBN",
    "ProtocolName": "cmrr_DKI",
    "PulseSequenceDetails": "%CustomerSeq%_cmrr_mbep2d_diff",
    "ReceiveCoilActiveElements": "HEA;HEP",
    "ReceiveCoilName": "Head_32",
    "ReconMatrixPE": 104,
    "RepetitionTime": 3.32,
    "SAR": 0.261094,
    "ScanOptions": "FS",
    "ScanningSequence": "EP",
    "SequenceName": "ep_b0",
    "SequenceVariant": "SK_SS",
    "SeriesDescription": "cmrr_DKI",
    "ShimSetting": [
      -1563,
      -10158,
      2204,
      566,
      86,
      -37,
      243,
      17
    ],
    "SliceThickness": 1.8,
    "SliceTiming": [
      0,
      1.5125,
      3.025,
      1.2375,
      2.75,
      0.9625,
      2.475,
      0.6875,
      2.2,
      0.4125,
      1.925,
      0.1375,
      1.65,
      3.1625,
      1.375,
      2.8875,
      1.1,
      2.6125,
      0.825,
      2.3375,
      0.55,
      2.0625,
      0.275,
      1.7875,
      0,
      1.5125,
      3.025,
      1.2375,
      2.75,
      0.9625,
      2.475,
      0.6875,
      2.2,
      0.4125,
      1.925,
      0.1375,
      1.65,
      3.1625,
      1.375,
      2.8875,
      1.1,
      2.6125,
      0.825,
      2.3375,
      0.55,
      2.0625,
      0.275,
      1.7875,
      0,
      1.5125,
      3.025,
      1.2375,
      2.75,
      0.9625,
      2.475,
      0.6875,
      2.2,
      0.4125,
      1.925,
      0.1375,
      1.65,
      3.1625,
      1.375,
      2.8875,
      1.1,
      2.6125,
      0.825,
      2.3375,
      0.55,
      2.0625,
      0.275,
      1.7875
    ],
    "SoftwareVersions": "syngo_MR_E11",
    "SpacingBetweenSlices": 1.8,
    "TotalReadoutTime": 0.0401697,
    "TxRefAmp": 226.529,
    "VendorReportedEchoSpacing": 0.00078,
    "VoxelSizeDim1": 1.798076868057251,
    "VoxelSizeDim2": 1.798076868057251,
    "VoxelSizeDim3": 1.7999999523162842,
    "acq_id": "64dir",
    "dataset": "HBN",
    "modality": "dwi",
    "session_id": "HBNsiteCUNY",
    "subject_id": "NDARDX173WLD"
  },
  "efc_shell01": NaN,
  "efc_shell02": NaN,
  "efc_shell03": NaN,
  "fa_degenerate": 0.0,
  "fa_nans": 0.0,
  "fber_shell01": -1.0,
  "fber_shell02": -1.0,
  "fber_shell03": -1.0,
  "fd_mean": 0.8845,
  "fd_num": 122,
  "fd_perc": 94.57364341085271,
  "ndc": 0.8381,
  "provenance": {
    "md5sum": "8ae355e1265dbbf49554e7eeec7273e2",
    "settings": {
      "testing": false
    },
    "software": "mriqc",
    "version": "24.0.0"
  },
  "sigma_cc": 255.0076,
  "sigma_pca": 133.538,
  "sigma_piesno": 71.6428,
  "snr_cc_shell0": 5.43,
  "snr_cc_shell1_best": 5.94,
  "snr_cc_shell1_worst": 5.94,
  "snr_cc_shell2_best": 3.41,
  "snr_cc_shell2_worst": 1.62,
  "spikes_global": 86.17,
  "spikes_slice_i": 448.26,
  "spikes_slice_j": 410.99,
  "spikes_slice_k": 465.86,
  "summary_bg_k": 91.9,
  "summary_bg_mad": 66.7171,
  "summary_bg_mean": 407.3218,
  "summary_bg_median": 243.0,
  "summary_bg_n": 504922.0,
  "summary_bg_p05": 175.0,
  "summary_bg_p95": 1203.0,
  "summary_bg_stdv": 590.893,
  "summary_fg_k": 4.0348,
  "summary_fg_mad": 1347.6854,
  "summary_fg_mean": 2999.796,
  "summary_fg_median": 2711.0,
  "summary_fg_n": 273830.0,
  "summary_fg_p05": 1110.0,
  "summary_fg_p95": 5820.0,
  "summary_fg_stdv": 1544.6376,
  "summary_wm_k": 2.5362,
  "summary_wm_mad": 716.0969,
  "summary_wm_mean": 2073.6435,
  "summary_wm_median": 1939.0,
  "summary_wm_n": 93137.0,
  "summary_wm_p05": 999.0,
  "summary_wm_p95": 3623.0,
  "summary_wm_stdv": 815.9826
}