{
  "NumberOfShells": 2,
  "bValues": [
    0.0,
    1000.0,
    2000.0
  ],
  "bValuesEstimation": [
    1000.0,
    2000.0
  ],
  "bdiffs_max": 0.0318,
  "bdiffs_mean": 0.009,
  "bdiffs_median": 0.0076,
  "bdiffs_min": 0.0006,
  "bids_meta": {
    "AcquisitionMatrixPE": 104,
    "BandwidthPerPixelPhaseEncode": 23.17,
    "BaseResolution": 104,
    "ConversionSoftware": "dcm2niix",
    "ConversionSoftwareVersion": "v1.0.20171215 GCC4.8.4",
    "DerivedVendorReportedEchoSpacing": 0.000829986,
    "Dim1Size": 104,
    "Dim2Size": 104,
    "Dim3Size": 72,
    "DwellTime": 3.5e-06,
    "EchoTime": 0.1002,
    "EffectiveEchoSpacing": 0.000414993,
    "FlipAngle": 90,
    "ImageComments": "Unaliased_MB3_PE4_(remote)_SENSE1",
    "ImageOrientationPatientDICOM": [
      1,
      0,
      0,
      0,
      0.990748,
      -0.135716
    ],
    "ImageType": [
      "ORIGINAL",
      "PRIMARY",
      "DIFFUSION",
      "NONE",
      "MB",
      "ND"
    ],
    "InPlanePhaseEncodingDirectionDICOM": "COL",
    "MRAcquisitionType": "2D",
    "MagneticFieldStrength": 3,
    "Manufacturer": "Siemens",
    "ManufacturersModelName": "TrioTim",
    "Modality": "MR",
    "NumVolumes": 129,
    "Obliquity": "True",
    "ParallelReductionFactorInPlane": 2,
    "PartialFourier": 1,
    "PatientPosition": "HFS",
    "PercentPhaseFOV": 100,
    "PhaseEncodingDirection": "j-",
    "PhaseEncodingSteps": 103,
    "PhaseResolution": 1,
    "PixelBandwidth": 1374,
    "ProcedureStepDescription": "CMI_HBN",
    "ProtocolName": "DKI",
    "PulseSequenceDetails": "%CustomerSeq%_cmrr_mbep2d_diff",
    "ReceiveCoilName": "32Ch_Head",
    "ReconMatrixPE": 104,
    "RepetitionTime": 3.32,
    "SAR": 0.381745,
    "ScanOptions": "FS",
    "ScanningSequence": "EP",
    "SequenceName": "ep_b0",
    "SequenceVariant": "SK_SS",
    "SeriesDescription": "DKI",
    "ShimSetting": [
      1956,
      -713,
      -7698,
      1210,
      -7,
      192,
      400,
      -118
    ],
    "SliceThickness": 1.8,
    "SoftwareVersions": "syngo_MR_B19",
    "SpacingBetweenSlices": 1.8,
    "TotalReadoutTime": 0.0427443,
    "TxRefAmp": 316.356,
    "VoxelSizeDim1": 1.798076868057251,
    "VoxelSizeDim2": 1.798076868057251,
    "VoxelSizeDim3": 1.8000026941299438,
    "acq_id": "64dir",
    "dataset": "HBN",
    "modality": "dwi",
    "session_id": "HBNsiteRU",
    "subject_id": "NDARLM713ZAM"
  },
  "efc_shell01": 2.1178,
  "efc_shell02": 0.5759,
  "efc_shell03": 0.5617,
  "fa_degenerate": 0.0,
  "fa_nans": 0.0,
  "fber_shell01": 161.5625,
  "fber_shell02": 495.0625,
  "fber_shell03": 150.0625,
  "fd_mean": 1.0272,
  "fd_num": 126,
  "fd_perc": 97.67441860465117,
  "ndc": 0.612,
  "provenance": {
    "md5sum": "56a7c4e3367abe47f4e87f42d81dfa15",
    "settings": {
      "testing": false
    },
    "software": "mriqc",
    "version": "24.0.0"
  },
  "sigma_cc": 31.1346,
  "sigma_pca": 10.9756,
  "sigma_piesno": 1.3206,
  "snr_cc_shell0": 4.47,
  "snr_cc_shell1_best": 8.45,
  "snr_cc_shell1_worst": 8.45,
  "snr_cc_shell2_best": 2.26,
  "snr_cc_shell2_worst": 1.08,
  "spikes_global": 43.64,
  "spikes_slice_i": 191.52,
  "spikes_slice_j": 97.31,
  "spikes_slice_k": 225.05,
  "summary_bg_k": 149.3772,
  "summary_bg_mad": 2.9652,
  "summary_bg_mean": 10.6536,
  "summary_bg_median": 4.0,
  "summary_bg_n": 563105.0,
  "summary_bg_p05": 1.0,
  "summary_bg_p95": 35.0,
  "summary_bg_stdv": 30.0849,
  "summary_fg_k": 5.1318,
  "summary_fg_mad": 97.8517,
  "summary_fg_mean": 247.7368,
  "summary_fg_median": 237.0,
  "summary_fg_n": 215647.0,
  "summary_fg_p05": 103.0,
  "summary_fg_p95": 426.0,
  "summary_fg_stdv": 106.8684,
  "summary_wm_k": 2.0256,
  "summary_wm_mad": 91.9213,
  "summary_wm_mean": 234.4523,
  "summary_wm_median": 222.0,
  "summary_wm_n": 150668.0,
  "summary_wm_p05": 104.0,
  "summary_wm_p95": 404.0,
  "summary_wm_stdv": 97.7293
}