{
  "NumberOfShells": 2,
  "bValues": [
    0.0,
    1000.0,
    2000.0
  ],
  "bValuesEstimation": [
    1000.0,
    2000.0
  ],
  "bdiffs_max": 0.0482,
  "bdiffs_mean": 0.0173,
  "bdiffs_median": 0.0151,
  "bdiffs_min": 0.0022,
  "bids_meta": {
    "AcquisitionMatrixPE": 104,
    "BandwidthPerPixelPhaseEncode": 23.17,
    "BaseResolution": 104,
    "ConversionSoftware": "dcm2niix",
    "ConversionSoftwareVersion": "v1.0.20171215 GCC4.8.4",
    "DerivedVendorReportedEchoSpacing": 0.000829986,
    "Dim1Size": 104,
    "Dim2Size": 104,
    "Dim3Size": 72,
    "DwellTime": 3.5e-06,
    "EchoTime": 0.1002,
    "EffectiveEchoSpacing": 0.000414993,
    "FlipAngle": 90,
    "ImageComments": "Unaliased_MB3_PE4_(remote)_SENSE1",
    "ImageOrientationPatientDICOM": [
      0.99824,
      0.0279217,
      -0.0523156,
      -0.0278835,
      0.99961,
      0.00146131
    ],
    "ImageType": [
      "ORIGINAL",
      "PRIMARY",
      "DIFFUSION",
      "NONE",
      "MB",
      "ND"
    ],
    "InPlanePhaseEncodingDirectionDICOM": "COL",
    "MRAcquisitionType": "2D",
    "MagneticFieldStrength": 3,
    "Manufacturer": "Siemens",
    "ManufacturersModelName": "TrioTim",
    "Modality": "MR",
    "NumVolumes": 129,
    "Obliquity": "True",
    "ParallelReductionFactorInPlane": 2,
    "PartialFourier": 1,
    "PatientPosition": "HFS",
    "PercentPhaseFOV": 100,
    "PhaseEncodingDirection": "j-",
    "PhaseEncodingSteps": 103,
    "PhaseResolution": 1,
    "PixelBandwidth": 1374,
    "ProcedureStepDescription": "CMI_HBN",
    "ProtocolName": "DKI",
    "PulseSequenceDetails": "%CustomerSeq%_cmrr_mbep2d_diff",
    "ReceiveCoilName": "32Ch_Head",
    "ReconMatrixPE": 104,
    "RepetitionTime": 3.32,
    "SAR": 0.229222,
    "ScanOptions": "FS",
    "ScanningSequence": "EP",
    "SequenceName": "ep_b0",
    "SequenceVariant": "SK_SS",
    "SeriesDescription": "DKI",
    "ShimSetting": [
      1937,
      -611,
      -7810,
      956,
      154,
      764,
      22,
      -178
    ],
    "SliceThickness": 1.8,
    "SoftwareVersions": "syngo_MR_B19",
    "SpacingBetweenSlices": 1.8,
    "TotalReadoutTime": 0.0427443,
    "TxRefAmp": 294.603,
    "VoxelSizeDim1": 1.798076868057251,
    "VoxelSizeDim2": 1.798076868057251,
    "VoxelSizeDim3": 1.7999943494796753,
    "acq_id": "64dir",
    "dataset": "HBN",
    "modality": "dwi",
    "session_id": "HBNsiteRU",
    "subject_id": "NDARTG937LDA"
  },
  "efc_shell01": 1.8994,
  "efc_shell02": 0.7951,
  "efc_shell03": 0.5969,
  "fa_degenerate": 0.0,
  "fa_nans": 0.0,
  "fber_shell01": 106.5306,
  "fber_shell02": 256.0,
  "fber_shell03": 112.36,
  "fd_mean": 1.9032,
  "fd_num": 128,
  "fd_perc": 99.2248062015504,
  "ndc": 0.5101,
  "provenance": {
    "md5sum": "4480232777314c6c4c2f9b1c1daf51ad",
    "settings": {
      "testing": false
    },
    "software": "mriqc",
    "version": "24.0.0"
  },
  "sigma_cc": 47.4433,
  "sigma_pca": 12.6452,
  "sigma_piesno": 1.6508,
  "snr_cc_shell0": 3.74,
  "snr_cc_shell1_best": 4.85,
  "snr_cc_shell1_worst": 4.85,
  "snr_cc_shell2_best": 2.13,
  "snr_cc_shell2_worst": 1.05,
  "spikes_global": 89.7,
  "spikes_slice_i": 581.81,
  "spikes_slice_j": 559.03,
  "spikes_slice_k": 639.31,
  "summary_bg_k": 145.5878,
  "summary_bg_mad": 7.413,
  "summary_bg_mean": 20.5607,
  "summary_bg_median": 7.0,
  "summary_bg_n": 555135.0,
  "summary_bg_p05": 1.0,
  "summary_bg_p95": 78.0,
  "summary_bg_stdv": 49.0752,
  "summary_fg_k": 7.1318,
  "summary_fg_mad": 126.0212,
  "summary_fg_mean": 286.5253,
  "summary_fg_median": 234.0,
  "summary_fg_n": 223617.0,
  "summary_fg_p05": 95.0,
  "summary_fg_p95": 653.0,
  "summary_fg_stdv": 187.3523,
  "summary_wm_k": 22.56,
  "summary_wm_mad": 80.0605,
  "summary_wm_mean": 217.6839,
  "summary_wm_median": 186.0,
  "summary_wm_n": 98394.0,
  "summary_wm_p05": 90.0,
  "summary_wm_p95": 442.0,
  "summary_wm_stdv": 128.1726
}