{
  "NumberOfShells": 2,
  "bValues": [
    0.0,
    1000.0,
    2000.0
  ],
  "bValuesEstimation": [
    1000.0,
    2000.0
  ],
  "bdiffs_max": 0.0898,
  "bdiffs_mean": 0.0311,
  "bdiffs_median": 0.0241,
  "bdiffs_min": 0.0005,
  "bids_meta": {
    "AcquisitionMatrixPE": 104,
    "BandwidthPerPixelPhaseEncode": 24.655,
    "BaseResolution": 104,
    "BodyPartExamined": "BRAIN",
    "ConsistencyInfo": "N4_VE11B_LATEST_20150530",
    "ConversionSoftware": "dcm2niix",
    "ConversionSoftwareVersion": "v1.0.20171204 (OpenJPEG build) GCC4.8.4",
    "DerivedVendorReportedEchoSpacing": 0.000779995,
    "Dim1Size": 104,
    "Dim2Size": 104,
    "Dim3Size": 72,
    "DwellTime": 3.3e-06,
    "EchoTime": 0.1002,
    "EchoTrainLength": 51,
    "EffectiveEchoSpacing": 0.000389997,
    "FlipAngle": 90,
    "ImageComments": "Unaliased_MB3_PE4",
    "ImageOrientationPatientDICOM": [
      1,
      0,
      0,
      0,
      1,
      0
    ],
    "ImageType": [
      "ORIGINAL",
      "PRIMARY",
      "DIFFUSION",
      "NONE",
      "MB",
      "ND",
      "MOSAIC"
    ],
    "InPlanePhaseEncodingDirectionDICOM": "COL",
    "MRAcquisitionType": "2D",
    "MagneticFieldStrength": 3,
    "Manufacturer": "Siemens",
    "ManufacturersModelName": "Prisma_fit",
    "Modality": "MR",
    "MultibandAccelerationFactor": 3,
    "NumVolumes": 129,
    "Obliquity": "False",
    "ParallelReductionFactorInPlane": 2,
    "PartialFourier": 1,
    "PatientPosition": "HFS",
    "PercentPhaseFOV": 100,
    "PhaseEncodingDirection": "j-",
    "PhaseEncodingSteps": 103,
    "PhaseResolution": 1,
    "PixelBandwidth": 1455,
    "ProcedureStepDescription": "CMI_HBN-CBIC",
    "ProtocolName": "cmrr_DKI",
    "PulseSequenceDetails": "%CustomerSeq%_cmrr_mbep2d_diff",
    "ReceiveCoilActiveElements": "HEA;HEP",
    "ReceiveCoilName": "Head_32",
    "ReconMatrixPE": 104,
    "RepetitionTime": 3.32,
    "SAR": 0.415435,
    "ScanOptions": "FS",
    "ScanningSequence": "EP",
    "SequenceName": "ep_b0",
    "SequenceVariant": "SK_SS",
    "SeriesDescription": "cmrr_DKI",
    "ShimSetting": [
      202,
      -10402,
      -5612,
      664,
      -36,
      72,
      42,
      24
    ],
    "SliceThickness": 1.8,
    "SliceTiming": [
      0,
      1.5125,
      3.025,
      1.2375,
      2.75,
      0.9625,
      2.475,
      0.6875,
      2.2,
      0.4125,
      1.925,
      0.1375,
      1.65,
      3.1625,
      1.375,
      2.8875,
      1.1,
      2.6125,
      0.825,
      2.3375,
      0.55,
      2.0625,
      0.275,
      1.7875,
      0,
      1.5125,
      3.025,
      1.2375,
      2.75,
      0.9625,
      2.475,
      0.6875,
      2.2,
      0.4125,
      1.925,
      0.1375,
      1.65,
      3.1625,
      1.375,
      2.8875,
      1.1,
      2.6125,
      0.825,
      2.3375,
      0.55,
      2.0625,
      0.275,
      1.7875,
      0,
      1.5125,
      3.025,
      1.2375,
      2.75,
      0.9625,
      2.475,
      0.6875,
      2.2,
      0.4125,
      1.925,
      0.1375,
      1.65,
      3.1625,
      1.375,
      2.8875,
      1.1,
      2.6125,
      0.825,
      2.3375,
      0.55,
      2.0625,
      0.275,
      1.7875
    ],
    "SoftwareVersions": "syngo_MR_E11",
    "SpacingBetweenSlices": 1.8,
    "TotalReadoutTime": 0.0401697,
    "TxRefAmp": 210.71,
    "VendorReportedEchoSpacing": 0.00078,
    "VoxelSizeDim1": 1.798076868057251,
    "VoxelSizeDim2": 1.798076868057251,
    "VoxelSizeDim3": 1.7999999523162842,
    "acq_id": "64dir",
    "dataset": "HBN",
    "modality": "dwi",
    "session_id": "HBNsiteCBIC",
    "subject_id": "NDARHG188YE9"
  },
  "efc_shell01": 4.0766,
  "efc_shell02": 2.3903,
  "efc_shell03": 1.7714,
  "fa_degenerate": 0.0,
  "fa_nans": 0.0,
  "fber_shell01": -0.0058,
  "fber_shell02": 0.0051,
  "fber_shell03": 0.0439,
  "fd_mean": 1.4497,
  "fd_num": 126,
  "fd_perc": 97.67441860465117,
  "ndc": 0.6129,
  "provenance": {
    "md5sum": "5dec0123c4f95a8ad482d8c7180caac2",
    "settings": {
      "testing": false
    },
    "software": "mriqc",
    "version": "24.0.0"
  },
  "sigma_cc": 160.121,
  "sigma_pca": 67.9851,
  "sigma_piesno": 43.2498,
  "snr_cc_shell0": 4.37,
  "snr_cc_shell1_best": 5.99,
  "snr_cc_shell1_worst": 5.99,
  "snr_cc_shell2_best": 2.65,
  "snr_cc_shell2_worst": 1.46,
  "spikes_global": 69.9,
  "spikes_slice_i": 301.26,
  "spikes_slice_j": 253.64,
  "spikes_slice_k": 452.24,
  "summary_bg_k": 105.4202,
  "summary_bg_mad": 29.652,
  "summary_bg_mean": 190.8738,
  "summary_bg_median": 140.0,
  "summary_bg_n": 537798.0,
  "summary_bg_p05": 104.0,
  "summary_bg_p95": 399.0,
  "summary_bg_stdv": 251.1271,
  "summary_fg_k": 3.5536,
  "summary_fg_mad": 566.354,
  "summary_fg_mean": 1507.6137,
  "summary_fg_median": 1364.0,
  "summary_fg_n": 240954.0,
  "summary_fg_p05": 680.0,
  "summary_fg_p95": 2843.0,
  "summary_fg_stdv": 692.5739,
  "summary_wm_k": 3.7349,
  "summary_wm_mad": 530.7716,
  "summary_wm_mean": 1400.7295,
  "summary_wm_median": 1244.0,
  "summary_wm_n": 117210.0,
  "summary_wm_p05": 636.0,
  "summary_wm_p95": 2740.0,
  "summary_wm_stdv": 673.4168
}