{
  "NumberOfShells": 2,
  "bValues": [
    0.0,
    1000.0,
    2000.0
  ],
  "bValuesEstimation": [
    1000.0,
    2000.0
  ],
  "bdiffs_max": 0.0398,
  "bdiffs_mean": 0.0109,
  "bdiffs_median": 0.0089,
  "bdiffs_min": 0.0004,
  "bids_meta": {
    "AcquisitionMatrixPE": 104,
    "BandwidthPerPixelPhaseEncode": 23.17,
    "BaseResolution": 104,
    "ConversionSoftware": "dcm2niix",
    "ConversionSoftwareVersion": "v1.0.20171204 (OpenJPEG build) GCC4.8.4",
    "DerivedVendorReportedEchoSpacing": 0.000829986,
    "Dim1Size": 104,
    "Dim2Size": 104,
    "Dim3Size": 72,
    "DwellTime": 3.5e-06,
    "EchoTime": 0.1002,
    "EffectiveEchoSpacing": 0.000414993,
    "FlipAngle": 90,
    "ImageComments": "Unaliased_MB3_PE4_(remote)_SENSE1",
    "ImageOrientationPatientDICOM": [
      0.999701,
      0.000724886,
      -0.0244214,
      -7.47368e-08,
      0.99956,
      0.0296662
    ],
    "ImageType": [
      "ORIGINAL",
      "PRIMARY",
      "DIFFUSION",
      "NONE",
      "MB",
      "ND"
    ],
    "InPlanePhaseEncodingDirectionDICOM": "COL",
    "MRAcquisitionType": "2D",
    "MagneticFieldStrength": 3,
    "Manufacturer": "Siemens",
    "ManufacturersModelName": "TrioTim",
    "Modality": "MR",
    "NumVolumes": 129,
    "Obliquity": "True",
    "ParallelReductionFactorInPlane": 2,
    "PartialFourier": 1,
    "PatientPosition": "HFS",
    "PercentPhaseFOV": 100,
    "PhaseEncodingDirection": "j-",
    "PhaseEncodingSteps": 103,
    "PhaseResolution": 1,
    "PixelBandwidth": 1374,
    "ProcedureStepDescription": "CMI_HBN",
    "ProtocolName": "DKI",
    "PulseSequenceDetails": "%CustomerSeq%_cmrr_mbep2d_diff",
    "ReceiveCoilName": "32Ch_Head",
    "ReconMatrixPE": 104,
    "RepetitionTime": 3.32,
    "SAR": 0.260957,
    "ScanOptions": "FS",
    "ScanningSequence": "EP",
    "SequenceName": "ep_b0",
    "SequenceVariant": "SK_SS",
    "SeriesDescription": "DKI",
    "ShimSetting": [
      1928,
      -616,
      -7631,
      1171,
      88,
      237,
      336,
      -167
    ],
    "SliceThickness": 1.8,
    "SoftwareVersions": "syngo_MR_B19",
    "SpacingBetweenSlices": 1.8,
    "TotalReadoutTime": 0.0427443,
    "TxRefAmp": 302.125,
    "VoxelSizeDim1": 1.798076868057251,
    "VoxelSizeDim2": 1.798076868057251,
    "VoxelSizeDim3": 1.7999972105026245,
    "acq_id": "64dir",
    "dataset": "HBN",
    "modality": "dwi",
    "session_id": "HBNsiteRU",
    "subject_id": "NDARXN764AC7"
  },
  "efc_shell01": 2.5058,
  "efc_shell02": 0.7508,
  "efc_shell03": 0.6048,
  "fa_degenerate": 0.0,
  "fa_nans": 0.0,
  "fber_shell01": 57.3333,
  "fber_shell02": 302.76,
  "fber_shell03": 121.0,
  "fd_mean": 1.4162,
  "fd_num": 128,
  "fd_perc": 99.2248062015504,
  "ndc": 0.5571,
  "provenance": {
    "md5sum": "a83ae4b2d3552bc31f523939b2b65649",
    "settings": {
      "testing": false
    },
    "software": "mriqc",
    "version": "24.0.0"
  },
  "sigma_cc": 42.9955,
  "sigma_pca": 12.0085,
  "sigma_piesno": 1.6508,
  "snr_cc_shell0": 3.83,
  "snr_cc_shell1_best": 3.7,
  "snr_cc_shell1_worst": 3.7,
  "snr_cc_shell2_best": 2.2,
  "snr_cc_shell2_worst": 1.01,
  "spikes_global": 90.52,
  "spikes_slice_i": 558.0,
  "spikes_slice_j": 590.09,
  "spikes_slice_k": 662.24,
  "summary_bg_k": 123.9201,
  "summary_bg_mad": 5.9304,
  "summary_bg_mean": 18.6781,
  "summary_bg_median": 6.0,
  "summary_bg_n": 516153.0,
  "summary_bg_p05": 1.0,
  "summary_bg_p95": 69.0,
  "summary_bg_stdv": 51.6877,
  "summary_fg_k": 6.005,
  "summary_fg_mad": 114.1604,
  "summary_fg_mean": 279.1062,
  "summary_fg_median": 249.0,
  "summary_fg_n": 262599.0,
  "summary_fg_p05": 102.0,
  "summary_fg_p95": 560.0,
  "summary_fg_stdv": 151.191,
  "summary_wm_k": 8.8404,
  "summary_wm_mad": 65.2345,
  "summary_wm_mean": 198.2919,
  "summary_wm_median": 186.0,
  "summary_wm_n": 91342.0,
  "summary_wm_p05": 91.0,
  "summary_wm_p95": 343.0,
  "summary_wm_stdv": 85.2418
}