{
  "NumberOfShells": 2,
  "bValues": [
    0.0,
    1000.0,
    2000.0
  ],
  "bValuesEstimation": [
    1000.0,
    2000.0
  ],
  "bdiffs_max": 0.1782,
  "bdiffs_mean": 0.059,
  "bdiffs_median": 0.0543,
  "bdiffs_min": 0.007,
  "bids_meta": {
    "AcquisitionMatrixPE": 104,
    "BandwidthPerPixelPhaseEncode": 23.17,
    "BaseResolution": 104,
    "ConversionSoftware": "dcm2niix",
    "ConversionSoftwareVersion": "v1.0.20171204 (OpenJPEG build) GCC4.8.4",
    "DerivedVendorReportedEchoSpacing": 0.000829986,
    "Dim1Size": 104,
    "Dim2Size": 104,
    "Dim3Size": 72,
    "DwellTime": 3.5e-06,
    "EchoTime": 0.1002,
    "EffectiveEchoSpacing": 0.000414993,
    "FlipAngle": 90,
    "ImageComments": "Unaliased_MB3_PE4_(remote)_SENSE1",
    "ImageOrientationPatientDICOM": [
      0.998889,
      0.00188908,
      0.047084,
      -5.1046e-08,
      0.999196,
      -0.0400881
    ],
    "ImageType": [
      "ORIGINAL",
      "PRIMARY",
      "DIFFUSION",
      "NONE",
      "MB",
      "ND"
    ],
    "InPlanePhaseEncodingDirectionDICOM": "COL",
    "MRAcquisitionType": "2D",
    "MagneticFieldStrength": 3,
    "Manufacturer": "Siemens",
    "ManufacturersModelName": "TrioTim",
    "Modality": "MR",
    "NumVolumes": 129,
    "Obliquity": "True",
    "ParallelReductionFactorInPlane": 2,
    "PartialFourier": 1,
    "PatientPosition": "HFS",
    "PercentPhaseFOV": 100,
    "PhaseEncodingDirection": "j-",
    "PhaseEncodingSteps": 103,
    "PhaseResolution": 1,
    "PixelBandwidth": 1374,
    "ProcedureStepDescription": "CMI_HBN",
    "ProtocolName": "DKI",
    "PulseSequenceDetails": "%CustomerSeq%_cmrr_mbep2d_diff",
    "ReceiveCoilName": "32Ch_Head",
    "ReconMatrixPE": 104,
    "RepetitionTime": 3.32,
    "SAR": 0.266648,
    "ScanOptions": "FS",
    "ScanningSequence": "EP",
    "SequenceName": "ep_b0",
    "SequenceVariant": "SK_SS",
    "SeriesDescription": "DKI",
    "ShimSetting": [
      1966,
      -670,
      -7724,
      1114,
      -262,
      44,
      -96,
      -353
    ],
    "SliceThickness": 1.8,
    "SoftwareVersions": "syngo_MR_B19",
    "SpacingBetweenSlices": 1.8,
    "TotalReadoutTime": 0.0427443,
    "TxRefAmp": 253.85,
    "VoxelSizeDim1": 1.798076868057251,
    "VoxelSizeDim2": 1.798076868057251,
    "VoxelSizeDim3": 1.7999991178512573,
    "acq_id": "64dir",
    "dataset": "HBN",
    "modality": "dwi",
    "session_id": "HBNsiteRU",
    "subject_id": "NDARAN262WK6"
  },
  "efc_shell01": 1.1864,
  "efc_shell02": 0.5825,
  "efc_shell03": 0.6036,
  "fa_degenerate": 0.0,
  "fa_nans": 0.0,
  "fber_shell01": 245.4444,
  "fber_shell02": 158.76,
  "fber_shell03": 49.0,
  "fd_mean": 6.2761,
  "fd_num": 128,
  "fd_perc": 99.2248062015504,
  "ndc": 0.3244,
  "provenance": {
    "md5sum": "f3291d6e621f3d07f6e0812ddfcb8e8c",
    "settings": {
      "testing": false
    },
    "software": "mriqc",
    "version": "24.0.0"
  },
  "sigma_cc": 53.3737,
  "sigma_pca": 11.9117,
  "sigma_piesno": 1.6508,
  "snr_cc_shell0": 2.7,
  "snr_cc_shell1_best": 3.04,
  "snr_cc_shell1_worst": 3.04,
  "snr_cc_shell2_best": 1.07,
  "snr_cc_shell2_worst": 0.69,
  "spikes_global": 61.29,
  "spikes_slice_i": 256.74,
  "spikes_slice_j": 226.72,
  "spikes_slice_k": 303.17,
  "summary_bg_k": 56.252,
  "summary_bg_mad": 5.9304,
  "summary_bg_mean": 18.0582,
  "summary_bg_median": 6.0,
  "summary_bg_n": 557645.0,
  "summary_bg_p05": 1.0,
  "summary_bg_p95": 76.0,
  "summary_bg_stdv": 35.3185,
  "summary_fg_k": 5.1558,
  "summary_fg_mad": 80.0605,
  "summary_fg_mean": 180.1447,
  "summary_fg_median": 166.0,
  "summary_fg_n": 221107.0,
  "summary_fg_p05": 47.0,
  "summary_fg_p95": 351.0,
  "summary_fg_stdv": 95.8208,
  "summary_wm_k": 5.4817,
  "summary_wm_mad": 78.5779,
  "summary_wm_mean": 179.3422,
  "summary_wm_median": 165.0,
  "summary_wm_n": 213700.0,
  "summary_wm_p05": 49.0,
  "summary_wm_p95": 346.0,
  "summary_wm_stdv": 94.2316
}