{
  "NumberOfShells": 2,
  "bValues": [
    0.0,
    1000.0,
    2000.0
  ],
  "bValuesEstimation": [
    1000.0,
    2000.0
  ],
  "bdiffs_max": 0.0447,
  "bdiffs_mean": 0.0134,
  "bdiffs_median": 0.0108,
  "bdiffs_min": 0.0011,
  "bids_meta": {
    "AcquisitionMatrixPE": 104,
    "BandwidthPerPixelPhaseEncode": 23.17,
    "BaseResolution": 104,
    "ConversionSoftware": "dcm2niix",
    "ConversionSoftwareVersion": "v1.0.20171204 (OpenJPEG build) GCC4.8.4",
    "DerivedVendorReportedEchoSpacing": 0.000829986,
    "Dim1Size": 104,
    "Dim2Size": 104,
    "Dim3Size": 72,
    "DwellTime": 3.5e-06,
    "EchoTime": 0.1002,
    "EffectiveEchoSpacing": 0.000414993,
    "FlipAngle": 90,
    "ImageComments": "Unaliased_MB3_PE4_(remote)_SENSE1",
    "ImageOrientationPatientDICOM": [
      1,
      0,
      0,
      0,
      0.965926,
      -0.258819
    ],
    "ImageType": [
      "ORIGINAL",
      "PRIMARY",
      "DIFFUSION",
      "NONE",
      "MB",
      "ND"
    ],
    "InPlanePhaseEncodingDirectionDICOM": "COL",
    "MRAcquisitionType": "2D",
    "MagneticFieldStrength": 3,
    "Manufacturer": "Siemens",
    "ManufacturersModelName": "TrioTim",
    "Modality": "MR",
    "NumVolumes": 129,
    "Obliquity": "True",
    "ParallelReductionFactorInPlane": 2,
    "PartialFourier": 1,
    "PatientPosition": "HFS",
    "PercentPhaseFOV": 100,
    "PhaseEncodingDirection": "j-",
    "PhaseEncodingSteps": 103,
    "PhaseResolution": 1,
    "PixelBandwidth": 1374,
    "ProcedureStepDescription": "CMI_HBN",
    "ProtocolName": "DKI",
    "PulseSequenceDetails": "%CustomerSeq%_cmrr_mbep2d_diff",
    "ReceiveCoilName": "32Ch_Head",
    "ReconMatrixPE": 104,
    "RepetitionTime": 3.32,
    "SAR": 0.314819,
    "ScanOptions": "FS",
    "ScanningSequence": "EP",
    "SequenceName": "ep_b0",
    "SequenceVariant": "SK_SS",
    "SeriesDescription": "DKI",
    "ShimSetting": [
      2055,
      -621,
      -7602,
      1143,
      47,
      602,
      410,
      22
    ],
    "SliceThickness": 1.8,
    "SoftwareVersions": "syngo_MR_B19",
    "SpacingBetweenSlices": 1.8,
    "TotalReadoutTime": 0.0427443,
    "TxRefAmp": 309.291,
    "VoxelSizeDim1": 1.798076868057251,
    "VoxelSizeDim2": 1.798076868057251,
    "VoxelSizeDim3": 1.7999999523162842,
    "acq_id": "64dir",
    "dataset": "HBN",
    "modality": "dwi",
    "session_id": "HBNsiteRU",
    "subject_id": "NDARAW179AYF"
  },
  "efc_shell01": 2.8483,
  "efc_shell02": 0.7037,
  "efc_shell03": 0.5882,
  "fa_degenerate": 0.0,
  "fa_nans": 0.0,
  "fber_shell01": 27.88,
  "fber_shell02": 353.44,
  "fber_shell03": 203.0625,
  "fd_mean": 2.5033,
  "fd_num": 128,
  "fd_perc": 99.2248062015504,
  "ndc": 0.6849,
  "provenance": {
    "md5sum": "faf17c9cf34a80ec5b94899f884da0e5",
    "settings": {
      "testing": false
    },
    "software": "mriqc",
    "version": "24.0.0"
  },
  "sigma_cc": 53.3737,
  "sigma_pca": 12.5123,
  "sigma_piesno": 1.6508,
  "snr_cc_shell0": 3.13,
  "snr_cc_shell1_best": 3.22,
  "snr_cc_shell1_worst": 3.22,
  "snr_cc_shell2_best": 1.81,
  "snr_cc_shell2_worst": 0.85,
  "spikes_global": 77.48,
  "spikes_slice_i": 468.97,
  "spikes_slice_j": 279.52,
  "spikes_slice_k": 493.1,
  "summary_bg_k": 199.8177,
  "summary_bg_mad": 4.4478,
  "summary_bg_mean": 13.178,
  "summary_bg_median": 5.0,
  "summary_bg_n": 524995.0,
  "summary_bg_p05": 1.0,
  "summary_bg_p95": 58.0,
  "summary_bg_stdv": 28.6461,
  "summary_fg_k": 7.4137,
  "summary_fg_mad": 108.23,
  "summary_fg_mean": 282.3403,
  "summary_fg_median": 255.0,
  "summary_fg_n": 253757.0,
  "summary_fg_p05": 114.0,
  "summary_fg_p95": 540.0,
  "summary_fg_stdv": 144.2656,
  "summary_wm_k": 9.7798,
  "summary_wm_mad": 80.0605,
  "summary_wm_mean": 235.9237,
  "summary_wm_median": 218.0,
  "summary_wm_n": 125139.0,
  "summary_wm_p05": 107.0,
  "summary_wm_p95": 424.0,
  "summary_wm_stdv": 108.0274
}