{
  "NumberOfShells": 2,
  "bValues": [
    0.0,
    1000.0,
    2000.0
  ],
  "bValuesEstimation": [
    1000.0,
    2000.0
  ],
  "bdiffs_max": 0.032,
  "bdiffs_mean": 0.0115,
  "bdiffs_median": 0.0116,
  "bdiffs_min": 0.0009,
  "bids_meta": {
    "AcquisitionMatrixPE": 104,
    "BandwidthPerPixelPhaseEncode": 24.655,
    "BaseResolution": 104,
    "BodyPartExamined": "BRAIN",
    "ConsistencyInfo": "N4_VE11B_LATEST_20150530",
    "ConversionSoftware": "dcm2niix",
    "ConversionSoftwareVersion": "v1.0.20171204 (OpenJPEG build) GCC4.8.4",
    "DerivedVendorReportedEchoSpacing": 0.000779995,
    "Dim1Size": 104,
    "Dim2Size": 104,
    "Dim3Size": 72,
    "DwellTime": 3.3e-06,
    "EchoTime": 0.1002,
    "EchoTrainLength": 51,
    "EffectiveEchoSpacing": 0.000389997,
    "FlipAngle": 90,
    "ImageComments": "Unaliased_MB3_PE4",
    "ImageOrientationPatientDICOM": [
      0.998971,
      0,
      0.045363,
      0,
      1,
      0
    ],
    "ImageType": [
      "ORIGINAL",
      "PRIMARY",
      "DIFFUSION",
      "NONE",
      "MB",
      "ND",
      "MOSAIC"
    ],
    "InPlanePhaseEncodingDirectionDICOM": "COL",
    "MRAcquisitionType": "2D",
    "MagneticFieldStrength": 3,
    "Manufacturer": "Siemens",
    "ManufacturersModelName": "Prisma_fit",
    "Modality": "MR",
    "MultibandAccelerationFactor": 3,
    "NumVolumes": 129,
    "Obliquity": "True",
    "ParallelReductionFactorInPlane": 2,
    "PartialFourier": 1,
    "PatientPosition": "HFS",
    "PercentPhaseFOV": 100,
    "PhaseEncodingDirection": "j-",
    "PhaseEncodingSteps": 103,
    "PhaseResolution": 1,
    "PixelBandwidth": 1455,
    "ProcedureStepDescription": "CMI_HBN-CBIC",
    "ProtocolName": "cmrr_DKI",
    "PulseSequenceDetails": "%CustomerSeq%_cmrr_mbep2d_diff",
    "ReceiveCoilActiveElements": "HEA;HEP",
    "ReceiveCoilName": "Head_32",
    "ReconMatrixPE": 104,
    "RepetitionTime": 3.32,
    "SAR": 0.293701,
    "ScanOptions": "FS",
    "ScanningSequence": "EP",
    "SequenceName": "ep_b0",
    "SequenceVariant": "SK_SS",
    "SeriesDescription": "cmrr_DKI",
    "ShimSetting": [
      217,
      -10431,
      -5547,
      764,
      22,
      10,
      73,
      20
    ],
    "SliceThickness": 1.8,
    "SliceTiming": [
      0,
      1.5125,
      3.025,
      1.2375,
      2.75,
      0.9625,
      2.475,
      0.6875,
      2.2,
      0.4125,
      1.925,
      0.1375,
      1.65,
      3.1625,
      1.375,
      2.8875,
      1.1,
      2.6125,
      0.825,
      2.3375,
      0.55,
      2.0625,
      0.275,
      1.7875,
      0,
      1.5125,
      3.025,
      1.2375,
      2.75,
      0.9625,
      2.475,
      0.6875,
      2.2,
      0.4125,
      1.925,
      0.1375,
      1.65,
      3.1625,
      1.375,
      2.8875,
      1.1,
      2.6125,
      0.825,
      2.3375,
      0.55,
      2.0625,
      0.275,
      1.7875,
      0,
      1.5125,
      3.025,
      1.2375,
      2.75,
      0.9625,
      2.475,
      0.6875,
      2.2,
      0.4125,
      1.925,
      0.1375,
      1.65,
      3.1625,
      1.375,
      2.8875,
      1.1,
      2.6125,
      0.825,
      2.3375,
      0.55,
      2.0625,
      0.275,
      1.7875
    ],
    "SoftwareVersions": "syngo_MR_E11",
    "SpacingBetweenSlices": 1.8,
    "TotalReadoutTime": 0.0401697,
    "TxRefAmp": 211.37,
    "VendorReportedEchoSpacing": 0.00078,
    "VoxelSizeDim1": 1.798076868057251,
    "VoxelSizeDim2": 1.798076868057251,
    "VoxelSizeDim3": 1.7999999523162842,
    "acq_id": "64dirVARIANTObliquity",
    "dataset": "HBN",
    "modality": "dwi",
    "session_id": "HBNsiteCBIC",
    "subject_id": "NDARGM196JMM"
  },
  "efc_shell01": 4.6969,
  "efc_shell02": 2.6843,
  "efc_shell03": 1.9507,
  "fa_degenerate": 0.0,
  "fa_nans": 0.0,
  "fber_shell01": -0.0078,
  "fber_shell02": 0.0186,
  "fber_shell03": 0.0627,
  "fd_mean": 0.7723,
  "fd_num": 125,
  "fd_perc": 96.89922480620154,
  "ndc": 0.85,
  "provenance": {
    "md5sum": "c37c99f1f4c718f1487dbc80005ffb76",
    "settings": {
      "testing": false
    },
    "software": "mriqc",
    "version": "24.0.0"
  },
  "sigma_cc": 169.0167,
  "sigma_pca": 67.5928,
  "sigma_piesno": 43.58,
  "snr_cc_shell0": 3.91,
  "snr_cc_shell1_best": 8.7,
  "snr_cc_shell1_worst": 8.7,
  "snr_cc_shell2_best": 2.37,
  "snr_cc_shell2_worst": 1.29,
  "spikes_global": 82.01,
  "spikes_slice_i": 283.66,
  "spikes_slice_j": 346.81,
  "spikes_slice_k": 523.92,
  "summary_bg_k": 87.7361,
  "summary_bg_mad": 37.0651,
  "summary_bg_mean": 209.767,
  "summary_bg_median": 147.0,
  "summary_bg_n": 505855.0,
  "summary_bg_p05": 106.0,
  "summary_bg_p95": 481.0,
  "summary_bg_stdv": 265.2718,
  "summary_fg_k": 4.5415,
  "summary_fg_mad": 582.6627,
  "summary_fg_mean": 1457.1713,
  "summary_fg_median": 1319.0,
  "summary_fg_n": 272897.0,
  "summary_fg_p05": 598.0,
  "summary_fg_p95": 2768.0,
  "summary_fg_stdv": 700.8261,
  "summary_wm_k": 30.691,
  "summary_wm_mad": 305.4161,
  "summary_wm_mean": 1067.6538,
  "summary_wm_median": 996.0,
  "summary_wm_n": 83148.0,
  "summary_wm_p05": 553.0,
  "summary_wm_p95": 1838.0,
  "summary_wm_stdv": 437.7411
}