{
  "NumberOfShells": 2,
  "bValues": [
    0.0,
    1000.0,
    2000.0
  ],
  "bValuesEstimation": [
    1000.0,
    2000.0
  ],
  "bdiffs_max": 0.0672,
  "bdiffs_mean": 0.0202,
  "bdiffs_median": 0.0201,
  "bdiffs_min": 0.0007,
  "bids_meta": {
    "AcquisitionMatrixPE": 104,
    "BandwidthPerPixelPhaseEncode": 23.17,
    "BaseResolution": 104,
    "ConversionSoftware": "dcm2niix",
    "ConversionSoftwareVersion": "v1.0.20171204 (OpenJPEG build) GCC4.8.4",
    "DerivedVendorReportedEchoSpacing": 0.000829986,
    "Dim1Size": 104,
    "Dim2Size": 104,
    "Dim3Size": 72,
    "DwellTime": 3.5e-06,
    "EchoTime": 0.1002,
    "EffectiveEchoSpacing": 0.000414993,
    "FlipAngle": 90,
    "ImageComments": "Unaliased_MB3_PE4_(remote)_SENSE1",
    "ImageOrientationPatientDICOM": [
      1,
      0,
      0,
      0,
      0.974761,
      -0.22325
    ],
    "ImageType": [
      "ORIGINAL",
      "PRIMARY",
      "DIFFUSION",
      "NONE",
      "MB",
      "ND"
    ],
    "InPlanePhaseEncodingDirectionDICOM": "COL",
    "MRAcquisitionType": "2D",
    "MagneticFieldStrength": 3,
    "Manufacturer": "Siemens",
    "ManufacturersModelName": "TrioTim",
    "Modality": "MR",
    "NumVolumes": 129,
    "Obliquity": "True",
    "ParallelReductionFactorInPlane": 2,
    "PartialFourier": 1,
    "PatientPosition": "HFS",
    "PercentPhaseFOV": 100,
    "PhaseEncodingDirection": "j-",
    "PhaseEncodingSteps": 103,
    "PhaseResolution": 1,
    "PixelBandwidth": 1374,
    "ProcedureStepDescription": "CMI_HBN",
    "ProtocolName": "DKI",
    "PulseSequenceDetails": "%CustomerSeq%_cmrr_mbep2d_diff",
    "ReceiveCoilName": "32Ch_Head",
    "ReconMatrixPE": 104,
    "RepetitionTime": 3.32,
    "SAR": 0.268529,
    "ScanOptions": "FS",
    "ScanningSequence": "EP",
    "SequenceName": "ep_b0",
    "SequenceVariant": "SK_SS",
    "SeriesDescription": "DKI",
    "ShimSetting": [
      1977,
      -653,
      -7666,
      1062,
      48,
      256,
      -167,
      -127
    ],
    "SliceThickness": 1.8,
    "SoftwareVersions": "syngo_MR_B19",
    "SpacingBetweenSlices": 1.8,
    "TotalReadoutTime": 0.0427443,
    "TxRefAmp": 291.493,
    "VoxelSizeDim1": 1.798076868057251,
    "VoxelSizeDim2": 1.798076868057251,
    "VoxelSizeDim3": 1.7999993562698364,
    "acq_id": "64dir",
    "dataset": "HBN",
    "modality": "dwi",
    "session_id": "HBNsiteRU",
    "subject_id": "NDARHX418ZGJ"
  },
  "efc_shell01": 1.6621,
  "efc_shell02": 0.6166,
  "efc_shell03": 0.5994,
  "fa_degenerate": 0.0,
  "fa_nans": 0.0,
  "fber_shell01": 302.76,
  "fber_shell02": 400.0,
  "fber_shell03": 138.0625,
  "fd_mean": 1.8405,
  "fd_num": 128,
  "fd_perc": 99.2248062015504,
  "ndc": 0.6313,
  "provenance": {
    "md5sum": "ca5bdaa4eb0729c6fbd7c16eb8307554",
    "settings": {
      "testing": false
    },
    "software": "mriqc",
    "version": "24.0.0"
  },
  "sigma_cc": 34.0999,
  "sigma_pca": 11.4309,
  "sigma_piesno": 1.3206,
  "snr_cc_shell0": 3.51,
  "snr_cc_shell1_best": 5.66,
  "snr_cc_shell1_worst": 5.66,
  "snr_cc_shell2_best": 2.01,
  "snr_cc_shell2_worst": 0.96,
  "spikes_global": 85.51,
  "spikes_slice_i": 463.79,
  "spikes_slice_j": 312.64,
  "spikes_slice_k": 593.44,
  "summary_bg_k": 397.2966,
  "summary_bg_mad": 4.4478,
  "summary_bg_mean": 13.9594,
  "summary_bg_median": 5.0,
  "summary_bg_n": 527363.0,
  "summary_bg_p05": 1.0,
  "summary_bg_p95": 57.0,
  "summary_bg_stdv": 38.807,
  "summary_fg_k": 6.8818,
  "summary_fg_mad": 96.3691,
  "summary_fg_mean": 230.9373,
  "summary_fg_median": 205.0,
  "summary_fg_n": 251389.0,
  "summary_fg_p05": 87.0,
  "summary_fg_p95": 455.0,
  "summary_fg_stdv": 124.298,
  "summary_wm_k": 11.3136,
  "summary_wm_mad": 72.6475,
  "summary_wm_mean": 196.4605,
  "summary_wm_median": 176.0,
  "summary_wm_n": 148797.0,
  "summary_wm_p05": 80.0,
  "summary_wm_p95": 371.0,
  "summary_wm_stdv": 99.1798
}