{
  "NumberOfShells": 2,
  "bValues": [
    0.0,
    1000.0,
    2000.0
  ],
  "bValuesEstimation": [
    1000.0,
    2000.0
  ],
  "bdiffs_max": 0.0474,
  "bdiffs_mean": 0.0184,
  "bdiffs_median": 0.0169,
  "bdiffs_min": 0.0015,
  "bids_meta": {
    "AcquisitionMatrixPE": 104,
    "BandwidthPerPixelPhaseEncode": 24.655,
    "BaseResolution": 104,
    "BodyPartExamined": "BRAIN",
    "ConsistencyInfo": "N4_VE11B_LATEST_20150530",
    "ConversionSoftware": "dcm2niix",
    "ConversionSoftwareVersion": "v1.0.20171204 (OpenJPEG build) GCC4.8.4",
    "DerivedVendorReportedEchoSpacing": 0.000779995,
    "Dim1Size": 104,
    "Dim2Size": 104,
    "Dim3Size": 72,
    "DwellTime": 3.3e-06,
    "EchoTime": 0.1002,
    "EchoTrainLength": 51,
    "EffectiveEchoSpacing": 0.000389997,
    "FlipAngle": 90,
    "ImageComments": "Unaliased_MB3_PE4",
    "ImageOrientationPatientDICOM": [
      1,
      0,
      0,
      0,
      1,
      0
    ],
    "ImageType": [
      "ORIGINAL",
      "PRIMARY",
      "DIFFUSION",
      "NONE",
      "MB",
      "ND",
      "MOSAIC"
    ],
    "InPlanePhaseEncodingDirectionDICOM": "COL",
    "MRAcquisitionType": "2D",
    "MagneticFieldStrength": 3,
    "Manufacturer": "Siemens",
    "ManufacturersModelName": "Prisma_fit",
    "Modality": "MR",
    "MultibandAccelerationFactor": 3,
    "NumVolumes": 129,
    "Obliquity": "False",
    "ParallelReductionFactorInPlane": 2,
    "PartialFourier": 1,
    "PatientPosition": "HFS",
    "PercentPhaseFOV": 100,
    "PhaseEncodingDirection": "j-",
    "PhaseEncodingSteps": 103,
    "PhaseResolution": 1,
    "PixelBandwidth": 1455,
    "ProcedureStepDescription": "CMI_HBN-CBIC",
    "ProtocolName": "cmrr_DKI",
    "PulseSequenceDetails": "%CustomerSeq%_cmrr_mbep2d_diff",
    "ReceiveCoilActiveElements": "HEA;HEP",
    "ReceiveCoilName": "Head_32",
    "ReconMatrixPE": 104,
    "RepetitionTime": 3.32,
    "SAR": 0.341593,
    "ScanOptions": "FS",
    "ScanningSequence": "EP",
    "SequenceName": "ep_b0",
    "SequenceVariant": "SK_SS",
    "SeriesDescription": "cmrr_DKI",
    "ShimSetting": [
      183,
      -10410,
      -5509,
      599,
      -42,
      39,
      117,
      12
    ],
    "SliceThickness": 1.8,
    "SliceTiming": [
      0,
      1.5125,
      3.025,
      1.2375,
      2.75,
      0.9625,
      2.475,
      0.6875,
      2.2,
      0.4125,
      1.925,
      0.1375,
      1.65,
      3.1625,
      1.375,
      2.8875,
      1.1,
      2.6125,
      0.825,
      2.3375,
      0.55,
      2.0625,
      0.275,
      1.7875,
      0,
      1.5125,
      3.025,
      1.2375,
      2.75,
      0.9625,
      2.475,
      0.6875,
      2.2,
      0.4125,
      1.925,
      0.1375,
      1.65,
      3.1625,
      1.375,
      2.8875,
      1.1,
      2.6125,
      0.825,
      2.3375,
      0.55,
      2.0625,
      0.275,
      1.7875,
      0,
      1.5125,
      3.025,
      1.2375,
      2.75,
      0.9625,
      2.475,
      0.6875,
      2.2,
      0.4125,
      1.925,
      0.1375,
      1.65,
      3.1625,
      1.375,
      2.8875,
      1.1,
      2.6125,
      0.825,
      2.3375,
      0.55,
      2.0625,
      0.275,
      1.7875
    ],
    "SoftwareVersions": "syngo_MR_E11",
    "SpacingBetweenSlices": 1.8,
    "TotalReadoutTime": 0.0401697,
    "TxRefAmp": 218.618,
    "VendorReportedEchoSpacing": 0.00078,
    "VoxelSizeDim1": 1.798076868057251,
    "VoxelSizeDim2": 1.798076868057251,
    "VoxelSizeDim3": 1.7999999523162842,
    "acq_id": "64dir",
    "dataset": "HBN",
    "modality": "dwi",
    "session_id": "HBNsiteCBIC",
    "subject_id": "NDARKX528PH3"
  },
  "efc_shell01": 4.2298,
  "efc_shell02": 2.4643,
  "efc_shell03": 1.8246,
  "fa_degenerate": 0.0,
  "fa_nans": 0.0,
  "fber_shell01": 0.0,
  "fber_shell02": 0.0402,
  "fber_shell03": 0.0883,
  "fd_mean": 1.141,
  "fd_num": 126,
  "fd_perc": 97.67441860465117,
  "ndc": 0.6668,
  "provenance": {
    "md5sum": "7c99c1328727ce10102d6243c3816005",
    "settings": {
      "testing": false
    },
    "software": "mriqc",
    "version": "24.0.0"
  },
  "sigma_cc": 121.5734,
  "sigma_pca": 66.2619,
  "sigma_piesno": 43.2498,
  "snr_cc_shell0": 4.92,
  "snr_cc_shell1_best": 6.88,
  "snr_cc_shell1_worst": 6.88,
  "snr_cc_shell2_best": 3.21,
  "snr_cc_shell2_worst": 1.71,
  "spikes_global": 73.5,
  "spikes_slice_i": 266.06,
  "spikes_slice_j": 317.82,
  "spikes_slice_k": 481.63,
  "summary_bg_k": 133.8146,
  "summary_bg_mad": 34.0999,
  "summary_bg_mean": 192.989,
  "summary_bg_median": 142.0,
  "summary_bg_n": 521754.0,
  "summary_bg_p05": 104.0,
  "summary_bg_p95": 455.0,
  "summary_bg_stdv": 210.568,
  "summary_fg_k": 3.2677,
  "summary_fg_mad": 601.9365,
  "summary_fg_mean": 1401.2504,
  "summary_fg_median": 1277.0,
  "summary_fg_n": 256998.0,
  "summary_fg_p05": 514.0,
  "summary_fg_p95": 2678.0,
  "summary_fg_stdv": 695.2866,
  "summary_wm_k": 3.5037,
  "summary_wm_mad": 545.5976,
  "summary_wm_mean": 1298.5425,
  "summary_wm_median": 1135.0,
  "summary_wm_n": 118836.0,
  "summary_wm_p05": 453.0,
  "summary_wm_p95": 2568.0,
  "summary_wm_stdv": 678.1057
}