{
  "NumberOfShells": 2,
  "bValues": [
    0.0,
    1000.0,
    2000.0
  ],
  "bValuesEstimation": [
    1000.0,
    2000.0
  ],
  "bdiffs_max": 0.0517,
  "bdiffs_mean": 0.0318,
  "bdiffs_median": 0.0324,
  "bdiffs_min": 0.007,
  "bids_meta": {
    "AcquisitionMatrixPE": 104,
    "BandwidthPerPixelPhaseEncode": 23.17,
    "BaseResolution": 104,
    "ConversionSoftware": "dcm2niix",
    "ConversionSoftwareVersion": "v1.0.20171204 (OpenJPEG build) GCC4.8.4",
    "DerivedVendorReportedEchoSpacing": 0.000829986,
    "Dim1Size": 104,
    "Dim2Size": 104,
    "Dim3Size": 72,
    "DwellTime": 3.5e-06,
    "EchoTime": 0.1002,
    "EffectiveEchoSpacing": 0.000414993,
    "FlipAngle": 90,
    "ImageComments": "Unaliased_MB3_PE4_(remote)_SENSE1",
    "ImageOrientationPatientDICOM": [
      1,
      0,
      0,
      0,
      0.991445,
      -0.130526
    ],
    "ImageType": [
      "ORIGINAL",
      "PRIMARY",
      "DIFFUSION",
      "NONE",
      "MB",
      "ND"
    ],
    "InPlanePhaseEncodingDirectionDICOM": "COL",
    "MRAcquisitionType": "2D",
    "MagneticFieldStrength": 3,
    "Manufacturer": "Siemens",
    "ManufacturersModelName": "TrioTim",
    "Modality": "MR",
    "NumVolumes": 129,
    "Obliquity": "True",
    "ParallelReductionFactorInPlane": 2,
    "PartialFourier": 1,
    "PatientPosition": "HFS",
    "PercentPhaseFOV": 100,
    "PhaseEncodingDirection": "j-",
    "PhaseEncodingSteps": 103,
    "PhaseResolution": 1,
    "PixelBandwidth": 1374,
    "ProcedureStepDescription": "CMI_HBN",
    "ProtocolName": "DKI",
    "PulseSequenceDetails": "%CustomerSeq%_cmrr_mbep2d_diff",
    "ReceiveCoilName": "32Ch_Head",
    "ReconMatrixPE": 104,
    "RepetitionTime": 3.32,
    "SAR": 0.226007,
    "ScanOptions": "FS",
    "ScanningSequence": "EP",
    "SequenceName": "ep_b0",
    "SequenceVariant": "SK_SS",
    "SeriesDescription": "DKI",
    "ShimSetting": [
      2044,
      -606,
      -7629,
      1001,
      176,
      896,
      -342,
      -214
    ],
    "SliceThickness": 1.8,
    "SoftwareVersions": "syngo_MR_B19",
    "SpacingBetweenSlices": 1.8,
    "TotalReadoutTime": 0.0427443,
    "TxRefAmp": 316.055,
    "VoxelSizeDim1": 1.798076868057251,
    "VoxelSizeDim2": 1.798076868057251,
    "VoxelSizeDim3": 1.7999985218048096,
    "acq_id": "64dir",
    "dataset": "HBN",
    "modality": "dwi",
    "session_id": "HBNsiteRU",
    "subject_id": "NDARBT607PZL"
  },
  "efc_shell01": 1.4449,
  "efc_shell02": 0.6154,
  "efc_shell03": 0.6231,
  "fa_degenerate": 0.0,
  "fa_nans": 0.0,
  "fber_shell01": 283.3611,
  "fber_shell02": 201.64,
  "fber_shell03": 64.0,
  "fd_mean": 1.3364,
  "fd_num": 128,
  "fd_perc": 99.2248062015504,
  "ndc": 0.7881,
  "provenance": {
    "md5sum": "f60417bc7f0264a9d6287f121d6c53fd",
    "settings": {
      "testing": false
    },
    "software": "mriqc",
    "version": "24.0.0"
  },
  "sigma_cc": 31.1346,
  "sigma_pca": 11.3122,
  "sigma_piesno": 1.6508,
  "snr_cc_shell0": 4.02,
  "snr_cc_shell1_best": 4.5,
  "snr_cc_shell1_worst": 4.5,
  "snr_cc_shell2_best": 1.99,
  "snr_cc_shell2_worst": 1.13,
  "spikes_global": 118.59,
  "spikes_slice_i": 753.66,
  "spikes_slice_j": 779.54,
  "spikes_slice_k": 782.65,
  "summary_bg_k": 226.3468,
  "summary_bg_mad": 5.9304,
  "summary_bg_mean": 20.3938,
  "summary_bg_median": 6.0,
  "summary_bg_n": 519535.0,
  "summary_bg_p05": 1.0,
  "summary_bg_p95": 75.0,
  "summary_bg_stdv": 59.0954,
  "summary_fg_k": 9.7993,
  "summary_fg_mad": 75.6127,
  "summary_fg_mean": 209.662,
  "summary_fg_median": 181.0,
  "summary_fg_n": 259217.0,
  "summary_fg_p05": 80.0,
  "summary_fg_p95": 441.0,
  "summary_fg_stdv": 121.9127,
  "summary_wm_k": 29.799,
  "summary_wm_mad": 47.4433,
  "summary_wm_mean": 156.9297,
  "summary_wm_median": 150.0,
  "summary_wm_n": 128281.0,
  "summary_wm_p05": 70.0,
  "summary_wm_p95": 263.0,
  "summary_wm_stdv": 68.8315
}