{
  "NumberOfShells": 2,
  "bValues": [
    0.0,
    1000.0,
    2000.0
  ],
  "bValuesEstimation": [
    1000.0,
    2000.0
  ],
  "bdiffs_max": 0.1675,
  "bdiffs_mean": 0.0322,
  "bdiffs_median": 0.0269,
  "bdiffs_min": 0.0017,
  "bids_meta": {
    "AcquisitionMatrixPE": 104,
    "BandwidthPerPixelPhaseEncode": 24.655,
    "BaseResolution": 104,
    "BodyPartExamined": "BRAIN",
    "ConsistencyInfo": "N4_VE11B_LATEST_20150530",
    "ConversionSoftware": "dcm2niix",
    "ConversionSoftwareVersion": "v1.0.20171204 (OpenJPEG build) GCC4.8.4",
    "DerivedVendorReportedEchoSpacing": 0.000779995,
    "Dim1Size": 104,
    "Dim2Size": 104,
    "Dim3Size": 72,
    "DwellTime": 3.3e-06,
    "EchoTime": 0.1002,
    "EchoTrainLength": 51,
    "EffectiveEchoSpacing": 0.000389997,
    "FlipAngle": 90,
    "ImageComments": "Unaliased_MB3_PE4",
    "ImageOrientationPatientDICOM": [
      1,
      0,
      0,
      0,
      1,
      0
    ],
    "ImageType": [
      "ORIGINAL",
      "PRIMARY",
      "DIFFUSION",
      "NONE",
      "MB",
      "ND",
      "MOSAIC"
    ],
    "InPlanePhaseEncodingDirectionDICOM": "COL",
    "MRAcquisitionType": "2D",
    "MagneticFieldStrength": 3,
    "Manufacturer": "Siemens",
    "ManufacturersModelName": "Prisma_fit",
    "Modality": "MR",
    "MultibandAccelerationFactor": 3,
    "NumVolumes": 129,
    "Obliquity": "False",
    "ParallelReductionFactorInPlane": 2,
    "PartialFourier": 1,
    "PatientPosition": "HFS",
    "PercentPhaseFOV": 100,
    "PhaseEncodingDirection": "j-",
    "PhaseEncodingSteps": 103,
    "PhaseResolution": 1,
    "PixelBandwidth": 1455,
    "ProcedureStepDescription": "CMI_HBN-CBIC",
    "ProtocolName": "cmrr_DKI",
    "PulseSequenceDetails": "%CustomerSeq%_cmrr_mbep2d_diff",
    "ReceiveCoilActiveElements": "HEA;HEP",
    "ReceiveCoilName": "Head_32",
    "ReconMatrixPE": 104,
    "RepetitionTime": 3.32,
    "SAR": 0.464785,
    "ScanOptions": "FS",
    "ScanningSequence": "EP",
    "SequenceName": "ep_b0",
    "SequenceVariant": "SK_SS",
    "SeriesDescription": "cmrr_DKI",
    "ShimSetting": [
      226,
      -10410,
      -5653,
      721,
      -21,
      -118,
      105,
      -48
    ],
    "SliceThickness": 1.8,
    "SliceTiming": [
      0,
      1.5125,
      3.025,
      1.2375,
      2.75,
      0.9625,
      2.475,
      0.6875,
      2.2,
      0.4125,
      1.925,
      0.1375,
      1.65,
      3.1625,
      1.375,
      2.8875,
      1.1,
      2.6125,
      0.825,
      2.3375,
      0.55,
      2.0625,
      0.275,
      1.7875,
      0,
      1.5125,
      3.025,
      1.2375,
      2.75,
      0.9625,
      2.475,
      0.6875,
      2.2,
      0.4125,
      1.925,
      0.1375,
      1.65,
      3.1625,
      1.375,
      2.8875,
      1.1,
      2.6125,
      0.825,
      2.3375,
      0.55,
      2.0625,
      0.275,
      1.7875,
      0,
      1.5125,
      3.025,
      1.2375,
      2.75,
      0.9625,
      2.475,
      0.6875,
      2.2,
      0.4125,
      1.925,
      0.1375,
      1.65,
      3.1625,
      1.375,
      2.8875,
      1.1,
      2.6125,
      0.825,
      2.3375,
      0.55,
      2.0625,
      0.275,
      1.7875
    ],
    "SoftwareVersions": "syngo_MR_E11",
    "SpacingBetweenSlices": 1.8,
    "TotalReadoutTime": 0.0401697,
    "TxRefAmp": 209.047,
    "VendorReportedEchoSpacing": 0.00078,
    "VoxelSizeDim1": 1.798076868057251,
    "VoxelSizeDim2": 1.798076868057251,
    "VoxelSizeDim3": 1.7999999523162842,
    "acq_id": "64dir",
    "dataset": "HBN",
    "modality": "dwi",
    "session_id": "HBNsiteCBIC",
    "subject_id": "NDARRF059RMB"
  },
  "efc_shell01": 3.2323,
  "efc_shell02": 1.9585,
  "efc_shell03": 1.5454,
  "fa_degenerate": 0.0,
  "fa_nans": 0.0,
  "fber_shell01": 0.0,
  "fber_shell02": 0.0596,
  "fber_shell03": 0.1321,
  "fd_mean": 1.1939,
  "fd_num": 126,
  "fd_perc": 97.67441860465117,
  "ndc": 0.6459,
  "provenance": {
    "md5sum": "5c2696c2f233a0366c356bdd3e8a40fe",
    "settings": {
      "testing": false
    },
    "software": "mriqc",
    "version": "24.0.0"
  },
  "sigma_cc": 117.1256,
  "sigma_pca": 67.6248,
  "sigma_piesno": 42.5895,
  "snr_cc_shell0": 5.28,
  "snr_cc_shell1_best": 5.39,
  "snr_cc_shell1_worst": 5.39,
  "snr_cc_shell2_best": 3.44,
  "snr_cc_shell2_worst": 1.71,
  "spikes_global": 47.89,
  "spikes_slice_i": 187.38,
  "spikes_slice_j": 130.44,
  "spikes_slice_k": 292.42,
  "summary_bg_k": 172.3082,
  "summary_bg_mad": 26.6868,
  "summary_bg_mean": 167.0299,
  "summary_bg_median": 135.0,
  "summary_bg_n": 574781.0,
  "summary_bg_p05": 102.0,
  "summary_bg_p95": 336.0,
  "summary_bg_stdv": 157.9927,
  "summary_fg_k": 4.4131,
  "summary_fg_mad": 527.8064,
  "summary_fg_mean": 1311.3009,
  "summary_fg_median": 1232.0,
  "summary_fg_n": 203971.0,
  "summary_fg_p05": 486.0,
  "summary_fg_p95": 2385.0,
  "summary_fg_stdv": 607.3247,
  "summary_wm_k": 4.7317,
  "summary_wm_mad": 443.2981,
  "summary_wm_mean": 1159.2616,
  "summary_wm_median": 1059.0,
  "summary_wm_n": 90886.0,
  "summary_wm_p05": 498.0,
  "summary_wm_p95": 2134.0,
  "summary_wm_stdv": 532.0485
}