{
  "NumberOfShells": 2,
  "bValues": [
    0.0,
    1000.0,
    2000.0
  ],
  "bValuesEstimation": [
    1000.0,
    2000.0
  ],
  "bdiffs_max": 0.074,
  "bdiffs_mean": 0.0329,
  "bdiffs_median": 0.0306,
  "bdiffs_min": 0.0002,
  "bids_meta": {
    "AcquisitionMatrixPE": 96,
    "BandwidthPerPixelPhaseEncode": 14.468,
    "BaseResolution": 96,
    "ConversionSoftware": "dcm2niix",
    "ConversionSoftwareVersion": "v1.0.20171204 (OpenJPEG build) GCC4.8.4",
    "DerivedVendorReportedEchoSpacing": 0.00071998,
    "DeviceSerialNumber": "26121",
    "Dim1Size": 96,
    "Dim2Size": 96,
    "Dim3Size": 72,
    "DwellTime": 3.2e-06,
    "EchoTime": 0.0938,
    "EffectiveEchoSpacing": 0.00071998,
    "FlipAngle": 90,
    "ImageComments": "Unaliased_MB3_PE3",
    "ImageOrientationPatientDICOM": [
      1,
      0,
      0,
      0,
      1,
      0
    ],
    "ImageType": [
      "ORIGINAL",
      "PRIMARY",
      "DIFFUSION",
      "NONE",
      "MB",
      "ND",
      "MOSAIC"
    ],
    "InPlanePhaseEncodingDirectionDICOM": "COL",
    "MRAcquisitionType": "2D",
    "MagneticFieldStrength": 1.5,
    "Manufacturer": "Siemens",
    "ManufacturersModelName": "Avanto",
    "Modality": "MR",
    "MultibandAccelerationFactor": 3,
    "NumVolumes": 129,
    "Obliquity": "False",
    "PartialFourier": 0.75,
    "PatientPosition": "HFS",
    "PercentPhaseFOV": 100,
    "PhaseEncodingDirection": "j-",
    "PhaseEncodingSteps": 72,
    "PhaseResolution": 1,
    "PixelBandwidth": 1628,
    "ProcedureStepDescription": "CMI_HBN",
    "ProtocolName": "DKI_64_Directions_AP_3_WEIGHTS-_AX",
    "PulseSequenceDetails": "%CustomerSeq%_cmrr_mbep2d_diff",
    "ReceiveCoilName": "32Ch_Head",
    "ReconMatrixPE": 96,
    "RepetitionTime": 4.5,
    "SAR": 0.0903985,
    "ScanOptions": "PFP_FS",
    "ScanningSequence": "EP",
    "SequenceName": "ep_b0",
    "SequenceVariant": "SK_SS",
    "SeriesDescription": "DKI_64_Directions_AP_3_WEIGHTS-_AX",
    "ShimSetting": [
      141,
      -171,
      430,
      1026,
      249,
      -232,
      298,
      358
    ],
    "SliceThickness": 2,
    "SliceTiming": [
      0,
      2.0725,
      4.1425,
      1.695,
      3.765,
      1.32,
      3.39,
      0.9425,
      3.0125,
      0.565,
      2.6375,
      0.19,
      2.26,
      4.33,
      1.8825,
      3.955,
      1.5075,
      3.5775,
      1.13,
      3.2,
      0.755,
      2.825,
      0.3775,
      2.4475,
      0,
      2.0725,
      4.1425,
      1.695,
      3.765,
      1.32,
      3.39,
      0.9425,
      3.0125,
      0.565,
      2.6375,
      0.19,
      2.26,
      4.33,
      1.8825,
      3.955,
      1.5075,
      3.5775,
      1.13,
      3.2,
      0.755,
      2.825,
      0.3775,
      2.4475,
      0,
      2.0725,
      4.1425,
      1.695,
      3.765,
      1.32,
      3.39,
      0.9425,
      3.0125,
      0.565,
      2.6375,
      0.19,
      2.26,
      4.33,
      1.8825,
      3.955,
      1.5075,
      3.5775,
      1.13,
      3.2,
      0.755,
      2.825,
      0.3775,
      2.4475
    ],
    "SoftwareVersions": "syngo_MR_B17",
    "SpacingBetweenSlices": 2,
    "StationName": "MRC26121",
    "TotalReadoutTime": 0.0683981,
    "TxRefAmp": 229.668,
    "VoxelSizeDim1": 2.0,
    "VoxelSizeDim2": 2.0,
    "VoxelSizeDim3": 2.0,
    "acq_id": "64dir",
    "dataset": "HBN",
    "modality": "dwi",
    "session_id": "HBNsiteSI",
    "subject_id": "NDARJR687LGX"
  },
  "efc_shell01": 2.2433,
  "efc_shell02": 1.138,
  "efc_shell03": 0.8311,
  "fa_degenerate": 0.0,
  "fa_nans": 0.0,
  "fber_shell01": 0.0,
  "fber_shell02": 10.8262,
  "fber_shell03": 7.84,
  "fd_mean": 2.1871,
  "fd_num": 128,
  "fd_perc": 99.2248062015504,
  "ndc": 0.7941,
  "provenance": {
    "md5sum": "67fdfd21988105a422cd45ceba09e25c",
    "settings": {
      "testing": false
    },
    "software": "mriqc",
    "version": "24.0.0"
  },
  "sigma_cc": 34.0999,
  "sigma_pca": 11.1002,
  "sigma_piesno": 10.2347,
  "snr_cc_shell0": 6.58,
  "snr_cc_shell1_best": 7.98,
  "snr_cc_shell1_worst": 7.98,
  "snr_cc_shell2_best": 4.2,
  "snr_cc_shell2_worst": 1.89,
  "spikes_global": 48.42,
  "spikes_slice_i": 292.72,
  "spikes_slice_j": 236.64,
  "spikes_slice_k": 234.68,
  "summary_bg_k": 104.5377,
  "summary_bg_mad": 7.413,
  "summary_bg_mean": 45.7785,
  "summary_bg_median": 33.0,
  "summary_bg_n": 500759.0,
  "summary_bg_p05": 24.0,
  "summary_bg_p95": 115.0,
  "summary_bg_stdv": 47.9504,
  "summary_fg_k": 2.4301,
  "summary_fg_mad": 131.9516,
  "summary_fg_mean": 351.3755,
  "summary_fg_median": 325.0,
  "summary_fg_n": 162793.0,
  "summary_fg_p05": 153.0,
  "summary_fg_p95": 634.0,
  "summary_fg_stdv": 152.9627,
  "summary_wm_k": 7.9516,
  "summary_wm_mad": 75.6127,
  "summary_wm_mean": 277.0774,
  "summary_wm_median": 267.0,
  "summary_wm_n": 51399.0,
  "summary_wm_p05": 162.0,
  "summary_wm_p95": 426.0,
  "summary_wm_stdv": 94.2721
}