{
  "NumberOfShells": 2,
  "bValues": [
    0.0,
    1000.0,
    2000.0
  ],
  "bValuesEstimation": [
    1000.0,
    2000.0
  ],
  "bdiffs_max": 0.1872,
  "bdiffs_mean": 0.0603,
  "bdiffs_median": 0.0477,
  "bdiffs_min": 0.0031,
  "bids_meta": {
    "AcquisitionMatrixPE": 104,
    "BandwidthPerPixelPhaseEncode": 23.17,
    "BaseResolution": 104,
    "ConversionSoftware": "dcm2niix",
    "ConversionSoftwareVersion": "v1.0.20171204 (OpenJPEG build) GCC4.8.4",
    "DerivedVendorReportedEchoSpacing": 0.000829986,
    "Dim1Size": 104,
    "Dim2Size": 104,
    "Dim3Size": 72,
    "DwellTime": 3.5e-06,
    "EchoTime": 0.1002,
    "EffectiveEchoSpacing": 0.000414993,
    "FlipAngle": 90,
    "ImageComments": "Unaliased_MB3_PE4_(remote)_SENSE1",
    "ImageOrientationPatientDICOM": [
      1,
      0,
      0,
      0,
      0.982935,
      -0.183951
    ],
    "ImageType": [
      "ORIGINAL",
      "PRIMARY",
      "DIFFUSION",
      "NONE",
      "MB",
      "ND"
    ],
    "InPlanePhaseEncodingDirectionDICOM": "COL",
    "MRAcquisitionType": "2D",
    "MagneticFieldStrength": 3,
    "Manufacturer": "Siemens",
    "ManufacturersModelName": "TrioTim",
    "Modality": "MR",
    "NumVolumes": 129,
    "Obliquity": "True",
    "ParallelReductionFactorInPlane": 2,
    "PartialFourier": 1,
    "PatientPosition": "HFS",
    "PercentPhaseFOV": 100,
    "PhaseEncodingDirection": "j-",
    "PhaseEncodingSteps": 103,
    "PhaseResolution": 1,
    "PixelBandwidth": 1374,
    "ProcedureStepDescription": "CMI_HBN",
    "ProtocolName": "DKI",
    "PulseSequenceDetails": "%CustomerSeq%_cmrr_mbep2d_diff",
    "ReceiveCoilName": "32Ch_Head",
    "ReconMatrixPE": 104,
    "RepetitionTime": 3.32,
    "SAR": 0.266064,
    "ScanOptions": "FS",
    "ScanningSequence": "EP",
    "SequenceName": "ep_b0",
    "SequenceVariant": "SK_SS",
    "SeriesDescription": "DKI",
    "ShimSetting": [
      2072,
      -615,
      -7718,
      1069,
      98,
      289,
      -290,
      -169
    ],
    "SliceThickness": 1.8,
    "SoftwareVersions": "syngo_MR_B19",
    "SpacingBetweenSlices": 1.8,
    "TotalReadoutTime": 0.0427443,
    "TxRefAmp": 305.831,
    "VoxelSizeDim1": 1.798076868057251,
    "VoxelSizeDim2": 1.7980767488479614,
    "VoxelSizeDim3": 1.8000038862228394,
    "acq_id": "64dir",
    "dataset": "HBN",
    "modality": "dwi",
    "session_id": "HBNsiteRU",
    "subject_id": "NDARWR678HLF"
  },
  "efc_shell01": 1.7099,
  "efc_shell02": 0.6198,
  "efc_shell03": 0.5988,
  "fa_degenerate": 0.0,
  "fa_nans": 0.0,
  "fber_shell01": 204.5556,
  "fber_shell02": 231.04,
  "fber_shell03": 126.5625,
  "fd_mean": 6.5658,
  "fd_num": 128,
  "fd_perc": 99.2248062015504,
  "ndc": 0.7161,
  "provenance": {
    "md5sum": "0cdfec1428c50f2595d421b43404213b",
    "settings": {
      "testing": false
    },
    "software": "mriqc",
    "version": "24.0.0"
  },
  "sigma_cc": 41.5129,
  "sigma_pca": 12.0413,
  "sigma_piesno": 1.6508,
  "snr_cc_shell0": 3.2,
  "snr_cc_shell1_best": 4.36,
  "snr_cc_shell1_worst": 4.36,
  "snr_cc_shell2_best": 1.54,
  "snr_cc_shell2_worst": 1.03,
  "spikes_global": 118.76,
  "spikes_slice_i": 768.15,
  "spikes_slice_j": 723.64,
  "spikes_slice_k": 873.67,
  "summary_bg_k": 179.7451,
  "summary_bg_mad": 5.9304,
  "summary_bg_mean": 16.5811,
  "summary_bg_median": 6.0,
  "summary_bg_n": 521731.0,
  "summary_bg_p05": 1.0,
  "summary_bg_p95": 65.0,
  "summary_bg_stdv": 44.0023,
  "summary_fg_k": 7.2893,
  "summary_fg_mad": 94.8865,
  "summary_fg_mean": 239.1617,
  "summary_fg_median": 201.0,
  "summary_fg_n": 257021.0,
  "summary_fg_p05": 77.0,
  "summary_fg_p95": 542.0,
  "summary_fg_stdv": 151.8634,
  "summary_wm_k": 13.4675,
  "summary_wm_mad": 56.3389,
  "summary_wm_mean": 174.7836,
  "summary_wm_median": 164.0,
  "summary_wm_n": 115477.0,
  "summary_wm_p05": 81.0,
  "summary_wm_p95": 306.0,
  "summary_wm_stdv": 75.4004
}