{
  "NumberOfShells": 2,
  "bValues": [
    0.0,
    1000.0,
    2000.0
  ],
  "bValuesEstimation": [
    1000.0,
    2000.0
  ],
  "bdiffs_max": 0.1063,
  "bdiffs_mean": 0.019,
  "bdiffs_median": 0.0131,
  "bdiffs_min": 0.0012,
  "bids_meta": {
    "AcquisitionMatrixPE": 104,
    "BandwidthPerPixelPhaseEncode": 24.655,
    "BaseResolution": 104,
    "BodyPartExamined": "BRAIN",
    "ConsistencyInfo": "N4_VE11B_LATEST_20150530",
    "ConversionSoftware": "dcm2niix",
    "ConversionSoftwareVersion": "v1.0.20171204 (OpenJPEG build) GCC4.8.4",
    "DerivedVendorReportedEchoSpacing": 0.000779995,
    "Dim1Size": 104,
    "Dim2Size": 104,
    "Dim3Size": 72,
    "DwellTime": 3.3e-06,
    "EchoTime": 0.1002,
    "EchoTrainLength": 51,
    "EffectiveEchoSpacing": 0.000389997,
    "FlipAngle": 90,
    "ImageComments": "Unaliased_MB3_PE4",
    "ImageOrientationPatientDICOM": [
      1,
      0,
      0,
      0,
      1,
      0
    ],
    "ImageType": [
      "ORIGINAL",
      "PRIMARY",
      "DIFFUSION",
      "NONE",
      "MB",
      "ND",
      "MOSAIC"
    ],
    "InPlanePhaseEncodingDirectionDICOM": "COL",
    "MRAcquisitionType": "2D",
    "MagneticFieldStrength": 3,
    "Manufacturer": "Siemens",
    "ManufacturersModelName": "Prisma_fit",
    "Modality": "MR",
    "MultibandAccelerationFactor": 3,
    "NumVolumes": 129,
    "Obliquity": "False",
    "ParallelReductionFactorInPlane": 2,
    "PartialFourier": 1,
    "PatientPosition": "HFS",
    "PercentPhaseFOV": 100,
    "PhaseEncodingDirection": "j-",
    "PhaseEncodingSteps": 103,
    "PhaseResolution": 1,
    "PixelBandwidth": 1455,
    "ProcedureStepDescription": "CMI_HBN-CBIC",
    "ProtocolName": "cmrr_DKI",
    "PulseSequenceDetails": "%CustomerSeq%_cmrr_mbep2d_diff",
    "ReceiveCoilActiveElements": "HEA;HEP",
    "ReceiveCoilName": "Head_32",
    "ReconMatrixPE": 104,
    "RepetitionTime": 3.32,
    "SAR": 0.336615,
    "ScanOptions": "FS",
    "ScanningSequence": "EP",
    "SequenceName": "ep_b0",
    "SequenceVariant": "SK_SS",
    "SeriesDescription": "cmrr_DKI",
    "ShimSetting": [
      206,
      -10438,
      -5673,
      568,
      -44,
      -181,
      226,
      -56
    ],
    "SliceThickness": 1.8,
    "SliceTiming": [
      0,
      1.5125,
      3.025,
      1.2375,
      2.75,
      0.9625,
      2.475,
      0.6875,
      2.2,
      0.4125,
      1.925,
      0.1375,
      1.65,
      3.1625,
      1.375,
      2.8875,
      1.1,
      2.6125,
      0.825,
      2.3375,
      0.55,
      2.0625,
      0.275,
      1.7875,
      0,
      1.5125,
      3.025,
      1.2375,
      2.75,
      0.9625,
      2.475,
      0.6875,
      2.2,
      0.4125,
      1.925,
      0.1375,
      1.65,
      3.1625,
      1.375,
      2.8875,
      1.1,
      2.6125,
      0.825,
      2.3375,
      0.55,
      2.0625,
      0.275,
      1.7875,
      0,
      1.5125,
      3.025,
      1.2375,
      2.75,
      0.9625,
      2.475,
      0.6875,
      2.2,
      0.4125,
      1.925,
      0.1375,
      1.65,
      3.1625,
      1.375,
      2.8875,
      1.1,
      2.6125,
      0.825,
      2.3375,
      0.55,
      2.0625,
      0.275,
      1.7875
    ],
    "SoftwareVersions": "syngo_MR_E11",
    "SpacingBetweenSlices": 1.8,
    "TotalReadoutTime": 0.0401697,
    "TxRefAmp": 211.495,
    "VendorReportedEchoSpacing": 0.00078,
    "VoxelSizeDim1": 1.798076868057251,
    "VoxelSizeDim2": 1.798076868057251,
    "VoxelSizeDim3": 1.8000000715255737,
    "acq_id": "64dir",
    "dataset": "HBN",
    "modality": "dwi",
    "session_id": "HBNsiteCBIC",
    "subject_id": "NDARDF374LGN"
  },
  "efc_shell01": 4.171,
  "efc_shell02": 2.2974,
  "efc_shell03": 1.684,
  "fa_degenerate": 0.0,
  "fa_nans": 0.0,
  "fber_shell01": 0.0,
  "fber_shell02": 0.0212,
  "fber_shell03": 0.1628,
  "fd_mean": 1.3932,
  "fd_num": 127,
  "fd_perc": 98.44961240310077,
  "ndc": 0.5812,
  "provenance": {
    "md5sum": "78a85c9b399abd66e14b03101a1b41f9",
    "settings": {
      "testing": false
    },
    "software": "mriqc",
    "version": "24.0.0"
  },
  "sigma_cc": 177.9123,
  "sigma_pca": 63.8024,
  "sigma_piesno": 43.2498,
  "snr_cc_shell0": 3.51,
  "snr_cc_shell1_best": 6.0,
  "snr_cc_shell1_worst": 6.0,
  "snr_cc_shell2_best": 1.93,
  "snr_cc_shell2_worst": 1.29,
  "spikes_global": 86.07,
  "spikes_slice_i": 426.52,
  "spikes_slice_j": 336.46,
  "spikes_slice_k": 574.8,
  "summary_bg_k": 81.9138,
  "summary_bg_mad": 35.5825,
  "summary_bg_mean": 201.6047,
  "summary_bg_median": 143.0,
  "summary_bg_n": 521024.0,
  "summary_bg_p05": 104.0,
  "summary_bg_p95": 441.0,
  "summary_bg_stdv": 242.6994,
  "summary_fg_k": 5.3002,
  "summary_fg_mad": 530.7716,
  "summary_fg_mean": 1280.3921,
  "summary_fg_median": 1146.0,
  "summary_fg_n": 257728.0,
  "summary_fg_p05": 475.0,
  "summary_fg_p95": 2543.0,
  "summary_fg_stdv": 667.5219,
  "summary_wm_k": 8.8935,
  "summary_wm_mad": 478.8805,
  "summary_wm_mean": 1162.5278,
  "summary_wm_median": 1041.0,
  "summary_wm_n": 118885.0,
  "summary_wm_p05": 444.0,
  "summary_wm_p95": 2255.0,
  "summary_wm_stdv": 598.4963
}