{
  "NumberOfShells": 2,
  "bValues": [
    0.0,
    1000.0,
    2000.0
  ],
  "bValuesEstimation": [
    1000.0,
    2000.0
  ],
  "bdiffs_max": 0.0322,
  "bdiffs_mean": 0.0108,
  "bdiffs_median": 0.0098,
  "bdiffs_min": 0.0015,
  "bids_meta": {
    "AcquisitionMatrixPE": 104,
    "BandwidthPerPixelPhaseEncode": 23.17,
    "BaseResolution": 104,
    "ConversionSoftware": "dcm2niix",
    "ConversionSoftwareVersion": "v1.0.20171204 (OpenJPEG build) GCC4.8.4",
    "DerivedVendorReportedEchoSpacing": 0.000829986,
    "Dim1Size": 104,
    "Dim2Size": 104,
    "Dim3Size": 72,
    "DwellTime": 3.5e-06,
    "EchoTime": 0.1002,
    "EffectiveEchoSpacing": 0.000414993,
    "FlipAngle": 90,
    "ImageComments": "Unaliased_MB3_PE4_(remote)_SENSE1",
    "ImageOrientationPatientDICOM": [
      1,
      0,
      0,
      0,
      0.965473,
      -0.260505
    ],
    "ImageType": [
      "ORIGINAL",
      "PRIMARY",
      "DIFFUSION",
      "NONE",
      "MB",
      "ND"
    ],
    "InPlanePhaseEncodingDirectionDICOM": "COL",
    "MRAcquisitionType": "2D",
    "MagneticFieldStrength": 3,
    "Manufacturer": "Siemens",
    "ManufacturersModelName": "TrioTim",
    "Modality": "MR",
    "NumVolumes": 129,
    "Obliquity": "True",
    "ParallelReductionFactorInPlane": 2,
    "PartialFourier": 1,
    "PatientPosition": "HFS",
    "PercentPhaseFOV": 100,
    "PhaseEncodingDirection": "j-",
    "PhaseEncodingSteps": 103,
    "PhaseResolution": 1,
    "PixelBandwidth": 1374,
    "ProcedureStepDescription": "CMI_HBN",
    "ProtocolName": "DKI",
    "PulseSequenceDetails": "%CustomerSeq%_cmrr_mbep2d_diff",
    "ReceiveCoilName": "32Ch_Head",
    "ReconMatrixPE": 104,
    "RepetitionTime": 3.32,
    "SAR": 0.253842,
    "ScanOptions": "FS",
    "ScanningSequence": "EP",
    "SequenceName": "ep_b0",
    "SequenceVariant": "SK_SS",
    "SeriesDescription": "DKI",
    "ShimSetting": [
      1953,
      -601,
      -7665,
      1177,
      -207,
      80,
      -228,
      -242
    ],
    "SliceThickness": 1.8,
    "SoftwareVersions": "syngo_MR_B19",
    "SpacingBetweenSlices": 1.8,
    "TotalReadoutTime": 0.0427443,
    "TxRefAmp": 289.463,
    "VoxelSizeDim1": 1.798076868057251,
    "VoxelSizeDim2": 1.798076868057251,
    "VoxelSizeDim3": 1.7999963760375977,
    "acq_id": "64dir",
    "dataset": "HBN",
    "modality": "dwi",
    "session_id": "HBNsiteRU",
    "subject_id": "NDARWD585PRZ"
  },
  "efc_shell01": 2.3106,
  "efc_shell02": 0.6715,
  "efc_shell03": 0.6104,
  "fa_degenerate": 0.0,
  "fa_nans": 0.0,
  "fber_shell01": 86.3333,
  "fber_shell02": 295.84,
  "fber_shell03": 100.0,
  "fd_mean": 1.4466,
  "fd_num": 128,
  "fd_perc": 99.2248062015504,
  "ndc": 0.7248,
  "provenance": {
    "md5sum": "aa4ec2ea734893c2a7ca94f52ee4d563",
    "settings": {
      "testing": false
    },
    "software": "mriqc",
    "version": "24.0.0"
  },
  "sigma_cc": 51.1498,
  "sigma_pca": 11.7811,
  "sigma_piesno": 1.6508,
  "snr_cc_shell0": 2.69,
  "snr_cc_shell1_best": 3.93,
  "snr_cc_shell1_worst": 3.93,
  "snr_cc_shell2_best": 1.56,
  "snr_cc_shell2_worst": 0.73,
  "spikes_global": 66.68,
  "spikes_slice_i": 268.13,
  "spikes_slice_j": 183.24,
  "spikes_slice_k": 419.28,
  "summary_bg_k": 88.984,
  "summary_bg_mad": 5.9304,
  "summary_bg_mean": 16.3242,
  "summary_bg_median": 6.0,
  "summary_bg_n": 518985.0,
  "summary_bg_p05": 1.0,
  "summary_bg_p95": 56.0,
  "summary_bg_stdv": 41.6492,
  "summary_fg_k": 5.1675,
  "summary_fg_mad": 106.7474,
  "summary_fg_mean": 256.8772,
  "summary_fg_median": 236.0,
  "summary_fg_n": 259767.0,
  "summary_fg_p05": 104.0,
  "summary_fg_p95": 471.0,
  "summary_fg_stdv": 120.6244,
  "summary_wm_k": 7.5852,
  "summary_wm_mad": 71.1649,
  "summary_wm_mean": 207.3036,
  "summary_wm_median": 189.0,
  "summary_wm_n": 108436.0,
  "summary_wm_p05": 91.0,
  "summary_wm_p95": 387.0,
  "summary_wm_stdv": 96.4528
}