{
  "NumberOfShells": 2,
  "bValues": [
    0.0,
    1000.0,
    2000.0
  ],
  "bValuesEstimation": [
    1000.0,
    2000.0
  ],
  "bdiffs_max": 0.2585,
  "bdiffs_mean": 0.0656,
  "bdiffs_median": 0.0645,
  "bdiffs_min": 0.0088,
  "bids_meta": {
    "AcquisitionMatrixPE": 104,
    "BandwidthPerPixelPhaseEncode": 23.17,
    "BaseResolution": 104,
    "ConversionSoftware": "dcm2niix",
    "ConversionSoftwareVersion": "v1.0.20171204 (OpenJPEG build) GCC4.8.4",
    "DerivedVendorReportedEchoSpacing": 0.000829986,
    "Dim1Size": 104,
    "Dim2Size": 104,
    "Dim3Size": 72,
    "DwellTime": 3.5e-06,
    "EchoTime": 0.1002,
    "EffectiveEchoSpacing": 0.000414993,
    "FlipAngle": 90,
    "ImageComments": "Unaliased_MB3_PE4_(remote)_SENSE1",
    "ImageOrientationPatientDICOM": [
      1,
      0,
      0,
      0,
      0.997801,
      -0.0662739
    ],
    "ImageType": [
      "ORIGINAL",
      "PRIMARY",
      "DIFFUSION",
      "NONE",
      "MB",
      "ND"
    ],
    "InPlanePhaseEncodingDirectionDICOM": "COL",
    "MRAcquisitionType": "2D",
    "MagneticFieldStrength": 3,
    "Manufacturer": "Siemens",
    "ManufacturersModelName": "TrioTim",
    "Modality": "MR",
    "NumVolumes": 129,
    "Obliquity": "True",
    "ParallelReductionFactorInPlane": 2,
    "PartialFourier": 1,
    "PatientPosition": "HFS",
    "PercentPhaseFOV": 100,
    "PhaseEncodingDirection": "j-",
    "PhaseEncodingSteps": 103,
    "PhaseResolution": 1,
    "PixelBandwidth": 1374,
    "ProcedureStepDescription": "CMI_HBN",
    "ProtocolName": "DKI",
    "PulseSequenceDetails": "%CustomerSeq%_cmrr_mbep2d_diff",
    "ReceiveCoilName": "32Ch_Head",
    "ReconMatrixPE": 104,
    "RepetitionTime": 3.32,
    "SAR": 0.307774,
    "ScanOptions": "FS",
    "ScanningSequence": "EP",
    "SequenceName": "ep_b0",
    "SequenceVariant": "SK_SS",
    "SeriesDescription": "DKI",
    "ShimSetting": [
      1841,
      -705,
      -7708,
      1279,
      50,
      491,
      -169,
      -421
    ],
    "SliceThickness": 1.8,
    "SoftwareVersions": "syngo_MR_B19",
    "SpacingBetweenSlices": 1.8,
    "TotalReadoutTime": 0.0427443,
    "TxRefAmp": 254.177,
    "VoxelSizeDim1": 1.798076868057251,
    "VoxelSizeDim2": 1.798076868057251,
    "VoxelSizeDim3": 1.800000786781311,
    "acq_id": "64dir",
    "dataset": "HBN",
    "modality": "dwi",
    "session_id": "HBNsiteRU",
    "subject_id": "NDARDT181RP4"
  },
  "efc_shell01": 2.1996,
  "efc_shell02": 0.5939,
  "efc_shell03": 0.557,
  "fa_degenerate": 0.0,
  "fa_nans": 0.0,
  "fber_shell01": 82.56,
  "fber_shell02": 400.0,
  "fber_shell03": 105.0625,
  "fd_mean": 4.6215,
  "fd_num": 128,
  "fd_perc": 99.2248062015504,
  "ndc": 0.6416,
  "provenance": {
    "md5sum": "e9d86415b16e50d597358b3e199674de",
    "settings": {
      "testing": false
    },
    "software": "mriqc",
    "version": "24.0.0"
  },
  "sigma_cc": 72.6475,
  "sigma_pca": 11.1308,
  "sigma_piesno": 1.3206,
  "snr_cc_shell0": 2.67,
  "snr_cc_shell1_best": 2.15,
  "snr_cc_shell1_worst": 2.15,
  "snr_cc_shell2_best": 0.97,
  "snr_cc_shell2_worst": 0.73,
  "spikes_global": 54.06,
  "spikes_slice_i": 180.13,
  "spikes_slice_j": 197.73,
  "spikes_slice_k": 324.67,
  "summary_bg_k": 246.2696,
  "summary_bg_mad": 4.4478,
  "summary_bg_mean": 15.1655,
  "summary_bg_median": 5.0,
  "summary_bg_n": 560633.0,
  "summary_bg_p05": 1.0,
  "summary_bg_p95": 53.0,
  "summary_bg_stdv": 45.3431,
  "summary_fg_k": 2.7883,
  "summary_fg_mad": 96.3691,
  "summary_fg_mean": 249.2781,
  "summary_fg_median": 234.0,
  "summary_fg_n": 218119.0,
  "summary_fg_p05": 105.0,
  "summary_fg_p95": 447.0,
  "summary_fg_stdv": 109.4142,
  "summary_wm_k": 3.4907,
  "summary_wm_mad": 90.4387,
  "summary_wm_mean": 242.5958,
  "summary_wm_median": 228.0,
  "summary_wm_n": 188865.0,
  "summary_wm_p05": 111.0,
  "summary_wm_p95": 426.0,
  "summary_wm_stdv": 101.3016
}