{
  "NumberOfShells": 2,
  "bValues": [
    0.0,
    1000.0,
    2000.0
  ],
  "bValuesEstimation": [
    1000.0,
    2000.0
  ],
  "bdiffs_max": 0.0154,
  "bdiffs_mean": 0.0071,
  "bdiffs_median": 0.0069,
  "bdiffs_min": 0.0002,
  "bids_meta": {
    "AcquisitionMatrixPE": 104,
    "BandwidthPerPixelPhaseEncode": 24.655,
    "BaseResolution": 104,
    "BodyPartExamined": "BRAIN",
    "ConsistencyInfo": "N4_VE11B_LATEST_20150530",
    "ConversionSoftware": "dcm2niix",
    "ConversionSoftwareVersion": "v1.0.20171215 GCC4.8.4",
    "DerivedVendorReportedEchoSpacing": 0.000779995,
    "DeviceSerialNumber": "67080",
    "Dim1Size": 104,
    "Dim2Size": 104,
    "Dim3Size": 72,
    "DwellTime": 3.3e-06,
    "EchoTime": 0.1002,
    "EchoTrainLength": 51,
    "EffectiveEchoSpacing": 0.000389997,
    "FlipAngle": 90,
    "ImageComments": "Unaliased_MB3_PE4",
    "ImageOrientationPatientDICOM": [
      1,
      0,
      0,
      0,
      1,
      0
    ],
    "ImageType": [
      "ORIGINAL",
      "PRIMARY",
      "DIFFUSION",
      "NONE",
      "MB",
      "ND",
      "MOSAIC"
    ],
    "InPlanePhaseEncodingDirectionDICOM": "COL",
    "MRAcquisitionType": "2D",
    "MagneticFieldStrength": 3,
    "Manufacturer": "Siemens",
    "ManufacturersModelName": "Prisma_fit",
    "Modality": "MR",
    "MultibandAccelerationFactor": 3,
    "NumVolumes": 129,
    "Obliquity": "False",
    "ParallelReductionFactorInPlane": 2,
    "PartialFourier": 1,
    "PatientPosition": "HFS",
    "PercentPhaseFOV": 100,
    "PhaseEncodingDirection": "j-",
    "PhaseEncodingSteps": 103,
    "PhaseResolution": 1,
    "PixelBandwidth": 1455,
    "ProcedureStepDescription": "CMI_HBN-CBIC",
    "ProtocolName": "cmrr_DKI",
    "PulseSequenceDetails": "%CustomerSeq%_cmrr_mbep2d_diff",
    "ReceiveCoilActiveElements": "HEA;HEP",
    "ReceiveCoilName": "Head_32",
    "ReconMatrixPE": 104,
    "RepetitionTime": 3.32,
    "SAR": 0.264709,
    "ScanOptions": "FS",
    "ScanningSequence": "EP",
    "SequenceName": "ep_b0",
    "SequenceVariant": "SK_SS",
    "SeriesDescription": "cmrr_DKI",
    "ShimSetting": [
      174,
      -10460,
      -5518,
      608,
      -14,
      -27,
      203,
      38
    ],
    "SliceThickness": 1.8,
    "SliceTiming": [
      0,
      1.5125,
      3.025,
      1.2375,
      2.75,
      0.9625,
      2.475,
      0.6875,
      2.2,
      0.4125,
      1.925,
      0.1375,
      1.65,
      3.1625,
      1.375,
      2.8875,
      1.1,
      2.6125,
      0.825,
      2.3375,
      0.55,
      2.0625,
      0.275,
      1.7875,
      0,
      1.5125,
      3.025,
      1.2375,
      2.75,
      0.9625,
      2.475,
      0.6875,
      2.2,
      0.4125,
      1.925,
      0.1375,
      1.65,
      3.1625,
      1.375,
      2.8875,
      1.1,
      2.6125,
      0.825,
      2.3375,
      0.55,
      2.0625,
      0.275,
      1.7875,
      0,
      1.5125,
      3.025,
      1.2375,
      2.75,
      0.9625,
      2.475,
      0.6875,
      2.2,
      0.4125,
      1.925,
      0.1375,
      1.65,
      3.1625,
      1.375,
      2.8875,
      1.1,
      2.6125,
      0.825,
      2.3375,
      0.55,
      2.0625,
      0.275,
      1.7875
    ],
    "SoftwareVersions": "syngo_MR_E11",
    "SpacingBetweenSlices": 1.8,
    "StationName": "MRTRIO3TX72",
    "TotalReadoutTime": 0.0401697,
    "TxRefAmp": 221.321,
    "VendorReportedEchoSpacing": 0.00078,
    "VoxelSizeDim1": 1.798076868057251,
    "VoxelSizeDim2": 1.798076868057251,
    "VoxelSizeDim3": 1.7999999523162842,
    "acq_id": "64dir",
    "dataset": "HBN",
    "modality": "dwi",
    "session_id": "HBNsiteCBIC",
    "subject_id": "NDARGM421YWQ"
  },
  "efc_shell01": 5.1314,
  "efc_shell02": 2.9073,
  "efc_shell03": 2.0839,
  "fa_degenerate": 0.0,
  "fa_nans": 0.0,
  "fber_shell01": -0.0037,
  "fber_shell02": 0.0163,
  "fber_shell03": 0.0616,
  "fd_mean": 0.7323,
  "fd_num": 125,
  "fd_perc": 96.89922480620154,
  "ndc": 0.7422,
  "provenance": {
    "md5sum": "ae5db1b9ff9d3c11edefc08bdfd110e8",
    "settings": {
      "testing": false
    },
    "software": "mriqc",
    "version": "24.0.0"
  },
  "sigma_cc": 157.1558,
  "sigma_pca": 68.3349,
  "sigma_piesno": 43.9101,
  "snr_cc_shell0": 4.09,
  "snr_cc_shell1_best": 5.21,
  "snr_cc_shell1_worst": 5.21,
  "snr_cc_shell2_best": 2.2,
  "snr_cc_shell2_worst": 1.48,
  "spikes_global": 96.22,
  "spikes_slice_i": 438.95,
  "spikes_slice_j": 437.91,
  "spikes_slice_k": 641.46,
  "summary_bg_k": 112.325,
  "summary_bg_mad": 40.0303,
  "summary_bg_mean": 233.0924,
  "summary_bg_median": 150.0,
  "summary_bg_n": 484387.0,
  "summary_bg_p05": 107.0,
  "summary_bg_p95": 535.0,
  "summary_bg_stdv": 367.8995,
  "summary_fg_k": 3.8439,
  "summary_fg_mad": 673.1014,
  "summary_fg_mean": 1459.8645,
  "summary_fg_median": 1320.0,
  "summary_fg_n": 294365.0,
  "summary_fg_p05": 550.0,
  "summary_fg_p95": 2799.0,
  "summary_fg_stdv": 742.2922,
  "summary_wm_k": 14.8847,
  "summary_wm_mad": 323.2073,
  "summary_wm_mean": 1020.6367,
  "summary_wm_median": 931.0,
  "summary_wm_n": 92493.0,
  "summary_wm_p05": 489.0,
  "summary_wm_p95": 1876.0,
  "summary_wm_stdv": 452.2543
}