{
  "NumberOfShells": 2,
  "bValues": [
    0.0,
    1000.0,
    2000.0
  ],
  "bValuesEstimation": [
    1000.0,
    2000.0
  ],
  "bdiffs_max": 0.088,
  "bdiffs_mean": 0.0319,
  "bdiffs_median": 0.027,
  "bdiffs_min": 0.0066,
  "bids_meta": {
    "AcquisitionMatrixPE": 96,
    "BandwidthPerPixelPhaseEncode": 14.468,
    "BaseResolution": 96,
    "ConversionSoftware": "dcm2niix",
    "ConversionSoftwareVersion": "v1.0.20171204 (OpenJPEG build) GCC4.8.4",
    "DerivedVendorReportedEchoSpacing": 0.00071998,
    "DeviceSerialNumber": "26121",
    "Dim1Size": 96,
    "Dim2Size": 96,
    "Dim3Size": 72,
    "DwellTime": 3.2e-06,
    "EchoTime": 0.0938,
    "EffectiveEchoSpacing": 0.00071998,
    "FlipAngle": 90,
    "ImageComments": "Unaliased_MB3_PE3",
    "ImageOrientationPatientDICOM": [
      1,
      0,
      0,
      0,
      1,
      0
    ],
    "ImageType": [
      "ORIGINAL",
      "PRIMARY",
      "DIFFUSION",
      "NONE",
      "MB",
      "ND",
      "MOSAIC"
    ],
    "InPlanePhaseEncodingDirectionDICOM": "COL",
    "MRAcquisitionType": "2D",
    "MagneticFieldStrength": 1.5,
    "Manufacturer": "Siemens",
    "ManufacturersModelName": "Avanto",
    "Modality": "MR",
    "MultibandAccelerationFactor": 3,
    "NumVolumes": 129,
    "Obliquity": "False",
    "PartialFourier": 0.75,
    "PatientPosition": "HFS",
    "PercentPhaseFOV": 100,
    "PhaseEncodingDirection": "j-",
    "PhaseEncodingSteps": 72,
    "PhaseResolution": 1,
    "PixelBandwidth": 1628,
    "ProcedureStepDescription": "CMI_HBN",
    "ProtocolName": "DKI_64_Directions_AP_3_WEIGHTS-_AX",
    "PulseSequenceDetails": "%CustomerSeq%_cmrr_mbep2d_diff",
    "ReceiveCoilName": "32Ch_Head",
    "ReconMatrixPE": 96,
    "RepetitionTime": 4.5,
    "SAR": 0.0936599,
    "ScanOptions": "PFP_FS",
    "ScanningSequence": "EP",
    "SequenceName": "ep_b0",
    "SequenceVariant": "SK_SS",
    "SeriesDescription": "DKI_64_Directions_AP_3_WEIGHTS-_AX",
    "ShimSetting": [
      139,
      -233,
      515,
      1194,
      373,
      -602,
      333,
      243
    ],
    "SliceThickness": 2,
    "SliceTiming": [
      0,
      2.07,
      4.1425,
      1.695,
      3.765,
      1.3175,
      3.3875,
      0.9425,
      3.0125,
      0.565,
      2.635,
      0.1875,
      2.26,
      4.33,
      1.8825,
      3.9525,
      1.5075,
      3.5775,
      1.13,
      3.2,
      0.7525,
      2.825,
      0.3775,
      2.4475,
      0,
      2.07,
      4.1425,
      1.695,
      3.765,
      1.3175,
      3.3875,
      0.9425,
      3.0125,
      0.565,
      2.635,
      0.1875,
      2.26,
      4.33,
      1.8825,
      3.9525,
      1.5075,
      3.5775,
      1.13,
      3.2,
      0.7525,
      2.825,
      0.3775,
      2.4475,
      0,
      2.07,
      4.1425,
      1.695,
      3.765,
      1.3175,
      3.3875,
      0.9425,
      3.0125,
      0.565,
      2.635,
      0.1875,
      2.26,
      4.33,
      1.8825,
      3.9525,
      1.5075,
      3.5775,
      1.13,
      3.2,
      0.7525,
      2.825,
      0.3775,
      2.4475
    ],
    "SoftwareVersions": "syngo_MR_B17",
    "SpacingBetweenSlices": 2,
    "StationName": "MRC26121",
    "TotalReadoutTime": 0.0683981,
    "TxRefAmp": 235.299,
    "VoxelSizeDim1": 2.0,
    "VoxelSizeDim2": 2.0,
    "VoxelSizeDim3": 2.0,
    "acq_id": "64dir",
    "dataset": "HBN",
    "modality": "dwi",
    "session_id": "HBNsiteSI",
    "subject_id": "NDARNE511XHU"
  },
  "efc_shell01": 2.3338,
  "efc_shell02": 1.1651,
  "efc_shell03": 0.8467,
  "fa_degenerate": 0.0,
  "fa_nans": 0.0,
  "fber_shell01": 0.4567,
  "fber_shell02": 9.3789,
  "fber_shell03": 6.7275,
  "fd_mean": 2.5357,
  "fd_num": 128,
  "fd_perc": 99.2248062015504,
  "ndc": 0.5017,
  "provenance": {
    "md5sum": "f46a0fd453e6faa1d323319448a3cd26",
    "settings": {
      "testing": false
    },
    "software": "mriqc",
    "version": "24.0.0"
  },
  "sigma_cc": 31.1346,
  "sigma_pca": 11.4424,
  "sigma_piesno": 10.5648,
  "snr_cc_shell0": 7.47,
  "snr_cc_shell1_best": 10.44,
  "snr_cc_shell1_worst": 10.44,
  "snr_cc_shell2_best": 4.26,
  "snr_cc_shell2_worst": 2.31,
  "spikes_global": 59.3,
  "spikes_slice_i": 481.13,
  "spikes_slice_j": 360.01,
  "spikes_slice_k": 258.23,
  "summary_bg_k": 85.429,
  "summary_bg_mad": 10.3782,
  "summary_bg_mean": 50.6574,
  "summary_bg_median": 35.0,
  "summary_bg_n": 485958.0,
  "summary_bg_p05": 25.0,
  "summary_bg_p95": 133.0,
  "summary_bg_stdv": 49.7474,
  "summary_fg_k": 2.873,
  "summary_fg_mad": 139.3646,
  "summary_fg_mean": 368.8326,
  "summary_fg_median": 338.0,
  "summary_fg_n": 177594.0,
  "summary_fg_p05": 152.0,
  "summary_fg_p95": 684.0,
  "summary_fg_stdv": 170.6905,
  "summary_wm_k": 7.0311,
  "summary_wm_mad": 87.4735,
  "summary_wm_mean": 297.5308,
  "summary_wm_median": 283.0,
  "summary_wm_n": 56246.0,
  "summary_wm_p05": 159.0,
  "summary_wm_p95": 500.0,
  "summary_wm_stdv": 116.0745
}