{
  "NumberOfShells": 2,
  "bValues": [
    0.0,
    1000.0,
    2000.0
  ],
  "bValuesEstimation": [
    1000.0,
    2000.0
  ],
  "bdiffs_max": 0.0124,
  "bdiffs_mean": 0.0056,
  "bdiffs_median": 0.005,
  "bdiffs_min": 0.0005,
  "bids_meta": {
    "AcquisitionMatrixPE": 104,
    "BandwidthPerPixelPhaseEncode": 24.655,
    "BaseResolution": 104,
    "BodyPartExamined": "BRAIN",
    "ConsistencyInfo": "N4_VE11B_LATEST_20150530",
    "ConversionSoftware": "dcm2niix",
    "ConversionSoftwareVersion": "v1.0.20171215 GCC4.8.4",
    "DerivedVendorReportedEchoSpacing": 0.000779995,
    "Dim1Size": 104,
    "Dim2Size": 104,
    "Dim3Size": 72,
    "DwellTime": 3.3e-06,
    "EchoTime": 0.1002,
    "EchoTrainLength": 51,
    "EffectiveEchoSpacing": 0.000389997,
    "FlipAngle": 90,
    "ImageComments": "Unaliased_MB3_PE4",
    "ImageOrientationPatientDICOM": [
      1,
      0,
      0,
      0,
      1,
      0
    ],
    "ImageType": [
      "ORIGINAL",
      "PRIMARY",
      "DIFFUSION",
      "NONE",
      "MB",
      "ND",
      "MOSAIC"
    ],
    "InPlanePhaseEncodingDirectionDICOM": "COL",
    "MRAcquisitionType": "2D",
    "MagneticFieldStrength": 3,
    "Manufacturer": "Siemens",
    "ManufacturersModelName": "Prisma_fit",
    "Modality": "MR",
    "MultibandAccelerationFactor": 3,
    "NumVolumes": 129,
    "Obliquity": "False",
    "ParallelReductionFactorInPlane": 2,
    "PartialFourier": 1,
    "PatientPosition": "HFS",
    "PercentPhaseFOV": 100,
    "PhaseEncodingDirection": "j-",
    "PhaseEncodingSteps": 103,
    "PhaseResolution": 1,
    "PixelBandwidth": 1455,
    "ProcedureStepDescription": "CMI_HBN-CBIC",
    "ProtocolName": "cmrr_DKI",
    "PulseSequenceDetails": "%CustomerSeq%_cmrr_mbep2d_diff",
    "ReceiveCoilActiveElements": "HEA;HEP",
    "ReceiveCoilName": "Head_32",
    "ReconMatrixPE": 104,
    "RepetitionTime": 3.32,
    "SAR": 0.496388,
    "ScanOptions": "FS",
    "ScanningSequence": "EP",
    "SequenceName": "ep_b0",
    "SequenceVariant": "SK_SS",
    "SeriesDescription": "cmrr_DKI",
    "ShimSetting": [
      205,
      -10443,
      -5571,
      426,
      -91,
      53,
      139,
      -58
    ],
    "SliceThickness": 1.8,
    "SliceTiming": [
      0,
      1.5125,
      3.025,
      1.2375,
      2.75,
      0.9625,
      2.475,
      0.6875,
      2.2,
      0.4125,
      1.925,
      0.1375,
      1.65,
      3.1625,
      1.375,
      2.8875,
      1.1,
      2.6125,
      0.825,
      2.3375,
      0.55,
      2.0625,
      0.275,
      1.7875,
      0,
      1.5125,
      3.025,
      1.2375,
      2.75,
      0.9625,
      2.475,
      0.6875,
      2.2,
      0.4125,
      1.925,
      0.1375,
      1.65,
      3.1625,
      1.375,
      2.8875,
      1.1,
      2.6125,
      0.825,
      2.3375,
      0.55,
      2.0625,
      0.275,
      1.7875,
      0,
      1.5125,
      3.025,
      1.2375,
      2.75,
      0.9625,
      2.475,
      0.6875,
      2.2,
      0.4125,
      1.925,
      0.1375,
      1.65,
      3.1625,
      1.375,
      2.8875,
      1.1,
      2.6125,
      0.825,
      2.3375,
      0.55,
      2.0625,
      0.275,
      1.7875
    ],
    "SoftwareVersions": "syngo_MR_E11",
    "SpacingBetweenSlices": 1.8,
    "TotalReadoutTime": 0.0401697,
    "TxRefAmp": 218.618,
    "VendorReportedEchoSpacing": 0.00078,
    "VoxelSizeDim1": 1.798076868057251,
    "VoxelSizeDim2": 1.798076868057251,
    "VoxelSizeDim3": 1.7999999523162842,
    "acq_id": "64dir",
    "dataset": "HBN",
    "modality": "dwi",
    "session_id": "HBNsiteCBIC",
    "subject_id": "NDARCU891YET"
  },
  "efc_shell01": 4.6723,
  "efc_shell02": 2.6493,
  "efc_shell03": 1.9156,
  "fa_degenerate": 0.0,
  "fa_nans": 0.0,
  "fber_shell01": -0.0023,
  "fber_shell02": 0.0308,
  "fber_shell03": 0.0618,
  "fd_mean": 0.6853,
  "fd_num": 126,
  "fd_perc": 97.67441860465117,
  "ndc": 0.832,
  "provenance": {
    "md5sum": "5b871f6e90730ef3199b292cf3de5306",
    "settings": {
      "testing": false
    },
    "software": "mriqc",
    "version": "24.0.0"
  },
  "sigma_cc": 139.3646,
  "sigma_pca": 67.3701,
  "sigma_piesno": 43.745,
  "snr_cc_shell0": 4.2,
  "snr_cc_shell1_best": 5.96,
  "snr_cc_shell1_worst": 5.96,
  "snr_cc_shell2_best": 2.49,
  "snr_cc_shell2_worst": 1.56,
  "spikes_global": 79.48,
  "spikes_slice_i": 290.9,
  "spikes_slice_j": 396.5,
  "spikes_slice_k": 478.05,
  "summary_bg_k": 98.4326,
  "summary_bg_mad": 35.5825,
  "summary_bg_mean": 204.8088,
  "summary_bg_median": 147.0,
  "summary_bg_n": 507919.0,
  "summary_bg_p05": 106.0,
  "summary_bg_p95": 432.0,
  "summary_bg_stdv": 273.7484,
  "summary_fg_k": 3.2613,
  "summary_fg_mad": 679.0318,
  "summary_fg_mean": 1528.6234,
  "summary_fg_median": 1391.0,
  "summary_fg_n": 270833.0,
  "summary_fg_p05": 556.0,
  "summary_fg_p95": 2942.0,
  "summary_fg_stdv": 770.488,
  "summary_wm_k": 2.3214,
  "summary_wm_mad": 299.4856,
  "summary_wm_mean": 985.8033,
  "summary_wm_median": 939.0,
  "summary_wm_n": 67098.0,
  "summary_wm_p05": 513.0,
  "summary_wm_p95": 1647.0,
  "summary_wm_stdv": 349.706
}